RESTRICTION: || (== net452) (== netcoreapp3.1) (== netstandard1.0) (== netstandard1.6) (== netstandard2.0)
NUGET
  remote: https://www.nuget.org/api/v2
    FSharp.Core (4.2.3)
      System.Collections (>= 4.0.11) - restriction: || (&& (== net452) (< net45) (>= netstandard1.6)) (== netcoreapp3.1) (&& (== netstandard1.0) (>= netstandard1.6)) (== netstandard1.6) (== netstandard2.0)
      System.Console (>= 4.0) - restriction: || (&& (== net452) (< net45) (>= netstandard1.6)) (== netcoreapp3.1) (&& (== netstandard1.0) (>= netstandard1.6)) (== netstandard1.6) (== netstandard2.0)
      System.Diagnostics.Debug (>= 4.0.11) - restriction: || (&& (== net452) (< net45) (>= netstandard1.6)) (== netcoreapp3.1) (&& (== netstandard1.0) (>= netstandard1.6)) (== netstandard1.6) (== netstandard2.0)
      System.Diagnostics.Tools (>= 4.0.1) - restriction: || (&& (== net452) (< net45) (>= netstandard1.6)) (== netcoreapp3.1) (&& (== netstandard1.0) (>= netstandard1.6)) (== netstandard1.6) (== netstandard2.0)
      System.Globalization (>= 4.0.11) - restriction: || (&& (== net452) (< net45) (>= netstandard1.6)) (== netcoreapp3.1) (&& (== netstandard1.0) (>= netstandard1.6)) (== netstandard1.6) (== netstandard2.0)
      System.IO (>= 4.1) - restriction: || (&& (== net452) (< net45) (>= netstandard1.6)) (== netcoreapp3.1) (&& (== netstandard1.0) (>= netstandard1.6)) (== netstandard1.6) (== netstandard2.0)
      System.Linq (>= 4.1) - restriction: || (&& (== net452) (< net45) (>= netstandard1.6)) (== netcoreapp3.1) (&& (== netstandard1.0) (>= netstandard1.6)) (== netstandard1.6) (== netstandard2.0)
      System.Linq.Expressions (>= 4.1) - restriction: || (&& (== net452) (< net45) (>= netstandard1.6)) (== netcoreapp3.1) (&& (== netstandard1.0) (>= netstandard1.6)) (== netstandard1.6) (== netstandard2.0)
      System.Linq.Queryable (>= 4.0.1) - restriction: || (&& (== net452) (< net45) (>= netstandard1.6)) (== netcoreapp3.1) (&& (== netstandard1.0) (>= netstandard1.6)) (== netstandard1.6) (== netstandard2.0)
      System.Net.Requests (>= 4.0.11) - restriction: || (&& (== net452) (< net45) (>= netstandard1.6)) (== netcoreapp3.1) (&& (== netstandard1.0) (>= netstandard1.6)) (== netstandard1.6) (== netstandard2.0)
      System.Reflection (>= 4.1) - restriction: || (&& (== net452) (< net45) (>= netstandard1.6)) (== netcoreapp3.1) (&& (== netstandard1.0) (>= netstandard1.6)) (== netstandard1.6) (== netstandard2.0)
      System.Reflection.Extensions (>= 4.0.1) - restriction: || (&& (== net452) (< net45) (>= netstandard1.6)) (== netcoreapp3.1) (&& (== netstandard1.0) (>= netstandard1.6)) (== netstandard1.6) (== netstandard2.0)
      System.Resources.ResourceManager (>= 4.0.1) - restriction: || (&& (== net452) (< net45) (>= netstandard1.6)) (== netcoreapp3.1) (&& (== netstandard1.0) (>= netstandard1.6)) (== netstandard1.6) (== netstandard2.0)
      System.Runtime (>= 4.1) - restriction: || (&& (== net452) (< net45) (>= netstandard1.6)) (== netcoreapp3.1) (&& (== netstandard1.0) (>= netstandard1.6)) (== netstandard1.6) (== netstandard2.0)
      System.Runtime.Extensions (>= 4.1) - restriction: || (&& (== net452) (< net45) (>= netstandard1.6)) (== netcoreapp3.1) (&& (== netstandard1.0) (>= netstandard1.6)) (== netstandard1.6) (== netstandard2.0)
      System.Runtime.Numerics (>= 4.0.1) - restriction: || (&& (== net452) (< net45) (>= netstandard1.6)) (== netcoreapp3.1) (&& (== netstandard1.0) (>= netstandard1.6)) (== netstandard1.6) (== netstandard2.0)
      System.Text.RegularExpressions (>= 4.1) - restriction: || (&& (== net452) (< net45) (>= netstandard1.6)) (== netcoreapp3.1) (&& (== netstandard1.0) (>= netstandard1.6)) (== netstandard1.6) (== netstandard2.0)
      System.Threading (>= 4.0.11) - restriction: || (&& (== net452) (< net45) (>= netstandard1.6)) (== netcoreapp3.1) (&& (== netstandard1.0) (>= netstandard1.6)) (== netstandard1.6) (== netstandard2.0)
      System.Threading.Tasks (>= 4.0.11) - restriction: || (&& (== net452) (< net45) (>= netstandard1.6)) (== netcoreapp3.1) (&& (== netstandard1.0) (>= netstandard1.6)) (== netstandard1.6) (== netstandard2.0)
      System.Threading.Tasks.Parallel (>= 4.0.1) - restriction: || (&& (== net452) (< net45) (>= netstandard1.6)) (== netcoreapp3.1) (&& (== netstandard1.0) (>= netstandard1.6)) (== netstandard1.6) (== netstandard2.0)
      System.Threading.Thread (>= 4.0) - restriction: || (&& (== net452) (< net45) (>= netstandard1.6)) (== netcoreapp3.1) (&& (== netstandard1.0) (>= netstandard1.6)) (== netstandard1.6) (== netstandard2.0)
      System.Threading.ThreadPool (>= 4.0.10) - restriction: || (&& (== net452) (< net45) (>= netstandard1.6)) (== netcoreapp3.1) (&& (== netstandard1.0) (>= netstandard1.6)) (== netstandard1.6) (== netstandard2.0)
      System.Threading.Timer (>= 4.0.1) - restriction: || (&& (== net452) (< net45) (>= netstandard1.6)) (== netcoreapp3.1) (&& (== netstandard1.0) (>= netstandard1.6)) (== netstandard1.6) (== netstandard2.0)
    Microsoft.DotNet.InternalAbstractions (1.0.0) - version_in_path: true, restriction: || (&& (== net452) (>= netcoreapp2.1)) (== netcoreapp3.1) (&& (== netstandard1.0) (>= netcoreapp2.1)) (&& (== netstandard1.6) (>= netcoreapp2.1)) (&& (== netstandard2.0) (>= netcoreapp2.1))
      System.AppContext (>= 4.1) - restriction: || (&& (== net452) (< net451) (>= netstandard1.3)) (== netcoreapp3.1) (&& (== netstandard1.0) (>= netstandard1.3)) (== netstandard1.6) (== netstandard2.0)
      System.Collections (>= 4.0.11) - restriction: || (&& (== net452) (< net451) (>= netstandard1.3)) (== netcoreapp3.1) (&& (== netstandard1.0) (>= netstandard1.3)) (== netstandard1.6) (== netstandard2.0)
      System.IO (>= 4.1) - restriction: || (&& (== net452) (< net451) (>= netstandard1.3)) (== netcoreapp3.1) (&& (== netstandard1.0) (>= netstandard1.3)) (== netstandard1.6) (== netstandard2.0)
      System.IO.FileSystem (>= 4.0.1) - restriction: || (&& (== net452) (< net451) (>= netstandard1.3)) (== netcoreapp3.1) (&& (== netstandard1.0) (>= netstandard1.3)) (== netstandard1.6) (== netstandard2.0)
      System.Reflection.TypeExtensions (>= 4.1) - restriction: || (&& (== net452) (< net451) (>= netstandard1.3)) (== netcoreapp3.1) (&& (== netstandard1.0) (>= netstandard1.3)) (== netstandard1.6) (== netstandard2.0)
      System.Runtime.Extensions (>= 4.1) - restriction: || (&& (== net452) (< net451) (>= netstandard1.3)) (== netcoreapp3.1) (&& (== netstandard1.0) (>= netstandard1.3)) (== netstandard1.6) (== netstandard2.0)
      System.Runtime.InteropServices (>= 4.1) - restriction: || (&& (== net452) (< net451) (>= netstandard1.3)) (== netcoreapp3.1) (&& (== netstandard1.0) (>= netstandard1.3)) (== netstandard1.6) (== netstandard2.0)
      System.Runtime.InteropServices.RuntimeInformation (>= 4.0) - restriction: || (&& (== net452) (< net451) (>= netstandard1.3)) (== netcoreapp3.1) (&& (== netstandard1.0) (>= netstandard1.3)) (== netstandard1.6) (== netstandard2.0)
    Microsoft.NETCore.Platforms (5.0.1) - restriction: || (&& (== net452) (< net35) (>= netstandard2.0)) (&& (== net452) (< net45) (>= netstandard1.6)) (&& (== net452) (>= netcoreapp1.1)) (&& (== net452) (>= netcoreapp2.0)) (&& (== net452) (>= netcoreapp2.1)) (&& (== net452) (>= netcoreapp5.0)) (&& (== net452) (< netstandard1.0) (>= netstandard2.0) (>= win8)) (&& (== net452) (>= netstandard2.0) (>= uap10.0)) (&& (== net452) (>= netstandard2.0) (>= uap10.1)) (&& (== net452) (>= netstandard2.0) (>= wp8)) (&& (== net452) (>= netstandard2.0) (>= wpa81)) (== netcoreapp3.1) (&& (== netstandard1.0) (>= netcoreapp1.1)) (&& (== netstandard1.0) (>= netcoreapp2.0)) (&& (== netstandard1.0) (>= netcoreapp2.1)) (&& (== netstandard1.0) (>= netcoreapp5.0)) (&& (== netstandard1.0) (>= netstandard1.6)) (&& (== netstandard1.0) (>= netstandard2.0)) (== netstandard1.6) (== netstandard2.0)
    Microsoft.NETCore.Targets (5.0.0) - version_in_path: true, restriction: || (&& (== net452) (< net45) (>= netstandard1.6)) (&& (== net452) (>= netcoreapp1.1)) (&& (== net452) (>= netcoreapp2.1)) (&& (== net452) (>= netcoreapp5.0)) (== netcoreapp3.1) (&& (== netstandard1.0) (>= netcoreapp1.1)) (&& (== netstandard1.0) (>= netcoreapp2.1)) (&& (== netstandard1.0) (>= netcoreapp5.0)) (&& (== netstandard1.0) (>= netstandard1.6)) (== netstandard1.6) (== netstandard2.0)
    Microsoft.NETFramework.ReferenceAssemblies (1.0)
      Microsoft.NETFramework.ReferenceAssemblies.net452 (>= 1.0) - restriction: || (== net452) (&& (== netcoreapp3.1) (>= net452)) (&& (== netstandard1.0) (>= net452)) (&& (== netstandard1.6) (>= net452)) (&& (== netstandard2.0) (>= net452))
    Microsoft.NETFramework.ReferenceAssemblies.net452 (1.0) - restriction: || (== net452) (&& (== netcoreapp3.1) (>= net452)) (&& (== netstandard1.0) (>= net452)) (&& (== netstandard1.6) (>= net452)) (&& (== netstandard2.0) (>= net452))
    Microsoft.Win32.Primitives (4.3.0) - version_in_path: true, restriction: || (&& (== net452) (>= netcoreapp2.1)) (== netcoreapp3.1) (&& (== netstandard1.0) (>= netcoreapp2.1)) (&& (== netstandard1.6) (>= netcoreapp2.1)) (&& (== netstandard2.0) (>= netcoreapp2.1))
      Microsoft.NETCore.Platforms (>= 1.1) - restriction: || (&& (== net452) (>= netstandard1.3)) (== netcoreapp3.1) (&& (== netstandard1.0) (>= netstandard1.3)) (== netstandard1.6) (== netstandard2.0)
      Microsoft.NETCore.Targets (>= 1.1) - restriction: || (&& (== net452) (>= netstandard1.3)) (== netcoreapp3.1) (&& (== netstandard1.0) (>= netstandard1.3)) (== netstandard1.6) (== netstandard2.0)
      System.Runtime (>= 4.3) - restriction: || (&& (== net452) (>= netstandard1.3)) (== netcoreapp3.1) (&& (== netstandard1.0) (>= netstandard1.3)) (== netstandard1.6) (== netstandard2.0)
    Microsoft.Win32.Registry (5.0.0) - version_in_path: true, restriction: || (&& (== net452) (>= netcoreapp2.1)) (== netcoreapp3.1) (&& (== netstandard1.0) (>= netcoreapp2.1)) (&& (== netstandard1.6) (>= netcoreapp2.1)) (&& (== netstandard2.0) (>= netcoreapp2.1))
      System.Security.AccessControl (>= 5.0) - restriction: || (&& (== net452) (>= monoandroid)) (&& (== net452) (>= monotouch)) (&& (== net452) (>= net461)) (&& (== net452) (>= netcoreapp2.0)) (&& (== net452) (>= netstandard2.0)) (&& (== net452) (>= uap10.1)) (&& (== net452) (>= xamarinios)) (&& (== net452) (>= xamarinmac)) (&& (== net452) (>= xamarintvos)) (&& (== net452) (>= xamarinwatchos)) (== netcoreapp3.1) (&& (== netstandard1.0) (>= monoandroid)) (&& (== netstandard1.0) (>= monotouch)) (&& (== netstandard1.0) (>= net461)) (&& (== netstandard1.0) (>= netcoreapp2.0)) (&& (== netstandard1.0) (>= netstandard2.0)) (&& (== netstandard1.0) (>= uap10.1)) (&& (== netstandard1.0) (>= xamarinios)) (&& (== netstandard1.0) (>= xamarinmac)) (&& (== netstandard1.0) (>= xamarintvos)) (&& (== netstandard1.0) (>= xamarinwatchos)) (&& (== netstandard1.6) (>= monoandroid)) (&& (== netstandard1.6) (>= monotouch)) (&& (== netstandard1.6) (>= net461)) (&& (== netstandard1.6) (>= netcoreapp2.0)) (&& (== netstandard1.6) (>= netstandard2.0)) (&& (== netstandard1.6) (>= uap10.1)) (&& (== netstandard1.6) (>= xamarinios)) (&& (== netstandard1.6) (>= xamarinmac)) (&& (== netstandard1.6) (>= xamarintvos)) (&& (== netstandard1.6) (>= xamarinwatchos)) (== netstandard2.0)
      System.Security.Principal.Windows (>= 5.0) - restriction: || (&& (== net452) (>= monoandroid)) (&& (== net452) (>= monotouch)) (&& (== net452) (>= net461)) (&& (== net452) (>= netcoreapp2.0)) (&& (== net452) (>= netstandard2.0)) (&& (== net452) (>= uap10.1)) (&& (== net452) (>= xamarinios)) (&& (== net452) (>= xamarinmac)) (&& (== net452) (>= xamarintvos)) (&& (== net452) (>= xamarinwatchos)) (== netcoreapp3.1) (&& (== netstandard1.0) (>= monoandroid)) (&& (== netstandard1.0) (>= monotouch)) (&& (== netstandard1.0) (>= net461)) (&& (== netstandard1.0) (>= netcoreapp2.0)) (&& (== netstandard1.0) (>= netstandard2.0)) (&& (== netstandard1.0) (>= uap10.1)) (&& (== netstandard1.0) (>= xamarinios)) (&& (== netstandard1.0) (>= xamarinmac)) (&& (== netstandard1.0) (>= xamarintvos)) (&& (== netstandard1.0) (>= xamarinwatchos)) (&& (== netstandard1.6) (>= monoandroid)) (&& (== netstandard1.6) (>= monotouch)) (&& (== netstandard1.6) (>= net461)) (&& (== netstandard1.6) (>= netcoreapp2.0)) (&& (== netstandard1.6) (>= netstandard2.0)) (&& (== netstandard1.6) (>= uap10.1)) (&& (== netstandard1.6) (>= xamarinios)) (&& (== netstandard1.6) (>= xamarinmac)) (&& (== netstandard1.6) (>= xamarintvos)) (&& (== netstandard1.6) (>= xamarinwatchos)) (== netstandard2.0)
    MSTest.TestAdapter (2.1.2) - version_in_path: true
      NETStandard.Library (>= 1.6.1) - restriction: || (&& (== net452) (>= netcoreapp1.0)) (== netcoreapp3.1) (&& (== netstandard1.0) (>= netcoreapp1.0)) (&& (== netstandard1.6) (>= netcoreapp1.0)) (&& (== netstandard2.0) (>= netcoreapp1.0))
      System.Diagnostics.TextWriterTraceListener (>= 4.3) - restriction: || (&& (== net452) (>= netcoreapp1.0)) (== netcoreapp3.1) (&& (== netstandard1.0) (>= netcoreapp1.0)) (&& (== netstandard1.6) (>= netcoreapp1.0)) (&& (== netstandard2.0) (>= netcoreapp1.0))
    MSTest.TestFramework (2.1.2)
    NETStandard.Library (2.0.3) - restriction: || (&& (== net452) (== netstandard1.0)) (&& (== net452) (< net35)) (&& (== net452) (>= netcoreapp1.0)) (== netcoreapp3.1) (&& (== netstandard1.0) (>= netcoreapp1.0)) (&& (== netstandard1.0) (>= netstandard1.1)) (&& (== netstandard1.0) (>= netstandard2.0)) (== netstandard1.6) (== netstandard2.0)
      Microsoft.NETCore.Platforms (>= 1.1)
    NUnit (3.13.1)
      NETStandard.Library (>= 2.0) - restriction: || (&& (== net452) (< net35) (>= netstandard2.0)) (== netcoreapp3.1) (&& (== netstandard1.0) (>= netstandard2.0)) (&& (== netstandard1.6) (>= netstandard2.0)) (== netstandard2.0)
    NUnit3TestAdapter (3.17.0) - version_in_path: true
      Microsoft.DotNet.InternalAbstractions (>= 1.0) - restriction: || (&& (== net452) (>= netcoreapp2.1)) (== netcoreapp3.1) (&& (== netstandard1.0) (>= netcoreapp2.1)) (&& (== netstandard1.6) (>= netcoreapp2.1)) (&& (== netstandard2.0) (>= netcoreapp2.1))
      System.ComponentModel.EventBasedAsync (>= 4.3) - restriction: || (&& (== net452) (>= netcoreapp2.1)) (== netcoreapp3.1) (&& (== netstandard1.0) (>= netcoreapp2.1)) (&& (== netstandard1.6) (>= netcoreapp2.1)) (&& (== netstandard2.0) (>= netcoreapp2.1))
      System.ComponentModel.TypeConverter (>= 4.3) - restriction: || (&& (== net452) (>= netcoreapp2.1)) (== netcoreapp3.1) (&& (== netstandard1.0) (>= netcoreapp2.1)) (&& (== netstandard1.6) (>= netcoreapp2.1)) (&& (== netstandard2.0) (>= netcoreapp2.1))
      System.Diagnostics.Process (>= 4.3) - restriction: || (&& (== net452) (>= netcoreapp2.1)) (== netcoreapp3.1) (&& (== netstandard1.0) (>= netcoreapp2.1)) (&& (== netstandard1.6) (>= netcoreapp2.1)) (&& (== netstandard2.0) (>= netcoreapp2.1))
      System.Reflection (>= 4.3) - restriction: || (&& (== net452) (>= netcoreapp2.1)) (== netcoreapp3.1) (&& (== netstandard1.0) (>= netcoreapp2.1)) (&& (== netstandard1.6) (>= netcoreapp2.1)) (&& (== netstandard2.0) (>= netcoreapp2.1))
      System.Runtime.InteropServices.RuntimeInformation (>= 4.3) - restriction: || (&& (== net452) (>= netcoreapp2.1)) (== netcoreapp3.1) (&& (== netstandard1.0) (>= netcoreapp2.1)) (&& (== netstandard1.6) (>= netcoreapp2.1)) (&& (== netstandard2.0) (>= netcoreapp2.1))
      System.Threading.Thread (>= 4.3) - restriction: || (&& (== net452) (>= netcoreapp2.1)) (== netcoreapp3.1) (&& (== netstandard1.0) (>= netcoreapp2.1)) (&& (== netstandard1.6) (>= netcoreapp2.1)) (&& (== netstandard2.0) (>= netcoreapp2.1))
      System.Xml.XmlDocument (>= 4.3) - restriction: || (&& (== net452) (>= netcoreapp2.1)) (== netcoreapp3.1) (&& (== netstandard1.0) (>= netcoreapp2.1)) (&& (== netstandard1.6) (>= netcoreapp2.1)) (&& (== netstandard2.0) (>= netcoreapp2.1))
      System.Xml.XPath.XmlDocument (>= 4.3) - restriction: || (&& (== net452) (>= netcoreapp2.1)) (== netcoreapp3.1) (&& (== netstandard1.0) (>= netcoreapp2.1)) (&& (== netstandard1.6) (>= netcoreapp2.1)) (&& (== netstandard2.0) (>= netcoreapp2.1))
    runtime.debian.8-x64.runtime.native.System.Security.Cryptography.OpenSsl (4.3.3) - restriction: || (&& (== net452) (< net45) (>= netstandard1.6)) (&& (== net452) (>= netcoreapp5.0)) (== netcoreapp3.1) (&& (== netstandard1.0) (>= netcoreapp5.0)) (&& (== netstandard1.0) (>= netstandard1.6)) (== netstandard1.6) (== netstandard2.0)
    runtime.debian.9-x64.runtime.native.System.Security.Cryptography.OpenSsl (4.3.3) - restriction: || (&& (== net452) (< net45) (>= netstandard1.6)) (&& (== net452) (>= netcoreapp5.0)) (== netcoreapp3.1) (&& (== netstandard1.0) (>= netcoreapp5.0)) (&& (== netstandard1.0) (>= netstandard1.6)) (== netstandard1.6) (== netstandard2.0)
    runtime.fedora.23-x64.runtime.native.System.Security.Cryptography.OpenSsl (4.3.3) - restriction: || (&& (== net452) (< net45) (>= netstandard1.6)) (&& (== net452) (>= netcoreapp5.0)) (== netcoreapp3.1) (&& (== netstandard1.0) (>= netcoreapp5.0)) (&& (== netstandard1.0) (>= netstandard1.6)) (== netstandard1.6) (== netstandard2.0)
    runtime.fedora.24-x64.runtime.native.System.Security.Cryptography.OpenSsl (4.3.3) - restriction: || (&& (== net452) (< net45) (>= netstandard1.6)) (&& (== net452) (>= netcoreapp5.0)) (== netcoreapp3.1) (&& (== netstandard1.0) (>= netcoreapp5.0)) (&& (== netstandard1.0) (>= netstandard1.6)) (== netstandard1.6) (== netstandard2.0)
    runtime.fedora.27-x64.runtime.native.System.Security.Cryptography.OpenSsl (4.3.3) - restriction: || (&& (== net452) (< net45) (>= netstandard1.6)) (&& (== net452) (>= netcoreapp5.0)) (== netcoreapp3.1) (&& (== netstandard1.0) (>= netcoreapp5.0)) (&& (== netstandard1.0) (>= netstandard1.6)) (== netstandard1.6) (== netstandard2.0)
    runtime.fedora.28-x64.runtime.native.System.Security.Cryptography.OpenSsl (4.3.3) - restriction: || (&& (== net452) (< net45) (>= netstandard1.6)) (&& (== net452) (>= netcoreapp5.0)) (== netcoreapp3.1) (&& (== netstandard1.0) (>= netcoreapp5.0)) (&& (== netstandard1.0) (>= netstandard1.6)) (== netstandard1.6) (== netstandard2.0)
    runtime.native.System (4.3.1) - version_in_path: true, restriction: || (&& (== net452) (< net45) (>= netstandard1.6)) (&& (== net452) (>= netcoreapp2.1)) (&& (== net452) (>= netcoreapp5.0)) (== netcoreapp3.1) (&& (== netstandard1.0) (>= netcoreapp2.1)) (&& (== netstandard1.0) (>= netcoreapp5.0)) (&& (== netstandard1.0) (>= netstandard1.6)) (== netstandard1.6) (== netstandard2.0)
      Microsoft.NETCore.Platforms (>= 1.1.1)
      Microsoft.NETCore.Targets (>= 1.1.3)
    runtime.native.System.Net.Http (4.3.1) - restriction: || (&& (== net452) (< net45) (>= netstandard1.6)) (&& (== net452) (>= netcoreapp5.0)) (== netcoreapp3.1) (&& (== netstandard1.0) (>= netcoreapp5.0)) (&& (== netstandard1.0) (>= netstandard1.6)) (== netstandard1.6) (== netstandard2.0)
      Microsoft.NETCore.Platforms (>= 1.1.1)
      Microsoft.NETCore.Targets (>= 1.1.3)
    runtime.native.System.Security.Cryptography.Apple (4.3.1) - restriction: || (&& (== net452) (< net45) (>= netstandard1.6)) (&& (== net452) (>= netcoreapp5.0)) (== netcoreapp3.1) (&& (== netstandard1.0) (>= netcoreapp5.0)) (&& (== netstandard1.0) (>= netstandard1.6)) (== netstandard1.6) (== netstandard2.0)
      runtime.osx.10.10-x64.runtime.native.System.Security.Cryptography.Apple (>= 4.3.1)
    runtime.native.System.Security.Cryptography.OpenSsl (4.3.3) - restriction: || (&& (== net452) (< net45) (>= netstandard1.6)) (&& (== net452) (>= netcoreapp5.0)) (== netcoreapp3.1) (&& (== netstandard1.0) (>= netcoreapp5.0)) (&& (== netstandard1.0) (>= netstandard1.6)) (== netstandard1.6) (== netstandard2.0)
      runtime.debian.8-x64.runtime.native.System.Security.Cryptography.OpenSsl (>= 4.3.3)
      runtime.debian.9-x64.runtime.native.System.Security.Cryptography.OpenSsl (>= 4.3.3)
      runtime.fedora.23-x64.runtime.native.System.Security.Cryptography.OpenSsl (>= 4.3.3)
      runtime.fedora.24-x64.runtime.native.System.Security.Cryptography.OpenSsl (>= 4.3.3)
      runtime.fedora.27-x64.runtime.native.System.Security.Cryptography.OpenSsl (>= 4.3.3)
      runtime.fedora.28-x64.runtime.native.System.Security.Cryptography.OpenSsl (>= 4.3.3)
      runtime.opensuse.13.2-x64.runtime.native.System.Security.Cryptography.OpenSsl (>= 4.3.3)
      runtime.opensuse.42.1-x64.runtime.native.System.Security.Cryptography.OpenSsl (>= 4.3.3)
      runtime.opensuse.42.3-x64.runtime.native.System.Security.Cryptography.OpenSsl (>= 4.3.3)
      runtime.osx.10.10-x64.runtime.native.System.Security.Cryptography.OpenSsl (>= 4.3.3)
      runtime.rhel.7-x64.runtime.native.System.Security.Cryptography.OpenSsl (>= 4.3.3)
      runtime.ubuntu.14.04-x64.runtime.native.System.Security.Cryptography.OpenSsl (>= 4.3.3)
      runtime.ubuntu.16.04-x64.runtime.native.System.Security.Cryptography.OpenSsl (>= 4.3.3)
      runtime.ubuntu.16.10-x64.runtime.native.System.Security.Cryptography.OpenSsl (>= 4.3.3)
      runtime.ubuntu.18.04-x64.runtime.native.System.Security.Cryptography.OpenSsl (>= 4.3.3)
    runtime.opensuse.13.2-x64.runtime.native.System.Security.Cryptography.OpenSsl (4.3.3) - restriction: || (&& (== net452) (< net45) (>= netstandard1.6)) (&& (== net452) (>= netcoreapp5.0)) (== netcoreapp3.1) (&& (== netstandard1.0) (>= netcoreapp5.0)) (&& (== netstandard1.0) (>= netstandard1.6)) (== netstandard1.6) (== netstandard2.0)
    runtime.opensuse.42.1-x64.runtime.native.System.Security.Cryptography.OpenSsl (4.3.3) - restriction: || (&& (== net452) (< net45) (>= netstandard1.6)) (&& (== net452) (>= netcoreapp5.0)) (== netcoreapp3.1) (&& (== netstandard1.0) (>= netcoreapp5.0)) (&& (== netstandard1.0) (>= netstandard1.6)) (== netstandard1.6) (== netstandard2.0)
    runtime.opensuse.42.3-x64.runtime.native.System.Security.Cryptography.OpenSsl (4.3.3) - restriction: || (&& (== net452) (< net45) (>= netstandard1.6)) (&& (== net452) (>= netcoreapp5.0)) (== netcoreapp3.1) (&& (== netstandard1.0) (>= netcoreapp5.0)) (&& (== netstandard1.0) (>= netstandard1.6)) (== netstandard1.6) (== netstandard2.0)
    runtime.osx.10.10-x64.runtime.native.System.Security.Cryptography.Apple (4.3.1) - restriction: || (&& (== net452) (< net45) (>= netstandard1.6)) (&& (== net452) (>= netcoreapp5.0)) (== netcoreapp3.1) (&& (== netstandard1.0) (>= netcoreapp5.0)) (&& (== netstandard1.0) (>= netstandard1.6)) (== netstandard1.6) (== netstandard2.0)
    runtime.osx.10.10-x64.runtime.native.System.Security.Cryptography.OpenSsl (4.3.3) - restriction: || (&& (== net452) (< net45) (>= netstandard1.6)) (&& (== net452) (>= netcoreapp5.0)) (== netcoreapp3.1) (&& (== netstandard1.0) (>= netcoreapp5.0)) (&& (== netstandard1.0) (>= netstandard1.6)) (== netstandard1.6) (== netstandard2.0)
    runtime.rhel.7-x64.runtime.native.System.Security.Cryptography.OpenSsl (4.3.3) - restriction: || (&& (== net452) (< net45) (>= netstandard1.6)) (&& (== net452) (>= netcoreapp5.0)) (== netcoreapp3.1) (&& (== netstandard1.0) (>= netcoreapp5.0)) (&& (== netstandard1.0) (>= netstandard1.6)) (== netstandard1.6) (== netstandard2.0)
    runtime.ubuntu.14.04-x64.runtime.native.System.Security.Cryptography.OpenSsl (4.3.3) - restriction: || (&& (== net452) (< net45) (>= netstandard1.6)) (&& (== net452) (>= netcoreapp5.0)) (== netcoreapp3.1) (&& (== netstandard1.0) (>= netcoreapp5.0)) (&& (== netstandard1.0) (>= netstandard1.6)) (== netstandard1.6) (== netstandard2.0)
    runtime.ubuntu.16.04-x64.runtime.native.System.Security.Cryptography.OpenSsl (4.3.3) - restriction: || (&& (== net452) (< net45) (>= netstandard1.6)) (&& (== net452) (>= netcoreapp5.0)) (== netcoreapp3.1) (&& (== netstandard1.0) (>= netcoreapp5.0)) (&& (== netstandard1.0) (>= netstandard1.6)) (== netstandard1.6) (== netstandard2.0)
    runtime.ubuntu.16.10-x64.runtime.native.System.Security.Cryptography.OpenSsl (4.3.3) - restriction: || (&& (== net452) (< net45) (>= netstandard1.6)) (&& (== net452) (>= netcoreapp5.0)) (== netcoreapp3.1) (&& (== netstandard1.0) (>= netcoreapp5.0)) (&& (== netstandard1.0) (>= netstandard1.6)) (== netstandard1.6) (== netstandard2.0)
    runtime.ubuntu.18.04-x64.runtime.native.System.Security.Cryptography.OpenSsl (4.3.3) - restriction: || (&& (== net452) (< net45) (>= netstandard1.6)) (&& (== net452) (>= netcoreapp5.0)) (== netcoreapp3.1) (&& (== netstandard1.0) (>= netcoreapp5.0)) (&& (== netstandard1.0) (>= netstandard1.6)) (== netstandard1.6) (== netstandard2.0)
    System.AppContext (4.3.0) - version_in_path: true, restriction: || (&& (== net452) (== netstandard2.0)) (&& (== net452) (< net45) (>= netstandard1.6)) (&& (== net452) (>= netcoreapp2.1)) (&& (== net452) (>= netcoreapp5.0)) (== netcoreapp3.1) (&& (== netstandard1.0) (== netstandard2.0)) (&& (== netstandard1.0) (>= netcoreapp2.1)) (&& (== netstandard1.0) (>= netcoreapp5.0)) (&& (== netstandard1.0) (>= netstandard1.6)) (== netstandard1.6) (&& (== netstandard2.0) (>= netcoreapp2.1))
      System.Runtime (>= 4.3) - restriction: || (&& (== net452) (>= netcoreapp5.0)) (&& (== net452) (>= netstandard1.3)) (&& (== net452) (>= netstandard1.6)) (== netcoreapp3.1) (&& (== netstandard1.0) (>= netcoreapp5.0)) (&& (== netstandard1.0) (>= netstandard1.3)) (&& (== netstandard1.0) (>= netstandard1.6)) (== netstandard1.6) (== netstandard2.0)
    System.Buffers (4.5.1) - restriction: || (&& (== net452) (== netcoreapp3.1)) (&& (== net452) (>= monoandroid) (>= netstandard1.6)) (&& (== net452) (>= monoandroid) (>= netstandard2.0)) (&& (== net452) (>= monotouch)) (&& (== net452) (< net45) (>= netstandard1.6)) (&& (== net452) (< net45) (>= netstandard2.0)) (&& (== net452) (>= netcoreapp5.0)) (&& (== net452) (< netstandard1.1) (>= netstandard1.6)) (&& (== net452) (< netstandard1.1) (>= netstandard2.0)) (&& (== net452) (>= netstandard1.6) (>= uap10.1)) (&& (== net452) (>= netstandard1.6) (>= wpa81)) (&& (== net452) (>= netstandard2.0) (>= uap10.1)) (&& (== net452) (>= netstandard2.0) (>= wpa81)) (&& (== net452) (>= xamarinios)) (&& (== net452) (>= xamarinmac)) (&& (== net452) (>= xamarintvos)) (&& (== net452) (>= xamarinwatchos)) (&& (== netcoreapp3.1) (== netstandard1.0)) (&& (== netcoreapp3.1) (>= monoandroid)) (&& (== netcoreapp3.1) (>= monotouch)) (&& (== netcoreapp3.1) (>= net45) (< netstandard1.3)) (&& (== netcoreapp3.1) (>= net46)) (&& (== netcoreapp3.1) (>= net461)) (&& (== netcoreapp3.1) (< netcoreapp2.0)) (&& (== netcoreapp3.1) (< netstandard1.1)) (&& (== netcoreapp3.1) (< netstandard2.0)) (&& (== netcoreapp3.1) (>= uap10.1)) (&& (== netcoreapp3.1) (>= xamarinios)) (&& (== netcoreapp3.1) (>= xamarinmac)) (&& (== netcoreapp3.1) (>= xamarintvos)) (&& (== netcoreapp3.1) (>= xamarinwatchos)) (&& (== netstandard1.0) (>= monotouch)) (&& (== netstandard1.0) (>= netcoreapp5.0)) (&& (== netstandard1.0) (>= netstandard1.6)) (&& (== netstandard1.0) (>= netstandard2.0)) (&& (== netstandard1.0) (>= xamarinios)) (&& (== netstandard1.0) (>= xamarinmac)) (&& (== netstandard1.0) (>= xamarintvos)) (&& (== netstandard1.0) (>= xamarinwatchos)) (== netstandard1.6) (== netstandard2.0)
      System.Diagnostics.Debug (>= 4.3) - restriction: || (&& (== net452) (== netcoreapp3.1)) (&& (== net452) (== netstandard1.0)) (&& (== net452) (== netstandard2.0)) (&& (== net452) (< net45)) (&& (== netcoreapp3.1) (== netstandard1.0)) (&& (== netcoreapp3.1) (< netstandard2.0)) (&& (== netstandard1.0) (== netstandard2.0)) (&& (== netstandard1.0) (>= netstandard1.1)) (== netstandard1.6)
      System.Diagnostics.Tracing (>= 4.3) - restriction: || (&& (== net452) (== netcoreapp3.1)) (&& (== net452) (== netstandard1.0)) (&& (== net452) (== netstandard2.0)) (&& (== net452) (< net45)) (&& (== netcoreapp3.1) (== netstandard1.0)) (&& (== netcoreapp3.1) (< netstandard2.0)) (&& (== netstandard1.0) (== netstandard2.0)) (&& (== netstandard1.0) (>= netstandard1.1)) (== netstandard1.6)
      System.Resources.ResourceManager (>= 4.3) - restriction: || (&& (== net452) (== netcoreapp3.1)) (&& (== net452) (== netstandard1.0)) (&& (== net452) (== netstandard2.0)) (&& (== net452) (< net45)) (&& (== netcoreapp3.1) (== netstandard1.0)) (&& (== netcoreapp3.1) (< netstandard2.0)) (&& (== netstandard1.0) (== netstandard2.0)) (&& (== netstandard1.0) (>= netstandard1.1)) (== netstandard1.6)
      System.Runtime (>= 4.3) - restriction: || (&& (== net452) (== netcoreapp3.1)) (&& (== net452) (== netstandard1.0)) (&& (== net452) (== netstandard2.0)) (&& (== net452) (< net45)) (&& (== netcoreapp3.1) (== netstandard1.0)) (&& (== netcoreapp3.1) (< netstandard2.0)) (&& (== netstandard1.0) (== netstandard2.0)) (&& (== netstandard1.0) (>= netstandard1.1)) (== netstandard1.6)
      System.Threading (>= 4.3) - restriction: || (&& (== net452) (== netcoreapp3.1)) (&& (== net452) (== netstandard1.0)) (&& (== net452) (== netstandard2.0)) (&& (== net452) (< net45)) (&& (== netcoreapp3.1) (== netstandard1.0)) (&& (== netcoreapp3.1) (< netstandard2.0)) (&& (== netstandard1.0) (== netstandard2.0)) (&& (== netstandard1.0) (>= netstandard1.1)) (== netstandard1.6)
    System.Collections (4.3.0) - version_in_path: true, restriction: || (&& (== net452) (< net45) (>= netstandard1.6)) (&& (== net452) (>= netcoreapp2.1)) (&& (== net452) (>= netcoreapp5.0)) (== netcoreapp3.1) (&& (== netstandard1.0) (>= netcoreapp2.1)) (&& (== netstandard1.0) (>= netcoreapp5.0)) (&& (== netstandard1.0) (>= netstandard1.6)) (== netstandard1.6) (== netstandard2.0)
      Microsoft.NETCore.Platforms (>= 1.1) - restriction: || (&& (== net452) (< net45)) (&& (== net452) (>= netcoreapp5.0)) (== netcoreapp3.1) (== netstandard1.0) (== netstandard1.6) (== netstandard2.0)
      Microsoft.NETCore.Targets (>= 1.1) - restriction: || (&& (== net452) (< net45)) (&& (== net452) (>= netcoreapp5.0)) (== netcoreapp3.1) (== netstandard1.0) (== netstandard1.6) (== netstandard2.0)
      System.Runtime (>= 4.3) - restriction: || (&& (== net452) (< net45)) (&& (== net452) (>= netcoreapp5.0)) (== netcoreapp3.1) (== netstandard1.0) (== netstandard1.6) (== netstandard2.0)
    System.Collections.Concurrent (4.3) - restriction: || (&& (== net452) (< net45) (>= netstandard1.6)) (&& (== net452) (>= netcoreapp5.0)) (== netcoreapp3.1) (&& (== netstandard1.0) (>= netcoreapp5.0)) (&& (== netstandard1.0) (>= netstandard1.6)) (== netstandard1.6) (== netstandard2.0)
      System.Collections (>= 4.3) - restriction: || (&& (== net452) (< net45) (>= netstandard1.3)) (&& (== net452) (>= netcoreapp5.0)) (== netcoreapp3.1) (&& (== netstandard1.0) (>= netcoreapp5.0)) (&& (== netstandard1.0) (>= netstandard1.3)) (== netstandard1.6) (== netstandard2.0)
      System.Diagnostics.Debug (>= 4.3) - restriction: || (&& (== net452) (< net45) (>= netstandard1.3)) (&& (== net452) (>= netcoreapp5.0)) (== netcoreapp3.1) (&& (== netstandard1.0) (>= netcoreapp5.0)) (&& (== netstandard1.0) (>= netstandard1.3)) (== netstandard1.6) (== netstandard2.0)
      System.Diagnostics.Tracing (>= 4.3) - restriction: || (&& (== net452) (< net45) (>= netstandard1.3)) (&& (== net452) (>= netcoreapp5.0)) (== netcoreapp3.1) (&& (== netstandard1.0) (>= netcoreapp5.0)) (&& (== netstandard1.0) (>= netstandard1.3)) (== netstandard1.6) (== netstandard2.0)
      System.Globalization (>= 4.3) - restriction: || (&& (== net452) (< net45) (>= netstandard1.3)) (&& (== net452) (>= netcoreapp5.0)) (== netcoreapp3.1) (&& (== netstandard1.0) (>= netcoreapp5.0)) (&& (== netstandard1.0) (>= netstandard1.3)) (== netstandard1.6) (== netstandard2.0)
      System.Reflection (>= 4.3) - restriction: || (&& (== net452) (< net45) (>= netstandard1.3)) (== netcoreapp3.1) (&& (== netstandard1.0) (>= netstandard1.3)) (== netstandard1.6) (== netstandard2.0)
      System.Resources.ResourceManager (>= 4.3) - restriction: || (&& (== net452) (< net45) (>= netstandard1.3)) (&& (== net452) (>= netcoreapp5.0)) (== netcoreapp3.1) (&& (== netstandard1.0) (>= netcoreapp5.0)) (&& (== netstandard1.0) (>= netstandard1.3)) (== netstandard1.6) (== netstandard2.0)
      System.Runtime (>= 4.3) - restriction: || (&& (== net452) (== netstandard1.0)) (&& (== net452) (< net45)) (&& (== net452) (>= netcoreapp5.0)) (== netcoreapp3.1) (&& (== netstandard1.0) (>= netcoreapp5.0)) (&& (== netstandard1.0) (>= netstandard1.1)) (&& (== netstandard1.0) (>= netstandard1.3)) (== netstandard1.6) (== netstandard2.0)
      System.Runtime.Extensions (>= 4.3) - restriction: || (&& (== net452) (< net45) (>= netstandard1.3)) (&& (== net452) (>= netcoreapp5.0)) (== netcoreapp3.1) (&& (== netstandard1.0) (>= netcoreapp5.0)) (&& (== netstandard1.0) (>= netstandard1.3)) (== netstandard1.6) (== netstandard2.0)
      System.Threading (>= 4.3) - restriction: || (&& (== net452) (< net45) (>= netstandard1.3)) (&& (== net452) (>= netcoreapp5.0)) (== netcoreapp3.1) (&& (== netstandard1.0) (>= netcoreapp5.0)) (&& (== netstandard1.0) (>= netstandard1.3)) (== netstandard1.6) (== netstandard2.0)
      System.Threading.Tasks (>= 4.3) - restriction: || (&& (== net452) (== netstandard1.0)) (&& (== net452) (< net45)) (&& (== net452) (>= netcoreapp5.0)) (== netcoreapp3.1) (&& (== netstandard1.0) (>= netcoreapp5.0)) (&& (== netstandard1.0) (>= netstandard1.1)) (&& (== netstandard1.0) (>= netstandard1.3)) (== netstandard1.6) (== netstandard2.0)
    System.Collections.NonGeneric (4.3.0) - version_in_path: true, restriction: || (&& (== net452) (>= netcoreapp2.1)) (== netcoreapp3.1) (&& (== netstandard1.0) (>= netcoreapp2.1)) (&& (== netstandard1.6) (>= netcoreapp2.1)) (&& (== netstandard2.0) (>= netcoreapp2.1))
      System.Diagnostics.Debug (>= 4.3) - restriction: || (&& (== net452) (>= netstandard1.3)) (== netcoreapp3.1) (&& (== netstandard1.0) (>= netstandard1.3)) (== netstandard1.6) (== netstandard2.0)
      System.Globalization (>= 4.3) - restriction: || (&& (== net452) (>= netstandard1.3)) (== netcoreapp3.1) (&& (== netstandard1.0) (>= netstandard1.3)) (== netstandard1.6) (== netstandard2.0)
      System.Resources.ResourceManager (>= 4.3) - restriction: || (&& (== net452) (>= netstandard1.3)) (== netcoreapp3.1) (&& (== netstandard1.0) (>= netstandard1.3)) (== netstandard1.6) (== netstandard2.0)
      System.Runtime (>= 4.3) - restriction: || (&& (== net452) (>= netstandard1.3)) (== netcoreapp3.1) (&& (== netstandard1.0) (>= netstandard1.3)) (== netstandard1.6) (== netstandard2.0)
      System.Runtime.Extensions (>= 4.3) - restriction: || (&& (== net452) (>= netstandard1.3)) (== netcoreapp3.1) (&& (== netstandard1.0) (>= netstandard1.3)) (== netstandard1.6) (== netstandard2.0)
      System.Threading (>= 4.3) - restriction: || (&& (== net452) (>= netstandard1.3)) (== netcoreapp3.1) (&& (== netstandard1.0) (>= netstandard1.3)) (== netstandard1.6) (== netstandard2.0)
    System.Collections.Specialized (4.3.0) - version_in_path: true, restriction: || (&& (== net452) (>= netcoreapp2.1)) (== netcoreapp3.1) (&& (== netstandard1.0) (>= netcoreapp2.1)) (&& (== netstandard1.6) (>= netcoreapp2.1)) (&& (== netstandard2.0) (>= netcoreapp2.1))
      System.Collections.NonGeneric (>= 4.3) - restriction: || (&& (== net452) (>= netstandard1.3)) (== netcoreapp3.1) (&& (== netstandard1.0) (>= netstandard1.3)) (== netstandard1.6) (== netstandard2.0)
      System.Globalization (>= 4.3) - restriction: || (&& (== net452) (>= netstandard1.3)) (== netcoreapp3.1) (&& (== netstandard1.0) (>= netstandard1.3)) (== netstandard1.6) (== netstandard2.0)
      System.Globalization.Extensions (>= 4.3) - restriction: || (&& (== net452) (>= netstandard1.3)) (== netcoreapp3.1) (&& (== netstandard1.0) (>= netstandard1.3)) (== netstandard1.6) (== netstandard2.0)
      System.Resources.ResourceManager (>= 4.3) - restriction: || (&& (== net452) (>= netstandard1.3)) (== netcoreapp3.1) (&& (== netstandard1.0) (>= netstandard1.3)) (== netstandard1.6) (== netstandard2.0)
      System.Runtime (>= 4.3) - restriction: || (&& (== net452) (>= netstandard1.3)) (== netcoreapp3.1) (&& (== netstandard1.0) (>= netstandard1.3)) (== netstandard1.6) (== netstandard2.0)
      System.Runtime.Extensions (>= 4.3) - restriction: || (&& (== net452) (>= netstandard1.3)) (== netcoreapp3.1) (&& (== netstandard1.0) (>= netstandard1.3)) (== netstandard1.6) (== netstandard2.0)
      System.Threading (>= 4.3) - restriction: || (&& (== net452) (>= netstandard1.3)) (== netcoreapp3.1) (&& (== netstandard1.0) (>= netstandard1.3)) (== netstandard1.6) (== netstandard2.0)
    System.ComponentModel (4.3.0) - version_in_path: true, restriction: || (&& (== net452) (>= netcoreapp2.1)) (== netcoreapp3.1) (&& (== netstandard1.0) (>= netcoreapp2.1)) (&& (== netstandard1.6) (>= netcoreapp2.1)) (&& (== netstandard2.0) (>= netcoreapp2.1))
      System.Runtime (>= 4.3) - restriction: || (&& (== net452) (< net45)) (&& (== net452) (>= netcoreapp5.0)) (== netcoreapp3.1) (== netstandard1.0) (== netstandard1.6) (== netstandard2.0)
    System.ComponentModel.EventBasedAsync (4.3.0) - version_in_path: true, restriction: || (&& (== net452) (>= netcoreapp2.1)) (== netcoreapp3.1) (&& (== netstandard1.0) (>= netcoreapp2.1)) (&& (== netstandard1.6) (>= netcoreapp2.1)) (&& (== netstandard2.0) (>= netcoreapp2.1))
      System.Resources.ResourceManager (>= 4.3) - restriction: || (&& (== net452) (< net45) (>= netstandard1.3)) (&& (== net452) (>= netcoreapp5.0)) (== netcoreapp3.1) (&& (== netstandard1.0) (>= netcoreapp5.0)) (&& (== netstandard1.0) (>= netstandard1.3)) (== netstandard1.6) (== netstandard2.0)
      System.Runtime (>= 4.3) - restriction: || (&& (== net452) (< net45)) (&& (== net452) (>= netcoreapp5.0)) (== netcoreapp3.1) (== netstandard1.0) (== netstandard1.6) (== netstandard2.0)
      System.Threading (>= 4.3) - restriction: || (&& (== net452) (< net45) (>= netstandard1.3)) (&& (== net452) (>= netcoreapp5.0)) (== netcoreapp3.1) (&& (== netstandard1.0) (>= netcoreapp5.0)) (&& (== netstandard1.0) (>= netstandard1.3)) (== netstandard1.6) (== netstandard2.0)
      System.Threading.Tasks (>= 4.3) - restriction: || (&& (== net452) (< net45) (>= netstandard1.3)) (&& (== net452) (>= netcoreapp5.0)) (== netcoreapp3.1) (&& (== netstandard1.0) (>= netcoreapp5.0)) (&& (== netstandard1.0) (>= netstandard1.3)) (== netstandard1.6) (== netstandard2.0)
    System.ComponentModel.Primitives (4.3.0) - version_in_path: true, restriction: || (&& (== net452) (>= netcoreapp2.1)) (== netcoreapp3.1) (&& (== netstandard1.0) (>= netcoreapp2.1)) (&& (== netstandard1.6) (>= netcoreapp2.1)) (&& (== netstandard2.0) (>= netcoreapp2.1))
      System.ComponentModel (>= 4.3) - restriction: || (&& (== net452) (< net45)) (== netcoreapp3.1) (== netstandard1.0) (== netstandard1.6) (== netstandard2.0)
      System.Resources.ResourceManager (>= 4.3) - restriction: || (&& (== net452) (< net45)) (== netcoreapp3.1) (== netstandard1.0) (== netstandard1.6) (== netstandard2.0)
      System.Runtime (>= 4.3) - restriction: || (&& (== net452) (< net45)) (== netcoreapp3.1) (== netstandard1.0) (== netstandard1.6) (== netstandard2.0)
    System.ComponentModel.TypeConverter (4.3.0) - version_in_path: true, restriction: || (&& (== net452) (>= netcoreapp2.1)) (== netcoreapp3.1) (&& (== netstandard1.0) (>= netcoreapp2.1)) (&& (== netstandard1.6) (>= netcoreapp2.1)) (&& (== netstandard2.0) (>= netcoreapp2.1))
      System.Collections (>= 4.3) - restriction: || (&& (== net452) (< net45)) (== netcoreapp3.1) (== netstandard1.0) (== netstandard1.6) (== netstandard2.0)
      System.Collections.NonGeneric (>= 4.3) - restriction: || (&& (== net452) (< net45) (>= netstandard1.5)) (&& (== net452) (>= net462)) (== netcoreapp3.1) (&& (== netstandard1.0) (>= net462)) (&& (== netstandard1.0) (>= netstandard1.5)) (== netstandard1.6) (== netstandard2.0)
      System.Collections.Specialized (>= 4.3) - restriction: || (&& (== net452) (< net45) (>= netstandard1.5)) (== netcoreapp3.1) (&& (== netstandard1.0) (>= netstandard1.5)) (== netstandard1.6) (== netstandard2.0)
      System.ComponentModel (>= 4.3) - restriction: || (&& (== net452) (< net45)) (== netcoreapp3.1) (== netstandard1.0) (== netstandard1.6) (== netstandard2.0)
      System.ComponentModel.Primitives (>= 4.3)
      System.Globalization (>= 4.3) - restriction: || (&& (== net452) (< net45)) (== netcoreapp3.1) (== netstandard1.0) (== netstandard1.6) (== netstandard2.0)
      System.Linq (>= 4.3) - restriction: || (&& (== net452) (< net45) (>= netstandard1.5)) (== netcoreapp3.1) (&& (== netstandard1.0) (>= netstandard1.5)) (== netstandard1.6) (== netstandard2.0)
      System.Reflection (>= 4.3) - restriction: || (&& (== net452) (< net45)) (== netcoreapp3.1) (== netstandard1.0) (== netstandard1.6) (== netstandard2.0)
      System.Reflection.Extensions (>= 4.3) - restriction: || (&& (== net452) (< net45)) (== netcoreapp3.1) (== netstandard1.0) (== netstandard1.6) (== netstandard2.0)
      System.Reflection.Primitives (>= 4.3) - restriction: || (&& (== net452) (< net45)) (== netcoreapp3.1) (== netstandard1.0) (== netstandard1.6) (== netstandard2.0)
      System.Reflection.TypeExtensions (>= 4.3) - restriction: || (&& (== net452) (< net45) (>= netstandard1.5)) (== netcoreapp3.1) (&& (== netstandard1.0) (>= netstandard1.5)) (== netstandard1.6) (== netstandard2.0)
      System.Resources.ResourceManager (>= 4.3) - restriction: || (&& (== net452) (< net45)) (== netcoreapp3.1) (== netstandard1.0) (== netstandard1.6) (== netstandard2.0)
      System.Runtime (>= 4.3) - restriction: || (&& (== net452) (< net45)) (== netcoreapp3.1) (== netstandard1.0) (== netstandard1.6) (== netstandard2.0)
      System.Runtime.Extensions (>= 4.3) - restriction: || (&& (== net452) (< net45)) (== netcoreapp3.1) (== netstandard1.0) (== netstandard1.6) (== netstandard2.0)
      System.Threading (>= 4.3) - restriction: || (&& (== net452) (< net45)) (== netcoreapp3.1) (== netstandard1.0) (== netstandard1.6) (== netstandard2.0)
    System.Console (4.3.1) - restriction: || (&& (== net452) (< net45) (>= netstandard1.6)) (== netcoreapp3.1) (&& (== netstandard1.0) (>= netstandard1.6)) (== netstandard1.6) (== netstandard2.0)
      Microsoft.NETCore.Platforms (>= 1.1) - restriction: || (&& (== net452) (>= netstandard1.3)) (== netcoreapp3.1) (&& (== netstandard1.0) (>= netstandard1.3)) (== netstandard1.6) (== netstandard2.0)
      Microsoft.NETCore.Targets (>= 1.1.2) - restriction: || (&& (== net452) (>= netstandard1.3)) (== netcoreapp3.1) (&& (== netstandard1.0) (>= netstandard1.3)) (== netstandard1.6) (== netstandard2.0)
      System.IO (>= 4.3) - restriction: || (&& (== net452) (>= netstandard1.3)) (== netcoreapp3.1) (&& (== netstandard1.0) (>= netstandard1.3)) (== netstandard1.6) (== netstandard2.0)
      System.Runtime (>= 4.3) - restriction: || (&& (== net452) (>= netstandard1.3)) (== netcoreapp3.1) (&& (== netstandard1.0) (>= netstandard1.3)) (== netstandard1.6) (== netstandard2.0)
      System.Text.Encoding (>= 4.3) - restriction: || (&& (== net452) (>= netstandard1.3)) (== netcoreapp3.1) (&& (== netstandard1.0) (>= netstandard1.3)) (== netstandard1.6) (== netstandard2.0)
    System.Diagnostics.Debug (4.3.0) - version_in_path: true, restriction: || (&& (== net452) (< net45) (>= netstandard1.6)) (&& (== net452) (>= netcoreapp2.1)) (&& (== net452) (>= netcoreapp5.0)) (== netcoreapp3.1) (&& (== netstandard1.0) (>= netcoreapp2.1)) (&& (== netstandard1.0) (>= netcoreapp5.0)) (&& (== netstandard1.0) (>= netstandard1.6)) (== netstandard1.6) (== netstandard2.0)
      Microsoft.NETCore.Platforms (>= 1.1) - restriction: || (&& (== net452) (< net45)) (&& (== net452) (>= netcoreapp5.0)) (== netcoreapp3.1) (== netstandard1.0) (== netstandard1.6) (== netstandard2.0)
      Microsoft.NETCore.Targets (>= 1.1) - restriction: || (&& (== net452) (< net45)) (&& (== net452) (>= netcoreapp5.0)) (== netcoreapp3.1) (== netstandard1.0) (== netstandard1.6) (== netstandard2.0)
      System.Runtime (>= 4.3) - restriction: || (&& (== net452) (< net45)) (&& (== net452) (>= netcoreapp5.0)) (== netcoreapp3.1) (== netstandard1.0) (== netstandard1.6) (== netstandard2.0)
    System.Diagnostics.DiagnosticSource (5.0.1) - restriction: || (&& (== net452) (< net45) (>= netstandard1.6)) (&& (== net452) (>= netcoreapp5.0)) (== netcoreapp3.1) (&& (== netstandard1.0) (>= netcoreapp5.0)) (&& (== netstandard1.0) (>= netstandard1.6)) (== netstandard1.6) (== netstandard2.0)
      System.AppContext (>= 4.3) - restriction: || (&& (== net452) (== netcoreapp3.1)) (&& (== net452) (== netstandard2.0)) (&& (== net452) (< net45) (>= netstandard1.3)) (&& (== netcoreapp3.1) (== netstandard1.0)) (&& (== netcoreapp3.1) (< netstandard2.0)) (&& (== netstandard1.0) (== netstandard2.0)) (&& (== netstandard1.0) (>= netstandard1.3)) (== netstandard1.6)
      System.Collections (>= 4.3) - restriction: || (&& (== net452) (== netcoreapp3.1)) (&& (== net452) (== netstandard1.0)) (&& (== net452) (== netstandard2.0)) (&& (== net452) (< net45)) (&& (== netcoreapp3.1) (== netstandard1.0)) (&& (== netcoreapp3.1) (< netstandard1.3)) (&& (== netcoreapp3.1) (< netstandard2.0)) (&& (== netstandard1.0) (== netstandard2.0)) (&& (== netstandard1.0) (>= netstandard1.1)) (&& (== netstandard1.0) (>= netstandard1.3)) (== netstandard1.6) (&& (== netstandard2.0) (< netstandard1.3))
      System.Collections.Concurrent (>= 4.3) - restriction: || (&& (== net452) (== netcoreapp3.1)) (&& (== net452) (== netstandard1.0)) (&& (== net452) (== netstandard2.0)) (&& (== net452) (< net45)) (&& (== netcoreapp3.1) (== netstandard1.0)) (&& (== netcoreapp3.1) (< netstandard1.3)) (&& (== netcoreapp3.1) (< netstandard2.0)) (&& (== netstandard1.0) (== netstandard2.0)) (&& (== netstandard1.0) (>= netstandard1.1)) (&& (== netstandard1.0) (>= netstandard1.3)) (== netstandard1.6) (&& (== netstandard2.0) (< netstandard1.3))
      System.Diagnostics.Debug (>= 4.3) - restriction: || (&& (== net452) (== netcoreapp3.1)) (&& (== net452) (== netstandard2.0)) (&& (== net452) (< net45) (>= netstandard1.3)) (&& (== netcoreapp3.1) (== netstandard1.0)) (&& (== netcoreapp3.1) (< netstandard2.0)) (&& (== netstandard1.0) (== netstandard2.0)) (&& (== netstandard1.0) (>= netstandard1.3)) (== netstandard1.6)
      System.Diagnostics.Tracing (>= 4.3) - restriction: || (&& (== net452) (== netcoreapp3.1)) (&& (== net452) (== netstandard1.0)) (&& (== net452) (== netstandard2.0)) (&& (== net452) (< net45)) (&& (== netcoreapp3.1) (== netstandard1.0)) (&& (== netcoreapp3.1) (< netstandard1.3)) (&& (== netcoreapp3.1) (< netstandard2.0)) (&& (== netstandard1.0) (== netstandard2.0)) (&& (== netstandard1.0) (>= netstandard1.1)) (&& (== netstandard1.0) (>= netstandard1.3)) (== netstandard1.6) (&& (== netstandard2.0) (< netstandard1.3))
      System.Memory (>= 4.5.4) - restriction: || (== net452) (&& (== netcoreapp3.1) (== netstandard1.0)) (&& (== netcoreapp3.1) (>= net45) (< netstandard1.3)) (&& (== netcoreapp3.1) (>= net46)) (&& (== netcoreapp3.1) (< netcoreapp2.1)) (&& (== netcoreapp3.1) (< netstandard2.0)) (&& (== netcoreapp3.1) (>= uap10.1)) (&& (== netstandard1.0) (>= net45)) (&& (== netstandard1.0) (>= net46)) (&& (== netstandard1.0) (>= netstandard1.3)) (&& (== netstandard1.0) (>= netstandard2.0)) (&& (== netstandard1.0) (>= uap10.1)) (== netstandard1.6) (== netstandard2.0)
      System.Reflection (>= 4.3) - restriction: || (&& (== net452) (== netcoreapp3.1)) (&& (== net452) (== netstandard1.0)) (&& (== net452) (== netstandard2.0)) (&& (== net452) (< net45)) (&& (== netcoreapp3.1) (== netstandard1.0)) (&& (== netcoreapp3.1) (< netstandard1.3)) (&& (== netcoreapp3.1) (< netstandard2.0)) (&& (== netstandard1.0) (== netstandard2.0)) (&& (== netstandard1.0) (>= netstandard1.1)) (&& (== netstandard1.0) (>= netstandard1.3)) (== netstandard1.6) (&& (== netstandard2.0) (< netstandard1.3))
      System.Resources.ResourceManager (>= 4.3) - restriction: || (&& (== net452) (== netcoreapp3.1)) (&& (== net452) (== netstandard1.0)) (&& (== net452) (== netstandard2.0)) (&& (== net452) (< net45)) (&& (== netcoreapp3.1) (== netstandard1.0)) (&& (== netcoreapp3.1) (< netstandard1.3)) (&& (== netcoreapp3.1) (< netstandard2.0)) (&& (== netstandard1.0) (== netstandard2.0)) (&& (== netstandard1.0) (>= netstandard1.1)) (&& (== netstandard1.0) (>= netstandard1.3)) (== netstandard1.6) (&& (== netstandard2.0) (< netstandard1.3))
      System.Runtime (>= 4.3) - restriction: || (&& (== net452) (== netcoreapp3.1)) (&& (== net452) (== netstandard1.0)) (&& (== net452) (== netstandard2.0)) (&& (== net452) (< net45)) (&& (== netcoreapp3.1) (== netstandard1.0)) (&& (== netcoreapp3.1) (< netstandard1.3)) (&& (== netcoreapp3.1) (< netstandard2.0)) (&& (== netstandard1.0) (== netstandard2.0)) (&& (== netstandard1.0) (>= netstandard1.1)) (&& (== netstandard1.0) (>= netstandard1.3)) (== netstandard1.6) (&& (== netstandard2.0) (< netstandard1.3))
      System.Runtime.CompilerServices.Unsafe (>= 5.0) - restriction: || (== net452) (&& (== netcoreapp3.1) (== netstandard1.0)) (&& (== netcoreapp3.1) (>= monoandroid)) (&& (== netcoreapp3.1) (>= monotouch)) (&& (== netcoreapp3.1) (>= net45) (< netstandard1.3)) (&& (== netcoreapp3.1) (>= net46)) (&& (== netcoreapp3.1) (< netcoreapp2.1)) (&& (== netcoreapp3.1) (< netcoreapp3.0)) (&& (== netcoreapp3.1) (< netstandard2.0)) (&& (== netcoreapp3.1) (>= uap10.1)) (&& (== netcoreapp3.1) (>= xamarinios)) (&& (== netcoreapp3.1) (>= xamarinmac)) (&& (== netcoreapp3.1) (>= xamarintvos)) (&& (== netcoreapp3.1) (>= xamarinwatchos)) (&& (== netstandard1.0) (>= monoandroid)) (&& (== netstandard1.0) (>= monotouch)) (&& (== netstandard1.0) (>= net45)) (&& (== netstandard1.0) (>= net46)) (&& (== netstandard1.0) (>= netcoreapp2.1)) (&& (== netstandard1.0) (>= netstandard1.3)) (&& (== netstandard1.0) (>= netstandard2.0)) (&& (== netstandard1.0) (>= uap10.1)) (&& (== netstandard1.0) (>= xamarinios)) (&& (== netstandard1.0) (>= xamarinmac)) (&& (== netstandard1.0) (>= xamarintvos)) (&& (== netstandard1.0) (>= xamarinwatchos)) (== netstandard1.6) (== netstandard2.0)
      System.Runtime.Extensions (>= 4.3) - restriction: || (&& (== net452) (== netcoreapp3.1)) (&& (== net452) (== netstandard2.0)) (&& (== net452) (< net45) (>= netstandard1.3)) (&& (== netcoreapp3.1) (== netstandard1.0)) (&& (== netcoreapp3.1) (< netstandard2.0)) (&& (== netstandard1.0) (== netstandard2.0)) (&& (== netstandard1.0) (>= netstandard1.3)) (== netstandard1.6)
      System.Runtime.InteropServices (>= 4.3) - restriction: || (&& (== net452) (== netcoreapp3.1)) (&& (== net452) (== netstandard2.0)) (&& (== net452) (< net45) (>= netstandard1.3)) (&& (== netcoreapp3.1) (== netstandard1.0)) (&& (== netcoreapp3.1) (< netstandard2.0)) (&& (== netstandard1.0) (== netstandard2.0)) (&& (== netstandard1.0) (>= netstandard1.3)) (== netstandard1.6)
      System.Threading (>= 4.3) - restriction: || (&& (== net452) (== netcoreapp3.1)) (&& (== net452) (== netstandard1.0)) (&& (== net452) (== netstandard2.0)) (&& (== net452) (< net45)) (&& (== netcoreapp3.1) (== netstandard1.0)) (&& (== netcoreapp3.1) (< netstandard1.3)) (&& (== netcoreapp3.1) (< netstandard2.0)) (&& (== netstandard1.0) (== netstandard2.0)) (&& (== netstandard1.0) (>= netstandard1.1)) (&& (== netstandard1.0) (>= netstandard1.3)) (== netstandard1.6) (&& (== netstandard2.0) (< netstandard1.3))
    System.Diagnostics.Process (4.3.0) - version_in_path: true, restriction: || (&& (== net452) (>= netcoreapp2.1)) (== netcoreapp3.1) (&& (== netstandard1.0) (>= netcoreapp2.1)) (&& (== netstandard1.6) (>= netcoreapp2.1)) (&& (== netstandard2.0) (>= netcoreapp2.1))
      Microsoft.NETCore.Platforms (>= 1.1) - restriction: || (&& (== net452) (>= netstandard1.4)) (== netcoreapp3.1) (&& (== netstandard1.0) (>= netstandard1.4)) (== netstandard1.6) (== netstandard2.0)
      Microsoft.Win32.Primitives (>= 4.3) - restriction: || (&& (== net452) (>= netstandard1.4)) (== netcoreapp3.1) (&& (== netstandard1.0) (>= netstandard1.4)) (== netstandard1.6) (== netstandard2.0)
      Microsoft.Win32.Registry (>= 4.3) - restriction: || (&& (== net452) (>= netstandard1.4)) (== netcoreapp3.1) (&& (== netstandard1.0) (>= netstandard1.4)) (== netstandard1.6) (== netstandard2.0)
      runtime.native.System (>= 4.3) - restriction: || (&& (== net452) (>= netstandard1.4)) (== netcoreapp3.1) (&& (== netstandard1.0) (>= netstandard1.4)) (== netstandard1.6) (== netstandard2.0)
      System.Collections (>= 4.3) - restriction: || (&& (== net452) (>= netstandard1.4)) (== netcoreapp3.1) (&& (== netstandard1.0) (>= netstandard1.4)) (== netstandard1.6) (== netstandard2.0)
      System.Diagnostics.Debug (>= 4.3) - restriction: || (&& (== net452) (>= netstandard1.4)) (== netcoreapp3.1) (&& (== netstandard1.0) (>= netstandard1.4)) (== netstandard1.6) (== netstandard2.0)
      System.Globalization (>= 4.3) - restriction: || (&& (== net452) (>= netstandard1.4)) (== netcoreapp3.1) (&& (== netstandard1.0) (>= netstandard1.4)) (== netstandard1.6) (== netstandard2.0)
      System.IO (>= 4.3) - restriction: || (&& (== net452) (>= netstandard1.3)) (&& (== net452) (>= netstandard1.4)) (== netcoreapp3.1) (&& (== netstandard1.0) (>= netstandard1.3)) (&& (== netstandard1.0) (>= netstandard1.4)) (== netstandard1.6) (== netstandard2.0)
      System.IO.FileSystem (>= 4.3) - restriction: || (&& (== net452) (>= netstandard1.4)) (== netcoreapp3.1) (&& (== netstandard1.0) (>= netstandard1.4)) (== netstandard1.6) (== netstandard2.0)
      System.IO.FileSystem.Primitives (>= 4.3) - restriction: || (&& (== net452) (>= netstandard1.4)) (== netcoreapp3.1) (&& (== netstandard1.0) (>= netstandard1.4)) (== netstandard1.6) (== netstandard2.0)
      System.Resources.ResourceManager (>= 4.3) - restriction: || (&& (== net452) (>= netstandard1.4)) (== netcoreapp3.1) (&& (== netstandard1.0) (>= netstandard1.4)) (== netstandard1.6) (== netstandard2.0)
      System.Runtime (>= 4.3) - restriction: || (&& (== net452) (>= netstandard1.3)) (&& (== net452) (>= netstandard1.4)) (== netcoreapp3.1) (&& (== netstandard1.0) (>= netstandard1.3)) (&& (== netstandard1.0) (>= netstandard1.4)) (== netstandard1.6) (== netstandard2.0)
      System.Runtime.Extensions (>= 4.3) - restriction: || (&& (== net452) (>= netstandard1.4)) (== netcoreapp3.1) (&& (== netstandard1.0) (>= netstandard1.4)) (== netstandard1.6) (== netstandard2.0)
      System.Runtime.Handles (>= 4.3) - restriction: || (&& (== net452) (>= netstandard1.3)) (&& (== net452) (>= netstandard1.4)) (== netcoreapp3.1) (&& (== netstandard1.0) (>= netstandard1.3)) (&& (== netstandard1.0) (>= netstandard1.4)) (== netstandard1.6) (== netstandard2.0)
      System.Runtime.InteropServices (>= 4.3) - restriction: || (&& (== net452) (>= netstandard1.4)) (== netcoreapp3.1) (&& (== netstandard1.0) (>= netstandard1.4)) (== netstandard1.6) (== netstandard2.0)
      System.Text.Encoding (>= 4.3) - restriction: || (&& (== net452) (>= netstandard1.3)) (&& (== net452) (>= netstandard1.4)) (== netcoreapp3.1) (&& (== netstandard1.0) (>= netstandard1.3)) (&& (== netstandard1.0) (>= netstandard1.4)) (== netstandard1.6) (== netstandard2.0)
      System.Text.Encoding.Extensions (>= 4.3) - restriction: || (&& (== net452) (>= netstandard1.4)) (== netcoreapp3.1) (&& (== netstandard1.0) (>= netstandard1.4)) (== netstandard1.6) (== netstandard2.0)
      System.Threading (>= 4.3) - restriction: || (&& (== net452) (>= netstandard1.4)) (== netcoreapp3.1) (&& (== netstandard1.0) (>= netstandard1.4)) (== netstandard1.6) (== netstandard2.0)
      System.Threading.Tasks (>= 4.3) - restriction: || (&& (== net452) (>= netstandard1.4)) (== netcoreapp3.1) (&& (== netstandard1.0) (>= netstandard1.4)) (== netstandard1.6) (== netstandard2.0)
      System.Threading.Thread (>= 4.3) - restriction: || (&& (== net452) (>= netstandard1.4)) (== netcoreapp3.1) (&& (== netstandard1.0) (>= netstandard1.4)) (== netstandard1.6) (== netstandard2.0)
      System.Threading.ThreadPool (>= 4.3) - restriction: || (&& (== net452) (>= netstandard1.4)) (== netcoreapp3.1) (&& (== netstandard1.0) (>= netstandard1.4)) (== netstandard1.6) (== netstandard2.0)
    System.Diagnostics.TextWriterTraceListener (4.3.0) - version_in_path: true, restriction: || (&& (== net452) (>= netcoreapp1.0)) (== netcoreapp3.1) (&& (== netstandard1.0) (>= netcoreapp1.0)) (&& (== netstandard1.6) (>= netcoreapp1.0)) (&& (== netstandard2.0) (>= netcoreapp1.0))
      System.Diagnostics.TraceSource (>= 4.3) - restriction: || (&& (== net452) (>= net46)) (&& (== net452) (>= netstandard1.3)) (== netcoreapp3.1) (&& (== netstandard1.0) (>= net46)) (&& (== netstandard1.0) (>= netstandard1.3)) (== netstandard1.6) (== netstandard2.0)
      System.Globalization (>= 4.3) - restriction: || (&& (== net452) (>= netstandard1.3)) (== netcoreapp3.1) (&& (== netstandard1.0) (>= netstandard1.3)) (== netstandard1.6) (== netstandard2.0)
      System.IO (>= 4.3) - restriction: || (&& (== net452) (>= netstandard1.3)) (== netcoreapp3.1) (&& (== netstandard1.0) (>= netstandard1.3)) (== netstandard1.6) (== netstandard2.0)
      System.Resources.ResourceManager (>= 4.3) - restriction: || (&& (== net452) (>= netstandard1.3)) (== netcoreapp3.1) (&& (== netstandard1.0) (>= netstandard1.3)) (== netstandard1.6) (== netstandard2.0)
      System.Runtime (>= 4.3) - restriction: || (&& (== net452) (>= netstandard1.3)) (== netcoreapp3.1) (&& (== netstandard1.0) (>= netstandard1.3)) (== netstandard1.6) (== netstandard2.0)
      System.Threading (>= 4.3) - restriction: || (&& (== net452) (>= netstandard1.3)) (== netcoreapp3.1) (&& (== netstandard1.0) (>= netstandard1.3)) (== netstandard1.6) (== netstandard2.0)
    System.Diagnostics.Tools (4.3) - restriction: || (&& (== net452) (< net45) (>= netstandard1.6)) (== netcoreapp3.1) (&& (== netstandard1.0) (>= netstandard1.6)) (== netstandard1.6) (== netstandard2.0)
      Microsoft.NETCore.Platforms (>= 1.1) - restriction: || (&& (== net452) (< net45)) (&& (== net452) (>= netcoreapp5.0)) (== netcoreapp3.1) (== netstandard1.0) (== netstandard1.6) (== netstandard2.0)
      Microsoft.NETCore.Targets (>= 1.1) - restriction: || (&& (== net452) (< net45)) (&& (== net452) (>= netcoreapp5.0)) (== netcoreapp3.1) (== netstandard1.0) (== netstandard1.6) (== netstandard2.0)
      System.Runtime (>= 4.3) - restriction: || (&& (== net452) (< net45)) (&& (== net452) (>= netcoreapp5.0)) (== netcoreapp3.1) (== netstandard1.0) (== netstandard1.6) (== netstandard2.0)
    System.Diagnostics.TraceSource (4.3.0) - version_in_path: true, restriction: || (&& (== net452) (>= netcoreapp1.0)) (== netcoreapp3.1) (&& (== netstandard1.0) (>= netcoreapp1.0)) (&& (== netstandard1.6) (>= netcoreapp1.0)) (&& (== netstandard2.0) (>= netcoreapp1.0))
      Microsoft.NETCore.Platforms (>= 1.1) - restriction: || (&& (== net452) (>= netstandard1.3)) (== netcoreapp3.1) (&& (== netstandard1.0) (>= netstandard1.3)) (== netstandard1.6) (== netstandard2.0)
      runtime.native.System (>= 4.3) - restriction: || (&& (== net452) (>= netstandard1.3)) (== netcoreapp3.1) (&& (== netstandard1.0) (>= netstandard1.3)) (== netstandard1.6) (== netstandard2.0)
      System.Collections (>= 4.3) - restriction: || (&& (== net452) (>= netstandard1.3)) (== netcoreapp3.1) (&& (== netstandard1.0) (>= netstandard1.3)) (== netstandard1.6) (== netstandard2.0)
      System.Diagnostics.Debug (>= 4.3) - restriction: || (&& (== net452) (>= netstandard1.3)) (== netcoreapp3.1) (&& (== netstandard1.0) (>= netstandard1.3)) (== netstandard1.6) (== netstandard2.0)
      System.Globalization (>= 4.3) - restriction: || (&& (== net452) (>= netstandard1.3)) (== netcoreapp3.1) (&& (== netstandard1.0) (>= netstandard1.3)) (== netstandard1.6) (== netstandard2.0)
      System.Resources.ResourceManager (>= 4.3) - restriction: || (&& (== net452) (>= netstandard1.3)) (== netcoreapp3.1) (&& (== netstandard1.0) (>= netstandard1.3)) (== netstandard1.6) (== netstandard2.0)
      System.Runtime (>= 4.3) - restriction: || (&& (== net452) (>= netstandard1.3)) (== netcoreapp3.1) (&& (== netstandard1.0) (>= netstandard1.3)) (== netstandard1.6) (== netstandard2.0)
      System.Runtime.Extensions (>= 4.3) - restriction: || (&& (== net452) (>= netstandard1.3)) (== netcoreapp3.1) (&& (== netstandard1.0) (>= netstandard1.3)) (== netstandard1.6) (== netstandard2.0)
      System.Threading (>= 4.3) - restriction: || (&& (== net452) (>= netstandard1.3)) (== netcoreapp3.1) (&& (== netstandard1.0) (>= netstandard1.3)) (== netstandard1.6) (== netstandard2.0)
    System.Diagnostics.Tracing (4.3) - restriction: || (&& (== net452) (< net45) (>= netstandard1.6)) (&& (== net452) (>= netcoreapp5.0)) (== netcoreapp3.1) (&& (== netstandard1.0) (>= netcoreapp5.0)) (&& (== netstandard1.0) (>= netstandard1.6)) (== netstandard1.6) (== netstandard2.0)
      Microsoft.NETCore.Platforms (>= 1.1) - restriction: || (&& (== net452) (== netstandard1.0)) (&& (== net452) (< net45)) (&& (== net452) (>= netcoreapp5.0)) (== netcoreapp3.1) (&& (== netstandard1.0) (>= netcoreapp5.0)) (&& (== netstandard1.0) (>= netstandard1.1)) (&& (== netstandard1.0) (>= netstandard1.2)) (&& (== netstandard1.0) (>= netstandard1.3)) (&& (== netstandard1.0) (>= netstandard1.5)) (== netstandard1.6) (== netstandard2.0)
      Microsoft.NETCore.Targets (>= 1.1) - restriction: || (&& (== net452) (== netstandard1.0)) (&& (== net452) (< net45)) (&& (== net452) (>= netcoreapp5.0)) (== netcoreapp3.1) (&& (== netstandard1.0) (>= netcoreapp5.0)) (&& (== netstandard1.0) (>= netstandard1.1)) (&& (== netstandard1.0) (>= netstandard1.2)) (&& (== netstandard1.0) (>= netstandard1.3)) (&& (== netstandard1.0) (>= netstandard1.5)) (== netstandard1.6) (== netstandard2.0)
      System.Runtime (>= 4.3) - restriction: || (&& (== net452) (== netstandard1.0)) (&& (== net452) (< net45)) (&& (== net452) (>= netcoreapp5.0)) (== netcoreapp3.1) (&& (== netstandard1.0) (>= netcoreapp5.0)) (&& (== netstandard1.0) (>= netstandard1.1)) (&& (== netstandard1.0) (>= netstandard1.2)) (&& (== netstandard1.0) (>= netstandard1.3)) (&& (== netstandard1.0) (>= netstandard1.5)) (== netstandard1.6) (== netstandard2.0)
    System.Formats.Asn1 (5.0) - restriction: || (&& (== net452) (>= netcoreapp3.0)) (&& (== net452) (>= netcoreapp5.0)) (== netcoreapp3.1) (&& (== netstandard1.0) (>= netcoreapp3.0)) (&& (== netstandard1.0) (>= netcoreapp5.0)) (&& (== netstandard1.6) (>= netcoreapp3.0)) (&& (== netstandard2.0) (>= netcoreapp3.0))
    System.Globalization (4.3.0) - version_in_path: true, restriction: || (&& (== net452) (< net45) (>= netstandard1.6)) (&& (== net452) (< net45) (>= netstandard2.0)) (&& (== net452) (>= netcoreapp1.0)) (&& (== net452) (>= netcoreapp5.0)) (&& (== net452) (>= netstandard1.6) (>= uap10.1)) (== netcoreapp3.1) (&& (== netstandard1.0) (>= netcoreapp1.0)) (&& (== netstandard1.0) (>= netcoreapp5.0)) (&& (== netstandard1.0) (>= netstandard1.6)) (&& (== netstandard1.0) (>= netstandard2.0)) (== netstandard1.6) (== netstandard2.0)
      Microsoft.NETCore.Platforms (>= 1.1) - restriction: || (&& (== net452) (< net45)) (&& (== net452) (>= netcoreapp5.0)) (== netcoreapp3.1) (== netstandard1.0) (== netstandard1.6) (== netstandard2.0)
      Microsoft.NETCore.Targets (>= 1.1) - restriction: || (&& (== net452) (< net45)) (&& (== net452) (>= netcoreapp5.0)) (== netcoreapp3.1) (== netstandard1.0) (== netstandard1.6) (== netstandard2.0)
      System.Runtime (>= 4.3) - restriction: || (&& (== net452) (< net45)) (&& (== net452) (>= netcoreapp5.0)) (== netcoreapp3.1) (== netstandard1.0) (== netstandard1.6) (== netstandard2.0)
    System.Globalization.Calendars (4.3) - restriction: || (&& (== net452) (< net45) (>= netstandard1.6)) (&& (== net452) (>= netcoreapp5.0)) (== netcoreapp3.1) (&& (== netstandard1.0) (>= netcoreapp5.0)) (&& (== netstandard1.0) (>= netstandard1.6)) (== netstandard1.6) (== netstandard2.0)
      Microsoft.NETCore.Platforms (>= 1.1) - restriction: || (&& (== net452) (>= netstandard1.3)) (== netcoreapp3.1) (&& (== netstandard1.0) (>= netstandard1.3)) (== netstandard1.6) (== netstandard2.0)
      Microsoft.NETCore.Targets (>= 1.1) - restriction: || (&& (== net452) (>= netstandard1.3)) (== netcoreapp3.1) (&& (== netstandard1.0) (>= netstandard1.3)) (== netstandard1.6) (== netstandard2.0)
      System.Globalization (>= 4.3) - restriction: || (&& (== net452) (>= netstandard1.3)) (== netcoreapp3.1) (&& (== netstandard1.0) (>= netstandard1.3)) (== netstandard1.6) (== netstandard2.0)
      System.Runtime (>= 4.3) - restriction: || (&& (== net452) (>= netstandard1.3)) (== netcoreapp3.1) (&& (== netstandard1.0) (>= netstandard1.3)) (== netstandard1.6) (== netstandard2.0)
    System.Globalization.Extensions (4.3.0) - version_in_path: true, restriction: || (&& (== net452) (< net45) (>= netstandard1.6)) (&& (== net452) (>= netcoreapp2.1)) (&& (== net452) (>= netcoreapp5.0)) (== netcoreapp3.1) (&& (== netstandard1.0) (>= netcoreapp2.1)) (&& (== netstandard1.0) (>= netcoreapp5.0)) (&& (== netstandard1.0) (>= netstandard1.6)) (== netstandard1.6) (== netstandard2.0)
      Microsoft.NETCore.Platforms (>= 1.1) - restriction: || (&& (== net452) (>= netstandard1.3)) (== netcoreapp3.1) (&& (== netstandard1.0) (>= netstandard1.3)) (== netstandard1.6) (== netstandard2.0)
      System.Globalization (>= 4.3) - restriction: || (&& (== net452) (>= netstandard1.3)) (== netcoreapp3.1) (&& (== netstandard1.0) (>= netstandard1.3)) (== netstandard1.6) (== netstandard2.0)
      System.Resources.ResourceManager (>= 4.3) - restriction: || (&& (== net452) (>= netstandard1.3)) (== netcoreapp3.1) (&& (== netstandard1.0) (>= netstandard1.3)) (== netstandard1.6) (== netstandard2.0)
      System.Runtime (>= 4.3) - restriction: || (&& (== net452) (>= netstandard1.3)) (== netcoreapp3.1) (&& (== netstandard1.0) (>= netstandard1.3)) (== netstandard1.6) (== netstandard2.0)
      System.Runtime.Extensions (>= 4.3) - restriction: || (&& (== net452) (>= netstandard1.3)) (== netcoreapp3.1) (&& (== netstandard1.0) (>= netstandard1.3)) (== netstandard1.6) (== netstandard2.0)
      System.Runtime.InteropServices (>= 4.3) - restriction: || (&& (== net452) (>= netstandard1.3)) (== netcoreapp3.1) (&& (== netstandard1.0) (>= netstandard1.3)) (== netstandard1.6) (== netstandard2.0)
    System.IO (4.3) - restriction: || (&& (== net452) (< net45) (>= netstandard1.6)) (&& (== net452) (>= netcoreapp1.0)) (&& (== net452) (>= netcoreapp5.0)) (== netcoreapp3.1) (&& (== netstandard1.0) (>= netcoreapp1.0)) (&& (== netstandard1.0) (>= netcoreapp5.0)) (&& (== netstandard1.0) (>= netstandard1.6)) (== netstandard1.6) (== netstandard2.0)
      Microsoft.NETCore.Platforms (>= 1.1) - restriction: || (&& (== net452) (< net45)) (&& (== net452) (>= netcoreapp5.0)) (== netcoreapp3.1) (== netstandard1.0) (== netstandard1.6) (== netstandard2.0)
      Microsoft.NETCore.Targets (>= 1.1) - restriction: || (&& (== net452) (< net45)) (&& (== net452) (>= netcoreapp5.0)) (== netcoreapp3.1) (== netstandard1.0) (== netstandard1.6) (== netstandard2.0)
      System.Runtime (>= 4.3) - restriction: || (&& (== net452) (< net45)) (&& (== net452) (>= netcoreapp5.0)) (== netcoreapp3.1) (== netstandard1.0) (== netstandard1.6) (== netstandard2.0)
      System.Text.Encoding (>= 4.3) - restriction: || (&& (== net452) (< net45)) (&& (== net452) (>= netcoreapp5.0)) (== netcoreapp3.1) (== netstandard1.0) (== netstandard1.6) (== netstandard2.0)
      System.Threading.Tasks (>= 4.3) - restriction: || (&& (== net452) (< net45)) (&& (== net452) (>= netcoreapp5.0)) (== netcoreapp3.1) (== netstandard1.0) (== netstandard1.6) (== netstandard2.0)
    System.IO.FileSystem (4.3.0) - version_in_path: true, restriction: || (&& (== net452) (< net45) (>= netstandard1.6)) (&& (== net452) (>= netcoreapp2.1)) (&& (== net452) (>= netcoreapp5.0)) (== netcoreapp3.1) (&& (== netstandard1.0) (>= netcoreapp2.1)) (&& (== netstandard1.0) (>= netcoreapp5.0)) (&& (== netstandard1.0) (>= netstandard1.6)) (== netstandard1.6) (== netstandard2.0)
      Microsoft.NETCore.Platforms (>= 1.1) - restriction: || (&& (== net452) (>= netstandard1.3)) (== netcoreapp3.1) (&& (== netstandard1.0) (>= netstandard1.3)) (== netstandard1.6) (== netstandard2.0)
      Microsoft.NETCore.Targets (>= 1.1) - restriction: || (&& (== net452) (>= netstandard1.3)) (== netcoreapp3.1) (&& (== netstandard1.0) (>= netstandard1.3)) (== netstandard1.6) (== netstandard2.0)
      System.IO (>= 4.3) - restriction: || (&& (== net452) (>= netstandard1.3)) (== netcoreapp3.1) (&& (== netstandard1.0) (>= netstandard1.3)) (== netstandard1.6) (== netstandard2.0)
      System.IO.FileSystem.Primitives (>= 4.3) - restriction: || (&& (== net452) (>= net46)) (&& (== net452) (>= netstandard1.3)) (== netcoreapp3.1) (&& (== netstandard1.0) (>= net46)) (&& (== netstandard1.0) (>= netstandard1.3)) (== netstandard1.6) (== netstandard2.0)
      System.Runtime (>= 4.3) - restriction: || (&& (== net452) (>= netstandard1.3)) (== netcoreapp3.1) (&& (== netstandard1.0) (>= netstandard1.3)) (== netstandard1.6) (== netstandard2.0)
      System.Runtime.Handles (>= 4.3) - restriction: || (&& (== net452) (>= netstandard1.3)) (== netcoreapp3.1) (&& (== netstandard1.0) (>= netstandard1.3)) (== netstandard1.6) (== netstandard2.0)
      System.Text.Encoding (>= 4.3) - restriction: || (&& (== net452) (>= netstandard1.3)) (== netcoreapp3.1) (&& (== netstandard1.0) (>= netstandard1.3)) (== netstandard1.6) (== netstandard2.0)
      System.Threading.Tasks (>= 4.3) - restriction: || (&& (== net452) (>= netstandard1.3)) (== netcoreapp3.1) (&& (== netstandard1.0) (>= netstandard1.3)) (== netstandard1.6) (== netstandard2.0)
    System.IO.FileSystem.Primitives (4.3.0) - version_in_path: true, restriction: || (&& (== net452) (< net45) (>= netstandard1.6)) (&& (== net452) (>= netcoreapp2.1)) (&& (== net452) (>= netcoreapp5.0)) (== netcoreapp3.1) (&& (== netstandard1.0) (>= netcoreapp2.1)) (&& (== netstandard1.0) (>= netcoreapp5.0)) (&& (== netstandard1.0) (>= netstandard1.6)) (== netstandard1.6) (== netstandard2.0)
      System.Runtime (>= 4.3) - restriction: || (&& (== net452) (>= netstandard1.3)) (== netcoreapp3.1) (&& (== netstandard1.0) (>= netstandard1.3)) (== netstandard1.6) (== netstandard2.0)
    System.Linq (4.3) - restriction: || (&& (== net452) (< net45) (>= netstandard1.6)) (&& (== net452) (>= netcoreapp2.1)) (&& (== net452) (>= netcoreapp5.0)) (== netcoreapp3.1) (&& (== netstandard1.0) (>= netcoreapp2.1)) (&& (== netstandard1.0) (>= netcoreapp5.0)) (&& (== netstandard1.0) (>= netstandard1.6)) (== netstandard1.6) (== netstandard2.0)
      System.Collections (>= 4.3) - restriction: || (&& (== net452) (< net45)) (&& (== net452) (>= netcoreapp5.0)) (== netcoreapp3.1) (== netstandard1.0) (== netstandard1.6) (== netstandard2.0)
      System.Diagnostics.Debug (>= 4.3) - restriction: || (&& (== net452) (< net45) (>= netstandard1.6)) (&& (== net452) (>= netcoreapp5.0)) (== netcoreapp3.1) (&& (== netstandard1.0) (>= netcoreapp5.0)) (&& (== netstandard1.0) (>= netstandard1.6)) (== netstandard1.6) (== netstandard2.0)
      System.Resources.ResourceManager (>= 4.3) - restriction: || (&& (== net452) (< net45) (>= netstandard1.6)) (&& (== net452) (>= netcoreapp5.0)) (== netcoreapp3.1) (&& (== netstandard1.0) (>= netcoreapp5.0)) (&& (== netstandard1.0) (>= netstandard1.6)) (== netstandard1.6) (== netstandard2.0)
      System.Runtime (>= 4.3) - restriction: || (&& (== net452) (< net45)) (&& (== net452) (>= netcoreapp5.0)) (== netcoreapp3.1) (== netstandard1.0) (== netstandard1.6) (== netstandard2.0)
      System.Runtime.Extensions (>= 4.3) - restriction: || (&& (== net452) (< net45) (>= netstandard1.6)) (&& (== net452) (>= netcoreapp5.0)) (== netcoreapp3.1) (&& (== netstandard1.0) (>= netcoreapp5.0)) (&& (== netstandard1.0) (>= netstandard1.6)) (== netstandard1.6) (== netstandard2.0)
    System.Linq.Expressions (4.3) - restriction: || (&& (== net452) (< net45) (>= netstandard1.6)) (&& (== net452) (>= netcoreapp5.0)) (== netcoreapp3.1) (&& (== netstandard1.0) (>= netcoreapp5.0)) (&& (== netstandard1.0) (>= netstandard1.6)) (== netstandard1.6) (== netstandard2.0)
      System.Collections (>= 4.3) - restriction: || (&& (== net452) (< net45) (>= netstandard1.6)) (&& (== net452) (>= netcoreapp5.0)) (== netcoreapp3.1) (&& (== netstandard1.0) (>= netcoreapp5.0)) (&& (== netstandard1.0) (>= netstandard1.6)) (== netstandard1.6) (== netstandard2.0)
      System.Diagnostics.Debug (>= 4.3) - restriction: || (&& (== net452) (< net45) (>= netstandard1.6)) (&& (== net452) (>= netcoreapp5.0)) (== netcoreapp3.1) (&& (== netstandard1.0) (>= netcoreapp5.0)) (&& (== netstandard1.0) (>= netstandard1.6)) (== netstandard1.6) (== netstandard2.0)
      System.Globalization (>= 4.3) - restriction: || (&& (== net452) (< net45) (>= netstandard1.6)) (&& (== net452) (>= netcoreapp5.0)) (== netcoreapp3.1) (&& (== netstandard1.0) (>= netcoreapp5.0)) (&& (== netstandard1.0) (>= netstandard1.6)) (== netstandard1.6) (== netstandard2.0)
      System.IO (>= 4.3) - restriction: || (&& (== net452) (< net45) (>= netstandard1.6)) (&& (== net452) (>= netcoreapp5.0)) (== netcoreapp3.1) (&& (== netstandard1.0) (>= netcoreapp5.0)) (&& (== netstandard1.0) (>= netstandard1.6)) (== netstandard1.6) (== netstandard2.0)
      System.Linq (>= 4.3) - restriction: || (&& (== net452) (< net45) (>= netstandard1.6)) (&& (== net452) (>= netcoreapp5.0)) (== netcoreapp3.1) (&& (== netstandard1.0) (>= netcoreapp5.0)) (&& (== netstandard1.0) (>= netstandard1.6)) (== netstandard1.6) (== netstandard2.0)
      System.ObjectModel (>= 4.3) - restriction: || (&& (== net452) (< net45) (>= netstandard1.6)) (== netcoreapp3.1) (&& (== netstandard1.0) (>= netstandard1.6)) (== netstandard1.6) (== netstandard2.0)
      System.Reflection (>= 4.3) - restriction: || (&& (== net452) (< net45)) (&& (== net452) (>= netcoreapp5.0)) (== netcoreapp3.1) (== netstandard1.0) (== netstandard1.6) (== netstandard2.0)
      System.Reflection.Emit (>= 4.3) - restriction: || (&& (== net452) (< net45) (>= netstandard1.6)) (== netcoreapp3.1) (&& (== netstandard1.0) (>= netstandard1.6)) (== netstandard1.6) (== netstandard2.0)
      System.Reflection.Emit.ILGeneration (>= 4.3) - restriction: || (&& (== net452) (< net45) (>= netstandard1.6)) (&& (== net452) (>= netcoreapp5.0)) (== netcoreapp3.1) (&& (== netstandard1.0) (>= netcoreapp5.0)) (&& (== netstandard1.0) (>= netstandard1.6)) (== netstandard1.6) (== netstandard2.0)
      System.Reflection.Emit.Lightweight (>= 4.3) - restriction: || (&& (== net452) (< net45) (>= netstandard1.6)) (&& (== net452) (>= netcoreapp5.0)) (== netcoreapp3.1) (&& (== netstandard1.0) (>= netcoreapp5.0)) (&& (== netstandard1.0) (>= netstandard1.6)) (== netstandard1.6) (== netstandard2.0)
      System.Reflection.Extensions (>= 4.3) - restriction: || (&& (== net452) (< net45) (>= netstandard1.6)) (&& (== net452) (>= netcoreapp5.0)) (== netcoreapp3.1) (&& (== netstandard1.0) (>= netcoreapp5.0)) (&& (== netstandard1.0) (>= netstandard1.6)) (== netstandard1.6) (== netstandard2.0)
      System.Reflection.Primitives (>= 4.3) - restriction: || (&& (== net452) (< net45) (>= netstandard1.6)) (&& (== net452) (>= netcoreapp5.0)) (== netcoreapp3.1) (&& (== netstandard1.0) (>= netcoreapp5.0)) (&& (== netstandard1.0) (>= netstandard1.6)) (== netstandard1.6) (== netstandard2.0)
      System.Reflection.TypeExtensions (>= 4.3) - restriction: || (&& (== net452) (< net45) (>= netstandard1.6)) (&& (== net452) (>= netcoreapp5.0)) (== netcoreapp3.1) (&& (== netstandard1.0) (>= netcoreapp5.0)) (&& (== netstandard1.0) (>= netstandard1.6)) (== netstandard1.6) (== netstandard2.0)
      System.Resources.ResourceManager (>= 4.3) - restriction: || (&& (== net452) (< net45) (>= netstandard1.6)) (&& (== net452) (>= netcoreapp5.0)) (== netcoreapp3.1) (&& (== netstandard1.0) (>= netcoreapp5.0)) (&& (== netstandard1.0) (>= netstandard1.6)) (== netstandard1.6) (== netstandard2.0)
      System.Runtime (>= 4.3) - restriction: || (&& (== net452) (< net45)) (&& (== net452) (>= netcoreapp5.0)) (== netcoreapp3.1) (== netstandard1.0) (== netstandard1.6) (== netstandard2.0)
      System.Runtime.Extensions (>= 4.3) - restriction: || (&& (== net452) (< net45) (>= netstandard1.6)) (&& (== net452) (>= netcoreapp5.0)) (== netcoreapp3.1) (&& (== netstandard1.0) (>= netcoreapp5.0)) (&& (== netstandard1.0) (>= netstandard1.6)) (== netstandard1.6) (== netstandard2.0)
      System.Threading (>= 4.3) - restriction: || (&& (== net452) (< net45) (>= netstandard1.6)) (&& (== net452) (>= netcoreapp5.0)) (== netcoreapp3.1) (&& (== netstandard1.0) (>= netcoreapp5.0)) (&& (== netstandard1.0) (>= netstandard1.6)) (== netstandard1.6) (== netstandard2.0)
    System.Linq.Queryable (4.3) - restriction: || (&& (== net452) (< net45) (>= netstandard1.6)) (== netcoreapp3.1) (&& (== netstandard1.0) (>= netstandard1.6)) (== netstandard1.6) (== netstandard2.0)
      System.Collections (>= 4.3) - restriction: || (&& (== net452) (< net45) (>= netstandard1.3)) (&& (== net452) (>= netcoreapp5.0)) (== netcoreapp3.1) (&& (== netstandard1.0) (>= netcoreapp5.0)) (&& (== netstandard1.0) (>= netstandard1.3)) (== netstandard1.6) (== netstandard2.0)
      System.Diagnostics.Debug (>= 4.3) - restriction: || (&& (== net452) (< net45) (>= netstandard1.3)) (&& (== net452) (>= netcoreapp5.0)) (== netcoreapp3.1) (&& (== netstandard1.0) (>= netcoreapp5.0)) (&& (== netstandard1.0) (>= netstandard1.3)) (== netstandard1.6) (== netstandard2.0)
      System.Linq (>= 4.3) - restriction: || (&& (== net452) (< net45)) (&& (== net452) (>= netcoreapp5.0)) (== netcoreapp3.1) (== netstandard1.0) (== netstandard1.6) (== netstandard2.0)
      System.Linq.Expressions (>= 4.3) - restriction: || (&& (== net452) (< net45)) (&& (== net452) (>= netcoreapp5.0)) (== netcoreapp3.1) (== netstandard1.0) (== netstandard1.6) (== netstandard2.0)
      System.Reflection (>= 4.3) - restriction: || (&& (== net452) (< net45) (>= netstandard1.3)) (&& (== net452) (>= netcoreapp5.0)) (== netcoreapp3.1) (&& (== netstandard1.0) (>= netcoreapp5.0)) (&& (== netstandard1.0) (>= netstandard1.3)) (== netstandard1.6) (== netstandard2.0)
      System.Reflection.Extensions (>= 4.3) - restriction: || (&& (== net452) (< net45) (>= netstandard1.3)) (&& (== net452) (>= netcoreapp5.0)) (== netcoreapp3.1) (&& (== netstandard1.0) (>= netcoreapp5.0)) (&& (== netstandard1.0) (>= netstandard1.3)) (== netstandard1.6) (== netstandard2.0)
      System.Resources.ResourceManager (>= 4.3) - restriction: || (&& (== net452) (< net45) (>= netstandard1.3)) (&& (== net452) (>= netcoreapp5.0)) (== netcoreapp3.1) (&& (== netstandard1.0) (>= netcoreapp5.0)) (&& (== netstandard1.0) (>= netstandard1.3)) (== netstandard1.6) (== netstandard2.0)
      System.Runtime (>= 4.3) - restriction: || (&& (== net452) (< net45)) (&& (== net452) (>= netcoreapp5.0)) (== netcoreapp3.1) (== netstandard1.0) (== netstandard1.6) (== netstandard2.0)
    System.Memory (4.5.4) - restriction: || (&& (== net452) (== netcoreapp3.1)) (&& (== net452) (< net45) (>= netstandard1.6)) (&& (== net452) (< net45) (>= netstandard2.0)) (&& (== net452) (>= netcoreapp5.0)) (&& (== net452) (>= netstandard1.6) (>= uap10.1)) (&& (== netcoreapp3.1) (== netstandard1.0)) (&& (== netcoreapp3.1) (>= net45) (< netstandard1.3)) (&& (== netcoreapp3.1) (>= net46)) (&& (== netcoreapp3.1) (< netcoreapp2.1)) (&& (== netcoreapp3.1) (< netstandard2.0)) (&& (== netcoreapp3.1) (>= uap10.1)) (&& (== netstandard1.0) (>= netcoreapp5.0)) (&& (== netstandard1.0) (>= netstandard1.6)) (&& (== netstandard1.0) (>= netstandard2.0)) (== netstandard1.6) (== netstandard2.0)
      System.Buffers (>= 4.5.1) - restriction: || (== net452) (&& (== netcoreapp3.1) (== netstandard1.0)) (&& (== netcoreapp3.1) (>= monoandroid)) (&& (== netcoreapp3.1) (>= monotouch)) (&& (== netcoreapp3.1) (>= net461)) (&& (== netcoreapp3.1) (< netcoreapp2.0)) (&& (== netcoreapp3.1) (< netstandard1.1)) (&& (== netcoreapp3.1) (< netstandard2.0)) (&& (== netcoreapp3.1) (>= xamarinios)) (&& (== netcoreapp3.1) (>= xamarinmac)) (&& (== netcoreapp3.1) (>= xamarintvos)) (&& (== netcoreapp3.1) (>= xamarinwatchos)) (&& (== netstandard1.0) (>= monoandroid)) (&& (== netstandard1.0) (>= monotouch)) (&& (== netstandard1.0) (>= net45)) (&& (== netstandard1.0) (>= net461)) (&& (== netstandard1.0) (>= netstandard1.1)) (&& (== netstandard1.0) (>= netstandard2.0)) (&& (== netstandard1.0) (>= portable-net45+win8+wpa81)) (&& (== netstandard1.0) (>= win8)) (&& (== netstandard1.0) (>= wpa81)) (&& (== netstandard1.0) (>= xamarinios)) (&& (== netstandard1.0) (>= xamarinmac)) (&& (== netstandard1.0) (>= xamarintvos)) (&& (== netstandard1.0) (>= xamarinwatchos)) (== netstandard1.6) (== netstandard2.0)
      System.Diagnostics.Debug (>= 4.3) - restriction: || (&& (== net452) (== netcoreapp3.1)) (&& (== net452) (== netstandard1.0)) (&& (== net452) (== netstandard2.0)) (&& (== net452) (< net45)) (&& (== netcoreapp3.1) (== netstandard1.0)) (&& (== netcoreapp3.1) (< netstandard2.0)) (&& (== netstandard1.0) (== netstandard2.0)) (&& (== netstandard1.0) (>= netstandard1.1)) (== netstandard1.6)
      System.Globalization (>= 4.3) - restriction: || (&& (== net452) (== netcoreapp3.1)) (&& (== net452) (== netstandard1.0)) (&& (== net452) (== netstandard2.0)) (&& (== net452) (< net45)) (&& (== netcoreapp3.1) (== netstandard1.0)) (&& (== netcoreapp3.1) (< netstandard2.0)) (&& (== netstandard1.0) (== netstandard2.0)) (&& (== netstandard1.0) (>= netstandard1.1)) (== netstandard1.6)
      System.Numerics.Vectors (>= 4.4) - restriction: || (&& (== net452) (== netcoreapp3.1)) (&& (== net452) (< net45) (>= netstandard2.0)) (&& (== netcoreapp3.1) (== netstandard1.0)) (&& (== netcoreapp3.1) (== netstandard1.6)) (&& (== netcoreapp3.1) (< netcoreapp2.0)) (&& (== netstandard1.0) (>= netstandard2.0)) (&& (== netstandard1.6) (>= netstandard2.0)) (== netstandard2.0)
      System.Reflection (>= 4.3) - restriction: || (&& (== net452) (== netcoreapp3.1)) (&& (== net452) (== netstandard1.0)) (&& (== net452) (== netstandard2.0)) (&& (== net452) (< net45)) (&& (== netcoreapp3.1) (== netstandard1.0)) (&& (== netcoreapp3.1) (< netstandard2.0)) (&& (== netstandard1.0) (== netstandard2.0)) (&& (== netstandard1.0) (>= netstandard1.1)) (== netstandard1.6)
      System.Resources.ResourceManager (>= 4.3) - restriction: || (&& (== net452) (== netcoreapp3.1)) (&& (== net452) (== netstandard1.0)) (&& (== net452) (== netstandard2.0)) (&& (== net452) (< net45)) (&& (== netcoreapp3.1) (== netstandard1.0)) (&& (== netcoreapp3.1) (< netstandard2.0)) (&& (== netstandard1.0) (== netstandard2.0)) (&& (== netstandard1.0) (>= netstandard1.1)) (== netstandard1.6)
      System.Runtime (>= 4.3) - restriction: || (&& (== net452) (== netcoreapp3.1)) (&& (== net452) (== netstandard1.0)) (&& (== net452) (== netstandard2.0)) (&& (== net452) (< net45)) (&& (== netcoreapp3.1) (== netstandard1.0)) (&& (== netcoreapp3.1) (< netstandard2.0)) (&& (== netstandard1.0) (== netstandard2.0)) (&& (== netstandard1.0) (>= netstandard1.1)) (== netstandard1.6)
      System.Runtime.CompilerServices.Unsafe (>= 4.5.3) - restriction: || (== net452) (&& (== netcoreapp3.1) (== netstandard1.0)) (&& (== netcoreapp3.1) (>= monoandroid)) (&& (== netcoreapp3.1) (>= monotouch)) (&& (== netcoreapp3.1) (>= net461)) (&& (== netcoreapp3.1) (< netcoreapp2.0)) (&& (== netcoreapp3.1) (< netcoreapp2.1)) (&& (== netcoreapp3.1) (< netstandard1.1)) (&& (== netcoreapp3.1) (< netstandard2.0)) (&& (== netcoreapp3.1) (>= uap10.1)) (&& (== netcoreapp3.1) (>= xamarinios)) (&& (== netcoreapp3.1) (>= xamarinmac)) (&& (== netcoreapp3.1) (>= xamarintvos)) (&& (== netcoreapp3.1) (>= xamarinwatchos)) (&& (== netstandard1.0) (>= monoandroid)) (&& (== netstandard1.0) (>= monotouch)) (&& (== netstandard1.0) (>= net45)) (&& (== netstandard1.0) (>= net461)) (&& (== netstandard1.0) (>= netcoreapp2.0)) (&& (== netstandard1.0) (>= netstandard1.1)) (&& (== netstandard1.0) (>= netstandard2.0)) (&& (== netstandard1.0) (>= portable-net45+win8+wpa81)) (&& (== netstandard1.0) (>= uap10.1)) (&& (== netstandard1.0) (>= win8)) (&& (== netstandard1.0) (>= wpa81)) (&& (== netstandard1.0) (>= xamarinios)) (&& (== netstandard1.0) (>= xamarinmac)) (&& (== netstandard1.0) (>= xamarintvos)) (&& (== netstandard1.0) (>= xamarinwatchos)) (== netstandard1.6) (== netstandard2.0)
      System.Runtime.Extensions (>= 4.3) - restriction: || (&& (== net452) (== netcoreapp3.1)) (&& (== net452) (== netstandard1.0)) (&& (== net452) (== netstandard2.0)) (&& (== net452) (< net45)) (&& (== netcoreapp3.1) (== netstandard1.0)) (&& (== netcoreapp3.1) (< netstandard2.0)) (&& (== netstandard1.0) (== netstandard2.0)) (&& (== netstandard1.0) (>= netstandard1.1)) (== netstandard1.6)
      System.Runtime.InteropServices (>= 4.3) - restriction: || (&& (== net452) (== netcoreapp3.1)) (&& (== net452) (== netstandard1.0)) (&& (== net452) (== netstandard2.0)) (&& (== net452) (< net45)) (&& (== netcoreapp3.1) (== netstandard1.0)) (&& (== netcoreapp3.1) (< netstandard2.0)) (&& (== netstandard1.0) (== netstandard2.0)) (&& (== netstandard1.0) (>= netstandard1.1)) (== netstandard1.6)
    System.Net.Http (4.3.4) - restriction: || (&& (== net452) (< net45) (>= netstandard1.6)) (&& (== net452) (>= netcoreapp5.0)) (== netcoreapp3.1) (&& (== netstandard1.0) (>= netcoreapp5.0)) (&& (== netstandard1.0) (>= netstandard1.6)) (== netstandard1.6) (== netstandard2.0)
      Microsoft.NETCore.Platforms (>= 1.1.1) - restriction: || (&& (== net452) (< net45) (>= netstandard1.3)) (&& (== net452) (< net45) (>= netstandard1.6)) (&& (== net452) (>= netcoreapp5.0)) (== netcoreapp3.1) (&& (== netstandard1.0) (>= netcoreapp5.0)) (&& (== netstandard1.0) (>= netstandard1.3)) (&& (== netstandard1.0) (>= netstandard1.6)) (== netstandard1.6) (== netstandard2.0)
      runtime.native.System (>= 4.3) - restriction: || (&& (== net452) (< net45) (>= netstandard1.6)) (== netcoreapp3.1) (&& (== netstandard1.0) (>= netstandard1.6)) (== netstandard1.6) (== netstandard2.0)
      runtime.native.System.Net.Http (>= 4.3) - restriction: || (&& (== net452) (< net45) (>= netstandard1.6)) (== netcoreapp3.1) (&& (== netstandard1.0) (>= netstandard1.6)) (== netstandard1.6) (== netstandard2.0)
      runtime.native.System.Security.Cryptography.OpenSsl (>= 4.3.2) - restriction: || (&& (== net452) (< net45) (>= netstandard1.6)) (== netcoreapp3.1) (&& (== netstandard1.0) (>= netstandard1.6)) (== netstandard1.6) (== netstandard2.0)
      System.Collections (>= 4.3) - restriction: || (&& (== net452) (< net45) (>= netstandard1.3)) (&& (== net452) (< net45) (>= netstandard1.6)) (&& (== net452) (>= netcoreapp5.0)) (== netcoreapp3.1) (&& (== netstandard1.0) (>= netcoreapp5.0)) (&& (== netstandard1.0) (>= netstandard1.3)) (&& (== netstandard1.0) (>= netstandard1.6)) (== netstandard1.6) (== netstandard2.0)
      System.Diagnostics.Debug (>= 4.3) - restriction: || (&& (== net452) (< net45) (>= netstandard1.3)) (&& (== net452) (< net45) (>= netstandard1.6)) (&& (== net452) (>= netcoreapp5.0)) (== netcoreapp3.1) (&& (== netstandard1.0) (>= netcoreapp5.0)) (&& (== netstandard1.0) (>= netstandard1.3)) (&& (== netstandard1.0) (>= netstandard1.6)) (== netstandard1.6) (== netstandard2.0)
      System.Diagnostics.DiagnosticSource (>= 4.3) - restriction: || (&& (== net452) (< net45) (>= netstandard1.3)) (&& (== net452) (< net45) (>= netstandard1.6)) (&& (== net452) (>= netcoreapp5.0)) (== netcoreapp3.1) (&& (== netstandard1.0) (>= netcoreapp5.0)) (&& (== netstandard1.0) (>= netstandard1.3)) (&& (== netstandard1.0) (>= netstandard1.6)) (== netstandard1.6) (== netstandard2.0)
      System.Diagnostics.Tracing (>= 4.3) - restriction: || (&& (== net452) (< net45) (>= netstandard1.3)) (&& (== net452) (< net45) (>= netstandard1.6)) (&& (== net452) (>= netcoreapp5.0)) (== netcoreapp3.1) (&& (== netstandard1.0) (>= netcoreapp5.0)) (&& (== netstandard1.0) (>= netstandard1.3)) (&& (== netstandard1.0) (>= netstandard1.6)) (== netstandard1.6) (== netstandard2.0)
      System.Globalization (>= 4.3) - restriction: || (&& (== net452) (< net45) (>= netstandard1.3)) (&& (== net452) (< net45) (>= netstandard1.6)) (&& (== net452) (>= netcoreapp5.0)) (== netcoreapp3.1) (&& (== netstandard1.0) (>= netcoreapp5.0)) (&& (== netstandard1.0) (>= netstandard1.3)) (&& (== netstandard1.0) (>= netstandard1.6)) (== netstandard1.6) (== netstandard2.0)
      System.Globalization.Extensions (>= 4.3) - restriction: || (&& (== net452) (< net45) (>= netstandard1.6)) (== netcoreapp3.1) (&& (== netstandard1.0) (>= netstandard1.6)) (== netstandard1.6) (== netstandard2.0)
      System.IO (>= 4.3) - restriction: || (&& (== net452) (== netstandard1.0)) (&& (== net452) (< net45)) (&& (== net452) (>= netcoreapp5.0)) (== netcoreapp3.1) (&& (== netstandard1.0) (>= netcoreapp5.0)) (&& (== netstandard1.0) (>= netstandard1.1)) (&& (== netstandard1.0) (>= netstandard1.3)) (&& (== netstandard1.0) (>= netstandard1.6)) (== netstandard1.6) (== netstandard2.0)
      System.IO.FileSystem (>= 4.3) - restriction: || (&& (== net452) (< net45) (>= netstandard1.6)) (== netcoreapp3.1) (&& (== netstandard1.0) (>= netstandard1.6)) (== netstandard1.6) (== netstandard2.0)
      System.Net.Primitives (>= 4.3) - restriction: || (&& (== net452) (== netstandard1.0)) (&& (== net452) (< net45)) (&& (== net452) (>= netcoreapp5.0)) (== netcoreapp3.1) (&& (== netstandard1.0) (>= netcoreapp5.0)) (&& (== netstandard1.0) (>= netstandard1.1)) (&& (== netstandard1.0) (>= netstandard1.3)) (&& (== netstandard1.0) (>= netstandard1.6)) (== netstandard1.6) (== netstandard2.0)
      System.Resources.ResourceManager (>= 4.3) - restriction: || (&& (== net452) (< net45) (>= netstandard1.3)) (&& (== net452) (< net45) (>= netstandard1.6)) (&& (== net452) (>= netcoreapp5.0)) (== netcoreapp3.1) (&& (== netstandard1.0) (>= netcoreapp5.0)) (&& (== netstandard1.0) (>= netstandard1.3)) (&& (== netstandard1.0) (>= netstandard1.6)) (== netstandard1.6) (== netstandard2.0)
      System.Runtime (>= 4.3) - restriction: || (&& (== net452) (== netstandard1.0)) (&& (== net452) (< net45)) (&& (== net452) (>= netcoreapp5.0)) (== netcoreapp3.1) (&& (== netstandard1.0) (>= netcoreapp5.0)) (&& (== netstandard1.0) (>= netstandard1.1)) (&& (== netstandard1.0) (>= netstandard1.3)) (&& (== netstandard1.0) (>= netstandard1.6)) (== netstandard1.6) (== netstandard2.0)
      System.Runtime.Extensions (>= 4.3) - restriction: || (&& (== net452) (< net45) (>= netstandard1.3)) (&& (== net452) (< net45) (>= netstandard1.6)) (&& (== net452) (>= netcoreapp5.0)) (== netcoreapp3.1) (&& (== netstandard1.0) (>= netcoreapp5.0)) (&& (== netstandard1.0) (>= netstandard1.3)) (&& (== netstandard1.0) (>= netstandard1.6)) (== netstandard1.6) (== netstandard2.0)
      System.Runtime.Handles (>= 4.3) - restriction: || (&& (== net452) (< net45) (>= netstandard1.3)) (&& (== net452) (< net45) (>= netstandard1.6)) (== netcoreapp3.1) (&& (== netstandard1.0) (>= netstandard1.3)) (&& (== netstandard1.0) (>= netstandard1.6)) (== netstandard1.6) (== netstandard2.0)
      System.Runtime.InteropServices (>= 4.3) - restriction: || (&& (== net452) (< net45) (>= netstandard1.3)) (&& (== net452) (< net45) (>= netstandard1.6)) (&& (== net452) (>= netcoreapp5.0)) (== netcoreapp3.1) (&& (== netstandard1.0) (>= netcoreapp5.0)) (&& (== netstandard1.0) (>= netstandard1.3)) (&& (== netstandard1.0) (>= netstandard1.6)) (== netstandard1.6) (== netstandard2.0)
      System.Security.Cryptography.Algorithms (>= 4.3) - restriction: || (&& (== net452) (< net45) (>= netstandard1.6)) (== netcoreapp3.1) (&& (== netstandard1.0) (>= netstandard1.6)) (== netstandard1.6) (== netstandard2.0)
      System.Security.Cryptography.Encoding (>= 4.3) - restriction: || (&& (== net452) (< net45) (>= netstandard1.3)) (&& (== net452) (< net45) (>= netstandard1.6)) (== netcoreapp3.1) (&& (== netstandard1.0) (>= netstandard1.3)) (&& (== netstandard1.0) (>= netstandard1.6)) (== netstandard1.6) (== netstandard2.0)
      System.Security.Cryptography.OpenSsl (>= 4.3) - restriction: || (&& (== net452) (< net45) (>= netstandard1.6)) (== netcoreapp3.1) (&& (== netstandard1.0) (>= netstandard1.6)) (== netstandard1.6) (== netstandard2.0)
      System.Security.Cryptography.Primitives (>= 4.3) - restriction: || (&& (== net452) (< net45) (>= netstandard1.6)) (== netcoreapp3.1) (&& (== netstandard1.0) (>= netstandard1.6)) (== netstandard1.6) (== netstandard2.0)
      System.Security.Cryptography.X509Certificates (>= 4.3) - restriction: || (&& (== net452) (< net45) (>= netstandard1.3)) (&& (== net452) (< net45) (>= netstandard1.6)) (&& (== net452) (>= net46)) (&& (== net452) (>= netcoreapp5.0)) (== netcoreapp3.1) (&& (== netstandard1.0) (>= net46)) (&& (== netstandard1.0) (>= netcoreapp5.0)) (&& (== netstandard1.0) (>= netstandard1.3)) (&& (== netstandard1.0) (>= netstandard1.6)) (== netstandard1.6) (== netstandard2.0)
      System.Text.Encoding (>= 4.3) - restriction: || (&& (== net452) (== netstandard1.0)) (&& (== net452) (< net45)) (&& (== net452) (>= netcoreapp5.0)) (== netcoreapp3.1) (&& (== netstandard1.0) (>= netcoreapp5.0)) (&& (== netstandard1.0) (>= netstandard1.1)) (&& (== netstandard1.0) (>= netstandard1.3)) (&& (== netstandard1.0) (>= netstandard1.6)) (== netstandard1.6) (== netstandard2.0)
      System.Threading (>= 4.3) - restriction: || (&& (== net452) (< net45) (>= netstandard1.3)) (&& (== net452) (< net45) (>= netstandard1.6)) (&& (== net452) (>= netcoreapp5.0)) (== netcoreapp3.1) (&& (== netstandard1.0) (>= netcoreapp5.0)) (&& (== netstandard1.0) (>= netstandard1.3)) (&& (== netstandard1.0) (>= netstandard1.6)) (== netstandard1.6) (== netstandard2.0)
      System.Threading.Tasks (>= 4.3) - restriction: || (&& (== net452) (== netstandard1.0)) (&& (== net452) (< net45)) (&& (== net452) (>= netcoreapp5.0)) (== netcoreapp3.1) (&& (== netstandard1.0) (>= netcoreapp5.0)) (&& (== netstandard1.0) (>= netstandard1.1)) (&& (== netstandard1.0) (>= netstandard1.3)) (&& (== netstandard1.0) (>= netstandard1.6)) (== netstandard1.6) (== netstandard2.0)
    System.Net.Primitives (4.3.1) - restriction: || (&& (== net452) (< net45) (>= netstandard1.6)) (&& (== net452) (>= netcoreapp5.0)) (&& (== net452) (< netstandard1.1) (>= netstandard1.6)) (== netcoreapp3.1) (&& (== netstandard1.0) (>= netcoreapp5.0)) (&& (== netstandard1.0) (>= netstandard1.6)) (== netstandard1.6) (== netstandard2.0)
      Microsoft.NETCore.Platforms (>= 1.1.1) - restriction: || (&& (== net452) (< net45)) (&& (== net452) (>= netcoreapp5.0)) (&& (== net452) (< netstandard1.1)) (== netcoreapp3.1) (== netstandard1.0) (== netstandard1.6) (== netstandard2.0)
      Microsoft.NETCore.Targets (>= 1.1.3) - restriction: || (&& (== net452) (< net45)) (&& (== net452) (>= netcoreapp5.0)) (&& (== net452) (< netstandard1.1)) (== netcoreapp3.1) (== netstandard1.0) (== netstandard1.6) (== netstandard2.0)
      System.Runtime (>= 4.3.1) - restriction: || (&& (== net452) (< net45)) (&& (== net452) (>= netcoreapp5.0)) (&& (== net452) (< netstandard1.1)) (== netcoreapp3.1) (== netstandard1.0) (== netstandard1.6) (== netstandard2.0)
      System.Runtime.Handles (>= 4.3) - restriction: || (&& (== net452) (< net45) (>= netstandard1.3)) (&& (== net452) (>= netcoreapp5.0)) (== netcoreapp3.1) (&& (== netstandard1.0) (>= netcoreapp5.0)) (&& (== netstandard1.0) (>= netstandard1.3)) (== netstandard1.6) (== netstandard2.0)
    System.Net.Requests (4.3) - restriction: || (&& (== net452) (< net45) (>= netstandard1.6)) (== netcoreapp3.1) (&& (== netstandard1.0) (>= netstandard1.6)) (== netstandard1.6) (== netstandard2.0)
      Microsoft.NETCore.Platforms (>= 1.1) - restriction: || (&& (== net452) (< net45) (>= netstandard1.3)) (== netcoreapp3.1) (&& (== netstandard1.0) (>= netstandard1.3)) (== netstandard1.6) (== netstandard2.0)
      System.Collections (>= 4.3) - restriction: || (&& (== net452) (< net45) (>= netstandard1.3)) (&& (== net452) (>= netcoreapp5.0)) (== netcoreapp3.1) (&& (== netstandard1.0) (>= netcoreapp5.0)) (&& (== netstandard1.0) (>= netstandard1.3)) (== netstandard1.6) (== netstandard2.0)
      System.Diagnostics.Debug (>= 4.3) - restriction: || (&& (== net452) (< net45) (>= netstandard1.3)) (&& (== net452) (>= netcoreapp5.0)) (== netcoreapp3.1) (&& (== netstandard1.0) (>= netcoreapp5.0)) (&& (== netstandard1.0) (>= netstandard1.3)) (== netstandard1.6) (== netstandard2.0)
      System.Diagnostics.Tracing (>= 4.3) - restriction: || (&& (== net452) (< net45) (>= netstandard1.3)) (&& (== net452) (>= netcoreapp5.0)) (== netcoreapp3.1) (&& (== netstandard1.0) (>= netcoreapp5.0)) (&& (== netstandard1.0) (>= netstandard1.3)) (== netstandard1.6) (== netstandard2.0)
      System.Globalization (>= 4.3) - restriction: || (&& (== net452) (< net45) (>= netstandard1.3)) (&& (== net452) (>= netcoreapp5.0)) (== netcoreapp3.1) (&& (== netstandard1.0) (>= netcoreapp5.0)) (&& (== netstandard1.0) (>= netstandard1.3)) (== netstandard1.6) (== netstandard2.0)
      System.IO (>= 4.3) - restriction: || (&& (== net452) (< net45)) (&& (== net452) (>= netcoreapp5.0)) (&& (== net452) (< netstandard1.1)) (== netcoreapp3.1) (== netstandard1.0) (== netstandard1.6) (== netstandard2.0)
      System.Net.Http (>= 4.3) - restriction: || (&& (== net452) (< net45) (>= netstandard1.3)) (&& (== net452) (>= netcoreapp5.0)) (== netcoreapp3.1) (&& (== netstandard1.0) (>= netcoreapp5.0)) (&& (== netstandard1.0) (>= netstandard1.3)) (== netstandard1.6) (== netstandard2.0)
      System.Net.Primitives (>= 4.3) - restriction: || (&& (== net452) (< net45)) (&& (== net452) (>= netcoreapp5.0)) (&& (== net452) (< netstandard1.1)) (== netcoreapp3.1) (== netstandard1.0) (== netstandard1.6) (== netstandard2.0)
      System.Net.WebHeaderCollection (>= 4.3) - restriction: || (&& (== net452) (< net45) (>= netstandard1.3)) (&& (== net452) (>= netcoreapp5.0)) (== netcoreapp3.1) (&& (== netstandard1.0) (>= netcoreapp5.0)) (&& (== netstandard1.0) (>= netstandard1.3)) (== netstandard1.6) (== netstandard2.0)
      System.Resources.ResourceManager (>= 4.3) - restriction: || (&& (== net452) (< net45) (>= netstandard1.3)) (&& (== net452) (>= netcoreapp5.0)) (== netcoreapp3.1) (&& (== netstandard1.0) (>= netcoreapp5.0)) (&& (== netstandard1.0) (>= netstandard1.3)) (== netstandard1.6) (== netstandard2.0)
      System.Runtime (>= 4.3) - restriction: || (&& (== net452) (< net45)) (&& (== net452) (>= netcoreapp5.0)) (&& (== net452) (< netstandard1.1)) (== netcoreapp3.1) (== netstandard1.0) (== netstandard1.6) (== netstandard2.0)
      System.Threading (>= 4.3) - restriction: || (&& (== net452) (< net45) (>= netstandard1.3)) (&& (== net452) (>= netcoreapp5.0)) (== netcoreapp3.1) (&& (== netstandard1.0) (>= netcoreapp5.0)) (&& (== netstandard1.0) (>= netstandard1.3)) (== netstandard1.6) (== netstandard2.0)
      System.Threading.Tasks (>= 4.3) - restriction: || (&& (== net452) (== netstandard1.0)) (&& (== net452) (< net45)) (&& (== net452) (>= netcoreapp5.0)) (== netcoreapp3.1) (&& (== netstandard1.0) (>= netcoreapp5.0)) (&& (== netstandard1.0) (>= netstandard1.1)) (&& (== netstandard1.0) (>= netstandard1.3)) (== netstandard1.6) (== netstandard2.0)
    System.Net.WebHeaderCollection (4.3) - restriction: || (&& (== net452) (< net45) (>= netstandard1.6)) (&& (== net452) (>= netcoreapp5.0)) (== netcoreapp3.1) (&& (== netstandard1.0) (>= netcoreapp5.0)) (&& (== netstandard1.0) (>= netstandard1.6)) (== netstandard1.6) (== netstandard2.0)
      System.Collections (>= 4.3) - restriction: || (&& (== net452) (>= netstandard1.3)) (== netcoreapp3.1) (&& (== netstandard1.0) (>= netstandard1.3)) (== netstandard1.6) (== netstandard2.0)
      System.Resources.ResourceManager (>= 4.3) - restriction: || (&& (== net452) (>= netstandard1.3)) (== netcoreapp3.1) (&& (== netstandard1.0) (>= netstandard1.3)) (== netstandard1.6) (== netstandard2.0)
      System.Runtime (>= 4.3) - restriction: || (&& (== net452) (>= netstandard1.3)) (== netcoreapp3.1) (&& (== netstandard1.0) (>= netstandard1.3)) (== netstandard1.6) (== netstandard2.0)
      System.Runtime.Extensions (>= 4.3) - restriction: || (&& (== net452) (>= netstandard1.3)) (== netcoreapp3.1) (&& (== netstandard1.0) (>= netstandard1.3)) (== netstandard1.6) (== netstandard2.0)
    System.Numerics.Vectors (4.5) - restriction: || (&& (== net452) (== netcoreapp3.1)) (&& (== net452) (< net45) (>= netstandard2.0)) (&& (== net452) (>= netcoreapp5.0)) (&& (== net452) (>= netstandard2.0) (>= uap10.1)) (&& (== netcoreapp3.1) (== netstandard1.0)) (&& (== netcoreapp3.1) (== netstandard1.6)) (&& (== netcoreapp3.1) (>= net45) (< netstandard1.3)) (&& (== netcoreapp3.1) (>= net46)) (&& (== netcoreapp3.1) (< netcoreapp2.0)) (&& (== netcoreapp3.1) (< netstandard2.0)) (&& (== netcoreapp3.1) (>= uap10.1)) (&& (== netstandard1.0) (>= netcoreapp5.0)) (&& (== netstandard1.0) (>= netstandard2.0)) (&& (== netstandard1.6) (>= netstandard2.0)) (== netstandard2.0)
    System.ObjectModel (4.3) - restriction: || (&& (== net452) (< net45) (>= netstandard1.6)) (== netcoreapp3.1) (&& (== netstandard1.0) (>= netstandard1.6)) (== netstandard1.6) (== netstandard2.0)
      System.Collections (>= 4.3) - restriction: || (&& (== net452) (< net45) (>= netstandard1.3)) (&& (== net452) (>= netcoreapp5.0)) (== netcoreapp3.1) (&& (== netstandard1.0) (>= netcoreapp5.0)) (&& (== netstandard1.0) (>= netstandard1.3)) (== netstandard1.6) (== netstandard2.0)
      System.Diagnostics.Debug (>= 4.3) - restriction: || (&& (== net452) (< net45) (>= netstandard1.3)) (&& (== net452) (>= netcoreapp5.0)) (== netcoreapp3.1) (&& (== netstandard1.0) (>= netcoreapp5.0)) (&& (== netstandard1.0) (>= netstandard1.3)) (== netstandard1.6) (== netstandard2.0)
      System.Resources.ResourceManager (>= 4.3) - restriction: || (&& (== net452) (< net45) (>= netstandard1.3)) (&& (== net452) (>= netcoreapp5.0)) (== netcoreapp3.1) (&& (== netstandard1.0) (>= netcoreapp5.0)) (&& (== netstandard1.0) (>= netstandard1.3)) (== netstandard1.6) (== netstandard2.0)
      System.Runtime (>= 4.3) - restriction: || (&& (== net452) (< net45)) (&& (== net452) (>= netcoreapp5.0)) (== netcoreapp3.1) (== netstandard1.0) (== netstandard1.6) (== netstandard2.0)
      System.Threading (>= 4.3) - restriction: || (&& (== net452) (< net45) (>= netstandard1.3)) (&& (== net452) (>= netcoreapp5.0)) (== netcoreapp3.1) (&& (== netstandard1.0) (>= netcoreapp5.0)) (&& (== netstandard1.0) (>= netstandard1.3)) (== netstandard1.6) (== netstandard2.0)
    System.Reflection (4.3.0) - version_in_path: true, restriction: || (&& (== net452) (< net45) (>= netstandard1.6)) (&& (== net452) (>= netcoreapp2.1)) (&& (== net452) (>= netcoreapp5.0)) (== netcoreapp3.1) (&& (== netstandard1.0) (>= netcoreapp2.1)) (&& (== netstandard1.0) (>= netcoreapp5.0)) (&& (== netstandard1.0) (>= netstandard1.6)) (== netstandard1.6) (== netstandard2.0)
      Microsoft.NETCore.Platforms (>= 1.1) - restriction: || (&& (== net452) (< net45)) (&& (== net452) (>= netcoreapp5.0)) (== netcoreapp3.1) (== netstandard1.0) (== netstandard1.6) (== netstandard2.0)
      Microsoft.NETCore.Targets (>= 1.1) - restriction: || (&& (== net452) (< net45)) (&& (== net452) (>= netcoreapp5.0)) (== netcoreapp3.1) (== netstandard1.0) (== netstandard1.6) (== netstandard2.0)
      System.IO (>= 4.3) - restriction: || (&& (== net452) (< net45)) (&& (== net452) (>= netcoreapp5.0)) (== netcoreapp3.1) (== netstandard1.0) (== netstandard1.6) (== netstandard2.0)
      System.Reflection.Primitives (>= 4.3) - restriction: || (&& (== net452) (< net45)) (&& (== net452) (>= netcoreapp5.0)) (== netcoreapp3.1) (== netstandard1.0) (== netstandard1.6) (== netstandard2.0)
      System.Runtime (>= 4.3) - restriction: || (&& (== net452) (< net45)) (&& (== net452) (>= netcoreapp5.0)) (== netcoreapp3.1) (== netstandard1.0) (== netstandard1.6) (== netstandard2.0)
    System.Reflection.Emit (4.7) - restriction: || (&& (== net452) (< net45) (>= netstandard1.6)) (== netcoreapp3.1) (&& (== netstandard1.0) (>= netstandard1.6)) (== netstandard1.6) (== netstandard2.0)
      System.IO (>= 4.3) - restriction: || (&& (== net452) (== netcoreapp3.1)) (&& (== net452) (== netstandard1.0)) (&& (== net452) (== netstandard2.0)) (&& (== net452) (< net45)) (&& (== net452) (>= netcoreapp5.0)) (&& (== netcoreapp3.1) (== netstandard1.0)) (&& (== netcoreapp3.1) (>= netcoreapp5.0)) (&& (== netcoreapp3.1) (< netstandard2.0)) (&& (== netstandard1.0) (== netstandard2.0)) (&& (== netstandard1.0) (>= netcoreapp5.0)) (&& (== netstandard1.0) (>= netstandard1.1)) (== netstandard1.6) (&& (== netstandard2.0) (>= netcoreapp5.0))
      System.Reflection (>= 4.3) - restriction: || (&& (== net452) (== netcoreapp3.1)) (&& (== net452) (== netstandard1.0)) (&& (== net452) (== netstandard2.0)) (&& (== net452) (< net45)) (&& (== net452) (>= netcoreapp5.0)) (&& (== netcoreapp3.1) (== netstandard1.0)) (&& (== netcoreapp3.1) (>= netcoreapp5.0)) (&& (== netcoreapp3.1) (< netstandard2.0)) (&& (== netstandard1.0) (== netstandard2.0)) (&& (== netstandard1.0) (>= netcoreapp5.0)) (&& (== netstandard1.0) (>= netstandard1.1)) (== netstandard1.6) (&& (== netstandard2.0) (>= netcoreapp5.0))
      System.Reflection.Emit.ILGeneration (>= 4.7) - restriction: || (&& (== net452) (== netcoreapp3.1)) (&& (== net452) (== netstandard1.0)) (&& (== net452) (< net45)) (&& (== net452) (>= netcoreapp5.0)) (&& (== net452) (< netstandard1.1)) (&& (== net452) (>= uap10.1)) (&& (== net452) (>= wpa81)) (&& (== netcoreapp3.1) (== netstandard1.0)) (&& (== netcoreapp3.1) (< netcoreapp2.0) (< netstandard2.1)) (&& (== netcoreapp3.1) (>= netcoreapp5.0)) (&& (== netcoreapp3.1) (< netstandard1.1)) (&& (== netcoreapp3.1) (< netstandard2.0)) (&& (== netcoreapp3.1) (>= uap10.1)) (&& (== netstandard1.0) (>= netcoreapp5.0)) (&& (== netstandard1.0) (>= netstandard1.1)) (&& (== netstandard1.0) (>= netstandard2.0)) (&& (== netstandard1.0) (>= portable-net45+win8+wpa81)) (&& (== netstandard1.0) (>= uap10.1)) (&& (== netstandard1.0) (>= win8)) (&& (== netstandard1.0) (>= wpa81)) (== netstandard1.6) (== netstandard2.0)
      System.Reflection.Primitives (>= 4.3) - restriction: || (&& (== net452) (== netcoreapp3.1)) (&& (== net452) (== netstandard1.0)) (&& (== net452) (== netstandard2.0)) (&& (== net452) (< net45)) (&& (== net452) (>= netcoreapp5.0)) (&& (== netcoreapp3.1) (== netstandard1.0)) (&& (== netcoreapp3.1) (>= netcoreapp5.0)) (&& (== netcoreapp3.1) (< netstandard2.0)) (&& (== netstandard1.0) (== netstandard2.0)) (&& (== netstandard1.0) (>= netcoreapp5.0)) (&& (== netstandard1.0) (>= netstandard1.1)) (== netstandard1.6) (&& (== netstandard2.0) (>= netcoreapp5.0))
      System.Resources.ResourceManager (>= 4.3) - restriction: || (&& (== net452) (== netcoreapp3.1)) (&& (== net452) (== netstandard1.0)) (&& (== net452) (== netstandard2.0)) (&& (== net452) (< net45)) (&& (== net452) (>= netcoreapp5.0)) (&& (== netcoreapp3.1) (== netstandard1.0)) (&& (== netcoreapp3.1) (>= netcoreapp5.0)) (&& (== netcoreapp3.1) (< netstandard2.0)) (&& (== netstandard1.0) (== netstandard2.0)) (&& (== netstandard1.0) (>= netcoreapp5.0)) (&& (== netstandard1.0) (>= netstandard1.1)) (== netstandard1.6) (&& (== netstandard2.0) (>= netcoreapp5.0))
      System.Runtime (>= 4.3) - restriction: || (&& (== net452) (== netcoreapp3.1)) (&& (== net452) (== netstandard1.0)) (&& (== net452) (== netstandard2.0)) (&& (== net452) (< net45)) (&& (== net452) (>= netcoreapp5.0)) (&& (== netcoreapp3.1) (== netstandard1.0)) (&& (== netcoreapp3.1) (>= netcoreapp5.0)) (&& (== netcoreapp3.1) (< netstandard2.0)) (&& (== netstandard1.0) (== netstandard2.0)) (&& (== netstandard1.0) (>= netcoreapp5.0)) (&& (== netstandard1.0) (>= netstandard1.1)) (== netstandard1.6) (&& (== netstandard2.0) (>= netcoreapp5.0))
      System.Runtime.InteropServices (>= 4.3) - restriction: || (&& (== net452) (== netcoreapp3.1)) (&& (== net452) (== netstandard1.0)) (&& (== net452) (== netstandard2.0)) (&& (== net452) (< net45)) (&& (== net452) (>= netcoreapp5.0)) (&& (== netcoreapp3.1) (== netstandard1.0)) (&& (== netcoreapp3.1) (>= netcoreapp5.0)) (&& (== netcoreapp3.1) (< netstandard2.0)) (&& (== netstandard1.0) (== netstandard2.0)) (&& (== netstandard1.0) (>= netcoreapp5.0)) (&& (== netstandard1.0) (>= netstandard1.1)) (== netstandard1.6) (&& (== netstandard2.0) (>= netcoreapp5.0))
    System.Reflection.Emit.ILGeneration (4.7) - restriction: || (&& (== net452) (< net45) (>= netstandard1.6)) (&& (== net452) (< net45) (>= netstandard2.0)) (&& (== net452) (>= netcoreapp5.0)) (&& (== net452) (< netstandard1.1) (>= netstandard1.6)) (&& (== net452) (>= netstandard1.6) (>= uap10.1)) (&& (== net452) (>= netstandard1.6) (>= wpa81)) (== netcoreapp3.1) (&& (== netstandard1.0) (>= netcoreapp5.0)) (&& (== netstandard1.0) (>= netstandard1.6)) (&& (== netstandard1.0) (>= netstandard2.0)) (== netstandard1.6) (== netstandard2.0)
      System.Reflection (>= 4.3) - restriction: || (&& (== net452) (== netcoreapp3.1)) (&& (== net452) (== netstandard2.0)) (&& (== net452) (< net45)) (&& (== net452) (>= netcoreapp5.0)) (&& (== netcoreapp3.1) (>= netcoreapp5.0)) (&& (== netcoreapp3.1) (< netstandard2.0)) (== netstandard1.0) (== netstandard1.6) (&& (== netstandard2.0) (>= netcoreapp5.0))
      System.Reflection.Primitives (>= 4.3) - restriction: || (&& (== net452) (== netcoreapp3.1)) (&& (== net452) (== netstandard2.0)) (&& (== net452) (< net45)) (&& (== net452) (>= netcoreapp5.0)) (&& (== netcoreapp3.1) (>= netcoreapp5.0)) (&& (== netcoreapp3.1) (< netstandard2.0)) (== netstandard1.0) (== netstandard1.6) (&& (== netstandard2.0) (>= netcoreapp5.0))
      System.Resources.ResourceManager (>= 4.3) - restriction: || (&& (== net452) (== netcoreapp3.1)) (&& (== net452) (== netstandard2.0)) (&& (== net452) (< net45)) (&& (== net452) (>= netcoreapp5.0)) (&& (== netcoreapp3.1) (>= netcoreapp5.0)) (&& (== netcoreapp3.1) (< netstandard2.0)) (== netstandard1.0) (== netstandard1.6) (&& (== netstandard2.0) (>= netcoreapp5.0))
      System.Runtime (>= 4.3) - restriction: || (&& (== net452) (== netcoreapp3.1)) (&& (== net452) (== netstandard2.0)) (&& (== net452) (< net45)) (&& (== net452) (>= netcoreapp5.0)) (&& (== netcoreapp3.1) (>= netcoreapp5.0)) (&& (== netcoreapp3.1) (< netstandard2.0)) (== netstandard1.0) (== netstandard1.6) (&& (== netstandard2.0) (>= netcoreapp5.0))
    System.Reflection.Emit.Lightweight (4.7) - restriction: || (&& (== net452) (< net45) (>= netstandard1.6)) (&& (== net452) (>= netcoreapp5.0)) (== netcoreapp3.1) (&& (== netstandard1.0) (>= netcoreapp5.0)) (&& (== netstandard1.0) (>= netstandard1.6)) (== netstandard1.6) (== netstandard2.0)
      System.Reflection (>= 4.3) - restriction: || (&& (== net452) (== netcoreapp3.1)) (&& (== net452) (== netstandard2.0)) (&& (== net452) (< net45)) (&& (== net452) (>= netcoreapp5.0)) (&& (== netcoreapp3.1) (>= netcoreapp5.0)) (&& (== netcoreapp3.1) (< netstandard2.0)) (== netstandard1.0) (== netstandard1.6) (&& (== netstandard2.0) (>= netcoreapp5.0))
      System.Reflection.Emit.ILGeneration (>= 4.7) - restriction: || (&& (== net452) (== netcoreapp3.1)) (&& (== net452) (< net45)) (&& (== net452) (>= netcoreapp5.0)) (&& (== net452) (< portable-net45+wp8)) (&& (== net452) (>= uap10.1)) (&& (== net452) (>= wpa81)) (&& (== netcoreapp3.1) (< netcoreapp2.0) (< netstandard2.1)) (&& (== netcoreapp3.1) (>= netcoreapp5.0)) (&& (== netcoreapp3.1) (< netstandard2.0)) (&& (== netcoreapp3.1) (< portable-net45+wp8)) (&& (== netcoreapp3.1) (>= uap10.1)) (== netstandard1.0) (== netstandard1.6) (== netstandard2.0)
      System.Reflection.Primitives (>= 4.3) - restriction: || (&& (== net452) (== netcoreapp3.1)) (&& (== net452) (== netstandard2.0)) (&& (== net452) (< net45)) (&& (== net452) (>= netcoreapp5.0)) (&& (== netcoreapp3.1) (>= netcoreapp5.0)) (&& (== netcoreapp3.1) (< netstandard2.0)) (== netstandard1.0) (== netstandard1.6) (&& (== netstandard2.0) (>= netcoreapp5.0))
      System.Resources.ResourceManager (>= 4.3) - restriction: || (&& (== net452) (== netcoreapp3.1)) (&& (== net452) (== netstandard2.0)) (&& (== net452) (< net45)) (&& (== net452) (>= netcoreapp5.0)) (&& (== netcoreapp3.1) (>= netcoreapp5.0)) (&& (== netcoreapp3.1) (< netstandard2.0)) (== netstandard1.0) (== netstandard1.6) (&& (== netstandard2.0) (>= netcoreapp5.0))
      System.Runtime (>= 4.3) - restriction: || (&& (== net452) (== netcoreapp3.1)) (&& (== net452) (== netstandard2.0)) (&& (== net452) (< net45)) (&& (== net452) (>= netcoreapp5.0)) (&& (== netcoreapp3.1) (>= netcoreapp5.0)) (&& (== netcoreapp3.1) (< netstandard2.0)) (== netstandard1.0) (== netstandard1.6) (&& (== netstandard2.0) (>= netcoreapp5.0))
    System.Reflection.Extensions (4.3.0) - version_in_path: true, restriction: || (&& (== net452) (< net45) (>= netstandard1.6)) (&& (== net452) (>= netcoreapp2.1)) (&& (== net452) (>= netcoreapp5.0)) (== netcoreapp3.1) (&& (== netstandard1.0) (>= netcoreapp2.1)) (&& (== netstandard1.0) (>= netcoreapp5.0)) (&& (== netstandard1.0) (>= netstandard1.6)) (== netstandard1.6) (== netstandard2.0)
      Microsoft.NETCore.Platforms (>= 1.1) - restriction: || (&& (== net452) (< net45)) (&& (== net452) (>= netcoreapp5.0)) (== netcoreapp3.1) (== netstandard1.0) (== netstandard1.6) (== netstandard2.0)
      Microsoft.NETCore.Targets (>= 1.1) - restriction: || (&& (== net452) (< net45)) (&& (== net452) (>= netcoreapp5.0)) (== netcoreapp3.1) (== netstandard1.0) (== netstandard1.6) (== netstandard2.0)
      System.Reflection (>= 4.3) - restriction: || (&& (== net452) (< net45)) (&& (== net452) (>= netcoreapp5.0)) (== netcoreapp3.1) (== netstandard1.0) (== netstandard1.6) (== netstandard2.0)
      System.Runtime (>= 4.3) - restriction: || (&& (== net452) (< net45)) (&& (== net452) (>= netcoreapp5.0)) (== netcoreapp3.1) (== netstandard1.0) (== netstandard1.6) (== netstandard2.0)
    System.Reflection.Primitives (4.3.0) - version_in_path: true, restriction: || (&& (== net452) (< net45) (>= netstandard1.6)) (&& (== net452) (>= netcoreapp2.1)) (&& (== net452) (>= netcoreapp5.0)) (== netcoreapp3.1) (&& (== netstandard1.0) (>= netcoreapp2.1)) (&& (== netstandard1.0) (>= netcoreapp5.0)) (&& (== netstandard1.0) (>= netstandard1.6)) (== netstandard1.6) (== netstandard2.0)
      Microsoft.NETCore.Platforms (>= 1.1) - restriction: || (&& (== net452) (< net45)) (&& (== net452) (>= netcoreapp5.0)) (== netcoreapp3.1) (== netstandard1.0) (== netstandard1.6) (== netstandard2.0)
      Microsoft.NETCore.Targets (>= 1.1) - restriction: || (&& (== net452) (< net45)) (&& (== net452) (>= netcoreapp5.0)) (== netcoreapp3.1) (== netstandard1.0) (== netstandard1.6) (== netstandard2.0)
      System.Runtime (>= 4.3) - restriction: || (&& (== net452) (< net45)) (&& (== net452) (>= netcoreapp5.0)) (== netcoreapp3.1) (== netstandard1.0) (== netstandard1.6) (== netstandard2.0)
    System.Reflection.TypeExtensions (4.7.0) - version_in_path: true, restriction: || (&& (== net452) (< net45) (>= netstandard1.6)) (&& (== net452) (>= netcoreapp2.1)) (&& (== net452) (>= netcoreapp5.0)) (== netcoreapp3.1) (&& (== netstandard1.0) (>= netcoreapp2.1)) (&& (== netstandard1.0) (>= netcoreapp5.0)) (&& (== netstandard1.0) (>= netstandard1.6)) (== netstandard1.6) (== netstandard2.0)
    System.Resources.ResourceManager (4.3.0) - version_in_path: true, restriction: || (&& (== net452) (< net45) (>= netstandard1.6)) (&& (== net452) (>= netcoreapp1.0)) (&& (== net452) (>= netcoreapp5.0)) (== netcoreapp3.1) (&& (== netstandard1.0) (>= netcoreapp1.0)) (&& (== netstandard1.0) (>= netcoreapp5.0)) (&& (== netstandard1.0) (>= netstandard1.6)) (== netstandard1.6) (== netstandard2.0)
      Microsoft.NETCore.Platforms (>= 1.1) - restriction: || (&& (== net452) (< net45)) (&& (== net452) (>= netcoreapp5.0)) (== netcoreapp3.1) (== netstandard1.0) (== netstandard1.6) (== netstandard2.0)
      Microsoft.NETCore.Targets (>= 1.1) - restriction: || (&& (== net452) (< net45)) (&& (== net452) (>= netcoreapp5.0)) (== netcoreapp3.1) (== netstandard1.0) (== netstandard1.6) (== netstandard2.0)
      System.Globalization (>= 4.3) - restriction: || (&& (== net452) (< net45)) (&& (== net452) (>= netcoreapp5.0)) (== netcoreapp3.1) (== netstandard1.0) (== netstandard1.6) (== netstandard2.0)
      System.Reflection (>= 4.3) - restriction: || (&& (== net452) (< net45)) (&& (== net452) (>= netcoreapp5.0)) (== netcoreapp3.1) (== netstandard1.0) (== netstandard1.6) (== netstandard2.0)
      System.Runtime (>= 4.3) - restriction: || (&& (== net452) (< net45)) (&& (== net452) (>= netcoreapp5.0)) (== netcoreapp3.1) (== netstandard1.0) (== netstandard1.6) (== netstandard2.0)
    System.Runtime (4.3.1) - restriction: || (&& (== net452) (< net45) (>= netstandard1.6)) (&& (== net452) (>= netcoreapp1.0)) (&& (== net452) (>= netcoreapp1.1)) (&& (== net452) (>= netcoreapp5.0)) (== netcoreapp3.1) (&& (== netstandard1.0) (>= netcoreapp1.0)) (&& (== netstandard1.0) (>= netcoreapp1.1)) (&& (== netstandard1.0) (>= netcoreapp5.0)) (&& (== netstandard1.0) (>= netstandard1.6)) (== netstandard1.6) (== netstandard2.0)
      Microsoft.NETCore.Platforms (>= 1.1.1) - restriction: || (&& (== net452) (< net45)) (&& (== net452) (>= netcoreapp5.0)) (== netcoreapp3.1) (== netstandard1.0) (== netstandard1.6) (== netstandard2.0)
      Microsoft.NETCore.Targets (>= 1.1.3) - restriction: || (&& (== net452) (< net45)) (&& (== net452) (>= netcoreapp5.0)) (== netcoreapp3.1) (== netstandard1.0) (== netstandard1.6) (== netstandard2.0)
    System.Runtime.CompilerServices.Unsafe (5.0) - restriction: || (&& (== net452) (== netcoreapp3.1)) (&& (== net452) (>= monoandroid) (>= netstandard1.6)) (&& (== net452) (>= monotouch)) (&& (== net452) (< net45) (>= netstandard1.6)) (&& (== net452) (< net45) (>= netstandard2.0)) (&& (== net452) (>= netcoreapp2.1)) (&& (== net452) (>= netcoreapp5.0)) (&& (== net452) (>= netstandard1.6) (>= uap10.1)) (&& (== net452) (>= xamarinios)) (&& (== net452) (>= xamarinmac)) (&& (== net452) (>= xamarintvos)) (&& (== net452) (>= xamarinwatchos)) (&& (== netcoreapp3.1) (== netstandard1.0)) (&& (== netcoreapp3.1) (>= monoandroid)) (&& (== netcoreapp3.1) (>= monotouch)) (&& (== netcoreapp3.1) (>= net45) (< netstandard1.3)) (&& (== netcoreapp3.1) (>= net46)) (&& (== netcoreapp3.1) (< netcoreapp2.1)) (&& (== netcoreapp3.1) (< netcoreapp3.0)) (&& (== netcoreapp3.1) (< netstandard2.0)) (&& (== netcoreapp3.1) (>= uap10.1)) (&& (== netcoreapp3.1) (>= xamarinios)) (&& (== netcoreapp3.1) (>= xamarinmac)) (&& (== netcoreapp3.1) (>= xamarintvos)) (&& (== netcoreapp3.1) (>= xamarinwatchos)) (&& (== netstandard1.0) (>= monotouch)) (&& (== netstandard1.0) (>= netcoreapp2.1)) (&& (== netstandard1.0) (>= netcoreapp5.0)) (&& (== netstandard1.0) (>= netstandard1.6)) (&& (== netstandard1.0) (>= netstandard2.0)) (&& (== netstandard1.0) (>= xamarinios)) (&& (== netstandard1.0) (>= xamarinmac)) (&& (== netstandard1.0) (>= xamarintvos)) (&& (== netstandard1.0) (>= xamarinwatchos)) (== netstandard1.6) (== netstandard2.0)
      System.Runtime (>= 4.3) - restriction: || (&& (== net452) (== netcoreapp3.1)) (&& (== net452) (== netstandard2.0)) (&& (== net452) (< net45)) (&& (== netcoreapp3.1) (< netstandard2.0)) (== netstandard1.0) (== netstandard1.6)
    System.Runtime.Extensions (4.3.1) - restriction: || (&& (== net452) (< net45) (>= netstandard1.6)) (&& (== net452) (>= netcoreapp2.1)) (&& (== net452) (>= netcoreapp5.0)) (== netcoreapp3.1) (&& (== netstandard1.0) (>= netcoreapp2.1)) (&& (== netstandard1.0) (>= netcoreapp5.0)) (&& (== netstandard1.0) (>= netstandard1.6)) (== netstandard1.6) (== netstandard2.0)
      Microsoft.NETCore.Platforms (>= 1.1.1) - restriction: || (&& (== net452) (< net45)) (&& (== net452) (>= netcoreapp5.0)) (== netcoreapp3.1) (== netstandard1.0) (== netstandard1.6) (== netstandard2.0)
      Microsoft.NETCore.Targets (>= 1.1.3) - restriction: || (&& (== net452) (< net45)) (&& (== net452) (>= netcoreapp5.0)) (== netcoreapp3.1) (== netstandard1.0) (== netstandard1.6) (== netstandard2.0)
      System.Runtime (>= 4.3.1) - restriction: || (&& (== net452) (< net45)) (&& (== net452) (>= netcoreapp5.0)) (== netcoreapp3.1) (== netstandard1.0) (== netstandard1.6) (== netstandard2.0)
    System.Runtime.Handles (4.3.0) - version_in_path: true, restriction: || (&& (== net452) (< net45) (>= netstandard1.6)) (&& (== net452) (>= netcoreapp2.1)) (&& (== net452) (>= netcoreapp5.0)) (== netcoreapp3.1) (&& (== netstandard1.0) (>= netcoreapp2.1)) (&& (== netstandard1.0) (>= netcoreapp5.0)) (&& (== netstandard1.0) (>= netstandard1.6)) (== netstandard1.6) (== netstandard2.0)
      Microsoft.NETCore.Platforms (>= 1.1) - restriction: || (&& (== net452) (>= netstandard1.3)) (== netcoreapp3.1) (&& (== netstandard1.0) (>= netstandard1.3)) (== netstandard1.6) (== netstandard2.0)
      Microsoft.NETCore.Targets (>= 1.1) - restriction: || (&& (== net452) (>= netstandard1.3)) (== netcoreapp3.1) (&& (== netstandard1.0) (>= netstandard1.3)) (== netstandard1.6) (== netstandard2.0)
      System.Runtime (>= 4.3) - restriction: || (&& (== net452) (>= netstandard1.3)) (== netcoreapp3.1) (&& (== netstandard1.0) (>= netstandard1.3)) (== netstandard1.6) (== netstandard2.0)
    System.Runtime.InteropServices (4.3.0) - version_in_path: true, restriction: || (&& (== net452) (< net45) (>= netstandard1.6)) (&& (== net452) (>= netcoreapp2.1)) (&& (== net452) (>= netcoreapp5.0)) (== netcoreapp3.1) (&& (== netstandard1.0) (>= netcoreapp2.1)) (&& (== netstandard1.0) (>= netcoreapp5.0)) (&& (== netstandard1.0) (>= netstandard1.6)) (== netstandard1.6) (== netstandard2.0)
      Microsoft.NETCore.Platforms (>= 1.1) - restriction: || (&& (== net452) (== netstandard1.0)) (&& (== net452) (< net45)) (&& (== net452) (>= netcoreapp1.1)) (== netcoreapp3.1) (&& (== netstandard1.0) (>= netcoreapp1.1)) (&& (== netstandard1.0) (>= netstandard1.1)) (&& (== netstandard1.0) (>= netstandard1.2)) (&& (== netstandard1.0) (>= netstandard1.3)) (&& (== netstandard1.0) (>= netstandard1.5)) (== netstandard1.6) (== netstandard2.0)
      Microsoft.NETCore.Targets (>= 1.1) - restriction: || (&& (== net452) (== netstandard1.0)) (&& (== net452) (< net45)) (&& (== net452) (>= netcoreapp1.1)) (== netcoreapp3.1) (&& (== netstandard1.0) (>= netcoreapp1.1)) (&& (== netstandard1.0) (>= netstandard1.1)) (&& (== netstandard1.0) (>= netstandard1.2)) (&& (== netstandard1.0) (>= netstandard1.3)) (&& (== netstandard1.0) (>= netstandard1.5)) (== netstandard1.6) (== netstandard2.0)
      System.Reflection (>= 4.3) - restriction: || (&& (== net452) (== netstandard1.0)) (&& (== net452) (< net45)) (&& (== net452) (>= netcoreapp1.1)) (== netcoreapp3.1) (&& (== netstandard1.0) (>= netcoreapp1.1)) (&& (== netstandard1.0) (>= netstandard1.1)) (&& (== netstandard1.0) (>= netstandard1.2)) (&& (== netstandard1.0) (>= netstandard1.3)) (&& (== netstandard1.0) (>= netstandard1.5)) (== netstandard1.6) (== netstandard2.0)
      System.Reflection.Primitives (>= 4.3) - restriction: || (&& (== net452) (== netstandard1.0)) (&& (== net452) (< net45)) (&& (== net452) (>= netcoreapp1.1)) (== netcoreapp3.1) (&& (== netstandard1.0) (>= netcoreapp1.1)) (&& (== netstandard1.0) (>= netstandard1.1)) (&& (== netstandard1.0) (>= netstandard1.2)) (&& (== netstandard1.0) (>= netstandard1.3)) (&& (== netstandard1.0) (>= netstandard1.5)) (== netstandard1.6) (== netstandard2.0)
      System.Runtime (>= 4.3) - restriction: || (&& (== net452) (== netstandard1.0)) (&& (== net452) (< net45)) (&& (== net452) (>= net462)) (&& (== net452) (>= netcoreapp1.1)) (== netcoreapp3.1) (&& (== netstandard1.0) (>= net462)) (&& (== netstandard1.0) (>= netcoreapp1.1)) (&& (== netstandard1.0) (>= netstandard1.1)) (&& (== netstandard1.0) (>= netstandard1.2)) (&& (== netstandard1.0) (>= netstandard1.3)) (&& (== netstandard1.0) (>= netstandard1.5)) (== netstandard1.6) (== netstandard2.0)
      System.Runtime.Handles (>= 4.3) - restriction: || (&& (== net452) (< net45) (>= netstandard1.3)) (&& (== net452) (< net45) (>= netstandard1.5)) (&& (== net452) (>= netcoreapp1.1)) (== netcoreapp3.1) (&& (== netstandard1.0) (>= netcoreapp1.1)) (&& (== netstandard1.0) (>= netstandard1.3)) (&& (== netstandard1.0) (>= netstandard1.5)) (== netstandard1.6) (== netstandard2.0)
    System.Runtime.InteropServices.RuntimeInformation (4.3.0) - version_in_path: true, restriction: || (&& (== net452) (>= netcoreapp2.1)) (== netcoreapp3.1) (&& (== netstandard1.0) (>= netcoreapp2.1)) (&& (== netstandard1.6) (>= netcoreapp2.1)) (&& (== netstandard2.0) (>= netcoreapp2.1))
      runtime.native.System (>= 4.3) - restriction: || (&& (== net452) (== netstandard1.0)) (&& (== net452) (< net45)) (== netcoreapp3.1) (&& (== netstandard1.0) (>= netstandard1.1)) (== netstandard1.6) (== netstandard2.0)
      System.Reflection (>= 4.3) - restriction: || (&& (== net452) (== netstandard1.0)) (&& (== net452) (< net45)) (&& (== net452) (>= netcoreapp5.0)) (== netcoreapp3.1) (&& (== netstandard1.0) (>= netcoreapp5.0)) (&& (== netstandard1.0) (>= netstandard1.1)) (== netstandard1.6) (== netstandard2.0)
      System.Reflection.Extensions (>= 4.3) - restriction: || (&& (== net452) (== netstandard1.0)) (&& (== net452) (< net45)) (&& (== net452) (>= netcoreapp5.0)) (== netcoreapp3.1) (&& (== netstandard1.0) (>= netcoreapp5.0)) (&& (== netstandard1.0) (>= netstandard1.1)) (== netstandard1.6) (== netstandard2.0)
      System.Resources.ResourceManager (>= 4.3) - restriction: || (&& (== net452) (== netstandard1.0)) (&& (== net452) (< net45)) (&& (== net452) (>= netcoreapp5.0)) (== netcoreapp3.1) (&& (== netstandard1.0) (>= netcoreapp5.0)) (&& (== netstandard1.0) (>= netstandard1.1)) (== netstandard1.6) (== netstandard2.0)
      System.Runtime (>= 4.3) - restriction: || (&& (== net452) (== netstandard1.0)) (&& (== net452) (< net45)) (&& (== net452) (>= netcoreapp5.0)) (== netcoreapp3.1) (&& (== netstandard1.0) (>= netcoreapp5.0)) (&& (== netstandard1.0) (>= netstandard1.1)) (== netstandard1.6) (== netstandard2.0)
      System.Runtime.InteropServices (>= 4.3) - restriction: || (&& (== net452) (== netstandard1.0)) (&& (== net452) (< net45)) (== netcoreapp3.1) (&& (== netstandard1.0) (>= netstandard1.1)) (== netstandard1.6) (== netstandard2.0)
      System.Threading (>= 4.3) - restriction: || (&& (== net452) (== netstandard1.0)) (&& (== net452) (< net45)) (&& (== net452) (>= netcoreapp5.0)) (== netcoreapp3.1) (&& (== netstandard1.0) (>= netcoreapp5.0)) (&& (== netstandard1.0) (>= netstandard1.1)) (== netstandard1.6) (== netstandard2.0)
    System.Runtime.Numerics (4.3) - restriction: || (&& (== net452) (< net45) (>= netstandard1.6)) (&& (== net452) (>= netcoreapp5.0)) (== netcoreapp3.1) (&& (== netstandard1.0) (>= netcoreapp5.0)) (&& (== netstandard1.0) (>= netstandard1.6)) (== netstandard1.6) (== netstandard2.0)
      System.Globalization (>= 4.3) - restriction: || (&& (== net452) (< net45) (>= netstandard1.3)) (&& (== net452) (>= netcoreapp5.0)) (== netcoreapp3.1) (&& (== netstandard1.0) (>= netcoreapp5.0)) (&& (== netstandard1.0) (>= netstandard1.3)) (== netstandard1.6) (== netstandard2.0)
      System.Resources.ResourceManager (>= 4.3) - restriction: || (&& (== net452) (< net45) (>= netstandard1.3)) (&& (== net452) (>= netcoreapp5.0)) (== netcoreapp3.1) (&& (== netstandard1.0) (>= netcoreapp5.0)) (&& (== netstandard1.0) (>= netstandard1.3)) (== netstandard1.6) (== netstandard2.0)
      System.Runtime (>= 4.3) - restriction: || (&& (== net452) (== netstandard1.0)) (&& (== net452) (< net45)) (&& (== net452) (>= netcoreapp5.0)) (== netcoreapp3.1) (&& (== netstandard1.0) (>= netcoreapp5.0)) (&& (== netstandard1.0) (>= netstandard1.1)) (&& (== netstandard1.0) (>= netstandard1.3)) (== netstandard1.6) (== netstandard2.0)
      System.Runtime.Extensions (>= 4.3) - restriction: || (&& (== net452) (< net45) (>= netstandard1.3)) (&& (== net452) (>= netcoreapp5.0)) (== netcoreapp3.1) (&& (== netstandard1.0) (>= netcoreapp5.0)) (&& (== netstandard1.0) (>= netstandard1.3)) (== netstandard1.6) (== netstandard2.0)
    System.Security.AccessControl (5.0.0) - version_in_path: true, restriction: || (&& (== net452) (>= netcoreapp2.1)) (== netcoreapp3.1) (&& (== netstandard1.0) (>= netcoreapp2.1)) (&& (== netstandard1.6) (>= netcoreapp2.1)) (&& (== netstandard2.0) (>= netcoreapp2.1))
      Microsoft.NETCore.Platforms (>= 5.0) - restriction: || (&& (== net452) (>= netcoreapp2.0)) (== netcoreapp3.1) (&& (== netstandard1.0) (>= netcoreapp2.0)) (&& (== netstandard1.6) (>= netcoreapp2.0)) (&& (== netstandard2.0) (>= netcoreapp2.0))
      System.Security.Principal.Windows (>= 5.0) - restriction: || (&& (== net452) (>= net46)) (&& (== net452) (>= net461)) (&& (== net452) (>= netcoreapp2.0)) (&& (== net452) (>= netstandard1.3)) (&& (== net452) (>= netstandard2.0)) (== netcoreapp3.1) (&& (== netstandard1.0) (>= net46)) (&& (== netstandard1.0) (>= net461)) (&& (== netstandard1.0) (>= netcoreapp2.0)) (&& (== netstandard1.0) (>= netstandard1.3)) (&& (== netstandard1.0) (>= netstandard2.0)) (== netstandard1.6) (== netstandard2.0)
    System.Security.Cryptography.Algorithms (4.3.1) - restriction: || (&& (== net452) (< net45) (>= netstandard1.6)) (&& (== net452) (>= netcoreapp5.0)) (== netcoreapp3.1) (&& (== netstandard1.0) (>= netcoreapp5.0)) (&& (== netstandard1.0) (>= netstandard1.6)) (== netstandard1.6) (== netstandard2.0)
      Microsoft.NETCore.Platforms (>= 1.1) - restriction: || (&& (== net452) (>= netcoreapp5.0)) (&& (== net452) (>= netstandard1.6)) (== netcoreapp3.1) (&& (== netstandard1.0) (>= netcoreapp5.0)) (&& (== netstandard1.0) (>= netstandard1.6)) (== netstandard1.6) (== netstandard2.0)
      runtime.native.System.Security.Cryptography.Apple (>= 4.3.1) - restriction: || (&& (== net452) (>= netstandard1.6)) (== netcoreapp3.1) (&& (== netstandard1.0) (>= netstandard1.6)) (== netstandard1.6) (== netstandard2.0)
      runtime.native.System.Security.Cryptography.OpenSsl (>= 4.3.2) - restriction: || (&& (== net452) (>= netstandard1.6)) (== netcoreapp3.1) (&& (== netstandard1.0) (>= netstandard1.6)) (== netstandard1.6) (== netstandard2.0)
      System.Collections (>= 4.3) - restriction: || (&& (== net452) (>= netstandard1.6)) (== netcoreapp3.1) (&& (== netstandard1.0) (>= netstandard1.6)) (== netstandard1.6) (== netstandard2.0)
      System.IO (>= 4.3) - restriction: || (&& (== net452) (>= net463)) (&& (== net452) (>= netcoreapp5.0)) (&& (== net452) (>= netstandard1.3)) (&& (== net452) (>= netstandard1.4)) (&& (== net452) (>= netstandard1.6)) (== netcoreapp3.1) (&& (== netstandard1.0) (>= net463)) (&& (== netstandard1.0) (>= netcoreapp5.0)) (&& (== netstandard1.0) (>= netstandard1.3)) (&& (== netstandard1.0) (>= netstandard1.4)) (&& (== netstandard1.0) (>= netstandard1.6)) (== netstandard1.6) (== netstandard2.0)
      System.Resources.ResourceManager (>= 4.3) - restriction: || (&& (== net452) (>= netcoreapp5.0)) (&& (== net452) (>= netstandard1.6)) (== netcoreapp3.1) (&& (== netstandard1.0) (>= netcoreapp5.0)) (&& (== netstandard1.0) (>= netstandard1.6)) (== netstandard1.6) (== netstandard2.0)
      System.Runtime (>= 4.3) - restriction: || (&& (== net452) (>= net463)) (&& (== net452) (>= netcoreapp5.0)) (&& (== net452) (>= netstandard1.3)) (&& (== net452) (>= netstandard1.4)) (&& (== net452) (>= netstandard1.6)) (== netcoreapp3.1) (&& (== netstandard1.0) (>= net463)) (&& (== netstandard1.0) (>= netcoreapp5.0)) (&& (== netstandard1.0) (>= netstandard1.3)) (&& (== netstandard1.0) (>= netstandard1.4)) (&& (== netstandard1.0) (>= netstandard1.6)) (== netstandard1.6) (== netstandard2.0)
      System.Runtime.Extensions (>= 4.3) - restriction: || (&& (== net452) (>= netcoreapp5.0)) (&& (== net452) (>= netstandard1.6)) (== netcoreapp3.1) (&& (== netstandard1.0) (>= netcoreapp5.0)) (&& (== netstandard1.0) (>= netstandard1.6)) (== netstandard1.6) (== netstandard2.0)
      System.Runtime.Handles (>= 4.3) - restriction: || (&& (== net452) (>= netcoreapp5.0)) (&& (== net452) (>= netstandard1.6)) (== netcoreapp3.1) (&& (== netstandard1.0) (>= netcoreapp5.0)) (&& (== netstandard1.0) (>= netstandard1.6)) (== netstandard1.6) (== netstandard2.0)
      System.Runtime.InteropServices (>= 4.3) - restriction: || (&& (== net452) (>= netcoreapp5.0)) (&& (== net452) (>= netstandard1.6)) (== netcoreapp3.1) (&& (== netstandard1.0) (>= netcoreapp5.0)) (&& (== netstandard1.0) (>= netstandard1.6)) (== netstandard1.6) (== netstandard2.0)
      System.Runtime.Numerics (>= 4.3) - restriction: || (&& (== net452) (>= netstandard1.6)) (== netcoreapp3.1) (&& (== netstandard1.0) (>= netstandard1.6)) (== netstandard1.6) (== netstandard2.0)
      System.Security.Cryptography.Encoding (>= 4.3) - restriction: || (&& (== net452) (>= net463)) (&& (== net452) (>= netcoreapp5.0)) (&& (== net452) (>= netstandard1.6)) (== netcoreapp3.1) (&& (== netstandard1.0) (>= net463)) (&& (== netstandard1.0) (>= netcoreapp5.0)) (&& (== netstandard1.0) (>= netstandard1.6)) (== netstandard1.6) (== netstandard2.0)
      System.Security.Cryptography.Primitives (>= 4.3) - restriction: || (&& (== net452) (>= net46)) (&& (== net452) (>= net461)) (&& (== net452) (>= net463)) (&& (== net452) (>= netcoreapp5.0)) (&& (== net452) (>= netstandard1.3)) (&& (== net452) (>= netstandard1.4)) (&& (== net452) (>= netstandard1.6)) (== netcoreapp3.1) (&& (== netstandard1.0) (>= net46)) (&& (== netstandard1.0) (>= net461)) (&& (== netstandard1.0) (>= net463)) (&& (== netstandard1.0) (>= netcoreapp5.0)) (&& (== netstandard1.0) (>= netstandard1.3)) (&& (== netstandard1.0) (>= netstandard1.4)) (&& (== netstandard1.0) (>= netstandard1.6)) (== netstandard1.6) (== netstandard2.0)
      System.Text.Encoding (>= 4.3) - restriction: || (&& (== net452) (>= netcoreapp5.0)) (&& (== net452) (>= netstandard1.6)) (== netcoreapp3.1) (&& (== netstandard1.0) (>= netcoreapp5.0)) (&& (== netstandard1.0) (>= netstandard1.6)) (== netstandard1.6) (== netstandard2.0)
    System.Security.Cryptography.Cng (5.0) - restriction: || (&& (== net452) (< net45) (>= netstandard1.6)) (&& (== net452) (>= netcoreapp5.0)) (== netcoreapp3.1) (&& (== netstandard1.0) (>= netcoreapp5.0)) (&& (== netstandard1.0) (>= netstandard1.6)) (== netstandard1.6) (== netstandard2.0)
      System.Formats.Asn1 (>= 5.0) - restriction: || (&& (== net452) (>= netcoreapp3.0)) (== netcoreapp3.1) (&& (== netstandard1.0) (>= netcoreapp3.0)) (&& (== netstandard1.6) (>= netcoreapp3.0)) (&& (== netstandard2.0) (>= netcoreapp3.0))
      System.IO (>= 4.3) - restriction: || (&& (== net452) (== netcoreapp3.1)) (&& (== net452) (== netstandard2.0)) (&& (== net452) (>= netstandard1.3)) (&& (== net452) (>= netstandard1.4)) (&& (== net452) (>= netstandard1.6)) (&& (== netcoreapp3.1) (== netstandard1.0)) (&& (== netcoreapp3.1) (< netstandard1.4)) (&& (== netcoreapp3.1) (< netstandard1.6)) (&& (== netcoreapp3.1) (< netstandard2.0)) (&& (== netstandard1.0) (== netstandard2.0)) (&& (== netstandard1.0) (>= netstandard1.3)) (&& (== netstandard1.0) (>= netstandard1.4)) (&& (== netstandard1.0) (>= netstandard1.6)) (== netstandard1.6) (&& (== netstandard2.0) (< netstandard1.4)) (&& (== netstandard2.0) (< netstandard1.6))
      System.Resources.ResourceManager (>= 4.3) - restriction: || (&& (== net452) (== netcoreapp3.1)) (&& (== net452) (== netstandard2.0)) (&& (== net452) (>= netstandard1.3)) (&& (== net452) (>= netstandard1.4)) (&& (== net452) (>= netstandard1.6)) (&& (== netcoreapp3.1) (== netstandard1.0)) (&& (== netcoreapp3.1) (< netstandard1.4)) (&& (== netcoreapp3.1) (< netstandard1.6)) (&& (== netcoreapp3.1) (< netstandard2.0)) (&& (== netstandard1.0) (== netstandard2.0)) (&& (== netstandard1.0) (>= netstandard1.3)) (&& (== netstandard1.0) (>= netstandard1.4)) (&& (== netstandard1.0) (>= netstandard1.6)) (== netstandard1.6) (&& (== netstandard2.0) (< netstandard1.4)) (&& (== netstandard2.0) (< netstandard1.6))
      System.Runtime (>= 4.3) - restriction: || (&& (== net452) (== netcoreapp3.1)) (&& (== net452) (== netstandard2.0)) (&& (== net452) (>= netstandard1.3)) (&& (== net452) (>= netstandard1.4)) (&& (== net452) (>= netstandard1.6)) (&& (== netcoreapp3.1) (== netstandard1.0)) (&& (== netcoreapp3.1) (< netstandard1.4)) (&& (== netcoreapp3.1) (< netstandard1.6)) (&& (== netcoreapp3.1) (< netstandard2.0)) (&& (== netstandard1.0) (== netstandard2.0)) (&& (== netstandard1.0) (>= netstandard1.3)) (&& (== netstandard1.0) (>= netstandard1.4)) (&& (== netstandard1.0) (>= netstandard1.6)) (== netstandard1.6) (&& (== netstandard2.0) (< netstandard1.4)) (&& (== netstandard2.0) (< netstandard1.6))
      System.Runtime.Extensions (>= 4.3) - restriction: || (&& (== net452) (== netcoreapp3.1)) (&& (== net452) (== netstandard2.0)) (&& (== net452) (>= netstandard1.4)) (&& (== net452) (>= netstandard1.6)) (&& (== netcoreapp3.1) (== netstandard1.0)) (&& (== netcoreapp3.1) (< netstandard1.6)) (&& (== netcoreapp3.1) (< netstandard2.0)) (&& (== netstandard1.0) (== netstandard2.0)) (&& (== netstandard1.0) (>= netstandard1.4)) (&& (== netstandard1.0) (>= netstandard1.6)) (== netstandard1.6) (&& (== netstandard2.0) (< netstandard1.6))
      System.Runtime.Handles (>= 4.3) - restriction: || (&& (== net452) (== netcoreapp3.1)) (&& (== net452) (== netstandard2.0)) (&& (== net452) (>= netstandard1.3)) (&& (== net452) (>= netstandard1.4)) (&& (== net452) (>= netstandard1.6)) (&& (== netcoreapp3.1) (== netstandard1.0)) (&& (== netcoreapp3.1) (< netstandard1.4)) (&& (== netcoreapp3.1) (< netstandard1.6)) (&& (== netcoreapp3.1) (< netstandard2.0)) (&& (== netstandard1.0) (== netstandard2.0)) (&& (== netstandard1.0) (>= netstandard1.3)) (&& (== netstandard1.0) (>= netstandard1.4)) (&& (== netstandard1.0) (>= netstandard1.6)) (== netstandard1.6) (&& (== netstandard2.0) (< netstandard1.4)) (&& (== netstandard2.0) (< netstandard1.6))
      System.Runtime.InteropServices (>= 4.3) - restriction: || (&& (== net452) (== netcoreapp3.1)) (&& (== net452) (== netstandard2.0)) (&& (== net452) (>= netstandard1.3)) (&& (== net452) (>= netstandard1.4)) (&& (== net452) (>= netstandard1.6)) (&& (== netcoreapp3.1) (== netstandard1.0)) (&& (== netcoreapp3.1) (< netstandard1.4)) (&& (== netcoreapp3.1) (< netstandard1.6)) (&& (== netcoreapp3.1) (< netstandard2.0)) (&& (== netstandard1.0) (== netstandard2.0)) (&& (== netstandard1.0) (>= netstandard1.3)) (&& (== netstandard1.0) (>= netstandard1.4)) (&& (== netstandard1.0) (>= netstandard1.6)) (== netstandard1.6) (&& (== netstandard2.0) (< netstandard1.4)) (&& (== netstandard2.0) (< netstandard1.6))
      System.Security.Cryptography.Algorithms (>= 4.3.1) - restriction: || (&& (== net452) (== netcoreapp3.1)) (&& (== net452) (== netstandard2.0)) (&& (== net452) (>= net46)) (&& (== net452) (>= net461)) (&& (== net452) (>= net462)) (&& (== net452) (>= net47)) (&& (== net452) (>= netstandard1.3)) (&& (== net452) (>= netstandard1.4)) (&& (== net452) (>= netstandard1.6)) (&& (== netcoreapp3.1) (== netstandard1.0)) (&& (== netcoreapp3.1) (>= net47)) (&& (== netcoreapp3.1) (< netstandard1.4)) (&& (== netcoreapp3.1) (< netstandard1.6)) (&& (== netcoreapp3.1) (< netstandard2.0)) (&& (== netstandard1.0) (== netstandard2.0)) (&& (== netstandard1.0) (>= net46)) (&& (== netstandard1.0) (>= net461)) (&& (== netstandard1.0) (>= net462)) (&& (== netstandard1.0) (>= net47)) (&& (== netstandard1.0) (>= netstandard1.3)) (&& (== netstandard1.0) (>= netstandard1.4)) (&& (== netstandard1.0) (>= netstandard1.6)) (== netstandard1.6) (&& (== netstandard2.0) (>= net47)) (&& (== netstandard2.0) (< netstandard1.4)) (&& (== netstandard2.0) (< netstandard1.6))
      System.Security.Cryptography.Encoding (>= 4.3) - restriction: || (&& (== net452) (== netcoreapp3.1)) (&& (== net452) (== netstandard2.0)) (&& (== net452) (>= netstandard1.4)) (&& (== net452) (>= netstandard1.6)) (&& (== netcoreapp3.1) (== netstandard1.0)) (&& (== netcoreapp3.1) (< netstandard1.6)) (&& (== netcoreapp3.1) (< netstandard2.0)) (&& (== netstandard1.0) (== netstandard2.0)) (&& (== netstandard1.0) (>= netstandard1.4)) (&& (== netstandard1.0) (>= netstandard1.6)) (== netstandard1.6) (&& (== netstandard2.0) (< netstandard1.6))
      System.Security.Cryptography.Primitives (>= 4.3) - restriction: || (&& (== net452) (== netcoreapp3.1)) (&& (== net452) (== netstandard2.0)) (&& (== net452) (>= net46)) (&& (== net452) (>= netstandard1.3)) (&& (== net452) (>= netstandard1.4)) (&& (== net452) (>= netstandard1.6)) (&& (== netcoreapp3.1) (== netstandard1.0)) (&& (== netcoreapp3.1) (< netstandard1.4)) (&& (== netcoreapp3.1) (< netstandard1.6)) (&& (== netcoreapp3.1) (< netstandard2.0)) (&& (== netstandard1.0) (== netstandard2.0)) (&& (== netstandard1.0) (>= net46)) (&& (== netstandard1.0) (>= netstandard1.3)) (&& (== netstandard1.0) (>= netstandard1.4)) (&& (== netstandard1.0) (>= netstandard1.6)) (== netstandard1.6) (&& (== netstandard2.0) (< netstandard1.4)) (&& (== netstandard2.0) (< netstandard1.6))
      System.Text.Encoding (>= 4.3) - restriction: || (&& (== net452) (== netcoreapp3.1)) (&& (== net452) (== netstandard2.0)) (&& (== net452) (>= netstandard1.4)) (&& (== net452) (>= netstandard1.6)) (&& (== netcoreapp3.1) (== netstandard1.0)) (&& (== netcoreapp3.1) (< netstandard1.6)) (&& (== netcoreapp3.1) (< netstandard2.0)) (&& (== netstandard1.0) (== netstandard2.0)) (&& (== netstandard1.0) (>= netstandard1.4)) (&& (== netstandard1.0) (>= netstandard1.6)) (== netstandard1.6) (&& (== netstandard2.0) (< netstandard1.6))
    System.Security.Cryptography.Csp (4.3) - restriction: || (&& (== net452) (< net45) (>= netstandard1.6)) (&& (== net452) (>= netcoreapp5.0)) (== netcoreapp3.1) (&& (== netstandard1.0) (>= netcoreapp5.0)) (&& (== netstandard1.0) (>= netstandard1.6)) (== netstandard1.6) (== netstandard2.0)
      Microsoft.NETCore.Platforms (>= 1.1) - restriction: || (&& (== net452) (>= netstandard1.3)) (== netcoreapp3.1) (&& (== netstandard1.0) (>= netstandard1.3)) (== netstandard1.6) (== netstandard2.0)
      System.IO (>= 4.3) - restriction: || (&& (== net452) (>= netstandard1.3)) (== netcoreapp3.1) (&& (== netstandard1.0) (>= netstandard1.3)) (== netstandard1.6) (== netstandard2.0)
      System.Reflection (>= 4.3) - restriction: || (&& (== net452) (>= netstandard1.3)) (== netcoreapp3.1) (&& (== netstandard1.0) (>= netstandard1.3)) (== netstandard1.6) (== netstandard2.0)
      System.Resources.ResourceManager (>= 4.3) - restriction: || (&& (== net452) (>= netstandard1.3)) (== netcoreapp3.1) (&& (== netstandard1.0) (>= netstandard1.3)) (== netstandard1.6) (== netstandard2.0)
      System.Runtime (>= 4.3) - restriction: || (&& (== net452) (>= netstandard1.3)) (== netcoreapp3.1) (&& (== netstandard1.0) (>= netstandard1.3)) (== netstandard1.6) (== netstandard2.0)
      System.Runtime.Extensions (>= 4.3) - restriction: || (&& (== net452) (>= netstandard1.3)) (== netcoreapp3.1) (&& (== netstandard1.0) (>= netstandard1.3)) (== netstandard1.6) (== netstandard2.0)
      System.Runtime.Handles (>= 4.3) - restriction: || (&& (== net452) (>= netstandard1.3)) (== netcoreapp3.1) (&& (== netstandard1.0) (>= netstandard1.3)) (== netstandard1.6) (== netstandard2.0)
      System.Runtime.InteropServices (>= 4.3) - restriction: || (&& (== net452) (>= netstandard1.3)) (== netcoreapp3.1) (&& (== netstandard1.0) (>= netstandard1.3)) (== netstandard1.6) (== netstandard2.0)
      System.Security.Cryptography.Algorithms (>= 4.3) - restriction: || (&& (== net452) (>= net46)) (&& (== net452) (>= netstandard1.3)) (== netcoreapp3.1) (&& (== netstandard1.0) (>= net46)) (&& (== netstandard1.0) (>= netstandard1.3)) (== netstandard1.6) (== netstandard2.0)
      System.Security.Cryptography.Encoding (>= 4.3) - restriction: || (&& (== net452) (>= netstandard1.3)) (== netcoreapp3.1) (&& (== netstandard1.0) (>= netstandard1.3)) (== netstandard1.6) (== netstandard2.0)
      System.Security.Cryptography.Primitives (>= 4.3) - restriction: || (&& (== net452) (>= net46)) (&& (== net452) (>= netstandard1.3)) (== netcoreapp3.1) (&& (== netstandard1.0) (>= net46)) (&& (== netstandard1.0) (>= netstandard1.3)) (== netstandard1.6) (== netstandard2.0)
      System.Text.Encoding (>= 4.3) - restriction: || (&& (== net452) (>= netstandard1.3)) (== netcoreapp3.1) (&& (== netstandard1.0) (>= netstandard1.3)) (== netstandard1.6) (== netstandard2.0)
      System.Threading (>= 4.3) - restriction: || (&& (== net452) (>= netstandard1.3)) (== netcoreapp3.1) (&& (== netstandard1.0) (>= netstandard1.3)) (== netstandard1.6) (== netstandard2.0)
    System.Security.Cryptography.Encoding (4.3) - restriction: || (&& (== net452) (< net45) (>= netstandard1.6)) (&& (== net452) (>= netcoreapp5.0)) (== netcoreapp3.1) (&& (== netstandard1.0) (>= netcoreapp5.0)) (&& (== netstandard1.0) (>= netstandard1.6)) (== netstandard1.6) (== netstandard2.0)
      Microsoft.NETCore.Platforms (>= 1.1) - restriction: || (&& (== net452) (>= netstandard1.3)) (== netcoreapp3.1) (&& (== netstandard1.0) (>= netstandard1.3)) (== netstandard1.6) (== netstandard2.0)
      runtime.native.System.Security.Cryptography.OpenSsl (>= 4.3) - restriction: || (&& (== net452) (>= netstandard1.3)) (== netcoreapp3.1) (&& (== netstandard1.0) (>= netstandard1.3)) (== netstandard1.6) (== netstandard2.0)
      System.Collections (>= 4.3) - restriction: || (&& (== net452) (>= netstandard1.3)) (== netcoreapp3.1) (&& (== netstandard1.0) (>= netstandard1.3)) (== netstandard1.6) (== netstandard2.0)
      System.Collections.Concurrent (>= 4.3) - restriction: || (&& (== net452) (>= netstandard1.3)) (== netcoreapp3.1) (&& (== netstandard1.0) (>= netstandard1.3)) (== netstandard1.6) (== netstandard2.0)
      System.Linq (>= 4.3) - restriction: || (&& (== net452) (>= netstandard1.3)) (== netcoreapp3.1) (&& (== netstandard1.0) (>= netstandard1.3)) (== netstandard1.6) (== netstandard2.0)
      System.Resources.ResourceManager (>= 4.3) - restriction: || (&& (== net452) (>= netstandard1.3)) (== netcoreapp3.1) (&& (== netstandard1.0) (>= netstandard1.3)) (== netstandard1.6) (== netstandard2.0)
      System.Runtime (>= 4.3) - restriction: || (&& (== net452) (>= netstandard1.3)) (== netcoreapp3.1) (&& (== netstandard1.0) (>= netstandard1.3)) (== netstandard1.6) (== netstandard2.0)
      System.Runtime.Extensions (>= 4.3) - restriction: || (&& (== net452) (>= netstandard1.3)) (== netcoreapp3.1) (&& (== netstandard1.0) (>= netstandard1.3)) (== netstandard1.6) (== netstandard2.0)
      System.Runtime.Handles (>= 4.3) - restriction: || (&& (== net452) (>= netstandard1.3)) (== netcoreapp3.1) (&& (== netstandard1.0) (>= netstandard1.3)) (== netstandard1.6) (== netstandard2.0)
      System.Runtime.InteropServices (>= 4.3) - restriction: || (&& (== net452) (>= netstandard1.3)) (== netcoreapp3.1) (&& (== netstandard1.0) (>= netstandard1.3)) (== netstandard1.6) (== netstandard2.0)
      System.Security.Cryptography.Primitives (>= 4.3) - restriction: || (&& (== net452) (>= netstandard1.3)) (== netcoreapp3.1) (&& (== netstandard1.0) (>= netstandard1.3)) (== netstandard1.6) (== netstandard2.0)
      System.Text.Encoding (>= 4.3) - restriction: || (&& (== net452) (>= netstandard1.3)) (== netcoreapp3.1) (&& (== netstandard1.0) (>= netstandard1.3)) (== netstandard1.6) (== netstandard2.0)
    System.Security.Cryptography.OpenSsl (5.0) - restriction: || (&& (== net452) (< net45) (>= netstandard1.6)) (&& (== net452) (>= netcoreapp5.0)) (== netcoreapp3.1) (&& (== netstandard1.0) (>= netcoreapp5.0)) (&& (== netstandard1.0) (>= netstandard1.6)) (== netstandard1.6) (== netstandard2.0)
      System.Collections (>= 4.3) - restriction: || (&& (== net452) (== netcoreapp3.1)) (&& (== net452) (== netstandard2.0)) (&& (== net452) (>= netstandard1.6)) (&& (== netcoreapp3.1) (== netstandard1.0)) (&& (== netcoreapp3.1) (< netstandard2.0)) (&& (== netstandard1.0) (== netstandard2.0)) (&& (== netstandard1.0) (>= netstandard1.6)) (== netstandard1.6)
      System.Formats.Asn1 (>= 5.0) - restriction: || (&& (== net452) (>= netcoreapp3.0)) (== netcoreapp3.1) (&& (== netstandard1.0) (>= netcoreapp3.0)) (&& (== netstandard1.6) (>= netcoreapp3.0)) (&& (== netstandard2.0) (>= netcoreapp3.0))
      System.IO (>= 4.3) - restriction: || (&& (== net452) (== netcoreapp3.1)) (&& (== net452) (== netstandard2.0)) (&& (== net452) (>= netstandard1.6)) (&& (== netcoreapp3.1) (== netstandard1.0)) (&& (== netcoreapp3.1) (< netstandard2.0)) (&& (== netstandard1.0) (== netstandard2.0)) (&& (== netstandard1.0) (>= netstandard1.6)) (== netstandard1.6)
      System.Resources.ResourceManager (>= 4.3) - restriction: || (&& (== net452) (== netcoreapp3.1)) (&& (== net452) (== netstandard2.0)) (&& (== net452) (>= netstandard1.6)) (&& (== netcoreapp3.1) (== netstandard1.0)) (&& (== netcoreapp3.1) (< netstandard2.0)) (&& (== netstandard1.0) (== netstandard2.0)) (&& (== netstandard1.0) (>= netstandard1.6)) (== netstandard1.6)
      System.Runtime (>= 4.3) - restriction: || (&& (== net452) (== netcoreapp3.1)) (&& (== net452) (== netstandard2.0)) (&& (== net452) (>= netstandard1.6)) (&& (== netcoreapp3.1) (== netstandard1.0)) (&& (== netcoreapp3.1) (< netstandard2.0)) (&& (== netstandard1.0) (== netstandard2.0)) (&& (== netstandard1.0) (>= netstandard1.6)) (== netstandard1.6)
      System.Runtime.Extensions (>= 4.3) - restriction: || (&& (== net452) (== netcoreapp3.1)) (&& (== net452) (== netstandard2.0)) (&& (== net452) (>= netstandard1.6)) (&& (== netcoreapp3.1) (== netstandard1.0)) (&& (== netcoreapp3.1) (< netstandard2.0)) (&& (== netstandard1.0) (== netstandard2.0)) (&& (== netstandard1.0) (>= netstandard1.6)) (== netstandard1.6)
      System.Runtime.Handles (>= 4.3) - restriction: || (&& (== net452) (== netcoreapp3.1)) (&& (== net452) (== netstandard2.0)) (&& (== net452) (>= netstandard1.6)) (&& (== netcoreapp3.1) (== netstandard1.0)) (&& (== netcoreapp3.1) (< netstandard2.0)) (&& (== netstandard1.0) (== netstandard2.0)) (&& (== netstandard1.0) (>= netstandard1.6)) (== netstandard1.6)
      System.Runtime.InteropServices (>= 4.3) - restriction: || (&& (== net452) (== netcoreapp3.1)) (&& (== net452) (== netstandard2.0)) (&& (== net452) (>= netstandard1.6)) (&& (== netcoreapp3.1) (== netstandard1.0)) (&& (== netcoreapp3.1) (< netstandard2.0)) (&& (== netstandard1.0) (== netstandard2.0)) (&& (== netstandard1.0) (>= netstandard1.6)) (== netstandard1.6)
      System.Runtime.Numerics (>= 4.3) - restriction: || (&& (== net452) (== netcoreapp3.1)) (&& (== net452) (== netstandard2.0)) (&& (== net452) (>= netstandard1.6)) (&& (== netcoreapp3.1) (== netstandard1.0)) (&& (== netcoreapp3.1) (< netstandard2.0)) (&& (== netstandard1.0) (== netstandard2.0)) (&& (== netstandard1.0) (>= netstandard1.6)) (== netstandard1.6)
      System.Security.Cryptography.Algorithms (>= 4.3.1) - restriction: || (&& (== net452) (== netcoreapp3.1)) (&& (== net452) (== netstandard2.0)) (&& (== net452) (>= net461)) (&& (== net452) (>= netstandard1.6)) (&& (== netcoreapp3.1) (== netstandard1.0)) (&& (== netcoreapp3.1) (>= net461)) (&& (== netcoreapp3.1) (< netstandard2.0)) (&& (== netstandard1.0) (== netstandard2.0)) (&& (== netstandard1.0) (>= net461)) (&& (== netstandard1.0) (>= netstandard1.6)) (== netstandard1.6) (&& (== netstandard2.0) (>= net461))
      System.Security.Cryptography.Encoding (>= 4.3) - restriction: || (&& (== net452) (== netcoreapp3.1)) (&& (== net452) (== netstandard2.0)) (&& (== net452) (>= netstandard1.6)) (&& (== netcoreapp3.1) (== netstandard1.0)) (&& (== netcoreapp3.1) (< netstandard2.0)) (&& (== netstandard1.0) (== netstandard2.0)) (&& (== netstandard1.0) (>= netstandard1.6)) (== netstandard1.6)
      System.Security.Cryptography.Primitives (>= 4.3) - restriction: || (&& (== net452) (== netcoreapp3.1)) (&& (== net452) (== netstandard2.0)) (&& (== net452) (>= netstandard1.6)) (&& (== netcoreapp3.1) (== netstandard1.0)) (&& (== netcoreapp3.1) (< netstandard2.0)) (&& (== netstandard1.0) (== netstandard2.0)) (&& (== netstandard1.0) (>= netstandard1.6)) (== netstandard1.6)
      System.Text.Encoding (>= 4.3) - restriction: || (&& (== net452) (== netcoreapp3.1)) (&& (== net452) (== netstandard2.0)) (&& (== net452) (>= netstandard1.6)) (&& (== netcoreapp3.1) (== netstandard1.0)) (&& (== netcoreapp3.1) (< netstandard2.0)) (&& (== netstandard1.0) (== netstandard2.0)) (&& (== netstandard1.0) (>= netstandard1.6)) (== netstandard1.6)
    System.Security.Cryptography.Primitives (4.3) - restriction: || (&& (== net452) (< net45) (>= netstandard1.6)) (&& (== net452) (>= netcoreapp5.0)) (== netcoreapp3.1) (&& (== netstandard1.0) (>= netcoreapp5.0)) (&& (== netstandard1.0) (>= netstandard1.6)) (== netstandard1.6) (== netstandard2.0)
      System.Diagnostics.Debug (>= 4.3) - restriction: || (&& (== net452) (>= netstandard1.3)) (== netcoreapp3.1) (&& (== netstandard1.0) (>= netstandard1.3)) (== netstandard1.6) (== netstandard2.0)
      System.Globalization (>= 4.3) - restriction: || (&& (== net452) (>= netstandard1.3)) (== netcoreapp3.1) (&& (== netstandard1.0) (>= netstandard1.3)) (== netstandard1.6) (== netstandard2.0)
      System.IO (>= 4.3) - restriction: || (&& (== net452) (>= netstandard1.3)) (== netcoreapp3.1) (&& (== netstandard1.0) (>= netstandard1.3)) (== netstandard1.6) (== netstandard2.0)
      System.Resources.ResourceManager (>= 4.3) - restriction: || (&& (== net452) (>= netstandard1.3)) (== netcoreapp3.1) (&& (== netstandard1.0) (>= netstandard1.3)) (== netstandard1.6) (== netstandard2.0)
      System.Runtime (>= 4.3) - restriction: || (&& (== net452) (>= netstandard1.3)) (== netcoreapp3.1) (&& (== netstandard1.0) (>= netstandard1.3)) (== netstandard1.6) (== netstandard2.0)
      System.Threading (>= 4.3) - restriction: || (&& (== net452) (>= netstandard1.3)) (== netcoreapp3.1) (&& (== netstandard1.0) (>= netstandard1.3)) (== netstandard1.6) (== netstandard2.0)
      System.Threading.Tasks (>= 4.3) - restriction: || (&& (== net452) (>= netstandard1.3)) (== netcoreapp3.1) (&& (== netstandard1.0) (>= netstandard1.3)) (== netstandard1.6) (== netstandard2.0)
    System.Security.Cryptography.X509Certificates (4.3.2) - restriction: || (&& (== net452) (< net45) (>= netstandard1.6)) (&& (== net452) (>= netcoreapp5.0)) (== netcoreapp3.1) (&& (== netstandard1.0) (>= netcoreapp5.0)) (&& (== netstandard1.0) (>= netstandard1.6)) (== netstandard1.6) (== netstandard2.0)
      Microsoft.NETCore.Platforms (>= 1.1) - restriction: || (&& (== net452) (>= netcoreapp5.0)) (&& (== net452) (>= netstandard1.6)) (== netcoreapp3.1) (&& (== netstandard1.0) (>= netcoreapp5.0)) (&& (== netstandard1.0) (>= netstandard1.6)) (== netstandard1.6) (== netstandard2.0)
      runtime.native.System (>= 4.3) - restriction: || (&& (== net452) (>= netstandard1.6)) (== netcoreapp3.1) (&& (== netstandard1.0) (>= netstandard1.6)) (== netstandard1.6) (== netstandard2.0)
      runtime.native.System.Net.Http (>= 4.3) - restriction: || (&& (== net452) (>= netstandard1.6)) (== netcoreapp3.1) (&& (== netstandard1.0) (>= netstandard1.6)) (== netstandard1.6) (== netstandard2.0)
      runtime.native.System.Security.Cryptography.OpenSsl (>= 4.3.2) - restriction: || (&& (== net452) (>= netstandard1.6)) (== netcoreapp3.1) (&& (== netstandard1.0) (>= netstandard1.6)) (== netstandard1.6) (== netstandard2.0)
      System.Collections (>= 4.3) - restriction: || (&& (== net452) (>= netcoreapp5.0)) (&& (== net452) (>= netstandard1.6)) (== netcoreapp3.1) (&& (== netstandard1.0) (>= netcoreapp5.0)) (&& (== netstandard1.0) (>= netstandard1.6)) (== netstandard1.6) (== netstandard2.0)
      System.Diagnostics.Debug (>= 4.3) - restriction: || (&& (== net452) (>= netstandard1.6)) (== netcoreapp3.1) (&& (== netstandard1.0) (>= netstandard1.6)) (== netstandard1.6) (== netstandard2.0)
      System.Globalization (>= 4.3) - restriction: || (&& (== net452) (>= netcoreapp5.0)) (&& (== net452) (>= netstandard1.6)) (== netcoreapp3.1) (&& (== netstandard1.0) (>= netcoreapp5.0)) (&& (== netstandard1.0) (>= netstandard1.6)) (== netstandard1.6) (== netstandard2.0)
      System.Globalization.Calendars (>= 4.3) - restriction: || (&& (== net452) (>= netcoreapp5.0)) (&& (== net452) (>= netstandard1.6)) (== netcoreapp3.1) (&& (== netstandard1.0) (>= netcoreapp5.0)) (&& (== netstandard1.0) (>= netstandard1.6)) (== netstandard1.6) (== netstandard2.0)
      System.IO (>= 4.3) - restriction: || (&& (== net452) (>= netcoreapp5.0)) (&& (== net452) (>= netstandard1.6)) (== netcoreapp3.1) (&& (== netstandard1.0) (>= netcoreapp5.0)) (&& (== netstandard1.0) (>= netstandard1.6)) (== netstandard1.6) (== netstandard2.0)
      System.IO.FileSystem (>= 4.3) - restriction: || (&& (== net452) (>= netcoreapp5.0)) (&& (== net452) (>= netstandard1.6)) (== netcoreapp3.1) (&& (== netstandard1.0) (>= netcoreapp5.0)) (&& (== netstandard1.0) (>= netstandard1.6)) (== netstandard1.6) (== netstandard2.0)
      System.IO.FileSystem.Primitives (>= 4.3) - restriction: || (&& (== net452) (>= netstandard1.6)) (== netcoreapp3.1) (&& (== netstandard1.0) (>= netstandard1.6)) (== netstandard1.6) (== netstandard2.0)
      System.Resources.ResourceManager (>= 4.3) - restriction: || (&& (== net452) (>= netcoreapp5.0)) (&& (== net452) (>= netstandard1.6)) (== netcoreapp3.1) (&& (== netstandard1.0) (>= netcoreapp5.0)) (&& (== netstandard1.0) (>= netstandard1.6)) (== netstandard1.6) (== netstandard2.0)
      System.Runtime (>= 4.3) - restriction: || (&& (== net452) (>= netcoreapp5.0)) (&& (== net452) (>= netstandard1.3)) (&& (== net452) (>= netstandard1.4)) (&& (== net452) (>= netstandard1.6)) (== netcoreapp3.1) (&& (== netstandard1.0) (>= netcoreapp5.0)) (&& (== netstandard1.0) (>= netstandard1.3)) (&& (== netstandard1.0) (>= netstandard1.4)) (&& (== netstandard1.0) (>= netstandard1.6)) (== netstandard1.6) (== netstandard2.0)
      System.Runtime.Extensions (>= 4.3) - restriction: || (&& (== net452) (>= netcoreapp5.0)) (&& (== net452) (>= netstandard1.6)) (== netcoreapp3.1) (&& (== netstandard1.0) (>= netcoreapp5.0)) (&& (== netstandard1.0) (>= netstandard1.6)) (== netstandard1.6) (== netstandard2.0)
      System.Runtime.Handles (>= 4.3) - restriction: || (&& (== net452) (>= netcoreapp5.0)) (&& (== net452) (>= netstandard1.3)) (&& (== net452) (>= netstandard1.4)) (&& (== net452) (>= netstandard1.6)) (== netcoreapp3.1) (&& (== netstandard1.0) (>= netcoreapp5.0)) (&& (== netstandard1.0) (>= netstandard1.3)) (&& (== netstandard1.0) (>= netstandard1.4)) (&& (== netstandard1.0) (>= netstandard1.6)) (== netstandard1.6) (== netstandard2.0)
      System.Runtime.InteropServices (>= 4.3) - restriction: || (&& (== net452) (>= netcoreapp5.0)) (&& (== net452) (>= netstandard1.6)) (== netcoreapp3.1) (&& (== netstandard1.0) (>= netcoreapp5.0)) (&& (== netstandard1.0) (>= netstandard1.6)) (== netstandard1.6) (== netstandard2.0)
      System.Runtime.Numerics (>= 4.3) - restriction: || (&& (== net452) (>= netcoreapp5.0)) (&& (== net452) (>= netstandard1.6)) (== netcoreapp3.1) (&& (== netstandard1.0) (>= netcoreapp5.0)) (&& (== netstandard1.0) (>= netstandard1.6)) (== netstandard1.6) (== netstandard2.0)
      System.Security.Cryptography.Algorithms (>= 4.3) - restriction: || (&& (== net452) (>= net46)) (&& (== net452) (>= net461)) (&& (== net452) (>= netcoreapp5.0)) (&& (== net452) (>= netstandard1.3)) (&& (== net452) (>= netstandard1.4)) (&& (== net452) (>= netstandard1.6)) (== netcoreapp3.1) (&& (== netstandard1.0) (>= net46)) (&& (== netstandard1.0) (>= net461)) (&& (== netstandard1.0) (>= netcoreapp5.0)) (&& (== netstandard1.0) (>= netstandard1.3)) (&& (== netstandard1.0) (>= netstandard1.4)) (&& (== netstandard1.0) (>= netstandard1.6)) (== netstandard1.6) (== netstandard2.0)
      System.Security.Cryptography.Cng (>= 4.3) - restriction: || (&& (== net452) (>= netcoreapp5.0)) (&& (== net452) (>= netstandard1.6)) (== netcoreapp3.1) (&& (== netstandard1.0) (>= netcoreapp5.0)) (&& (== netstandard1.0) (>= netstandard1.6)) (== netstandard1.6) (== netstandard2.0)
      System.Security.Cryptography.Csp (>= 4.3) - restriction: || (&& (== net452) (>= netstandard1.6)) (== netcoreapp3.1) (&& (== netstandard1.0) (>= netstandard1.6)) (== netstandard1.6) (== netstandard2.0)
      System.Security.Cryptography.Encoding (>= 4.3) - restriction: || (&& (== net452) (>= net46)) (&& (== net452) (>= net461)) (&& (== net452) (>= netcoreapp5.0)) (&& (== net452) (>= netstandard1.3)) (&& (== net452) (>= netstandard1.4)) (&& (== net452) (>= netstandard1.6)) (== netcoreapp3.1) (&& (== netstandard1.0) (>= net46)) (&& (== netstandard1.0) (>= net461)) (&& (== netstandard1.0) (>= netcoreapp5.0)) (&& (== netstandard1.0) (>= netstandard1.3)) (&& (== netstandard1.0) (>= netstandard1.4)) (&& (== netstandard1.0) (>= netstandard1.6)) (== netstandard1.6) (== netstandard2.0)
      System.Security.Cryptography.OpenSsl (>= 4.3) - restriction: || (&& (== net452) (>= netstandard1.6)) (== netcoreapp3.1) (&& (== netstandard1.0) (>= netstandard1.6)) (== netstandard1.6) (== netstandard2.0)
      System.Security.Cryptography.Primitives (>= 4.3) - restriction: || (&& (== net452) (>= netcoreapp5.0)) (&& (== net452) (>= netstandard1.6)) (== netcoreapp3.1) (&& (== netstandard1.0) (>= netcoreapp5.0)) (&& (== netstandard1.0) (>= netstandard1.6)) (== netstandard1.6) (== netstandard2.0)
      System.Text.Encoding (>= 4.3) - restriction: || (&& (== net452) (>= netcoreapp5.0)) (&& (== net452) (>= netstandard1.6)) (== netcoreapp3.1) (&& (== netstandard1.0) (>= netcoreapp5.0)) (&& (== netstandard1.0) (>= netstandard1.6)) (== netstandard1.6) (== netstandard2.0)
      System.Threading (>= 4.3) - restriction: || (&& (== net452) (>= netcoreapp5.0)) (&& (== net452) (>= netstandard1.6)) (== netcoreapp3.1) (&& (== netstandard1.0) (>= netcoreapp5.0)) (&& (== netstandard1.0) (>= netstandard1.6)) (== netstandard1.6) (== netstandard2.0)
    System.Security.Principal.Windows (5.0.0) - version_in_path: true, restriction: || (&& (== net452) (>= netcoreapp2.1)) (== netcoreapp3.1) (&& (== netstandard1.0) (>= netcoreapp2.1)) (&& (== netstandard1.6) (>= netcoreapp2.1)) (&& (== netstandard2.0) (>= netcoreapp2.1))
    System.Text.Encoding (4.3.0) - version_in_path: true, restriction: || (&& (== net452) (< net45) (>= netstandard1.6)) (&& (== net452) (>= netcoreapp2.1)) (&& (== net452) (>= netcoreapp5.0)) (== netcoreapp3.1) (&& (== netstandard1.0) (>= netcoreapp2.1)) (&& (== netstandard1.0) (>= netcoreapp5.0)) (&& (== netstandard1.0) (>= netstandard1.6)) (== netstandard1.6) (== netstandard2.0)
      Microsoft.NETCore.Platforms (>= 1.1) - restriction: || (&& (== net452) (< net45)) (&& (== net452) (>= netcoreapp5.0)) (== netcoreapp3.1) (== netstandard1.0) (== netstandard1.6) (== netstandard2.0)
      Microsoft.NETCore.Targets (>= 1.1) - restriction: || (&& (== net452) (< net45)) (&& (== net452) (>= netcoreapp5.0)) (== netcoreapp3.1) (== netstandard1.0) (== netstandard1.6) (== netstandard2.0)
      System.Runtime (>= 4.3) - restriction: || (&& (== net452) (< net45)) (&& (== net452) (>= netcoreapp5.0)) (== netcoreapp3.1) (== netstandard1.0) (== netstandard1.6) (== netstandard2.0)
    System.Text.Encoding.Extensions (4.3.0) - version_in_path: true, restriction: || (&& (== net452) (>= netcoreapp2.1)) (== netcoreapp3.1) (&& (== netstandard1.0) (>= netcoreapp2.1)) (&& (== netstandard1.6) (>= netcoreapp2.1)) (&& (== netstandard2.0) (>= netcoreapp2.1))
      Microsoft.NETCore.Platforms (>= 1.1) - restriction: || (&& (== net452) (< net45)) (&& (== net452) (>= netcoreapp5.0)) (== netcoreapp3.1) (== netstandard1.0) (== netstandard1.6) (== netstandard2.0)
      Microsoft.NETCore.Targets (>= 1.1) - restriction: || (&& (== net452) (< net45)) (&& (== net452) (>= netcoreapp5.0)) (== netcoreapp3.1) (== netstandard1.0) (== netstandard1.6) (== netstandard2.0)
      System.Runtime (>= 4.3) - restriction: || (&& (== net452) (< net45)) (&& (== net452) (>= netcoreapp5.0)) (== netcoreapp3.1) (== netstandard1.0) (== netstandard1.6) (== netstandard2.0)
      System.Text.Encoding (>= 4.3) - restriction: || (&& (== net452) (< net45)) (&& (== net452) (>= netcoreapp5.0)) (== netcoreapp3.1) (== netstandard1.0) (== netstandard1.6) (== netstandard2.0)
    System.Text.RegularExpressions (4.3.1) - restriction: || (&& (== net452) (< net45) (>= netstandard1.6)) (&& (== net452) (>= netcoreapp2.1)) (&& (== net452) (>= netcoreapp5.0)) (== netcoreapp3.1) (&& (== netstandard1.0) (>= netcoreapp2.1)) (&& (== netstandard1.0) (>= netcoreapp5.0)) (&& (== netstandard1.0) (>= netstandard1.6)) (== netstandard1.6) (== netstandard2.0)
      System.Collections (>= 4.3) - restriction: || (&& (== net452) (== netcoreapp3.1)) (&& (== net452) (< net45) (>= netstandard1.6)) (&& (== net452) (>= netcoreapp5.0)) (&& (== netcoreapp3.1) (== netstandard1.0)) (&& (== netcoreapp3.1) (< netcoreapp1.1)) (&& (== netcoreapp3.1) (>= netcoreapp5.0)) (&& (== netstandard1.0) (>= netcoreapp5.0)) (&& (== netstandard1.0) (>= netstandard1.6)) (== netstandard1.6) (== netstandard2.0)
      System.Globalization (>= 4.3) - restriction: || (&& (== net452) (== netcoreapp3.1)) (&& (== net452) (< net45) (>= netstandard1.6)) (&& (== net452) (>= netcoreapp5.0)) (&& (== netcoreapp3.1) (== netstandard1.0)) (&& (== netcoreapp3.1) (< netcoreapp1.1)) (&& (== netcoreapp3.1) (>= netcoreapp5.0)) (&& (== netstandard1.0) (>= netcoreapp5.0)) (&& (== netstandard1.0) (>= netstandard1.6)) (== netstandard1.6) (== netstandard2.0)
      System.Resources.ResourceManager (>= 4.3) - restriction: || (&& (== net452) (== netcoreapp3.1)) (&& (== net452) (< net45) (>= netstandard1.6)) (&& (== net452) (>= netcoreapp5.0)) (&& (== netcoreapp3.1) (== netstandard1.0)) (&& (== netcoreapp3.1) (< netcoreapp1.1)) (&& (== netcoreapp3.1) (>= netcoreapp5.0)) (&& (== netstandard1.0) (>= netcoreapp5.0)) (&& (== netstandard1.0) (>= netstandard1.6)) (== netstandard1.6) (== netstandard2.0)
      System.Runtime (>= 4.3.1) - restriction: || (&& (== net452) (< net45)) (&& (== net452) (>= netcoreapp1.1)) (== netcoreapp3.1) (== netstandard1.0) (== netstandard1.6) (== netstandard2.0)
      System.Runtime.Extensions (>= 4.3.1) - restriction: || (&& (== net452) (== netcoreapp3.1)) (&& (== net452) (< net45) (>= netstandard1.6)) (&& (== net452) (>= netcoreapp5.0)) (&& (== netcoreapp3.1) (== netstandard1.0)) (&& (== netcoreapp3.1) (< netcoreapp1.1)) (&& (== netcoreapp3.1) (>= netcoreapp5.0)) (&& (== netstandard1.0) (>= netcoreapp5.0)) (&& (== netstandard1.0) (>= netstandard1.6)) (== netstandard1.6) (== netstandard2.0)
      System.Threading (>= 4.3) - restriction: || (&& (== net452) (== netcoreapp3.1)) (&& (== net452) (< net45) (>= netstandard1.6)) (&& (== net452) (>= netcoreapp5.0)) (&& (== netcoreapp3.1) (== netstandard1.0)) (&& (== netcoreapp3.1) (< netcoreapp1.1)) (&& (== netcoreapp3.1) (>= netcoreapp5.0)) (&& (== netstandard1.0) (>= netcoreapp5.0)) (&& (== netstandard1.0) (>= netstandard1.6)) (== netstandard1.6) (== netstandard2.0)
    System.Threading (4.3.0) - version_in_path: true, restriction: || (&& (== net452) (< net45) (>= netstandard1.6)) (&& (== net452) (>= netcoreapp1.0)) (&& (== net452) (>= netcoreapp5.0)) (== netcoreapp3.1) (&& (== netstandard1.0) (>= netcoreapp1.0)) (&& (== netstandard1.0) (>= netcoreapp5.0)) (&& (== netstandard1.0) (>= netstandard1.6)) (== netstandard1.6) (== netstandard2.0)
      System.Runtime (>= 4.3) - restriction: || (&& (== net452) (< net45)) (&& (== net452) (>= netcoreapp5.0)) (== netcoreapp3.1) (== netstandard1.0) (== netstandard1.6) (== netstandard2.0)
      System.Threading.Tasks (>= 4.3) - restriction: || (&& (== net452) (< net45)) (&& (== net452) (>= netcoreapp5.0)) (== netcoreapp3.1) (== netstandard1.0) (== netstandard1.6) (== netstandard2.0)
    System.Threading.Tasks (4.3.0) - version_in_path: true, restriction: || (&& (== net452) (< net45) (>= netstandard1.6)) (&& (== net452) (>= netcoreapp2.1)) (&& (== net452) (>= netcoreapp5.0)) (== netcoreapp3.1) (&& (== netstandard1.0) (>= netcoreapp2.1)) (&& (== netstandard1.0) (>= netcoreapp5.0)) (&& (== netstandard1.0) (>= netstandard1.6)) (== netstandard1.6) (== netstandard2.0)
      Microsoft.NETCore.Platforms (>= 1.1) - restriction: || (&& (== net452) (< net45)) (&& (== net452) (>= netcoreapp5.0)) (== netcoreapp3.1) (== netstandard1.0) (== netstandard1.6) (== netstandard2.0)
      Microsoft.NETCore.Targets (>= 1.1) - restriction: || (&& (== net452) (< net45)) (&& (== net452) (>= netcoreapp5.0)) (== netcoreapp3.1) (== netstandard1.0) (== netstandard1.6) (== netstandard2.0)
      System.Runtime (>= 4.3) - restriction: || (&& (== net452) (< net45)) (&& (== net452) (>= netcoreapp5.0)) (== netcoreapp3.1) (== netstandard1.0) (== netstandard1.6) (== netstandard2.0)
    System.Threading.Tasks.Extensions (4.5.4) - version_in_path: true, restriction: || (&& (== net452) (>= netcoreapp2.1)) (&& (== net452) (>= netcoreapp5.0)) (== netcoreapp3.1) (&& (== netstandard1.0) (>= netcoreapp2.1)) (&& (== netstandard1.0) (>= netcoreapp5.0)) (&& (== netstandard1.6) (>= netcoreapp2.1)) (&& (== netstandard1.6) (>= netcoreapp5.0)) (&& (== netstandard2.0) (>= netcoreapp2.1)) (&& (== netstandard2.0) (>= netcoreapp5.0))
    System.Threading.Tasks.Parallel (4.3) - restriction: || (&& (== net452) (< net45) (>= netstandard1.6)) (== netcoreapp3.1) (&& (== netstandard1.0) (>= netstandard1.6)) (== netstandard1.6) (== netstandard2.0)
      System.Collections.Concurrent (>= 4.3) - restriction: || (&& (== net452) (== netstandard1.0)) (&& (== net452) (< net45)) (&& (== net452) (>= netcoreapp5.0)) (== netcoreapp3.1) (&& (== netstandard1.0) (>= netcoreapp5.0)) (&& (== netstandard1.0) (>= netstandard1.1)) (&& (== netstandard1.0) (>= netstandard1.3)) (== netstandard1.6) (== netstandard2.0)
      System.Diagnostics.Debug (>= 4.3) - restriction: || (&& (== net452) (< net45) (>= netstandard1.3)) (&& (== net452) (>= netcoreapp5.0)) (== netcoreapp3.1) (&& (== netstandard1.0) (>= netcoreapp5.0)) (&& (== netstandard1.0) (>= netstandard1.3)) (== netstandard1.6) (== netstandard2.0)
      System.Diagnostics.Tracing (>= 4.3) - restriction: || (&& (== net452) (< net45) (>= netstandard1.3)) (&& (== net452) (>= netcoreapp5.0)) (== netcoreapp3.1) (&& (== netstandard1.0) (>= netcoreapp5.0)) (&& (== netstandard1.0) (>= netstandard1.3)) (== netstandard1.6) (== netstandard2.0)
      System.Resources.ResourceManager (>= 4.3) - restriction: || (&& (== net452) (< net45) (>= netstandard1.3)) (&& (== net452) (>= netcoreapp5.0)) (== netcoreapp3.1) (&& (== netstandard1.0) (>= netcoreapp5.0)) (&& (== netstandard1.0) (>= netstandard1.3)) (== netstandard1.6) (== netstandard2.0)
      System.Runtime (>= 4.3) - restriction: || (&& (== net452) (== netstandard1.0)) (&& (== net452) (< net45)) (&& (== net452) (>= netcoreapp5.0)) (== netcoreapp3.1) (&& (== netstandard1.0) (>= netcoreapp5.0)) (&& (== netstandard1.0) (>= netstandard1.1)) (&& (== netstandard1.0) (>= netstandard1.3)) (== netstandard1.6) (== netstandard2.0)
      System.Runtime.Extensions (>= 4.3) - restriction: || (&& (== net452) (< net45) (>= netstandard1.3)) (&& (== net452) (>= netcoreapp5.0)) (== netcoreapp3.1) (&& (== netstandard1.0) (>= netcoreapp5.0)) (&& (== netstandard1.0) (>= netstandard1.3)) (== netstandard1.6) (== netstandard2.0)
      System.Threading (>= 4.3) - restriction: || (&& (== net452) (< net45) (>= netstandard1.3)) (&& (== net452) (>= netcoreapp5.0)) (== netcoreapp3.1) (&& (== netstandard1.0) (>= netcoreapp5.0)) (&& (== netstandard1.0) (>= netstandard1.3)) (== netstandard1.6) (== netstandard2.0)
      System.Threading.Tasks (>= 4.3) - restriction: || (&& (== net452) (== netstandard1.0)) (&& (== net452) (< net45)) (&& (== net452) (>= netcoreapp5.0)) (== netcoreapp3.1) (&& (== netstandard1.0) (>= netcoreapp5.0)) (&& (== netstandard1.0) (>= netstandard1.1)) (&& (== netstandard1.0) (>= netstandard1.3)) (== netstandard1.6) (== netstandard2.0)
    System.Threading.Thread (4.3.0) - version_in_path: true, restriction: || (&& (== net452) (< net45) (>= netstandard1.6)) (&& (== net452) (>= netcoreapp2.1)) (== netcoreapp3.1) (&& (== netstandard1.0) (>= netcoreapp2.1)) (&& (== netstandard1.0) (>= netstandard1.6)) (== netstandard1.6) (== netstandard2.0)
      System.Runtime (>= 4.3) - restriction: || (&& (== net452) (>= netstandard1.3)) (== netcoreapp3.1) (&& (== netstandard1.0) (>= netstandard1.3)) (== netstandard1.6) (== netstandard2.0)
    System.Threading.ThreadPool (4.3) - restriction: || (&& (== net452) (< net45) (>= netstandard1.6)) (&& (== net452) (>= netcoreapp2.1)) (== netcoreapp3.1) (&& (== netstandard1.0) (>= netcoreapp2.1)) (&& (== netstandard1.0) (>= netstandard1.6)) (== netstandard1.6) (== netstandard2.0)
      System.Runtime (>= 4.3) - restriction: || (&& (== net452) (>= netstandard1.3)) (== netcoreapp3.1) (&& (== netstandard1.0) (>= netstandard1.3)) (== netstandard1.6) (== netstandard2.0)
      System.Runtime.Handles (>= 4.3) - restriction: || (&& (== net452) (>= netstandard1.3)) (== netcoreapp3.1) (&& (== netstandard1.0) (>= netstandard1.3)) (== netstandard1.6) (== netstandard2.0)
    System.Threading.Timer (4.3) - restriction: || (&& (== net452) (< net45) (>= netstandard1.6)) (== netcoreapp3.1) (&& (== netstandard1.0) (>= netstandard1.6)) (== netstandard1.6) (== netstandard2.0)
      Microsoft.NETCore.Platforms (>= 1.1) - restriction: || (&& (== net452) (== netstandard1.0)) (&& (== net452) (< net451)) (&& (== net452) (>= netcoreapp5.0)) (== netcoreapp3.1) (&& (== netstandard1.0) (>= netcoreapp5.0)) (&& (== netstandard1.0) (>= netstandard1.2)) (== netstandard1.6) (== netstandard2.0)
      Microsoft.NETCore.Targets (>= 1.1) - restriction: || (&& (== net452) (== netstandard1.0)) (&& (== net452) (< net451)) (&& (== net452) (>= netcoreapp5.0)) (== netcoreapp3.1) (&& (== netstandard1.0) (>= netcoreapp5.0)) (&& (== netstandard1.0) (>= netstandard1.2)) (== netstandard1.6) (== netstandard2.0)
      System.Runtime (>= 4.3) - restriction: || (&& (== net452) (== netstandard1.0)) (&& (== net452) (< net451)) (&& (== net452) (>= netcoreapp5.0)) (== netcoreapp3.1) (&& (== netstandard1.0) (>= netcoreapp5.0)) (&& (== netstandard1.0) (>= netstandard1.2)) (== netstandard1.6) (== netstandard2.0)
    System.Xml.ReaderWriter (4.3.1) - version_in_path: true, restriction: || (&& (== net452) (>= netcoreapp2.1)) (== netcoreapp3.1) (&& (== netstandard1.0) (>= netcoreapp2.1)) (&& (== netstandard1.6) (>= netcoreapp2.1)) (&& (== netstandard2.0) (>= netcoreapp2.1))
      System.Collections (>= 4.3) - restriction: || (&& (== net452) (< net45) (>= netstandard1.3)) (&& (== net452) (>= netcoreapp5.0)) (== netcoreapp3.1) (&& (== netstandard1.0) (>= netcoreapp5.0)) (&& (== netstandard1.0) (>= netstandard1.3)) (== netstandard1.6) (== netstandard2.0)
      System.Diagnostics.Debug (>= 4.3) - restriction: || (&& (== net452) (< net45) (>= netstandard1.3)) (&& (== net452) (>= netcoreapp5.0)) (== netcoreapp3.1) (&& (== netstandard1.0) (>= netcoreapp5.0)) (&& (== netstandard1.0) (>= netstandard1.3)) (== netstandard1.6) (== netstandard2.0)
      System.Globalization (>= 4.3) - restriction: || (&& (== net452) (< net45) (>= netstandard1.3)) (&& (== net452) (>= netcoreapp5.0)) (== netcoreapp3.1) (&& (== netstandard1.0) (>= netcoreapp5.0)) (&& (== netstandard1.0) (>= netstandard1.3)) (== netstandard1.6) (== netstandard2.0)
      System.IO (>= 4.3) - restriction: || (&& (== net452) (< net45)) (&& (== net452) (>= netcoreapp5.0)) (== netcoreapp3.1) (== netstandard1.0) (== netstandard1.6) (== netstandard2.0)
      System.IO.FileSystem (>= 4.3) - restriction: || (&& (== net452) (< net45) (>= netstandard1.3)) (&& (== net452) (>= netcoreapp5.0)) (== netcoreapp3.1) (&& (== netstandard1.0) (>= netcoreapp5.0)) (&& (== netstandard1.0) (>= netstandard1.3)) (== netstandard1.6) (== netstandard2.0)
      System.IO.FileSystem.Primitives (>= 4.3) - restriction: || (&& (== net452) (< net45) (>= netstandard1.3)) (&& (== net452) (>= netcoreapp5.0)) (== netcoreapp3.1) (&& (== netstandard1.0) (>= netcoreapp5.0)) (&& (== netstandard1.0) (>= netstandard1.3)) (== netstandard1.6) (== netstandard2.0)
      System.Resources.ResourceManager (>= 4.3) - restriction: || (&& (== net452) (< net45) (>= netstandard1.3)) (&& (== net452) (>= netcoreapp5.0)) (== netcoreapp3.1) (&& (== netstandard1.0) (>= netcoreapp5.0)) (&& (== netstandard1.0) (>= netstandard1.3)) (== netstandard1.6) (== netstandard2.0)
      System.Runtime (>= 4.3) - restriction: || (&& (== net452) (< net45)) (&& (== net452) (>= netcoreapp5.0)) (== netcoreapp3.1) (== netstandard1.0) (== netstandard1.6) (== netstandard2.0)
      System.Runtime.Extensions (>= 4.3) - restriction: || (&& (== net452) (< net45) (>= netstandard1.3)) (&& (== net452) (>= netcoreapp5.0)) (== netcoreapp3.1) (&& (== netstandard1.0) (>= netcoreapp5.0)) (&& (== netstandard1.0) (>= netstandard1.3)) (== netstandard1.6) (== netstandard2.0)
      System.Runtime.InteropServices (>= 4.3) - restriction: || (&& (== net452) (< net45) (>= netstandard1.3)) (&& (== net452) (>= netcoreapp5.0)) (== netcoreapp3.1) (&& (== netstandard1.0) (>= netcoreapp5.0)) (&& (== netstandard1.0) (>= netstandard1.3)) (== netstandard1.6) (== netstandard2.0)
      System.Text.Encoding (>= 4.3) - restriction: || (&& (== net452) (< net45)) (&& (== net452) (>= netcoreapp5.0)) (== netcoreapp3.1) (== netstandard1.0) (== netstandard1.6) (== netstandard2.0)
      System.Text.Encoding.Extensions (>= 4.3) - restriction: || (&& (== net452) (< net45) (>= netstandard1.3)) (&& (== net452) (>= netcoreapp5.0)) (== netcoreapp3.1) (&& (== netstandard1.0) (>= netcoreapp5.0)) (&& (== netstandard1.0) (>= netstandard1.3)) (== netstandard1.6) (== netstandard2.0)
      System.Text.RegularExpressions (>= 4.3) - restriction: || (&& (== net452) (< net45) (>= netstandard1.3)) (&& (== net452) (>= netcoreapp5.0)) (== netcoreapp3.1) (&& (== netstandard1.0) (>= netcoreapp5.0)) (&& (== netstandard1.0) (>= netstandard1.3)) (== netstandard1.6) (== netstandard2.0)
      System.Threading.Tasks (>= 4.3) - restriction: || (&& (== net452) (< net45)) (&& (== net452) (>= netcoreapp5.0)) (== netcoreapp3.1) (== netstandard1.0) (== netstandard1.6) (== netstandard2.0)
      System.Threading.Tasks.Extensions (>= 4.3) - restriction: || (&& (== net452) (< net45) (>= netstandard1.3)) (&& (== net452) (>= netcoreapp5.0)) (== netcoreapp3.1) (&& (== netstandard1.0) (>= netcoreapp5.0)) (&& (== netstandard1.0) (>= netstandard1.3)) (== netstandard1.6) (== netstandard2.0)
    System.Xml.XmlDocument (4.3.0) - version_in_path: true, restriction: || (&& (== net452) (>= netcoreapp2.1)) (== netcoreapp3.1) (&& (== netstandard1.0) (>= netcoreapp2.1)) (&& (== netstandard1.6) (>= netcoreapp2.1)) (&& (== netstandard2.0) (>= netcoreapp2.1))
      System.Collections (>= 4.3) - restriction: || (&& (== net452) (>= netstandard1.3)) (== netcoreapp3.1) (&& (== netstandard1.0) (>= netstandard1.3)) (== netstandard1.6) (== netstandard2.0)
      System.Diagnostics.Debug (>= 4.3) - restriction: || (&& (== net452) (>= netstandard1.3)) (== netcoreapp3.1) (&& (== netstandard1.0) (>= netstandard1.3)) (== netstandard1.6) (== netstandard2.0)
      System.Globalization (>= 4.3) - restriction: || (&& (== net452) (>= netstandard1.3)) (== netcoreapp3.1) (&& (== netstandard1.0) (>= netstandard1.3)) (== netstandard1.6) (== netstandard2.0)
      System.IO (>= 4.3) - restriction: || (&& (== net452) (>= netstandard1.3)) (== netcoreapp3.1) (&& (== netstandard1.0) (>= netstandard1.3)) (== netstandard1.6) (== netstandard2.0)
      System.Resources.ResourceManager (>= 4.3) - restriction: || (&& (== net452) (>= netstandard1.3)) (== netcoreapp3.1) (&& (== netstandard1.0) (>= netstandard1.3)) (== netstandard1.6) (== netstandard2.0)
      System.Runtime (>= 4.3) - restriction: || (&& (== net452) (>= netstandard1.3)) (== netcoreapp3.1) (&& (== netstandard1.0) (>= netstandard1.3)) (== netstandard1.6) (== netstandard2.0)
      System.Runtime.Extensions (>= 4.3) - restriction: || (&& (== net452) (>= netstandard1.3)) (== netcoreapp3.1) (&& (== netstandard1.0) (>= netstandard1.3)) (== netstandard1.6) (== netstandard2.0)
      System.Text.Encoding (>= 4.3) - restriction: || (&& (== net452) (>= netstandard1.3)) (== netcoreapp3.1) (&& (== netstandard1.0) (>= netstandard1.3)) (== netstandard1.6) (== netstandard2.0)
      System.Threading (>= 4.3) - restriction: || (&& (== net452) (>= netstandard1.3)) (== netcoreapp3.1) (&& (== netstandard1.0) (>= netstandard1.3)) (== netstandard1.6) (== netstandard2.0)
      System.Xml.ReaderWriter (>= 4.3) - restriction: || (&& (== net452) (>= netstandard1.3)) (== netcoreapp3.1) (&& (== netstandard1.0) (>= netstandard1.3)) (== netstandard1.6) (== netstandard2.0)
    System.Xml.XPath (4.3.0) - version_in_path: true, restriction: || (&& (== net452) (>= netcoreapp2.1)) (== netcoreapp3.1) (&& (== netstandard1.0) (>= netcoreapp2.1)) (&& (== netstandard1.6) (>= netcoreapp2.1)) (&& (== netstandard2.0) (>= netcoreapp2.1))
      System.Collections (>= 4.3) - restriction: || (&& (== net452) (>= netstandard1.3)) (== netcoreapp3.1) (&& (== netstandard1.0) (>= netstandard1.3)) (== netstandard1.6) (== netstandard2.0)
      System.Diagnostics.Debug (>= 4.3) - restriction: || (&& (== net452) (>= netstandard1.3)) (== netcoreapp3.1) (&& (== netstandard1.0) (>= netstandard1.3)) (== netstandard1.6) (== netstandard2.0)
      System.Globalization (>= 4.3) - restriction: || (&& (== net452) (>= netstandard1.3)) (== netcoreapp3.1) (&& (== netstandard1.0) (>= netstandard1.3)) (== netstandard1.6) (== netstandard2.0)
      System.IO (>= 4.3) - restriction: || (&& (== net452) (>= netstandard1.3)) (== netcoreapp3.1) (&& (== netstandard1.0) (>= netstandard1.3)) (== netstandard1.6) (== netstandard2.0)
      System.Resources.ResourceManager (>= 4.3) - restriction: || (&& (== net452) (>= netstandard1.3)) (== netcoreapp3.1) (&& (== netstandard1.0) (>= netstandard1.3)) (== netstandard1.6) (== netstandard2.0)
      System.Runtime (>= 4.3) - restriction: || (&& (== net452) (>= netstandard1.3)) (== netcoreapp3.1) (&& (== netstandard1.0) (>= netstandard1.3)) (== netstandard1.6) (== netstandard2.0)
      System.Runtime.Extensions (>= 4.3) - restriction: || (&& (== net452) (>= netstandard1.3)) (== netcoreapp3.1) (&& (== netstandard1.0) (>= netstandard1.3)) (== netstandard1.6) (== netstandard2.0)
      System.Threading (>= 4.3) - restriction: || (&& (== net452) (>= netstandard1.3)) (== netcoreapp3.1) (&& (== netstandard1.0) (>= netstandard1.3)) (== netstandard1.6) (== netstandard2.0)
      System.Xml.ReaderWriter (>= 4.3) - restriction: || (&& (== net452) (>= netstandard1.3)) (== netcoreapp3.1) (&& (== netstandard1.0) (>= netstandard1.3)) (== netstandard1.6) (== netstandard2.0)
    System.Xml.XPath.XmlDocument (4.3.0) - version_in_path: true, restriction: || (&& (== net452) (>= netcoreapp2.1)) (== netcoreapp3.1) (&& (== netstandard1.0) (>= netcoreapp2.1)) (&& (== netstandard1.6) (>= netcoreapp2.1)) (&& (== netstandard2.0) (>= netcoreapp2.1))
      System.Collections (>= 4.3) - restriction: || (&& (== net452) (>= netstandard1.3)) (== netcoreapp3.1) (&& (== netstandard1.0) (>= netstandard1.3)) (== netstandard1.6) (== netstandard2.0)
      System.Globalization (>= 4.3) - restriction: || (&& (== net452) (>= netstandard1.3)) (== netcoreapp3.1) (&& (== netstandard1.0) (>= netstandard1.3)) (== netstandard1.6) (== netstandard2.0)
      System.IO (>= 4.3) - restriction: || (&& (== net452) (>= netstandard1.3)) (== netcoreapp3.1) (&& (== netstandard1.0) (>= netstandard1.3)) (== netstandard1.6) (== netstandard2.0)
      System.Resources.ResourceManager (>= 4.3) - restriction: || (&& (== net452) (>= netstandard1.3)) (== netcoreapp3.1) (&& (== netstandard1.0) (>= netstandard1.3)) (== netstandard1.6) (== netstandard2.0)
      System.Runtime (>= 4.3) - restriction: || (&& (== net452) (>= netstandard1.3)) (== netcoreapp3.1) (&& (== netstandard1.0) (>= netstandard1.3)) (== netstandard1.6) (== netstandard2.0)
      System.Runtime.Extensions (>= 4.3) - restriction: || (&& (== net452) (>= netstandard1.3)) (== netcoreapp3.1) (&& (== netstandard1.0) (>= netstandard1.3)) (== netstandard1.6) (== netstandard2.0)
      System.Threading (>= 4.3) - restriction: || (&& (== net452) (>= netstandard1.3)) (== netcoreapp3.1) (&& (== netstandard1.0) (>= netstandard1.3)) (== netstandard1.6) (== netstandard2.0)
      System.Xml.ReaderWriter (>= 4.3) - restriction: || (&& (== net452) (>= netstandard1.3)) (== netcoreapp3.1) (&& (== netstandard1.0) (>= netstandard1.3)) (== netstandard1.6) (== netstandard2.0)
      System.Xml.XmlDocument (>= 4.3) - restriction: || (&& (== net452) (>= net46)) (&& (== net452) (>= netstandard1.3)) (== netcoreapp3.1) (&& (== netstandard1.0) (>= net46)) (&& (== netstandard1.0) (>= netstandard1.3)) (== netstandard1.6) (== netstandard2.0)
      System.Xml.XPath (>= 4.3) - restriction: || (&& (== net452) (>= net46)) (&& (== net452) (>= netstandard1.3)) (== netcoreapp3.1) (&& (== netstandard1.0) (>= net46)) (&& (== netstandard1.0) (>= netstandard1.3)) (== netstandard1.6) (== netstandard2.0)
    Unquote (4.0)
      FSharp.Core (>= 4.2.3) - restriction: || (&& (== net452) (>= netstandard2.0)) (== netcoreapp3.1) (&& (== netstandard1.0) (>= netstandard2.0)) (&& (== netstandard1.6) (>= netstandard2.0)) (== netstandard2.0)
    xunit (2.2)
      xunit.assert (2.2)
      xunit.core (2.2)
    xunit.abstractions (2.0.3) - restriction: || (== net452) (== netcoreapp3.1) (&& (== netstandard1.0) (>= netstandard1.1)) (== netstandard1.6) (== netstandard2.0)
      NETStandard.Library (>= 1.6) - restriction: || (&& (== net452) (== netcoreapp3.1)) (&& (== net452) (== netstandard2.0)) (&& (== net452) (< net35)) (&& (== netcoreapp3.1) (< netstandard2.0)) (== netstandard1.0) (== netstandard1.6)
    xunit.assert (2.2)
      NETStandard.Library (>= 1.6) - restriction: || (&& (== net452) (== netstandard1.0)) (== netcoreapp3.1) (&& (== netstandard1.0) (>= netstandard1.1)) (== netstandard1.6) (== netstandard2.0)
    xunit.core (2.2)
      xunit.extensibility.core (2.2)
      xunit.extensibility.execution (2.2)
    xunit.extensibility.core (2.2)
      NETStandard.Library (>= 1.6) - restriction: || (&& (== net452) (== netstandard1.0)) (== netcoreapp3.1) (&& (== netstandard1.0) (>= netstandard1.1)) (== netstandard1.6) (== netstandard2.0)
      xunit.abstractions (>= 2.0.1) - restriction: || (== net452) (== netcoreapp3.1) (&& (== netstandard1.0) (>= netstandard1.1)) (== netstandard1.6) (== netstandard2.0)
    xunit.extensibility.execution (2.2)
      NETStandard.Library (>= 1.6) - restriction: || (&& (== net452) (== netstandard1.0)) (== netcoreapp3.1) (&& (== netstandard1.0) (>= netstandard1.1)) (== netstandard1.6) (== netstandard2.0)
      xunit.extensibility.core (2.2) - restriction: || (== net452) (== netcoreapp3.1) (&& (== netstandard1.0) (>= netstandard1.1)) (== netstandard1.6) (== netstandard2.0)
    xunit.runner.visualstudio (2.4.3) - version_in_path: true

GROUP Build
RESTRICTION: || (== net452) (== netcoreapp3.1) (== netstandard1.0) (== netstandard1.6) (== netstandard2.0)
NUGET
  remote: https://www.nuget.org/api/v2
    BlackFox.VsWhere (1.1) - restriction: || (&& (== net452) (>= net462)) (&& (== net452) (>= netstandard2.0)) (== netcoreapp3.1) (&& (== netstandard1.0) (>= net462)) (&& (== netstandard1.0) (>= netstandard2.0)) (&& (== netstandard1.6) (>= net462)) (&& (== netstandard1.6) (>= netstandard2.0)) (== netstandard2.0)
      FSharp.Core (>= 4.2.3) - restriction: || (&& (== net452) (< net45) (>= netstandard2.0)) (== netcoreapp3.1) (&& (== netstandard1.0) (>= netstandard2.0)) (&& (== netstandard1.6) (>= netstandard2.0)) (== netstandard2.0)
      Microsoft.Win32.Registry (>= 4.7) - restriction: || (&& (== net452) (< net45) (>= netstandard2.0)) (== netcoreapp3.1) (&& (== netstandard1.0) (>= netstandard2.0)) (&& (== netstandard1.6) (>= netstandard2.0)) (== netstandard2.0)
    Fake.Api.GitHub (5.19.1)
      FSharp.Core (>= 4.7) - restriction: || (&& (== net452) (>= net462)) (&& (== net452) (>= netstandard2.0)) (== netcoreapp3.1) (&& (== netstandard1.0) (>= net462)) (&& (== netstandard1.0) (>= netstandard2.0)) (&& (== netstandard1.6) (>= net462)) (&& (== netstandard1.6) (>= netstandard2.0)) (== netstandard2.0)
      Octokit (>= 0.36) - restriction: || (&& (== net452) (>= net462)) (&& (== net452) (>= netstandard2.0)) (== netcoreapp3.1) (&& (== netstandard1.0) (>= net462)) (&& (== netstandard1.0) (>= netstandard2.0)) (&& (== netstandard1.6) (>= net462)) (&& (== netstandard1.6) (>= netstandard2.0)) (== netstandard2.0)
    Fake.BuildServer.AppVeyor (5.19.1)
      Fake.Core.Environment (>= 5.19.1) - restriction: || (&& (== net452) (>= net462)) (&& (== net452) (>= netstandard2.0)) (== netcoreapp3.1) (&& (== netstandard1.0) (>= net462)) (&& (== netstandard1.0) (>= netstandard2.0)) (&& (== netstandard1.6) (>= net462)) (&& (== netstandard1.6) (>= netstandard2.0)) (== netstandard2.0)
      Fake.Core.Process (>= 5.19.1) - restriction: || (&& (== net452) (>= net462)) (&& (== net452) (>= netstandard2.0)) (== netcoreapp3.1) (&& (== netstandard1.0) (>= net462)) (&& (== netstandard1.0) (>= netstandard2.0)) (&& (== netstandard1.6) (>= net462)) (&& (== netstandard1.6) (>= netstandard2.0)) (== netstandard2.0)
      Fake.Core.String (>= 5.19.1) - restriction: || (&& (== net452) (>= net462)) (&& (== net452) (>= netstandard2.0)) (== netcoreapp3.1) (&& (== netstandard1.0) (>= net462)) (&& (== netstandard1.0) (>= netstandard2.0)) (&& (== netstandard1.6) (>= net462)) (&& (== netstandard1.6) (>= netstandard2.0)) (== netstandard2.0)
      Fake.Core.Trace (>= 5.19.1) - restriction: || (&& (== net452) (>= net462)) (&& (== net452) (>= netstandard2.0)) (== netcoreapp3.1) (&& (== netstandard1.0) (>= net462)) (&& (== netstandard1.0) (>= netstandard2.0)) (&& (== netstandard1.6) (>= net462)) (&& (== netstandard1.6) (>= netstandard2.0)) (== netstandard2.0)
      Fake.IO.FileSystem (>= 5.19.1) - restriction: || (&& (== net452) (>= net462)) (&& (== net452) (>= netstandard2.0)) (== netcoreapp3.1) (&& (== netstandard1.0) (>= net462)) (&& (== netstandard1.0) (>= netstandard2.0)) (&& (== netstandard1.6) (>= net462)) (&& (== netstandard1.6) (>= netstandard2.0)) (== netstandard2.0)
      Fake.Net.Http (>= 5.19.1) - restriction: || (&& (== net452) (>= net462)) (&& (== net452) (>= netstandard2.0)) (== netcoreapp3.1) (&& (== netstandard1.0) (>= net462)) (&& (== netstandard1.0) (>= netstandard2.0)) (&& (== netstandard1.6) (>= net462)) (&& (== netstandard1.6) (>= netstandard2.0)) (== netstandard2.0)
      FSharp.Core (>= 4.7) - restriction: || (&& (== net452) (>= net462)) (&& (== net452) (>= netstandard2.0)) (== netcoreapp3.1) (&& (== netstandard1.0) (>= net462)) (&& (== netstandard1.0) (>= netstandard2.0)) (&& (== netstandard1.6) (>= net462)) (&& (== netstandard1.6) (>= netstandard2.0)) (== netstandard2.0)
      System.Diagnostics.FileVersionInfo (>= 4.3) - restriction: || (&& (== net452) (>= net462)) (&& (== net452) (>= netstandard2.0)) (== netcoreapp3.1) (&& (== netstandard1.0) (>= net462)) (&& (== netstandard1.0) (>= netstandard2.0)) (&& (== netstandard1.6) (>= net462)) (&& (== netstandard1.6) (>= netstandard2.0)) (== netstandard2.0)
      System.Diagnostics.Process (>= 4.3) - restriction: || (&& (== net452) (>= net462)) (&& (== net452) (>= netstandard2.0)) (== netcoreapp3.1) (&& (== netstandard1.0) (>= net462)) (&& (== netstandard1.0) (>= netstandard2.0)) (&& (== netstandard1.6) (>= net462)) (&& (== netstandard1.6) (>= netstandard2.0)) (== netstandard2.0)
      System.IO.FileSystem.Watcher (>= 4.3) - restriction: || (&& (== net452) (>= net462)) (&& (== net452) (>= netstandard2.0)) (== netcoreapp3.1) (&& (== netstandard1.0) (>= net462)) (&& (== netstandard1.0) (>= netstandard2.0)) (&& (== netstandard1.6) (>= net462)) (&& (== netstandard1.6) (>= netstandard2.0)) (== netstandard2.0)
      System.Net.Http (>= 4.3.4) - restriction: || (&& (== net452) (>= net462)) (&& (== net452) (>= netstandard2.0)) (== netcoreapp3.1) (&& (== netstandard1.0) (>= net462)) (&& (== netstandard1.0) (>= netstandard2.0)) (&& (== netstandard1.6) (>= net462)) (&& (== netstandard1.6) (>= netstandard2.0)) (== netstandard2.0)
      System.Xml.ReaderWriter (>= 4.3.1) - restriction: || (&& (== net452) (>= netstandard2.0)) (== netcoreapp3.1) (&& (== netstandard1.0) (>= netstandard2.0)) (&& (== netstandard1.6) (>= netstandard2.0)) (== netstandard2.0)
      System.Xml.XDocument (>= 4.3) - restriction: || (&& (== net452) (>= netstandard2.0)) (== netcoreapp3.1) (&& (== netstandard1.0) (>= netstandard2.0)) (&& (== netstandard1.6) (>= netstandard2.0)) (== netstandard2.0)
      System.Xml.XmlDocument (>= 4.3) - restriction: || (&& (== net452) (>= net462)) (&& (== net452) (>= netstandard2.0)) (== netcoreapp3.1) (&& (== netstandard1.0) (>= net462)) (&& (== netstandard1.0) (>= netstandard2.0)) (&& (== netstandard1.6) (>= net462)) (&& (== netstandard1.6) (>= netstandard2.0)) (== netstandard2.0)
      System.Xml.XPath (>= 4.3) - restriction: || (&& (== net452) (>= net462)) (&& (== net452) (>= netstandard2.0)) (== netcoreapp3.1) (&& (== netstandard1.0) (>= net462)) (&& (== netstandard1.0) (>= netstandard2.0)) (&& (== netstandard1.6) (>= net462)) (&& (== netstandard1.6) (>= netstandard2.0)) (== netstandard2.0)
      System.Xml.XPath.XDocument (>= 4.3) - restriction: || (&& (== net452) (>= net462)) (&& (== net452) (>= netstandard2.0)) (== netcoreapp3.1) (&& (== netstandard1.0) (>= net462)) (&& (== netstandard1.0) (>= netstandard2.0)) (&& (== netstandard1.6) (>= net462)) (&& (== netstandard1.6) (>= netstandard2.0)) (== netstandard2.0)
      System.Xml.XPath.XmlDocument (>= 4.3) - restriction: || (&& (== net452) (>= net462)) (&& (== net452) (>= netstandard2.0)) (== netcoreapp3.1) (&& (== netstandard1.0) (>= net462)) (&& (== netstandard1.0) (>= netstandard2.0)) (&& (== netstandard1.6) (>= net462)) (&& (== netstandard1.6) (>= netstandard2.0)) (== netstandard2.0)
    Fake.Core.CommandLineParsing (5.19.1) - restriction: || (&& (== net452) (>= net462)) (&& (== net452) (>= netstandard2.0)) (== netcoreapp3.1) (&& (== netstandard1.0) (>= net462)) (&& (== netstandard1.0) (>= netstandard2.0)) (&& (== netstandard1.6) (>= net462)) (&& (== netstandard1.6) (>= netstandard2.0)) (== netstandard2.0)
      FParsec (>= 1.0.3) - restriction: || (&& (== net452) (>= net462)) (&& (== net452) (>= netstandard2.0)) (== netcoreapp3.1) (&& (== netstandard1.0) (>= net462)) (&& (== netstandard1.0) (>= netstandard2.0)) (&& (== netstandard1.6) (>= net462)) (&& (== netstandard1.6) (>= netstandard2.0)) (== netstandard2.0)
      FSharp.Core (>= 4.7) - restriction: || (&& (== net452) (>= net462)) (&& (== net452) (>= netstandard2.0)) (== netcoreapp3.1) (&& (== netstandard1.0) (>= net462)) (&& (== netstandard1.0) (>= netstandard2.0)) (&& (== netstandard1.6) (>= net462)) (&& (== netstandard1.6) (>= netstandard2.0)) (== netstandard2.0)
    Fake.Core.Context (5.19.1) - restriction: || (&& (== net452) (>= net462)) (&& (== net452) (>= netstandard2.0)) (== netcoreapp3.1) (&& (== netstandard1.0) (>= net462)) (&& (== netstandard1.0) (>= netstandard2.0)) (&& (== netstandard1.6) (>= net462)) (&& (== netstandard1.6) (>= netstandard2.0)) (== netstandard2.0)
      FSharp.Core (>= 4.7) - restriction: || (&& (== net452) (>= net462)) (&& (== net452) (>= netstandard2.0)) (== netcoreapp3.1) (&& (== netstandard1.0) (>= net462)) (&& (== netstandard1.0) (>= netstandard2.0)) (&& (== netstandard1.6) (>= net462)) (&& (== netstandard1.6) (>= netstandard2.0)) (== netstandard2.0)
    Fake.Core.Environment (5.19.1)
      FSharp.Core (>= 4.7) - restriction: || (&& (== net452) (>= net462)) (&& (== net452) (>= netstandard2.0)) (== netcoreapp3.1) (&& (== netstandard1.0) (>= net462)) (&& (== netstandard1.0) (>= netstandard2.0)) (&& (== netstandard1.6) (>= net462)) (&& (== netstandard1.6) (>= netstandard2.0)) (== netstandard2.0)
    Fake.Core.FakeVar (5.19.1) - restriction: || (&& (== net452) (>= net462)) (&& (== net452) (>= netstandard2.0)) (== netcoreapp3.1) (&& (== netstandard1.0) (>= net462)) (&& (== netstandard1.0) (>= netstandard2.0)) (&& (== netstandard1.6) (>= net462)) (&& (== netstandard1.6) (>= netstandard2.0)) (== netstandard2.0)
      Fake.Core.Context (>= 5.19.1) - restriction: || (&& (== net452) (>= net462)) (&& (== net452) (>= netstandard2.0)) (== netcoreapp3.1) (&& (== netstandard1.0) (>= net462)) (&& (== netstandard1.0) (>= netstandard2.0)) (&& (== netstandard1.6) (>= net462)) (&& (== netstandard1.6) (>= netstandard2.0)) (== netstandard2.0)
      FSharp.Core (>= 4.7) - restriction: || (&& (== net452) (>= net462)) (&& (== net452) (>= netstandard2.0)) (== netcoreapp3.1) (&& (== netstandard1.0) (>= net462)) (&& (== netstandard1.0) (>= netstandard2.0)) (&& (== netstandard1.6) (>= net462)) (&& (== netstandard1.6) (>= netstandard2.0)) (== netstandard2.0)
    Fake.Core.Process (5.19.1)
      Fake.Core.Environment (>= 5.19.1) - restriction: || (&& (== net452) (>= net462)) (&& (== net452) (>= netstandard2.0)) (== netcoreapp3.1) (&& (== netstandard1.0) (>= net462)) (&& (== netstandard1.0) (>= netstandard2.0)) (&& (== netstandard1.6) (>= net462)) (&& (== netstandard1.6) (>= netstandard2.0)) (== netstandard2.0)
      Fake.Core.FakeVar (>= 5.19.1) - restriction: || (&& (== net452) (>= net462)) (&& (== net452) (>= netstandard2.0)) (== netcoreapp3.1) (&& (== netstandard1.0) (>= net462)) (&& (== netstandard1.0) (>= netstandard2.0)) (&& (== netstandard1.6) (>= net462)) (&& (== netstandard1.6) (>= netstandard2.0)) (== netstandard2.0)
      Fake.Core.String (>= 5.19.1) - restriction: || (&& (== net452) (>= net462)) (&& (== net452) (>= netstandard2.0)) (== netcoreapp3.1) (&& (== netstandard1.0) (>= net462)) (&& (== netstandard1.0) (>= netstandard2.0)) (&& (== netstandard1.6) (>= net462)) (&& (== netstandard1.6) (>= netstandard2.0)) (== netstandard2.0)
      Fake.Core.Trace (>= 5.19.1) - restriction: || (&& (== net452) (>= net462)) (&& (== net452) (>= netstandard2.0)) (== netcoreapp3.1) (&& (== netstandard1.0) (>= net462)) (&& (== netstandard1.0) (>= netstandard2.0)) (&& (== netstandard1.6) (>= net462)) (&& (== netstandard1.6) (>= netstandard2.0)) (== netstandard2.0)
      Fake.IO.FileSystem (>= 5.19.1) - restriction: || (&& (== net452) (>= net462)) (&& (== net452) (>= netstandard2.0)) (== netcoreapp3.1) (&& (== netstandard1.0) (>= net462)) (&& (== netstandard1.0) (>= netstandard2.0)) (&& (== netstandard1.6) (>= net462)) (&& (== netstandard1.6) (>= netstandard2.0)) (== netstandard2.0)
      FSharp.Core (>= 4.7) - restriction: || (&& (== net452) (>= net462)) (&& (== net452) (>= netstandard2.0)) (== netcoreapp3.1) (&& (== netstandard1.0) (>= net462)) (&& (== netstandard1.0) (>= netstandard2.0)) (&& (== netstandard1.6) (>= net462)) (&& (== netstandard1.6) (>= netstandard2.0)) (== netstandard2.0)
      System.Diagnostics.Process (>= 4.3) - restriction: || (&& (== net452) (>= net462)) (&& (== net452) (>= netstandard2.0)) (== netcoreapp3.1) (&& (== netstandard1.0) (>= net462)) (&& (== netstandard1.0) (>= netstandard2.0)) (&& (== netstandard1.6) (>= net462)) (&& (== netstandard1.6) (>= netstandard2.0)) (== netstandard2.0)
    Fake.Core.ReleaseNotes (5.19.1)
      Fake.Core.SemVer (>= 5.19.1) - restriction: || (&& (== net452) (>= net462)) (&& (== net452) (>= netstandard2.0)) (== netcoreapp3.1) (&& (== netstandard1.0) (>= net462)) (&& (== netstandard1.0) (>= netstandard2.0)) (&& (== netstandard1.6) (>= net462)) (&& (== netstandard1.6) (>= netstandard2.0)) (== netstandard2.0)
      Fake.Core.String (>= 5.19.1) - restriction: || (&& (== net452) (>= net462)) (&& (== net452) (>= netstandard2.0)) (== netcoreapp3.1) (&& (== netstandard1.0) (>= net462)) (&& (== netstandard1.0) (>= netstandard2.0)) (&& (== netstandard1.6) (>= net462)) (&& (== netstandard1.6) (>= netstandard2.0)) (== netstandard2.0)
      FSharp.Core (>= 4.7) - restriction: || (&& (== net452) (>= net462)) (&& (== net452) (>= netstandard2.0)) (== netcoreapp3.1) (&& (== netstandard1.0) (>= net462)) (&& (== netstandard1.0) (>= netstandard2.0)) (&& (== netstandard1.6) (>= net462)) (&& (== netstandard1.6) (>= netstandard2.0)) (== netstandard2.0)
    Fake.Core.SemVer (5.19.1)
      FSharp.Core (>= 4.7) - restriction: || (&& (== net452) (>= net462)) (&& (== net452) (>= netstandard2.0)) (== netcoreapp3.1) (&& (== netstandard1.0) (>= net462)) (&& (== netstandard1.0) (>= netstandard2.0)) (&& (== netstandard1.6) (>= net462)) (&& (== netstandard1.6) (>= netstandard2.0)) (== netstandard2.0)
      System.Runtime.Numerics (>= 4.3) - restriction: || (&& (== net452) (>= net462)) (&& (== net452) (>= netstandard2.0)) (== netcoreapp3.1) (&& (== netstandard1.0) (>= net462)) (&& (== netstandard1.0) (>= netstandard2.0)) (&& (== netstandard1.6) (>= net462)) (&& (== netstandard1.6) (>= netstandard2.0)) (== netstandard2.0)
    Fake.Core.String (5.19.1)
      FSharp.Core (>= 4.7) - restriction: || (&& (== net452) (>= net462)) (&& (== net452) (>= netstandard2.0)) (== netcoreapp3.1) (&& (== netstandard1.0) (>= net462)) (&& (== netstandard1.0) (>= netstandard2.0)) (&& (== netstandard1.6) (>= net462)) (&& (== netstandard1.6) (>= netstandard2.0)) (== netstandard2.0)
    Fake.Core.Target (5.19.1)
      Fake.Core.CommandLineParsing (>= 5.19.1) - restriction: || (&& (== net452) (>= net462)) (&& (== net452) (>= netstandard2.0)) (== netcoreapp3.1) (&& (== netstandard1.0) (>= net462)) (&& (== netstandard1.0) (>= netstandard2.0)) (&& (== netstandard1.6) (>= net462)) (&& (== netstandard1.6) (>= netstandard2.0)) (== netstandard2.0)
      Fake.Core.Context (>= 5.19.1) - restriction: || (&& (== net452) (>= net462)) (&& (== net452) (>= netstandard2.0)) (== netcoreapp3.1) (&& (== netstandard1.0) (>= net462)) (&& (== netstandard1.0) (>= netstandard2.0)) (&& (== netstandard1.6) (>= net462)) (&& (== netstandard1.6) (>= netstandard2.0)) (== netstandard2.0)
      Fake.Core.Environment (>= 5.19.1) - restriction: || (&& (== net452) (>= net462)) (&& (== net452) (>= netstandard2.0)) (== netcoreapp3.1) (&& (== netstandard1.0) (>= net462)) (&& (== netstandard1.0) (>= netstandard2.0)) (&& (== netstandard1.6) (>= net462)) (&& (== netstandard1.6) (>= netstandard2.0)) (== netstandard2.0)
      Fake.Core.FakeVar (>= 5.19.1) - restriction: || (&& (== net452) (>= net462)) (&& (== net452) (>= netstandard2.0)) (== netcoreapp3.1) (&& (== netstandard1.0) (>= net462)) (&& (== netstandard1.0) (>= netstandard2.0)) (&& (== netstandard1.6) (>= net462)) (&& (== netstandard1.6) (>= netstandard2.0)) (== netstandard2.0)
      Fake.Core.Process (>= 5.19.1) - restriction: || (&& (== net452) (>= net462)) (&& (== net452) (>= netstandard2.0)) (== netcoreapp3.1) (&& (== netstandard1.0) (>= net462)) (&& (== netstandard1.0) (>= netstandard2.0)) (&& (== netstandard1.6) (>= net462)) (&& (== netstandard1.6) (>= netstandard2.0)) (== netstandard2.0)
      Fake.Core.String (>= 5.19.1) - restriction: || (&& (== net452) (>= net462)) (&& (== net452) (>= netstandard2.0)) (== netcoreapp3.1) (&& (== netstandard1.0) (>= net462)) (&& (== netstandard1.0) (>= netstandard2.0)) (&& (== netstandard1.6) (>= net462)) (&& (== netstandard1.6) (>= netstandard2.0)) (== netstandard2.0)
      Fake.Core.Trace (>= 5.19.1) - restriction: || (&& (== net452) (>= net462)) (&& (== net452) (>= netstandard2.0)) (== netcoreapp3.1) (&& (== netstandard1.0) (>= net462)) (&& (== netstandard1.0) (>= netstandard2.0)) (&& (== netstandard1.6) (>= net462)) (&& (== netstandard1.6) (>= netstandard2.0)) (== netstandard2.0)
      FSharp.Control.Reactive (>= 4.2) - restriction: || (&& (== net452) (>= net462)) (&& (== net452) (>= netstandard2.0)) (== netcoreapp3.1) (&& (== netstandard1.0) (>= net462)) (&& (== netstandard1.0) (>= netstandard2.0)) (&& (== netstandard1.6) (>= net462)) (&& (== netstandard1.6) (>= netstandard2.0)) (== netstandard2.0)
      FSharp.Core (>= 4.7) - restriction: || (&& (== net452) (>= net462)) (&& (== net452) (>= netstandard2.0)) (== netcoreapp3.1) (&& (== netstandard1.0) (>= net462)) (&& (== netstandard1.0) (>= netstandard2.0)) (&& (== netstandard1.6) (>= net462)) (&& (== netstandard1.6) (>= netstandard2.0)) (== netstandard2.0)
      System.Reactive.Compatibility (>= 4.3.1) - restriction: || (&& (== net452) (>= net462)) (&& (== net452) (>= netstandard2.0)) (== netcoreapp3.1) (&& (== netstandard1.0) (>= net462)) (&& (== netstandard1.0) (>= netstandard2.0)) (&& (== netstandard1.6) (>= net462)) (&& (== netstandard1.6) (>= netstandard2.0)) (== netstandard2.0)
    Fake.Core.Tasks (5.19.1) - restriction: || (&& (== net452) (>= net462)) (&& (== net452) (>= netstandard2.0)) (== netcoreapp3.1) (&& (== netstandard1.0) (>= net462)) (&& (== netstandard1.0) (>= netstandard2.0)) (&& (== netstandard1.6) (>= net462)) (&& (== netstandard1.6) (>= netstandard2.0)) (== netstandard2.0)
      Fake.Core.Trace (>= 5.19.1) - restriction: || (&& (== net452) (>= net462)) (&& (== net452) (>= netstandard2.0)) (== netcoreapp3.1) (&& (== netstandard1.0) (>= net462)) (&& (== netstandard1.0) (>= netstandard2.0)) (&& (== netstandard1.6) (>= net462)) (&& (== netstandard1.6) (>= netstandard2.0)) (== netstandard2.0)
      FSharp.Core (>= 4.7) - restriction: || (&& (== net452) (>= net462)) (&& (== net452) (>= netstandard2.0)) (== netcoreapp3.1) (&& (== netstandard1.0) (>= net462)) (&& (== netstandard1.0) (>= netstandard2.0)) (&& (== netstandard1.6) (>= net462)) (&& (== netstandard1.6) (>= netstandard2.0)) (== netstandard2.0)
    Fake.Core.Trace (5.19.1)
      Fake.Core.Environment (>= 5.19.1) - restriction: || (&& (== net452) (>= net462)) (&& (== net452) (>= netstandard2.0)) (== netcoreapp3.1) (&& (== netstandard1.0) (>= net462)) (&& (== netstandard1.0) (>= netstandard2.0)) (&& (== netstandard1.6) (>= net462)) (&& (== netstandard1.6) (>= netstandard2.0)) (== netstandard2.0)
      Fake.Core.FakeVar (>= 5.19.1) - restriction: || (&& (== net452) (>= net462)) (&& (== net452) (>= netstandard2.0)) (== netcoreapp3.1) (&& (== netstandard1.0) (>= net462)) (&& (== netstandard1.0) (>= netstandard2.0)) (&& (== netstandard1.6) (>= net462)) (&& (== netstandard1.6) (>= netstandard2.0)) (== netstandard2.0)
      FSharp.Core (>= 4.7) - restriction: || (&& (== net452) (>= net462)) (&& (== net452) (>= netstandard2.0)) (== netcoreapp3.1) (&& (== netstandard1.0) (>= net462)) (&& (== netstandard1.0) (>= netstandard2.0)) (&& (== netstandard1.6) (>= net462)) (&& (== netstandard1.6) (>= netstandard2.0)) (== netstandard2.0)
    Fake.Core.UserInput (5.19.1)
      FSharp.Core (>= 4.7) - restriction: || (&& (== net452) (>= net462)) (&& (== net452) (>= netstandard2.0)) (== netcoreapp3.1) (&& (== netstandard1.0) (>= net462)) (&& (== netstandard1.0) (>= netstandard2.0)) (&& (== netstandard1.6) (>= net462)) (&& (== netstandard1.6) (>= netstandard2.0)) (== netstandard2.0)
    Fake.Core.Xml (5.19.1) - restriction: || (&& (== net452) (>= net462)) (&& (== net452) (>= netstandard2.0)) (== netcoreapp3.1) (&& (== netstandard1.0) (>= net462)) (&& (== netstandard1.0) (>= netstandard2.0)) (&& (== netstandard1.6) (>= net462)) (&& (== netstandard1.6) (>= netstandard2.0)) (== netstandard2.0)
      Fake.Core.String (>= 5.19.1) - restriction: || (&& (== net452) (>= net462)) (&& (== net452) (>= netstandard2.0)) (== netcoreapp3.1) (&& (== netstandard1.0) (>= net462)) (&& (== netstandard1.0) (>= netstandard2.0)) (&& (== netstandard1.6) (>= net462)) (&& (== netstandard1.6) (>= netstandard2.0)) (== netstandard2.0)
      FSharp.Core (>= 4.7) - restriction: || (&& (== net452) (>= net462)) (&& (== net452) (>= netstandard2.0)) (== netcoreapp3.1) (&& (== netstandard1.0) (>= net462)) (&& (== netstandard1.0) (>= netstandard2.0)) (&& (== netstandard1.6) (>= net462)) (&& (== netstandard1.6) (>= netstandard2.0)) (== netstandard2.0)
      System.Xml.ReaderWriter (>= 4.3.1) - restriction: || (&& (== net452) (>= netstandard2.0)) (== netcoreapp3.1) (&& (== netstandard1.0) (>= netstandard2.0)) (&& (== netstandard1.6) (>= netstandard2.0)) (== netstandard2.0)
      System.Xml.XDocument (>= 4.3) - restriction: || (&& (== net452) (>= netstandard2.0)) (== netcoreapp3.1) (&& (== netstandard1.0) (>= netstandard2.0)) (&& (== netstandard1.6) (>= netstandard2.0)) (== netstandard2.0)
      System.Xml.XPath (>= 4.3) - restriction: || (&& (== net452) (>= net462)) (&& (== net452) (>= netstandard2.0)) (== netcoreapp3.1) (&& (== netstandard1.0) (>= net462)) (&& (== netstandard1.0) (>= netstandard2.0)) (&& (== netstandard1.6) (>= net462)) (&& (== netstandard1.6) (>= netstandard2.0)) (== netstandard2.0)
      System.Xml.XPath.XDocument (>= 4.3) - restriction: || (&& (== net452) (>= net462)) (&& (== net452) (>= netstandard2.0)) (== netcoreapp3.1) (&& (== netstandard1.0) (>= net462)) (&& (== netstandard1.0) (>= netstandard2.0)) (&& (== netstandard1.6) (>= net462)) (&& (== netstandard1.6) (>= netstandard2.0)) (== netstandard2.0)
      System.Xml.XPath.XmlDocument (>= 4.3) - restriction: || (&& (== net452) (>= net462)) (&& (== net452) (>= netstandard2.0)) (== netcoreapp3.1) (&& (== netstandard1.0) (>= net462)) (&& (== netstandard1.0) (>= netstandard2.0)) (&& (== netstandard1.6) (>= net462)) (&& (== netstandard1.6) (>= netstandard2.0)) (== netstandard2.0)
    Fake.DotNet.AssemblyInfoFile (5.19.1)
      Fake.Core.Environment (>= 5.19.1) - restriction: || (&& (== net452) (>= net462)) (&& (== net452) (>= netstandard2.0)) (== netcoreapp3.1) (&& (== netstandard1.0) (>= net462)) (&& (== netstandard1.0) (>= netstandard2.0)) (&& (== netstandard1.6) (>= net462)) (&& (== netstandard1.6) (>= netstandard2.0)) (== netstandard2.0)
      Fake.Core.String (>= 5.19.1) - restriction: || (&& (== net452) (>= net462)) (&& (== net452) (>= netstandard2.0)) (== netcoreapp3.1) (&& (== netstandard1.0) (>= net462)) (&& (== netstandard1.0) (>= netstandard2.0)) (&& (== netstandard1.6) (>= net462)) (&& (== netstandard1.6) (>= netstandard2.0)) (== netstandard2.0)
      Fake.Core.Trace (>= 5.19.1) - restriction: || (&& (== net452) (>= net462)) (&& (== net452) (>= netstandard2.0)) (== netcoreapp3.1) (&& (== netstandard1.0) (>= net462)) (&& (== netstandard1.0) (>= netstandard2.0)) (&& (== netstandard1.6) (>= net462)) (&& (== netstandard1.6) (>= netstandard2.0)) (== netstandard2.0)
      Fake.IO.FileSystem (>= 5.19.1) - restriction: || (&& (== net452) (>= net462)) (&& (== net452) (>= netstandard2.0)) (== netcoreapp3.1) (&& (== netstandard1.0) (>= net462)) (&& (== netstandard1.0) (>= netstandard2.0)) (&& (== netstandard1.6) (>= net462)) (&& (== netstandard1.6) (>= netstandard2.0)) (== netstandard2.0)
      FSharp.Core (>= 4.7) - restriction: || (&& (== net452) (>= net462)) (&& (== net452) (>= netstandard2.0)) (== netcoreapp3.1) (&& (== netstandard1.0) (>= net462)) (&& (== netstandard1.0) (>= netstandard2.0)) (&& (== netstandard1.6) (>= net462)) (&& (== netstandard1.6) (>= netstandard2.0)) (== netstandard2.0)
    Fake.DotNet.Cli (5.19.1)
      Fake.Core.Environment (>= 5.19.1) - restriction: || (&& (== net452) (>= net462)) (&& (== net452) (>= netstandard2.0)) (== netcoreapp3.1) (&& (== netstandard1.0) (>= net462)) (&& (== netstandard1.0) (>= netstandard2.0)) (&& (== netstandard1.6) (>= net462)) (&& (== netstandard1.6) (>= netstandard2.0)) (== netstandard2.0)
      Fake.Core.Process (>= 5.19.1) - restriction: || (&& (== net452) (>= net462)) (&& (== net452) (>= netstandard2.0)) (== netcoreapp3.1) (&& (== netstandard1.0) (>= net462)) (&& (== netstandard1.0) (>= netstandard2.0)) (&& (== netstandard1.6) (>= net462)) (&& (== netstandard1.6) (>= netstandard2.0)) (== netstandard2.0)
      Fake.Core.String (>= 5.19.1) - restriction: || (&& (== net452) (>= net462)) (&& (== net452) (>= netstandard2.0)) (== netcoreapp3.1) (&& (== netstandard1.0) (>= net462)) (&& (== netstandard1.0) (>= netstandard2.0)) (&& (== netstandard1.6) (>= net462)) (&& (== netstandard1.6) (>= netstandard2.0)) (== netstandard2.0)
      Fake.Core.Trace (>= 5.19.1) - restriction: || (&& (== net452) (>= net462)) (&& (== net452) (>= netstandard2.0)) (== netcoreapp3.1) (&& (== netstandard1.0) (>= net462)) (&& (== netstandard1.0) (>= netstandard2.0)) (&& (== netstandard1.6) (>= net462)) (&& (== netstandard1.6) (>= netstandard2.0)) (== netstandard2.0)
      Fake.DotNet.MsBuild (>= 5.19.1) - restriction: || (&& (== net452) (>= net462)) (&& (== net452) (>= netstandard2.0)) (== netcoreapp3.1) (&& (== netstandard1.0) (>= net462)) (&& (== netstandard1.0) (>= netstandard2.0)) (&& (== netstandard1.6) (>= net462)) (&& (== netstandard1.6) (>= netstandard2.0)) (== netstandard2.0)
      Fake.DotNet.NuGet (>= 5.19.1) - restriction: || (&& (== net452) (>= net462)) (&& (== net452) (>= netstandard2.0)) (== netcoreapp3.1) (&& (== netstandard1.0) (>= net462)) (&& (== netstandard1.0) (>= netstandard2.0)) (&& (== netstandard1.6) (>= net462)) (&& (== netstandard1.6) (>= netstandard2.0)) (== netstandard2.0)
      Fake.IO.FileSystem (>= 5.19.1) - restriction: || (&& (== net452) (>= net462)) (&& (== net452) (>= netstandard2.0)) (== netcoreapp3.1) (&& (== netstandard1.0) (>= net462)) (&& (== netstandard1.0) (>= netstandard2.0)) (&& (== netstandard1.6) (>= net462)) (&& (== netstandard1.6) (>= netstandard2.0)) (== netstandard2.0)
      FSharp.Core (>= 4.7) - restriction: || (&& (== net452) (>= net462)) (&& (== net452) (>= netstandard2.0)) (== netcoreapp3.1) (&& (== netstandard1.0) (>= net462)) (&& (== netstandard1.0) (>= netstandard2.0)) (&& (== netstandard1.6) (>= net462)) (&& (== netstandard1.6) (>= netstandard2.0)) (== netstandard2.0)
      Mono.Posix.NETStandard (>= 1.0) - restriction: || (&& (== net452) (>= net462)) (&& (== net452) (>= netstandard2.0)) (== netcoreapp3.1) (&& (== netstandard1.0) (>= net462)) (&& (== netstandard1.0) (>= netstandard2.0)) (&& (== netstandard1.6) (>= net462)) (&& (== netstandard1.6) (>= netstandard2.0)) (== netstandard2.0)
      Newtonsoft.Json (>= 12.0.3) - restriction: || (&& (== net452) (>= net462)) (&& (== net452) (>= netstandard2.0)) (== netcoreapp3.1) (&& (== netstandard1.0) (>= net462)) (&& (== netstandard1.0) (>= netstandard2.0)) (&& (== netstandard1.6) (>= net462)) (&& (== netstandard1.6) (>= netstandard2.0)) (== netstandard2.0)
    Fake.DotNet.MsBuild (5.19.1)
      BlackFox.VsWhere (>= 1.0) - restriction: || (&& (== net452) (>= net462)) (&& (== net452) (>= netstandard2.0)) (== netcoreapp3.1) (&& (== netstandard1.0) (>= net462)) (&& (== netstandard1.0) (>= netstandard2.0)) (&& (== netstandard1.6) (>= net462)) (&& (== netstandard1.6) (>= netstandard2.0)) (== netstandard2.0)
      Fake.Core.Environment (>= 5.19.1) - restriction: || (&& (== net452) (>= net462)) (&& (== net452) (>= netstandard2.0)) (== netcoreapp3.1) (&& (== netstandard1.0) (>= net462)) (&& (== netstandard1.0) (>= netstandard2.0)) (&& (== netstandard1.6) (>= net462)) (&& (== netstandard1.6) (>= netstandard2.0)) (== netstandard2.0)
      Fake.Core.Process (>= 5.19.1) - restriction: || (&& (== net452) (>= net462)) (&& (== net452) (>= netstandard2.0)) (== netcoreapp3.1) (&& (== netstandard1.0) (>= net462)) (&& (== netstandard1.0) (>= netstandard2.0)) (&& (== netstandard1.6) (>= net462)) (&& (== netstandard1.6) (>= netstandard2.0)) (== netstandard2.0)
      Fake.Core.String (>= 5.19.1) - restriction: || (&& (== net452) (>= net462)) (&& (== net452) (>= netstandard2.0)) (== netcoreapp3.1) (&& (== netstandard1.0) (>= net462)) (&& (== netstandard1.0) (>= netstandard2.0)) (&& (== netstandard1.6) (>= net462)) (&& (== netstandard1.6) (>= netstandard2.0)) (== netstandard2.0)
      Fake.Core.Trace (>= 5.19.1) - restriction: || (&& (== net452) (>= net462)) (&& (== net452) (>= netstandard2.0)) (== netcoreapp3.1) (&& (== netstandard1.0) (>= net462)) (&& (== netstandard1.0) (>= netstandard2.0)) (&& (== netstandard1.6) (>= net462)) (&& (== netstandard1.6) (>= netstandard2.0)) (== netstandard2.0)
      Fake.IO.FileSystem (>= 5.19.1) - restriction: || (&& (== net452) (>= net462)) (&& (== net452) (>= netstandard2.0)) (== netcoreapp3.1) (&& (== netstandard1.0) (>= net462)) (&& (== netstandard1.0) (>= netstandard2.0)) (&& (== netstandard1.6) (>= net462)) (&& (== netstandard1.6) (>= netstandard2.0)) (== netstandard2.0)
      FSharp.Core (>= 4.7) - restriction: || (&& (== net452) (>= net462)) (&& (== net452) (>= netstandard2.0)) (== netcoreapp3.1) (&& (== netstandard1.0) (>= net462)) (&& (== netstandard1.0) (>= netstandard2.0)) (&& (== netstandard1.6) (>= net462)) (&& (== netstandard1.6) (>= netstandard2.0)) (== netstandard2.0)
      MSBuild.StructuredLogger (>= 2.0.152) - restriction: || (&& (== net452) (>= net462)) (&& (== net452) (>= netstandard2.0)) (== netcoreapp3.1) (&& (== netstandard1.0) (>= net462)) (&& (== netstandard1.0) (>= netstandard2.0)) (&& (== netstandard1.6) (>= net462)) (&& (== netstandard1.6) (>= netstandard2.0)) (== netstandard2.0)
    Fake.DotNet.NuGet (5.19.1) - restriction: || (&& (== net452) (>= net462)) (&& (== net452) (>= netstandard2.0)) (== netcoreapp3.1) (&& (== netstandard1.0) (>= net462)) (&& (== netstandard1.0) (>= netstandard2.0)) (&& (== netstandard1.6) (>= net462)) (&& (== netstandard1.6) (>= netstandard2.0)) (== netstandard2.0)
      Fake.Core.Environment (>= 5.19.1) - restriction: || (&& (== net452) (>= net462)) (&& (== net452) (>= netstandard2.0)) (== netcoreapp3.1) (&& (== netstandard1.0) (>= net462)) (&& (== netstandard1.0) (>= netstandard2.0)) (&& (== netstandard1.6) (>= net462)) (&& (== netstandard1.6) (>= netstandard2.0)) (== netstandard2.0)
      Fake.Core.Process (>= 5.19.1) - restriction: || (&& (== net452) (>= net462)) (&& (== net452) (>= netstandard2.0)) (== netcoreapp3.1) (&& (== netstandard1.0) (>= net462)) (&& (== netstandard1.0) (>= netstandard2.0)) (&& (== netstandard1.6) (>= net462)) (&& (== netstandard1.6) (>= netstandard2.0)) (== netstandard2.0)
      Fake.Core.SemVer (>= 5.19.1) - restriction: || (&& (== net452) (>= net462)) (&& (== net452) (>= netstandard2.0)) (== netcoreapp3.1) (&& (== netstandard1.0) (>= net462)) (&& (== netstandard1.0) (>= netstandard2.0)) (&& (== netstandard1.6) (>= net462)) (&& (== netstandard1.6) (>= netstandard2.0)) (== netstandard2.0)
      Fake.Core.String (>= 5.19.1) - restriction: || (&& (== net452) (>= net462)) (&& (== net452) (>= netstandard2.0)) (== netcoreapp3.1) (&& (== netstandard1.0) (>= net462)) (&& (== netstandard1.0) (>= netstandard2.0)) (&& (== netstandard1.6) (>= net462)) (&& (== netstandard1.6) (>= netstandard2.0)) (== netstandard2.0)
      Fake.Core.Tasks (>= 5.19.1) - restriction: || (&& (== net452) (>= net462)) (&& (== net452) (>= netstandard2.0)) (== netcoreapp3.1) (&& (== netstandard1.0) (>= net462)) (&& (== netstandard1.0) (>= netstandard2.0)) (&& (== netstandard1.6) (>= net462)) (&& (== netstandard1.6) (>= netstandard2.0)) (== netstandard2.0)
      Fake.Core.Trace (>= 5.19.1) - restriction: || (&& (== net452) (>= net462)) (&& (== net452) (>= netstandard2.0)) (== netcoreapp3.1) (&& (== netstandard1.0) (>= net462)) (&& (== netstandard1.0) (>= netstandard2.0)) (&& (== netstandard1.6) (>= net462)) (&& (== netstandard1.6) (>= netstandard2.0)) (== netstandard2.0)
      Fake.Core.Xml (>= 5.19.1) - restriction: || (&& (== net452) (>= net462)) (&& (== net452) (>= netstandard2.0)) (== netcoreapp3.1) (&& (== netstandard1.0) (>= net462)) (&& (== netstandard1.0) (>= netstandard2.0)) (&& (== netstandard1.6) (>= net462)) (&& (== netstandard1.6) (>= netstandard2.0)) (== netstandard2.0)
      Fake.IO.FileSystem (>= 5.19.1) - restriction: || (&& (== net452) (>= net462)) (&& (== net452) (>= netstandard2.0)) (== netcoreapp3.1) (&& (== netstandard1.0) (>= net462)) (&& (== netstandard1.0) (>= netstandard2.0)) (&& (== netstandard1.6) (>= net462)) (&& (== netstandard1.6) (>= netstandard2.0)) (== netstandard2.0)
      Fake.Net.Http (>= 5.19.1) - restriction: || (&& (== net452) (>= net462)) (&& (== net452) (>= netstandard2.0)) (== netcoreapp3.1) (&& (== netstandard1.0) (>= net462)) (&& (== netstandard1.0) (>= netstandard2.0)) (&& (== netstandard1.6) (>= net462)) (&& (== netstandard1.6) (>= netstandard2.0)) (== netstandard2.0)
      FSharp.Core (>= 4.7) - restriction: || (&& (== net452) (>= net462)) (&& (== net452) (>= netstandard2.0)) (== netcoreapp3.1) (&& (== netstandard1.0) (>= net462)) (&& (== netstandard1.0) (>= netstandard2.0)) (&& (== netstandard1.6) (>= net462)) (&& (== netstandard1.6) (>= netstandard2.0)) (== netstandard2.0)
      Newtonsoft.Json (>= 12.0.3) - restriction: || (&& (== net452) (>= net462)) (&& (== net452) (>= netstandard2.0)) (== netcoreapp3.1) (&& (== netstandard1.0) (>= net462)) (&& (== netstandard1.0) (>= netstandard2.0)) (&& (== netstandard1.6) (>= net462)) (&& (== netstandard1.6) (>= netstandard2.0)) (== netstandard2.0)
      NuGet.Protocol (>= 4.9.4) - restriction: || (&& (== net452) (>= net462)) (&& (== net452) (>= netstandard2.0)) (== netcoreapp3.1) (&& (== netstandard1.0) (>= net462)) (&& (== netstandard1.0) (>= netstandard2.0)) (&& (== netstandard1.6) (>= net462)) (&& (== netstandard1.6) (>= netstandard2.0)) (== netstandard2.0)
      System.Net.Http (>= 4.3.4) - restriction: || (&& (== net452) (>= net462)) (&& (== net452) (>= netstandard2.0)) (== netcoreapp3.1) (&& (== netstandard1.0) (>= net462)) (&& (== netstandard1.0) (>= netstandard2.0)) (&& (== netstandard1.6) (>= net462)) (&& (== netstandard1.6) (>= netstandard2.0)) (== netstandard2.0)
    Fake.DotNet.Paket (5.19.1)
      Fake.Core.Process (>= 5.19.1) - restriction: || (&& (== net452) (>= net462)) (&& (== net452) (>= netstandard2.0)) (== netcoreapp3.1) (&& (== netstandard1.0) (>= net462)) (&& (== netstandard1.0) (>= netstandard2.0)) (&& (== netstandard1.6) (>= net462)) (&& (== netstandard1.6) (>= netstandard2.0)) (== netstandard2.0)
      Fake.Core.String (>= 5.19.1) - restriction: || (&& (== net452) (>= net462)) (&& (== net452) (>= netstandard2.0)) (== netcoreapp3.1) (&& (== netstandard1.0) (>= net462)) (&& (== netstandard1.0) (>= netstandard2.0)) (&& (== netstandard1.6) (>= net462)) (&& (== netstandard1.6) (>= netstandard2.0)) (== netstandard2.0)
      Fake.Core.Trace (>= 5.19.1) - restriction: || (&& (== net452) (>= net462)) (&& (== net452) (>= netstandard2.0)) (== netcoreapp3.1) (&& (== netstandard1.0) (>= net462)) (&& (== netstandard1.0) (>= netstandard2.0)) (&& (== netstandard1.6) (>= net462)) (&& (== netstandard1.6) (>= netstandard2.0)) (== netstandard2.0)
      Fake.DotNet.Cli (>= 5.19.1) - restriction: || (&& (== net452) (>= net462)) (&& (== net452) (>= netstandard2.0)) (== netcoreapp3.1) (&& (== netstandard1.0) (>= net462)) (&& (== netstandard1.0) (>= netstandard2.0)) (&& (== netstandard1.6) (>= net462)) (&& (== netstandard1.6) (>= netstandard2.0)) (== netstandard2.0)
      Fake.IO.FileSystem (>= 5.19.1) - restriction: || (&& (== net452) (>= net462)) (&& (== net452) (>= netstandard2.0)) (== netcoreapp3.1) (&& (== netstandard1.0) (>= net462)) (&& (== netstandard1.0) (>= netstandard2.0)) (&& (== netstandard1.6) (>= net462)) (&& (== netstandard1.6) (>= netstandard2.0)) (== netstandard2.0)
      FSharp.Core (>= 4.7) - restriction: || (&& (== net452) (>= net462)) (&& (== net452) (>= netstandard2.0)) (== netcoreapp3.1) (&& (== netstandard1.0) (>= net462)) (&& (== netstandard1.0) (>= netstandard2.0)) (&& (== netstandard1.6) (>= net462)) (&& (== netstandard1.6) (>= netstandard2.0)) (== netstandard2.0)
    Fake.DotNet.Testing.XUnit2 (5.19.1)
      Fake.Core.Process (>= 5.19.1) - restriction: || (&& (== net452) (>= net462)) (&& (== net452) (>= netstandard2.0)) (== netcoreapp3.1) (&& (== netstandard1.0) (>= net462)) (&& (== netstandard1.0) (>= netstandard2.0)) (&& (== netstandard1.6) (>= net462)) (&& (== netstandard1.6) (>= netstandard2.0)) (== netstandard2.0)
      Fake.Core.String (>= 5.19.1) - restriction: || (&& (== net452) (>= net462)) (&& (== net452) (>= netstandard2.0)) (== netcoreapp3.1) (&& (== netstandard1.0) (>= net462)) (&& (== netstandard1.0) (>= netstandard2.0)) (&& (== netstandard1.6) (>= net462)) (&& (== netstandard1.6) (>= netstandard2.0)) (== netstandard2.0)
      Fake.Core.Trace (>= 5.19.1) - restriction: || (&& (== net452) (>= net462)) (&& (== net452) (>= netstandard2.0)) (== netcoreapp3.1) (&& (== netstandard1.0) (>= net462)) (&& (== netstandard1.0) (>= netstandard2.0)) (&& (== netstandard1.6) (>= net462)) (&& (== netstandard1.6) (>= netstandard2.0)) (== netstandard2.0)
      Fake.IO.FileSystem (>= 5.19.1) - restriction: || (&& (== net452) (>= net462)) (&& (== net452) (>= netstandard2.0)) (== netcoreapp3.1) (&& (== netstandard1.0) (>= net462)) (&& (== netstandard1.0) (>= netstandard2.0)) (&& (== netstandard1.6) (>= net462)) (&& (== netstandard1.6) (>= netstandard2.0)) (== netstandard2.0)
      Fake.Testing.Common (>= 5.19.1) - restriction: || (&& (== net452) (>= net462)) (&& (== net452) (>= netstandard2.0)) (== netcoreapp3.1) (&& (== netstandard1.0) (>= net462)) (&& (== netstandard1.0) (>= netstandard2.0)) (&& (== netstandard1.6) (>= net462)) (&& (== netstandard1.6) (>= netstandard2.0)) (== netstandard2.0)
      FSharp.Core (>= 4.7) - restriction: || (&& (== net452) (>= net462)) (&& (== net452) (>= netstandard2.0)) (== netcoreapp3.1) (&& (== netstandard1.0) (>= net462)) (&& (== netstandard1.0) (>= netstandard2.0)) (&& (== netstandard1.6) (>= net462)) (&& (== netstandard1.6) (>= netstandard2.0)) (== netstandard2.0)
    Fake.IO.FileSystem (5.19.1)
      Fake.Core.String (>= 5.19.1) - restriction: || (&& (== net452) (>= net462)) (&& (== net452) (>= netstandard2.0)) (== netcoreapp3.1) (&& (== netstandard1.0) (>= net462)) (&& (== netstandard1.0) (>= netstandard2.0)) (&& (== netstandard1.6) (>= net462)) (&& (== netstandard1.6) (>= netstandard2.0)) (== netstandard2.0)
      FSharp.Core (>= 4.7) - restriction: || (&& (== net452) (>= net462)) (&& (== net452) (>= netstandard2.0)) (== netcoreapp3.1) (&& (== netstandard1.0) (>= net462)) (&& (== netstandard1.0) (>= netstandard2.0)) (&& (== netstandard1.6) (>= net462)) (&& (== netstandard1.6) (>= netstandard2.0)) (== netstandard2.0)
      System.Diagnostics.FileVersionInfo (>= 4.3) - restriction: || (&& (== net452) (>= net462)) (&& (== net452) (>= netstandard2.0)) (== netcoreapp3.1) (&& (== netstandard1.0) (>= net462)) (&& (== netstandard1.0) (>= netstandard2.0)) (&& (== netstandard1.6) (>= net462)) (&& (== netstandard1.6) (>= netstandard2.0)) (== netstandard2.0)
      System.IO.FileSystem.Watcher (>= 4.3) - restriction: || (&& (== net452) (>= net462)) (&& (== net452) (>= netstandard2.0)) (== netcoreapp3.1) (&& (== netstandard1.0) (>= net462)) (&& (== netstandard1.0) (>= netstandard2.0)) (&& (== netstandard1.6) (>= net462)) (&& (== netstandard1.6) (>= netstandard2.0)) (== netstandard2.0)
    Fake.Net.Http (5.19.1) - restriction: || (&& (== net452) (>= net462)) (&& (== net452) (>= netstandard2.0)) (== netcoreapp3.1) (&& (== netstandard1.0) (>= net462)) (&& (== netstandard1.0) (>= netstandard2.0)) (&& (== netstandard1.6) (>= net462)) (&& (== netstandard1.6) (>= netstandard2.0)) (== netstandard2.0)
      Fake.Core.Trace (>= 5.19.1) - restriction: || (&& (== net452) (>= net462)) (&& (== net452) (>= netstandard2.0)) (== netcoreapp3.1) (&& (== netstandard1.0) (>= net462)) (&& (== netstandard1.0) (>= netstandard2.0)) (&& (== netstandard1.6) (>= net462)) (&& (== netstandard1.6) (>= netstandard2.0)) (== netstandard2.0)
      FSharp.Core (>= 4.7) - restriction: || (&& (== net452) (>= net462)) (&& (== net452) (>= netstandard2.0)) (== netcoreapp3.1) (&& (== netstandard1.0) (>= net462)) (&& (== netstandard1.0) (>= netstandard2.0)) (&& (== netstandard1.6) (>= net462)) (&& (== netstandard1.6) (>= netstandard2.0)) (== netstandard2.0)
      System.Net.Http (>= 4.3.4) - restriction: || (&& (== net452) (>= net462)) (&& (== net452) (>= netstandard2.0)) (== netcoreapp3.1) (&& (== netstandard1.0) (>= net462)) (&& (== netstandard1.0) (>= netstandard2.0)) (&& (== netstandard1.6) (>= net462)) (&& (== netstandard1.6) (>= netstandard2.0)) (== netstandard2.0)
    Fake.Testing.Common (5.19.1) - restriction: || (&& (== net452) (>= net462)) (&& (== net452) (>= netstandard2.0)) (== netcoreapp3.1) (&& (== netstandard1.0) (>= net462)) (&& (== netstandard1.0) (>= netstandard2.0)) (&& (== netstandard1.6) (>= net462)) (&& (== netstandard1.6) (>= netstandard2.0)) (== netstandard2.0)
      Fake.Core.Trace (>= 5.19.1) - restriction: || (&& (== net452) (>= net462)) (&& (== net452) (>= netstandard2.0)) (== netcoreapp3.1) (&& (== netstandard1.0) (>= net462)) (&& (== netstandard1.0) (>= netstandard2.0)) (&& (== netstandard1.6) (>= net462)) (&& (== netstandard1.6) (>= netstandard2.0)) (== netstandard2.0)
      FSharp.Core (>= 4.7) - restriction: || (&& (== net452) (>= net462)) (&& (== net452) (>= netstandard2.0)) (== netcoreapp3.1) (&& (== netstandard1.0) (>= net462)) (&& (== netstandard1.0) (>= netstandard2.0)) (&& (== netstandard1.6) (>= net462)) (&& (== netstandard1.6) (>= netstandard2.0)) (== netstandard2.0)
    Fake.Tools.Git (5.19.1)
      Fake.Core.Environment (>= 5.19.1) - restriction: || (&& (== net452) (>= net462)) (&& (== net452) (>= netstandard2.0)) (== netcoreapp3.1) (&& (== netstandard1.0) (>= net462)) (&& (== netstandard1.0) (>= netstandard2.0)) (&& (== netstandard1.6) (>= net462)) (&& (== netstandard1.6) (>= netstandard2.0)) (== netstandard2.0)
      Fake.Core.Process (>= 5.19.1) - restriction: || (&& (== net452) (>= net462)) (&& (== net452) (>= netstandard2.0)) (== netcoreapp3.1) (&& (== netstandard1.0) (>= net462)) (&& (== netstandard1.0) (>= netstandard2.0)) (&& (== netstandard1.6) (>= net462)) (&& (== netstandard1.6) (>= netstandard2.0)) (== netstandard2.0)
      Fake.Core.SemVer (>= 5.19.1) - restriction: || (&& (== net452) (>= net462)) (&& (== net452) (>= netstandard2.0)) (== netcoreapp3.1) (&& (== netstandard1.0) (>= net462)) (&& (== netstandard1.0) (>= netstandard2.0)) (&& (== netstandard1.6) (>= net462)) (&& (== netstandard1.6) (>= netstandard2.0)) (== netstandard2.0)
      Fake.Core.String (>= 5.19.1) - restriction: || (&& (== net452) (>= net462)) (&& (== net452) (>= netstandard2.0)) (== netcoreapp3.1) (&& (== netstandard1.0) (>= net462)) (&& (== netstandard1.0) (>= netstandard2.0)) (&& (== netstandard1.6) (>= net462)) (&& (== netstandard1.6) (>= netstandard2.0)) (== netstandard2.0)
      Fake.Core.Trace (>= 5.19.1) - restriction: || (&& (== net452) (>= net462)) (&& (== net452) (>= netstandard2.0)) (== netcoreapp3.1) (&& (== netstandard1.0) (>= net462)) (&& (== netstandard1.0) (>= netstandard2.0)) (&& (== netstandard1.6) (>= net462)) (&& (== netstandard1.6) (>= netstandard2.0)) (== netstandard2.0)
      Fake.IO.FileSystem (>= 5.19.1) - restriction: || (&& (== net452) (>= net462)) (&& (== net452) (>= netstandard2.0)) (== netcoreapp3.1) (&& (== netstandard1.0) (>= net462)) (&& (== netstandard1.0) (>= netstandard2.0)) (&& (== netstandard1.6) (>= net462)) (&& (== netstandard1.6) (>= netstandard2.0)) (== netstandard2.0)
      FSharp.Core (>= 4.7) - restriction: || (&& (== net452) (>= net462)) (&& (== net452) (>= netstandard2.0)) (== netcoreapp3.1) (&& (== netstandard1.0) (>= net462)) (&& (== netstandard1.0) (>= netstandard2.0)) (&& (== netstandard1.6) (>= net462)) (&& (== netstandard1.6) (>= netstandard2.0)) (== netstandard2.0)
    FParsec (1.1.1) - restriction: || (&& (== net452) (>= net462)) (&& (== net452) (>= netstandard2.0)) (== netcoreapp3.1) (&& (== netstandard1.0) (>= net462)) (&& (== netstandard1.0) (>= netstandard2.0)) (&& (== netstandard1.6) (>= net462)) (&& (== netstandard1.6) (>= netstandard2.0)) (== netstandard2.0)
      FSharp.Core (>= 4.3.4) - restriction: || (== net452) (== netcoreapp3.1) (&& (== netstandard1.0) (>= net45)) (&& (== netstandard1.0) (>= netstandard2.0)) (&& (== netstandard1.6) (>= net45)) (&& (== netstandard1.6) (>= netstandard2.0)) (== netstandard2.0)
    FSharp.Control.Reactive (4.4) - restriction: || (&& (== net452) (>= net462)) (&& (== net452) (>= netstandard2.0)) (== netcoreapp3.1) (&& (== netstandard1.0) (>= net462)) (&& (== netstandard1.0) (>= netstandard2.0)) (&& (== netstandard1.6) (>= net462)) (&& (== netstandard1.6) (>= netstandard2.0)) (== netstandard2.0)
      FSharp.Core (>= 4.7) - restriction: || (&& (== net452) (>= net46)) (&& (== net452) (>= netstandard2.0)) (== netcoreapp3.1) (&& (== netstandard1.0) (>= net46)) (&& (== netstandard1.0) (>= netstandard2.0)) (&& (== netstandard1.6) (>= net46)) (&& (== netstandard1.6) (>= netstandard2.0)) (== netstandard2.0)
      System.Reactive (>= 4.3.2) - restriction: || (&& (== net452) (>= net46)) (&& (== net452) (>= netstandard2.0)) (== netcoreapp3.1) (&& (== netstandard1.0) (>= net46)) (&& (== netstandard1.0) (>= netstandard2.0)) (&& (== netstandard1.6) (>= net46)) (&& (== netstandard1.6) (>= netstandard2.0)) (== netstandard2.0)
    FSharp.Core (4.7)
    Microsoft.Build (16.8) - restriction: || (&& (== net452) (>= netstandard2.0)) (== netcoreapp3.1) (&& (== netstandard1.0) (>= netstandard2.0)) (&& (== netstandard1.6) (>= netstandard2.0)) (== netstandard2.0)
      Microsoft.Build.Framework (>= 16.8) - restriction: || (&& (== net452) (>= net472)) (&& (== net452) (>= netcoreapp2.1)) (== netcoreapp3.1) (&& (== netstandard1.0) (>= net472)) (&& (== netstandard1.0) (>= netcoreapp2.1)) (&& (== netstandard1.6) (>= net472)) (&& (== netstandard1.6) (>= netcoreapp2.1)) (&& (== netstandard2.0) (>= net472)) (&& (== netstandard2.0) (>= netcoreapp2.1))
      Microsoft.Win32.Registry (>= 4.3) - restriction: || (&& (== net452) (>= netcoreapp2.1)) (== netcoreapp3.1) (&& (== netstandard1.0) (>= netcoreapp2.1)) (&& (== netstandard1.6) (>= netcoreapp2.1)) (&& (== netstandard2.0) (>= netcoreapp2.1))
      System.Collections.Immutable (>= 1.5) - restriction: || (&& (== net452) (>= net472)) (&& (== net452) (>= netcoreapp2.1)) (== netcoreapp3.1) (&& (== netstandard1.0) (>= net472)) (&& (== netstandard1.0) (>= netcoreapp2.1)) (&& (== netstandard1.6) (>= net472)) (&& (== netstandard1.6) (>= netcoreapp2.1)) (&& (== netstandard2.0) (>= net472)) (&& (== netstandard2.0) (>= netcoreapp2.1))
      System.Memory (>= 4.5.3) - restriction: || (&& (== net452) (>= net472)) (&& (== net452) (>= netcoreapp2.1)) (== netcoreapp3.1) (&& (== netstandard1.0) (>= net472)) (&& (== netstandard1.0) (>= netcoreapp2.1)) (&& (== netstandard1.6) (>= net472)) (&& (== netstandard1.6) (>= netcoreapp2.1)) (&& (== netstandard2.0) (>= net472)) (&& (== netstandard2.0) (>= netcoreapp2.1))
      System.Reflection.Metadata (>= 1.6) - restriction: || (&& (== net452) (>= netcoreapp2.1)) (== netcoreapp3.1) (&& (== netstandard1.0) (>= netcoreapp2.1)) (&& (== netstandard1.6) (>= netcoreapp2.1)) (&& (== netstandard2.0) (>= netcoreapp2.1))
      System.Security.Principal.Windows (>= 4.7) - restriction: || (&& (== net452) (>= netcoreapp2.1)) (== netcoreapp3.1) (&& (== netstandard1.0) (>= netcoreapp2.1)) (&& (== netstandard1.6) (>= netcoreapp2.1)) (&& (== netstandard2.0) (>= netcoreapp2.1))
      System.Text.Encoding.CodePages (>= 4.0.1) - restriction: || (&& (== net452) (>= netcoreapp2.1)) (== netcoreapp3.1) (&& (== netstandard1.0) (>= netcoreapp2.1)) (&& (== netstandard1.6) (>= netcoreapp2.1)) (&& (== netstandard2.0) (>= netcoreapp2.1))
      System.Text.Json (>= 4.7) - restriction: || (&& (== net452) (>= net472)) (&& (== net452) (>= netcoreapp2.1)) (== netcoreapp3.1) (&& (== netstandard1.0) (>= net472)) (&& (== netstandard1.0) (>= netcoreapp2.1)) (&& (== netstandard1.6) (>= net472)) (&& (== netstandard1.6) (>= netcoreapp2.1)) (&& (== netstandard2.0) (>= net472)) (&& (== netstandard2.0) (>= netcoreapp2.1))
      System.Threading.Tasks.Dataflow (>= 4.9) - restriction: || (&& (== net452) (>= net472)) (&& (== net452) (>= netcoreapp2.1)) (== netcoreapp3.1) (&& (== netstandard1.0) (>= net472)) (&& (== netstandard1.0) (>= netcoreapp2.1)) (&& (== netstandard1.6) (>= net472)) (&& (== netstandard1.6) (>= netcoreapp2.1)) (&& (== netstandard2.0) (>= net472)) (&& (== netstandard2.0) (>= netcoreapp2.1))
    Microsoft.Build.Framework (16.8) - restriction: || (&& (== net452) (>= net472)) (&& (== net452) (>= netcoreapp2.1)) (&& (== net452) (>= netstandard2.0)) (== netcoreapp3.1) (&& (== netstandard1.0) (>= net472)) (&& (== netstandard1.0) (>= netcoreapp2.1)) (&& (== netstandard1.0) (>= netstandard2.0)) (&& (== netstandard1.6) (>= net472)) (&& (== netstandard1.6) (>= netcoreapp2.1)) (&& (== netstandard1.6) (>= netstandard2.0)) (== netstandard2.0)
      System.Security.Permissions (>= 4.7) - restriction: || (&& (== net452) (>= netstandard2.0)) (== netcoreapp3.1) (&& (== netstandard1.0) (>= netstandard2.0)) (&& (== netstandard1.6) (>= netstandard2.0)) (== netstandard2.0)
    Microsoft.Build.Tasks.Core (16.8) - restriction: || (&& (== net452) (>= netstandard2.0)) (== netcoreapp3.1) (&& (== netstandard1.0) (>= netstandard2.0)) (&& (== netstandard1.6) (>= netstandard2.0)) (== netstandard2.0)
      Microsoft.Build.Framework (>= 16.8) - restriction: || (&& (== net452) (>= netstandard2.0)) (== netcoreapp3.1) (&& (== netstandard1.0) (>= netstandard2.0)) (&& (== netstandard1.6) (>= netstandard2.0)) (== netstandard2.0)
      Microsoft.Build.Utilities.Core (>= 16.8) - restriction: || (&& (== net452) (>= netstandard2.0)) (== netcoreapp3.1) (&& (== netstandard1.0) (>= netstandard2.0)) (&& (== netstandard1.6) (>= netstandard2.0)) (== netstandard2.0)
      Microsoft.Win32.Registry (>= 4.3) - restriction: || (&& (== net452) (>= netstandard2.0)) (== netcoreapp3.1) (&& (== netstandard1.0) (>= netstandard2.0)) (&& (== netstandard1.6) (>= netstandard2.0)) (== netstandard2.0)
      System.CodeDom (>= 4.4) - restriction: || (&& (== net452) (>= netstandard2.0)) (== netcoreapp3.1) (&& (== netstandard1.0) (>= netstandard2.0)) (&& (== netstandard1.6) (>= netstandard2.0)) (== netstandard2.0)
      System.Collections.Immutable (>= 1.5) - restriction: || (&& (== net452) (>= netstandard2.0)) (== netcoreapp3.1) (&& (== netstandard1.0) (>= netstandard2.0)) (&& (== netstandard1.6) (>= netstandard2.0)) (== netstandard2.0)
      System.Reflection.Metadata (>= 1.6) - restriction: || (&& (== net452) (>= netstandard2.0)) (== netcoreapp3.1) (&& (== netstandard1.0) (>= netstandard2.0)) (&& (== netstandard1.6) (>= netstandard2.0)) (== netstandard2.0)
      System.Reflection.TypeExtensions (>= 4.1) - restriction: || (&& (== net452) (>= netstandard2.0)) (== netcoreapp3.1) (&& (== netstandard1.0) (>= netstandard2.0)) (&& (== netstandard1.6) (>= netstandard2.0)) (== netstandard2.0)
      System.Resources.Extensions (>= 4.6) - restriction: || (&& (== net452) (>= netstandard2.0)) (== netcoreapp3.1) (&& (== netstandard1.0) (>= netstandard2.0)) (&& (== netstandard1.6) (>= netstandard2.0)) (== netstandard2.0)
      System.Runtime.InteropServices (>= 4.3) - restriction: || (&& (== net452) (>= netstandard2.0)) (== netcoreapp3.1) (&& (== netstandard1.0) (>= netstandard2.0)) (&& (== netstandard1.6) (>= netstandard2.0)) (== netstandard2.0)
      System.Security.Cryptography.Pkcs (>= 4.7) - restriction: || (&& (== net452) (>= netstandard2.0)) (== netcoreapp3.1) (&& (== netstandard1.0) (>= netstandard2.0)) (&& (== netstandard1.6) (>= netstandard2.0)) (== netstandard2.0)
      System.Security.Cryptography.Xml (>= 4.7) - restriction: || (&& (== net452) (>= netstandard2.0)) (== netcoreapp3.1) (&& (== netstandard1.0) (>= netstandard2.0)) (&& (== netstandard1.6) (>= netstandard2.0)) (== netstandard2.0)
      System.Security.Permissions (>= 4.7) - restriction: || (&& (== net452) (>= netstandard2.0)) (== netcoreapp3.1) (&& (== netstandard1.0) (>= netstandard2.0)) (&& (== netstandard1.6) (>= netstandard2.0)) (== netstandard2.0)
      System.Threading.Tasks.Dataflow (>= 4.9) - restriction: || (&& (== net452) (>= netstandard2.0)) (== netcoreapp3.1) (&& (== netstandard1.0) (>= netstandard2.0)) (&& (== netstandard1.6) (>= netstandard2.0)) (== netstandard2.0)
    Microsoft.Build.Utilities.Core (16.8) - restriction: || (&& (== net452) (>= netstandard2.0)) (== netcoreapp3.1) (&& (== netstandard1.0) (>= netstandard2.0)) (&& (== netstandard1.6) (>= netstandard2.0)) (== netstandard2.0)
      Microsoft.Build.Framework (>= 16.8) - restriction: || (&& (== net452) (>= netstandard2.0)) (== netcoreapp3.1) (&& (== netstandard1.0) (>= netstandard2.0)) (&& (== netstandard1.6) (>= netstandard2.0)) (== netstandard2.0)
      Microsoft.Win32.Registry (>= 4.3) - restriction: || (&& (== net452) (>= netstandard2.0)) (== netcoreapp3.1) (&& (== netstandard1.0) (>= netstandard2.0)) (&& (== netstandard1.6) (>= netstandard2.0)) (== netstandard2.0)
      System.Collections.Immutable (>= 1.5) - restriction: || (&& (== net452) (>= netstandard2.0)) (== netcoreapp3.1) (&& (== netstandard1.0) (>= netstandard2.0)) (&& (== netstandard1.6) (>= netstandard2.0)) (== netstandard2.0)
      System.Security.Permissions (>= 4.7) - restriction: || (&& (== net452) (>= netstandard2.0)) (== netcoreapp3.1) (&& (== netstandard1.0) (>= netstandard2.0)) (&& (== netstandard1.6) (>= netstandard2.0)) (== netstandard2.0)
      System.Text.Encoding.CodePages (>= 4.0.1) - restriction: || (&& (== net452) (>= netstandard2.0)) (== netcoreapp3.1) (&& (== netstandard1.0) (>= netstandard2.0)) (&& (== netstandard1.6) (>= netstandard2.0)) (== netstandard2.0)
    Microsoft.NETCore.Platforms (5.0.1) - restriction: || (&& (== net452) (< net45) (>= net462)) (&& (== net452) (< net45) (>= netstandard2.0)) (&& (== net452) (>= netcoreapp2.0)) (&& (== net452) (>= netcoreapp5.0)) (== netcoreapp3.1) (&& (== netstandard1.0) (>= net462)) (&& (== netstandard1.0) (>= netcoreapp2.0)) (&& (== netstandard1.0) (>= netcoreapp5.0)) (&& (== netstandard1.0) (>= netstandard2.0)) (&& (== netstandard1.6) (>= net462)) (&& (== netstandard1.6) (>= netcoreapp2.0)) (&& (== netstandard1.6) (>= netcoreapp5.0)) (&& (== netstandard1.6) (>= netstandard2.0)) (== netstandard2.0)
    Microsoft.NETCore.Targets (5.0) - restriction: || (&& (== net452) (< net45) (>= net462) (>= netstandard1.6)) (&& (== net452) (< net45) (>= netstandard2.0)) (== netcoreapp3.1) (&& (== netstandard1.0) (>= net462) (>= netstandard1.6)) (&& (== netstandard1.0) (>= netstandard2.0)) (&& (== netstandard1.6) (>= net462)) (&& (== netstandard1.6) (>= netstandard2.0)) (== netstandard2.0)
    Microsoft.Win32.Primitives (4.3) - restriction: || (&& (== net452) (>= net462)) (&& (== net452) (>= netstandard2.0)) (== netcoreapp3.1) (&& (== netstandard1.0) (>= net462)) (&& (== netstandard1.0) (>= netstandard2.0)) (&& (== netstandard1.6) (>= net462)) (&& (== netstandard1.6) (>= netstandard2.0)) (== netstandard2.0)
      Microsoft.NETCore.Platforms (>= 1.1) - restriction: || (&& (== net452) (>= netstandard1.3)) (== netcoreapp3.1) (&& (== netstandard1.0) (>= netstandard1.3)) (== netstandard1.6) (== netstandard2.0)
      Microsoft.NETCore.Targets (>= 1.1) - restriction: || (&& (== net452) (>= netstandard1.3)) (== netcoreapp3.1) (&& (== netstandard1.0) (>= netstandard1.3)) (== netstandard1.6) (== netstandard2.0)
      System.Runtime (>= 4.3) - restriction: || (&& (== net452) (>= netstandard1.3)) (== netcoreapp3.1) (&& (== netstandard1.0) (>= netstandard1.3)) (== netstandard1.6) (== netstandard2.0)
    Microsoft.Win32.Registry (5.0) - restriction: || (&& (== net452) (< net45) (>= netstandard2.0)) (&& (== net452) (>= netcoreapp2.1)) (== netcoreapp3.1) (&& (== netstandard1.0) (>= netcoreapp2.1)) (&& (== netstandard1.0) (>= netstandard2.0)) (&& (== netstandard1.6) (>= netcoreapp2.1)) (&& (== netstandard1.6) (>= netstandard2.0)) (== netstandard2.0)
      System.Buffers (>= 4.5.1) - restriction: || (&& (== net452) (== netcoreapp3.1)) (&& (== net452) (>= monoandroid)) (&& (== net452) (>= monotouch)) (&& (== net452) (>= netstandard2.0)) (&& (== net452) (>= xamarinios)) (&& (== net452) (>= xamarinmac)) (&& (== net452) (>= xamarintvos)) (&& (== net452) (>= xamarinwatchos)) (&& (== netcoreapp3.1) (== netstandard1.0)) (&& (== netcoreapp3.1) (== netstandard1.6)) (&& (== netcoreapp3.1) (>= monoandroid)) (&& (== netcoreapp3.1) (>= monotouch)) (&& (== netcoreapp3.1) (< netcoreapp2.0)) (&& (== netcoreapp3.1) (>= xamarinios)) (&& (== netcoreapp3.1) (>= xamarinmac)) (&& (== netcoreapp3.1) (>= xamarintvos)) (&& (== netcoreapp3.1) (>= xamarinwatchos)) (&& (== netstandard1.0) (>= monoandroid)) (&& (== netstandard1.0) (>= monotouch)) (&& (== netstandard1.0) (>= netstandard2.0)) (&& (== netstandard1.0) (>= xamarinios)) (&& (== netstandard1.0) (>= xamarinmac)) (&& (== netstandard1.0) (>= xamarintvos)) (&& (== netstandard1.0) (>= xamarinwatchos)) (&& (== netstandard1.6) (>= monoandroid)) (&& (== netstandard1.6) (>= monotouch)) (&& (== netstandard1.6) (>= netstandard2.0)) (&& (== netstandard1.6) (>= xamarinios)) (&& (== netstandard1.6) (>= xamarinmac)) (&& (== netstandard1.6) (>= xamarintvos)) (&& (== netstandard1.6) (>= xamarinwatchos)) (== netstandard2.0)
      System.Memory (>= 4.5.4) - restriction: || (&& (== net452) (== netcoreapp3.1)) (&& (== net452) (>= netcoreapp2.0)) (&& (== net452) (>= netstandard2.0)) (&& (== net452) (>= uap10.1)) (&& (== netcoreapp3.1) (== netstandard1.0)) (&& (== netcoreapp3.1) (== netstandard1.6)) (&& (== netcoreapp3.1) (< netcoreapp2.0)) (&& (== netcoreapp3.1) (< netcoreapp2.1)) (&& (== netcoreapp3.1) (>= uap10.1)) (&& (== netstandard1.0) (>= netcoreapp2.0)) (&& (== netstandard1.0) (>= netstandard2.0)) (&& (== netstandard1.0) (>= uap10.1)) (&& (== netstandard1.6) (>= netcoreapp2.0)) (&& (== netstandard1.6) (>= netstandard2.0)) (&& (== netstandard1.6) (>= uap10.1)) (== netstandard2.0)
      System.Security.AccessControl (>= 5.0) - restriction: || (&& (== net452) (>= monoandroid)) (&& (== net452) (>= monotouch)) (&& (== net452) (>= net461)) (&& (== net452) (>= netcoreapp2.0)) (&& (== net452) (>= netstandard2.0)) (&& (== net452) (>= uap10.1)) (&& (== net452) (>= xamarinios)) (&& (== net452) (>= xamarinmac)) (&& (== net452) (>= xamarintvos)) (&& (== net452) (>= xamarinwatchos)) (== netcoreapp3.1) (&& (== netstandard1.0) (>= monoandroid)) (&& (== netstandard1.0) (>= monotouch)) (&& (== netstandard1.0) (>= net461)) (&& (== netstandard1.0) (>= netcoreapp2.0)) (&& (== netstandard1.0) (>= netstandard2.0)) (&& (== netstandard1.0) (>= uap10.1)) (&& (== netstandard1.0) (>= xamarinios)) (&& (== netstandard1.0) (>= xamarinmac)) (&& (== netstandard1.0) (>= xamarintvos)) (&& (== netstandard1.0) (>= xamarinwatchos)) (&& (== netstandard1.6) (>= monoandroid)) (&& (== netstandard1.6) (>= monotouch)) (&& (== netstandard1.6) (>= net461)) (&& (== netstandard1.6) (>= netcoreapp2.0)) (&& (== netstandard1.6) (>= netstandard2.0)) (&& (== netstandard1.6) (>= uap10.1)) (&& (== netstandard1.6) (>= xamarinios)) (&& (== netstandard1.6) (>= xamarinmac)) (&& (== netstandard1.6) (>= xamarintvos)) (&& (== netstandard1.6) (>= xamarinwatchos)) (== netstandard2.0)
      System.Security.Principal.Windows (>= 5.0) - restriction: || (&& (== net452) (>= monoandroid)) (&& (== net452) (>= monotouch)) (&& (== net452) (>= net461)) (&& (== net452) (>= netcoreapp2.0)) (&& (== net452) (>= netstandard2.0)) (&& (== net452) (>= uap10.1)) (&& (== net452) (>= xamarinios)) (&& (== net452) (>= xamarinmac)) (&& (== net452) (>= xamarintvos)) (&& (== net452) (>= xamarinwatchos)) (== netcoreapp3.1) (&& (== netstandard1.0) (>= monoandroid)) (&& (== netstandard1.0) (>= monotouch)) (&& (== netstandard1.0) (>= net461)) (&& (== netstandard1.0) (>= netcoreapp2.0)) (&& (== netstandard1.0) (>= netstandard2.0)) (&& (== netstandard1.0) (>= uap10.1)) (&& (== netstandard1.0) (>= xamarinios)) (&& (== netstandard1.0) (>= xamarinmac)) (&& (== netstandard1.0) (>= xamarintvos)) (&& (== netstandard1.0) (>= xamarinwatchos)) (&& (== netstandard1.6) (>= monoandroid)) (&& (== netstandard1.6) (>= monotouch)) (&& (== netstandard1.6) (>= net461)) (&& (== netstandard1.6) (>= netcoreapp2.0)) (&& (== netstandard1.6) (>= netstandard2.0)) (&& (== netstandard1.6) (>= uap10.1)) (&& (== netstandard1.6) (>= xamarinios)) (&& (== netstandard1.6) (>= xamarinmac)) (&& (== netstandard1.6) (>= xamarintvos)) (&& (== netstandard1.6) (>= xamarinwatchos)) (== netstandard2.0)
    Microsoft.Win32.SystemEvents (5.0) - restriction: || (&& (== net452) (>= netcoreapp3.0)) (== netcoreapp3.1) (&& (== netstandard1.0) (>= netcoreapp3.0)) (&& (== netstandard1.6) (>= netcoreapp3.0)) (&& (== netstandard2.0) (>= netcoreapp3.0))
      Microsoft.NETCore.Platforms (>= 5.0) - restriction: || (&& (== net452) (>= netcoreapp2.0)) (== netcoreapp3.1) (&& (== netstandard1.0) (>= netcoreapp2.0)) (&& (== netstandard1.6) (>= netcoreapp2.0)) (&& (== netstandard2.0) (>= netcoreapp2.0))
    Mono.Posix.NETStandard (1.0) - restriction: || (&& (== net452) (>= net462)) (&& (== net452) (>= netstandard2.0)) (== netcoreapp3.1) (&& (== netstandard1.0) (>= net462)) (&& (== netstandard1.0) (>= netstandard2.0)) (&& (== netstandard1.6) (>= net462)) (&& (== netstandard1.6) (>= netstandard2.0)) (== netstandard2.0)
    MSBuild.StructuredLogger (2.1.303) - restriction: || (&& (== net452) (>= net462)) (&& (== net452) (>= netstandard2.0)) (== netcoreapp3.1) (&& (== netstandard1.0) (>= net462)) (&& (== netstandard1.0) (>= netstandard2.0)) (&& (== netstandard1.6) (>= net462)) (&& (== netstandard1.6) (>= netstandard2.0)) (== netstandard2.0)
      Microsoft.Build (>= 16.4) - restriction: || (&& (== net452) (>= netstandard2.0)) (== netcoreapp3.1) (&& (== netstandard1.0) (>= netstandard2.0)) (&& (== netstandard1.6) (>= netstandard2.0)) (== netstandard2.0)
      Microsoft.Build.Framework (>= 16.4) - restriction: || (&& (== net452) (>= netstandard2.0)) (== netcoreapp3.1) (&& (== netstandard1.0) (>= netstandard2.0)) (&& (== netstandard1.6) (>= netstandard2.0)) (== netstandard2.0)
      Microsoft.Build.Tasks.Core (>= 16.4) - restriction: || (&& (== net452) (>= netstandard2.0)) (== netcoreapp3.1) (&& (== netstandard1.0) (>= netstandard2.0)) (&& (== netstandard1.6) (>= netstandard2.0)) (== netstandard2.0)
      Microsoft.Build.Utilities.Core (>= 16.4) - restriction: || (&& (== net452) (>= netstandard2.0)) (== netcoreapp3.1) (&& (== netstandard1.0) (>= netstandard2.0)) (&& (== netstandard1.6) (>= netstandard2.0)) (== netstandard2.0)
    Newtonsoft.Json (12.0.3) - restriction: || (&& (== net452) (>= net462)) (&& (== net452) (>= netstandard2.0)) (== netcoreapp3.1) (&& (== netstandard1.0) (>= net462)) (&& (== netstandard1.0) (>= netstandard2.0)) (&& (== netstandard1.6) (>= net462)) (&& (== netstandard1.6) (>= netstandard2.0)) (== netstandard2.0)
    NuGet.Common (5.8.1) - restriction: || (&& (== net452) (>= netstandard2.0)) (== netcoreapp3.1) (&& (== netstandard1.0) (>= netstandard2.0)) (&& (== netstandard1.6) (>= netstandard2.0)) (== netstandard2.0)
      NuGet.Frameworks (>= 5.8.1) - restriction: || (== net452) (== netcoreapp3.1) (&& (== netstandard1.0) (>= net45)) (&& (== netstandard1.0) (>= netstandard2.0)) (&& (== netstandard1.6) (>= net45)) (&& (== netstandard1.6) (>= netstandard2.0)) (== netstandard2.0)
    NuGet.Configuration (5.8.1) - restriction: || (&& (== net452) (>= netstandard2.0)) (== netcoreapp3.1) (&& (== netstandard1.0) (>= netstandard2.0)) (&& (== netstandard1.6) (>= netstandard2.0)) (== netstandard2.0)
      NuGet.Common (>= 5.8.1) - restriction: || (== net452) (== netcoreapp3.1) (&& (== netstandard1.0) (>= net45)) (&& (== netstandard1.0) (>= netstandard2.0)) (&& (== netstandard1.6) (>= net45)) (&& (== netstandard1.6) (>= netstandard2.0)) (== netstandard2.0)
      System.Security.Cryptography.ProtectedData (>= 4.4) - restriction: || (&& (== net452) (< net45) (>= netstandard2.0)) (== netcoreapp3.1) (&& (== netstandard1.0) (>= netstandard2.0)) (&& (== netstandard1.6) (>= netstandard2.0)) (== netstandard2.0)
    NuGet.Frameworks (5.8.1) - restriction: || (&& (== net452) (>= netstandard2.0)) (== netcoreapp3.1) (&& (== netstandard1.0) (>= netstandard2.0)) (&& (== netstandard1.6) (>= netstandard2.0)) (== netstandard2.0)
    NuGet.Packaging (5.8.1) - restriction: || (&& (== net452) (>= netstandard2.0)) (== netcoreapp3.1) (&& (== netstandard1.0) (>= netstandard2.0)) (&& (== netstandard1.6) (>= netstandard2.0)) (== netstandard2.0)
      Newtonsoft.Json (>= 9.0.1) - restriction: || (&& (== net452) (>= netstandard2.0)) (== netcoreapp3.1) (&& (== netstandard1.0) (>= netstandard2.0)) (&& (== netstandard1.6) (>= netstandard2.0)) (== netstandard2.0)
      NuGet.Configuration (>= 5.8.1) - restriction: || (&& (== net452) (>= netstandard2.0)) (== netcoreapp3.1) (&& (== netstandard1.0) (>= netstandard2.0)) (&& (== netstandard1.6) (>= netstandard2.0)) (== netstandard2.0)
      NuGet.Versioning (>= 5.8.1) - restriction: || (&& (== net452) (>= netstandard2.0)) (== netcoreapp3.1) (&& (== netstandard1.0) (>= netstandard2.0)) (&& (== netstandard1.6) (>= netstandard2.0)) (== netstandard2.0)
      System.Security.Cryptography.Cng (>= 5.0) - restriction: || (&& (== net452) (>= netstandard2.0)) (== netcoreapp3.1) (&& (== netstandard1.0) (>= netstandard2.0)) (&& (== netstandard1.6) (>= netstandard2.0)) (== netstandard2.0)
      System.Security.Cryptography.Pkcs (>= 5.0) - restriction: || (&& (== net452) (>= netstandard2.0)) (== netcoreapp3.1) (&& (== netstandard1.0) (>= netstandard2.0)) (&& (== netstandard1.6) (>= netstandard2.0)) (== netstandard2.0)
    NuGet.Protocol (5.8.1) - restriction: || (&& (== net452) (>= net462)) (&& (== net452) (>= netstandard2.0)) (== netcoreapp3.1) (&& (== netstandard1.0) (>= net462)) (&& (== netstandard1.0) (>= netstandard2.0)) (&& (== netstandard1.6) (>= net462)) (&& (== netstandard1.6) (>= netstandard2.0)) (== netstandard2.0)
      NuGet.Packaging (>= 5.8.1) - restriction: || (&& (== net452) (>= netstandard2.0)) (== netcoreapp3.1) (&& (== netstandard1.0) (>= netstandard2.0)) (&& (== netstandard1.6) (>= netstandard2.0)) (== netstandard2.0)
    NuGet.Versioning (5.8.1) - restriction: || (&& (== net452) (>= netstandard2.0)) (== netcoreapp3.1) (&& (== netstandard1.0) (>= netstandard2.0)) (&& (== netstandard1.6) (>= netstandard2.0)) (== netstandard2.0)
    Octokit (0.50)
    runtime.debian.8-x64.runtime.native.System.Security.Cryptography.OpenSsl (4.3.3) - restriction: || (&& (== net452) (< net45) (>= net462) (>= netstandard1.6)) (&& (== net452) (< net45) (>= netstandard2.0)) (== netcoreapp3.1) (&& (== netstandard1.0) (>= net462) (>= netstandard1.6)) (&& (== netstandard1.0) (>= netstandard2.0)) (&& (== netstandard1.6) (>= net462)) (&& (== netstandard1.6) (>= netstandard2.0)) (== netstandard2.0)
    runtime.debian.9-x64.runtime.native.System.Security.Cryptography.OpenSsl (4.3.3) - restriction: || (&& (== net452) (< net45) (>= net462) (>= netstandard1.6)) (&& (== net452) (< net45) (>= netstandard2.0)) (== netcoreapp3.1) (&& (== netstandard1.0) (>= net462) (>= netstandard1.6)) (&& (== netstandard1.0) (>= netstandard2.0)) (&& (== netstandard1.6) (>= net462)) (&& (== netstandard1.6) (>= netstandard2.0)) (== netstandard2.0)
    runtime.fedora.23-x64.runtime.native.System.Security.Cryptography.OpenSsl (4.3.3) - restriction: || (&& (== net452) (< net45) (>= net462) (>= netstandard1.6)) (&& (== net452) (< net45) (>= netstandard2.0)) (== netcoreapp3.1) (&& (== netstandard1.0) (>= net462) (>= netstandard1.6)) (&& (== netstandard1.0) (>= netstandard2.0)) (&& (== netstandard1.6) (>= net462)) (&& (== netstandard1.6) (>= netstandard2.0)) (== netstandard2.0)
    runtime.fedora.24-x64.runtime.native.System.Security.Cryptography.OpenSsl (4.3.3) - restriction: || (&& (== net452) (< net45) (>= net462) (>= netstandard1.6)) (&& (== net452) (< net45) (>= netstandard2.0)) (== netcoreapp3.1) (&& (== netstandard1.0) (>= net462) (>= netstandard1.6)) (&& (== netstandard1.0) (>= netstandard2.0)) (&& (== netstandard1.6) (>= net462)) (&& (== netstandard1.6) (>= netstandard2.0)) (== netstandard2.0)
    runtime.fedora.27-x64.runtime.native.System.Security.Cryptography.OpenSsl (4.3.3) - restriction: || (&& (== net452) (< net45) (>= net462) (>= netstandard1.6)) (&& (== net452) (< net45) (>= netstandard2.0)) (== netcoreapp3.1) (&& (== netstandard1.0) (>= net462) (>= netstandard1.6)) (&& (== netstandard1.0) (>= netstandard2.0)) (&& (== netstandard1.6) (>= net462)) (&& (== netstandard1.6) (>= netstandard2.0)) (== netstandard2.0)
    runtime.fedora.28-x64.runtime.native.System.Security.Cryptography.OpenSsl (4.3.3) - restriction: || (&& (== net452) (< net45) (>= net462) (>= netstandard1.6)) (&& (== net452) (< net45) (>= netstandard2.0)) (== netcoreapp3.1) (&& (== netstandard1.0) (>= net462) (>= netstandard1.6)) (&& (== netstandard1.0) (>= netstandard2.0)) (&& (== netstandard1.6) (>= net462)) (&& (== netstandard1.6) (>= netstandard2.0)) (== netstandard2.0)
    runtime.native.System (4.3.1) - restriction: || (&& (== net452) (< net45) (>= net462) (>= netstandard1.6)) (&& (== net452) (< net45) (>= netstandard2.0)) (== netcoreapp3.1) (&& (== netstandard1.0) (>= net462) (>= netstandard1.6)) (&& (== netstandard1.0) (>= netstandard2.0)) (&& (== netstandard1.6) (>= net462)) (&& (== netstandard1.6) (>= netstandard2.0)) (== netstandard2.0)
      Microsoft.NETCore.Platforms (>= 1.1.1)
      Microsoft.NETCore.Targets (>= 1.1.3)
    runtime.native.System.Net.Http (4.3.1) - restriction: || (&& (== net452) (< net45) (>= net462) (>= netstandard1.6)) (&& (== net452) (< net45) (>= netstandard2.0)) (== netcoreapp3.1) (&& (== netstandard1.0) (>= net462) (>= netstandard1.6)) (&& (== netstandard1.0) (>= netstandard2.0)) (&& (== netstandard1.6) (>= net462)) (&& (== netstandard1.6) (>= netstandard2.0)) (== netstandard2.0)
      Microsoft.NETCore.Platforms (>= 1.1.1)
      Microsoft.NETCore.Targets (>= 1.1.3)
    runtime.native.System.Security.Cryptography.Apple (4.3.1) - restriction: || (&& (== net452) (< net45) (>= net462) (>= netstandard1.6)) (&& (== net452) (< net45) (>= netstandard2.0)) (== netcoreapp3.1) (&& (== netstandard1.0) (>= net462) (>= netstandard1.6)) (&& (== netstandard1.0) (>= netstandard2.0)) (&& (== netstandard1.6) (>= net462)) (&& (== netstandard1.6) (>= netstandard2.0)) (== netstandard2.0)
      runtime.osx.10.10-x64.runtime.native.System.Security.Cryptography.Apple (>= 4.3.1)
    runtime.native.System.Security.Cryptography.OpenSsl (4.3.3) - restriction: || (&& (== net452) (< net45) (>= net462) (>= netstandard1.6)) (&& (== net452) (< net45) (>= netstandard2.0)) (== netcoreapp3.1) (&& (== netstandard1.0) (>= net462) (>= netstandard1.6)) (&& (== netstandard1.0) (>= netstandard2.0)) (&& (== netstandard1.6) (>= net462)) (&& (== netstandard1.6) (>= netstandard2.0)) (== netstandard2.0)
      runtime.debian.8-x64.runtime.native.System.Security.Cryptography.OpenSsl (>= 4.3.3)
      runtime.debian.9-x64.runtime.native.System.Security.Cryptography.OpenSsl (>= 4.3.3)
      runtime.fedora.23-x64.runtime.native.System.Security.Cryptography.OpenSsl (>= 4.3.3)
      runtime.fedora.24-x64.runtime.native.System.Security.Cryptography.OpenSsl (>= 4.3.3)
      runtime.fedora.27-x64.runtime.native.System.Security.Cryptography.OpenSsl (>= 4.3.3)
      runtime.fedora.28-x64.runtime.native.System.Security.Cryptography.OpenSsl (>= 4.3.3)
      runtime.opensuse.13.2-x64.runtime.native.System.Security.Cryptography.OpenSsl (>= 4.3.3)
      runtime.opensuse.42.1-x64.runtime.native.System.Security.Cryptography.OpenSsl (>= 4.3.3)
      runtime.opensuse.42.3-x64.runtime.native.System.Security.Cryptography.OpenSsl (>= 4.3.3)
      runtime.osx.10.10-x64.runtime.native.System.Security.Cryptography.OpenSsl (>= 4.3.3)
      runtime.rhel.7-x64.runtime.native.System.Security.Cryptography.OpenSsl (>= 4.3.3)
      runtime.ubuntu.14.04-x64.runtime.native.System.Security.Cryptography.OpenSsl (>= 4.3.3)
      runtime.ubuntu.16.04-x64.runtime.native.System.Security.Cryptography.OpenSsl (>= 4.3.3)
      runtime.ubuntu.16.10-x64.runtime.native.System.Security.Cryptography.OpenSsl (>= 4.3.3)
      runtime.ubuntu.18.04-x64.runtime.native.System.Security.Cryptography.OpenSsl (>= 4.3.3)
    runtime.opensuse.13.2-x64.runtime.native.System.Security.Cryptography.OpenSsl (4.3.3) - restriction: || (&& (== net452) (< net45) (>= net462) (>= netstandard1.6)) (&& (== net452) (< net45) (>= netstandard2.0)) (== netcoreapp3.1) (&& (== netstandard1.0) (>= net462) (>= netstandard1.6)) (&& (== netstandard1.0) (>= netstandard2.0)) (&& (== netstandard1.6) (>= net462)) (&& (== netstandard1.6) (>= netstandard2.0)) (== netstandard2.0)
    runtime.opensuse.42.1-x64.runtime.native.System.Security.Cryptography.OpenSsl (4.3.3) - restriction: || (&& (== net452) (< net45) (>= net462) (>= netstandard1.6)) (&& (== net452) (< net45) (>= netstandard2.0)) (== netcoreapp3.1) (&& (== netstandard1.0) (>= net462) (>= netstandard1.6)) (&& (== netstandard1.0) (>= netstandard2.0)) (&& (== netstandard1.6) (>= net462)) (&& (== netstandard1.6) (>= netstandard2.0)) (== netstandard2.0)
    runtime.opensuse.42.3-x64.runtime.native.System.Security.Cryptography.OpenSsl (4.3.3) - restriction: || (&& (== net452) (< net45) (>= net462) (>= netstandard1.6)) (&& (== net452) (< net45) (>= netstandard2.0)) (== netcoreapp3.1) (&& (== netstandard1.0) (>= net462) (>= netstandard1.6)) (&& (== netstandard1.0) (>= netstandard2.0)) (&& (== netstandard1.6) (>= net462)) (&& (== netstandard1.6) (>= netstandard2.0)) (== netstandard2.0)
    runtime.osx.10.10-x64.runtime.native.System.Security.Cryptography.Apple (4.3.1) - restriction: || (&& (== net452) (< net45) (>= net462) (>= netstandard1.6)) (&& (== net452) (< net45) (>= netstandard2.0)) (== netcoreapp3.1) (&& (== netstandard1.0) (>= net462) (>= netstandard1.6)) (&& (== netstandard1.0) (>= netstandard2.0)) (&& (== netstandard1.6) (>= net462)) (&& (== netstandard1.6) (>= netstandard2.0)) (== netstandard2.0)
    runtime.osx.10.10-x64.runtime.native.System.Security.Cryptography.OpenSsl (4.3.3) - restriction: || (&& (== net452) (< net45) (>= net462) (>= netstandard1.6)) (&& (== net452) (< net45) (>= netstandard2.0)) (== netcoreapp3.1) (&& (== netstandard1.0) (>= net462) (>= netstandard1.6)) (&& (== netstandard1.0) (>= netstandard2.0)) (&& (== netstandard1.6) (>= net462)) (&& (== netstandard1.6) (>= netstandard2.0)) (== netstandard2.0)
    runtime.rhel.7-x64.runtime.native.System.Security.Cryptography.OpenSsl (4.3.3) - restriction: || (&& (== net452) (< net45) (>= net462) (>= netstandard1.6)) (&& (== net452) (< net45) (>= netstandard2.0)) (== netcoreapp3.1) (&& (== netstandard1.0) (>= net462) (>= netstandard1.6)) (&& (== netstandard1.0) (>= netstandard2.0)) (&& (== netstandard1.6) (>= net462)) (&& (== netstandard1.6) (>= netstandard2.0)) (== netstandard2.0)
    runtime.ubuntu.14.04-x64.runtime.native.System.Security.Cryptography.OpenSsl (4.3.3) - restriction: || (&& (== net452) (< net45) (>= net462) (>= netstandard1.6)) (&& (== net452) (< net45) (>= netstandard2.0)) (== netcoreapp3.1) (&& (== netstandard1.0) (>= net462) (>= netstandard1.6)) (&& (== netstandard1.0) (>= netstandard2.0)) (&& (== netstandard1.6) (>= net462)) (&& (== netstandard1.6) (>= netstandard2.0)) (== netstandard2.0)
    runtime.ubuntu.16.04-x64.runtime.native.System.Security.Cryptography.OpenSsl (4.3.3) - restriction: || (&& (== net452) (< net45) (>= net462) (>= netstandard1.6)) (&& (== net452) (< net45) (>= netstandard2.0)) (== netcoreapp3.1) (&& (== netstandard1.0) (>= net462) (>= netstandard1.6)) (&& (== netstandard1.0) (>= netstandard2.0)) (&& (== netstandard1.6) (>= net462)) (&& (== netstandard1.6) (>= netstandard2.0)) (== netstandard2.0)
    runtime.ubuntu.16.10-x64.runtime.native.System.Security.Cryptography.OpenSsl (4.3.3) - restriction: || (&& (== net452) (< net45) (>= net462) (>= netstandard1.6)) (&& (== net452) (< net45) (>= netstandard2.0)) (== netcoreapp3.1) (&& (== netstandard1.0) (>= net462) (>= netstandard1.6)) (&& (== netstandard1.0) (>= netstandard2.0)) (&& (== netstandard1.6) (>= net462)) (&& (== netstandard1.6) (>= netstandard2.0)) (== netstandard2.0)
    runtime.ubuntu.18.04-x64.runtime.native.System.Security.Cryptography.OpenSsl (4.3.3) - restriction: || (&& (== net452) (< net45) (>= net462) (>= netstandard1.6)) (&& (== net452) (< net45) (>= netstandard2.0)) (== netcoreapp3.1) (&& (== netstandard1.0) (>= net462) (>= netstandard1.6)) (&& (== netstandard1.0) (>= netstandard2.0)) (&& (== netstandard1.6) (>= net462)) (&& (== netstandard1.6) (>= netstandard2.0)) (== netstandard2.0)
    System.Buffers (4.5.1) - restriction: || (&& (== net452) (== netcoreapp3.1)) (&& (== net452) (>= monoandroid) (>= netstandard2.0)) (&& (== net452) (>= monotouch) (>= netstandard2.0)) (&& (== net452) (< net45) (>= netstandard2.0)) (&& (== net452) (>= netstandard2.0) (>= xamarintvos)) (&& (== net452) (>= netstandard2.0) (>= xamarinwatchos)) (&& (== net452) (>= xamarinios)) (&& (== net452) (>= xamarinmac)) (&& (== netcoreapp3.1) (== netstandard1.0)) (&& (== netcoreapp3.1) (== netstandard1.6)) (&& (== netcoreapp3.1) (>= monoandroid)) (&& (== netcoreapp3.1) (>= monotouch)) (&& (== netcoreapp3.1) (< netcoreapp2.0)) (&& (== netcoreapp3.1) (>= xamarinios)) (&& (== netcoreapp3.1) (>= xamarinmac)) (&& (== netcoreapp3.1) (>= xamarintvos)) (&& (== netcoreapp3.1) (>= xamarinwatchos)) (&& (== netstandard1.0) (>= netstandard2.0)) (&& (== netstandard1.0) (>= xamarinios)) (&& (== netstandard1.0) (>= xamarinmac)) (&& (== netstandard1.6) (>= netstandard2.0)) (&& (== netstandard1.6) (>= xamarinios)) (&& (== netstandard1.6) (>= xamarinmac)) (== netstandard2.0)
    System.CodeDom (5.0) - restriction: || (&& (== net452) (>= netstandard2.0)) (== netcoreapp3.1) (&& (== netstandard1.0) (>= netstandard2.0)) (&& (== netstandard1.6) (>= netstandard2.0)) (== netstandard2.0)
    System.Collections (4.3) - restriction: || (&& (== net452) (< net45) (>= net462)) (&& (== net452) (< net45) (>= netstandard2.0)) (&& (== net452) (>= netcoreapp5.0)) (== netcoreapp3.1) (&& (== netstandard1.0) (>= net462)) (&& (== netstandard1.0) (>= netcoreapp5.0)) (&& (== netstandard1.0) (>= netstandard2.0)) (&& (== netstandard1.6) (>= net462)) (&& (== netstandard1.6) (>= netcoreapp5.0)) (&& (== netstandard1.6) (>= netstandard2.0)) (== netstandard2.0)
      Microsoft.NETCore.Platforms (>= 1.1) - restriction: || (&& (== net452) (< net45)) (&& (== net452) (>= netcoreapp5.0)) (== netcoreapp3.1) (== netstandard1.0) (== netstandard1.6) (== netstandard2.0)
      Microsoft.NETCore.Targets (>= 1.1) - restriction: || (&& (== net452) (< net45)) (&& (== net452) (>= netcoreapp5.0)) (== netcoreapp3.1) (== netstandard1.0) (== netstandard1.6) (== netstandard2.0)
      System.Runtime (>= 4.3) - restriction: || (&& (== net452) (< net45)) (&& (== net452) (>= netcoreapp5.0)) (== netcoreapp3.1) (== netstandard1.0) (== netstandard1.6) (== netstandard2.0)
    System.Collections.Concurrent (4.3) - restriction: || (&& (== net452) (< net45) (>= net462)) (&& (== net452) (< net45) (>= netstandard2.0)) (== netcoreapp3.1) (&& (== netstandard1.0) (>= net462)) (&& (== netstandard1.0) (>= netstandard2.0)) (&& (== netstandard1.6) (>= net462)) (&& (== netstandard1.6) (>= netstandard2.0)) (== netstandard2.0)
      System.Collections (>= 4.3) - restriction: || (&& (== net452) (< net45) (>= netstandard1.3)) (&& (== net452) (>= netcoreapp5.0)) (== netcoreapp3.1) (&& (== netstandard1.0) (>= netcoreapp5.0)) (&& (== netstandard1.0) (>= netstandard1.3)) (== netstandard1.6) (== netstandard2.0)
      System.Diagnostics.Debug (>= 4.3) - restriction: || (&& (== net452) (< net45) (>= netstandard1.3)) (&& (== net452) (>= netcoreapp5.0)) (== netcoreapp3.1) (&& (== netstandard1.0) (>= netcoreapp5.0)) (&& (== netstandard1.0) (>= netstandard1.3)) (== netstandard1.6) (== netstandard2.0)
      System.Diagnostics.Tracing (>= 4.3) - restriction: || (&& (== net452) (< net45) (>= netstandard1.3)) (&& (== net452) (>= netcoreapp5.0)) (== netcoreapp3.1) (&& (== netstandard1.0) (>= netcoreapp5.0)) (&& (== netstandard1.0) (>= netstandard1.3)) (== netstandard1.6) (== netstandard2.0)
      System.Globalization (>= 4.3) - restriction: || (&& (== net452) (< net45) (>= netstandard1.3)) (&& (== net452) (>= netcoreapp5.0)) (== netcoreapp3.1) (&& (== netstandard1.0) (>= netcoreapp5.0)) (&& (== netstandard1.0) (>= netstandard1.3)) (== netstandard1.6) (== netstandard2.0)
      System.Reflection (>= 4.3) - restriction: || (&& (== net452) (< net45) (>= netstandard1.3)) (== netcoreapp3.1) (&& (== netstandard1.0) (>= netstandard1.3)) (== netstandard1.6) (== netstandard2.0)
      System.Resources.ResourceManager (>= 4.3) - restriction: || (&& (== net452) (< net45) (>= netstandard1.3)) (&& (== net452) (>= netcoreapp5.0)) (== netcoreapp3.1) (&& (== netstandard1.0) (>= netcoreapp5.0)) (&& (== netstandard1.0) (>= netstandard1.3)) (== netstandard1.6) (== netstandard2.0)
      System.Runtime (>= 4.3) - restriction: || (&& (== net452) (== netstandard1.0)) (&& (== net452) (< net45)) (&& (== net452) (>= netcoreapp5.0)) (== netcoreapp3.1) (&& (== netstandard1.0) (>= netcoreapp5.0)) (&& (== netstandard1.0) (>= netstandard1.1)) (&& (== netstandard1.0) (>= netstandard1.3)) (== netstandard1.6) (== netstandard2.0)
      System.Runtime.Extensions (>= 4.3) - restriction: || (&& (== net452) (< net45) (>= netstandard1.3)) (&& (== net452) (>= netcoreapp5.0)) (== netcoreapp3.1) (&& (== netstandard1.0) (>= netcoreapp5.0)) (&& (== netstandard1.0) (>= netstandard1.3)) (== netstandard1.6) (== netstandard2.0)
      System.Threading (>= 4.3) - restriction: || (&& (== net452) (< net45) (>= netstandard1.3)) (&& (== net452) (>= netcoreapp5.0)) (== netcoreapp3.1) (&& (== netstandard1.0) (>= netcoreapp5.0)) (&& (== netstandard1.0) (>= netstandard1.3)) (== netstandard1.6) (== netstandard2.0)
      System.Threading.Tasks (>= 4.3) - restriction: || (&& (== net452) (== netstandard1.0)) (&& (== net452) (< net45)) (&& (== net452) (>= netcoreapp5.0)) (== netcoreapp3.1) (&& (== netstandard1.0) (>= netcoreapp5.0)) (&& (== netstandard1.0) (>= netstandard1.1)) (&& (== netstandard1.0) (>= netstandard1.3)) (== netstandard1.6) (== netstandard2.0)
    System.Collections.Immutable (5.0) - restriction: || (&& (== net452) (>= netcoreapp2.1)) (&& (== net452) (>= netstandard2.0)) (== netcoreapp3.1) (&& (== netstandard1.0) (>= netcoreapp2.1)) (&& (== netstandard1.0) (>= netstandard2.0)) (&& (== netstandard1.6) (>= netcoreapp2.1)) (&& (== netstandard1.6) (>= netstandard2.0)) (== netstandard2.0)
      System.Memory (>= 4.5.4) - restriction: || (&& (== net452) (== netcoreapp3.1)) (&& (== net452) (< net45) (>= netstandard1.3)) (&& (== net452) (< net45) (>= netstandard2.0)) (&& (== net452) (>= net46)) (&& (== net452) (>= net461)) (&& (== net452) (>= uap10.1)) (&& (== netcoreapp3.1) (== netstandard1.0)) (&& (== netcoreapp3.1) (>= net461)) (&& (== netcoreapp3.1) (< netcoreapp2.1)) (&& (== netcoreapp3.1) (< netstandard2.0)) (&& (== netcoreapp3.1) (>= uap10.1)) (&& (== netstandard1.0) (>= net46)) (&& (== netstandard1.0) (>= net461)) (&& (== netstandard1.0) (>= netstandard1.3)) (&& (== netstandard1.0) (>= netstandard2.0)) (&& (== netstandard1.0) (>= uap10.1)) (== netstandard1.6) (== netstandard2.0)
    System.Diagnostics.Debug (4.3) - restriction: || (&& (== net452) (< net45) (>= net462)) (&& (== net452) (< net45) (>= netstandard2.0)) (&& (== net452) (>= netcoreapp5.0)) (== netcoreapp3.1) (&& (== netstandard1.0) (>= net462)) (&& (== netstandard1.0) (>= netcoreapp5.0)) (&& (== netstandard1.0) (>= netstandard2.0)) (&& (== netstandard1.6) (>= net462)) (&& (== netstandard1.6) (>= netcoreapp5.0)) (&& (== netstandard1.6) (>= netstandard2.0)) (== netstandard2.0)
      Microsoft.NETCore.Platforms (>= 1.1) - restriction: || (&& (== net452) (< net45)) (&& (== net452) (>= netcoreapp5.0)) (== netcoreapp3.1) (== netstandard1.0) (== netstandard1.6) (== netstandard2.0)
      Microsoft.NETCore.Targets (>= 1.1) - restriction: || (&& (== net452) (< net45)) (&& (== net452) (>= netcoreapp5.0)) (== netcoreapp3.1) (== netstandard1.0) (== netstandard1.6) (== netstandard2.0)
      System.Runtime (>= 4.3) - restriction: || (&& (== net452) (< net45)) (&& (== net452) (>= netcoreapp5.0)) (== netcoreapp3.1) (== netstandard1.0) (== netstandard1.6) (== netstandard2.0)
    System.Diagnostics.DiagnosticSource (5.0.1) - restriction: || (&& (== net452) (< net45) (>= net462)) (&& (== net452) (< net45) (>= netstandard2.0)) (&& (== net452) (>= netcoreapp5.0)) (== netcoreapp3.1) (&& (== netstandard1.0) (>= net462)) (&& (== netstandard1.0) (>= netcoreapp5.0)) (&& (== netstandard1.0) (>= netstandard2.0)) (&& (== netstandard1.6) (>= net462)) (&& (== netstandard1.6) (>= netcoreapp5.0)) (&& (== netstandard1.6) (>= netstandard2.0)) (== netstandard2.0)
      System.Memory (>= 4.5.4) - restriction: || (== net452) (&& (== netcoreapp3.1) (== netstandard1.0)) (&& (== netcoreapp3.1) (>= net45) (< netstandard1.3)) (&& (== netcoreapp3.1) (>= net46)) (&& (== netcoreapp3.1) (< netcoreapp2.1)) (&& (== netcoreapp3.1) (< netstandard2.0)) (&& (== netcoreapp3.1) (>= uap10.1)) (&& (== netstandard1.0) (>= net45)) (&& (== netstandard1.0) (>= net46)) (&& (== netstandard1.0) (>= netstandard1.3)) (&& (== netstandard1.0) (>= netstandard2.0)) (&& (== netstandard1.0) (>= uap10.1)) (== netstandard1.6) (== netstandard2.0)
      System.Runtime.CompilerServices.Unsafe (>= 5.0) - restriction: || (== net452) (&& (== netcoreapp3.1) (== netstandard1.0)) (&& (== netcoreapp3.1) (>= monoandroid)) (&& (== netcoreapp3.1) (>= monotouch)) (&& (== netcoreapp3.1) (>= net45) (< netstandard1.3)) (&& (== netcoreapp3.1) (>= net46)) (&& (== netcoreapp3.1) (< netcoreapp2.1)) (&& (== netcoreapp3.1) (< netcoreapp3.0)) (&& (== netcoreapp3.1) (< netstandard2.0)) (&& (== netcoreapp3.1) (>= uap10.1)) (&& (== netcoreapp3.1) (>= xamarinios)) (&& (== netcoreapp3.1) (>= xamarinmac)) (&& (== netcoreapp3.1) (>= xamarintvos)) (&& (== netcoreapp3.1) (>= xamarinwatchos)) (&& (== netstandard1.0) (>= monoandroid)) (&& (== netstandard1.0) (>= monotouch)) (&& (== netstandard1.0) (>= net45)) (&& (== netstandard1.0) (>= net46)) (&& (== netstandard1.0) (>= netcoreapp2.1)) (&& (== netstandard1.0) (>= netstandard1.3)) (&& (== netstandard1.0) (>= netstandard2.0)) (&& (== netstandard1.0) (>= uap10.1)) (&& (== netstandard1.0) (>= xamarinios)) (&& (== netstandard1.0) (>= xamarinmac)) (&& (== netstandard1.0) (>= xamarintvos)) (&& (== netstandard1.0) (>= xamarinwatchos)) (== netstandard1.6) (== netstandard2.0)
    System.Diagnostics.FileVersionInfo (4.3) - restriction: || (&& (== net452) (>= net462)) (&& (== net452) (>= netstandard2.0)) (== netcoreapp3.1) (&& (== netstandard1.0) (>= net462)) (&& (== netstandard1.0) (>= netstandard2.0)) (&& (== netstandard1.6) (>= net462)) (&& (== netstandard1.6) (>= netstandard2.0)) (== netstandard2.0)
      Microsoft.NETCore.Platforms (>= 1.1) - restriction: || (&& (== net452) (>= netcoreapp5.0)) (&& (== net452) (>= netstandard1.3)) (== netcoreapp3.1) (&& (== netstandard1.0) (>= netcoreapp5.0)) (&& (== netstandard1.0) (>= netstandard1.3)) (== netstandard1.6) (== netstandard2.0)
      System.Globalization (>= 4.3) - restriction: || (&& (== net452) (>= netstandard1.3)) (== netcoreapp3.1) (&& (== netstandard1.0) (>= netstandard1.3)) (== netstandard1.6) (== netstandard2.0)
      System.IO (>= 4.3) - restriction: || (&& (== net452) (>= netcoreapp5.0)) (&& (== net452) (>= netstandard1.3)) (== netcoreapp3.1) (&& (== netstandard1.0) (>= netcoreapp5.0)) (&& (== netstandard1.0) (>= netstandard1.3)) (== netstandard1.6) (== netstandard2.0)
      System.IO.FileSystem (>= 4.3) - restriction: || (&& (== net452) (>= netcoreapp5.0)) (&& (== net452) (>= netstandard1.3)) (== netcoreapp3.1) (&& (== netstandard1.0) (>= netcoreapp5.0)) (&& (== netstandard1.0) (>= netstandard1.3)) (== netstandard1.6) (== netstandard2.0)
      System.IO.FileSystem.Primitives (>= 4.3) - restriction: || (&& (== net452) (>= netcoreapp5.0)) (&& (== net452) (>= netstandard1.3)) (== netcoreapp3.1) (&& (== netstandard1.0) (>= netcoreapp5.0)) (&& (== netstandard1.0) (>= netstandard1.3)) (== netstandard1.6) (== netstandard2.0)
      System.Reflection.Metadata (>= 1.4.1) - restriction: || (&& (== net452) (>= netcoreapp5.0)) (&& (== net452) (>= netstandard1.3)) (== netcoreapp3.1) (&& (== netstandard1.0) (>= netcoreapp5.0)) (&& (== netstandard1.0) (>= netstandard1.3)) (== netstandard1.6) (== netstandard2.0)
      System.Runtime (>= 4.3) - restriction: || (&& (== net452) (>= netcoreapp5.0)) (&& (== net452) (>= netstandard1.3)) (== netcoreapp3.1) (&& (== netstandard1.0) (>= netcoreapp5.0)) (&& (== netstandard1.0) (>= netstandard1.3)) (== netstandard1.6) (== netstandard2.0)
      System.Runtime.Extensions (>= 4.3) - restriction: || (&& (== net452) (>= netcoreapp5.0)) (&& (== net452) (>= netstandard1.3)) (== netcoreapp3.1) (&& (== netstandard1.0) (>= netcoreapp5.0)) (&& (== netstandard1.0) (>= netstandard1.3)) (== netstandard1.6) (== netstandard2.0)
      System.Runtime.InteropServices (>= 4.3) - restriction: || (&& (== net452) (>= netstandard1.3)) (== netcoreapp3.1) (&& (== netstandard1.0) (>= netstandard1.3)) (== netstandard1.6) (== netstandard2.0)
    System.Diagnostics.Process (4.3) - restriction: || (&& (== net452) (>= net462)) (&& (== net452) (>= netstandard2.0)) (== netcoreapp3.1) (&& (== netstandard1.0) (>= net462)) (&& (== netstandard1.0) (>= netstandard2.0)) (&& (== netstandard1.6) (>= net462)) (&& (== netstandard1.6) (>= netstandard2.0)) (== netstandard2.0)
      Microsoft.NETCore.Platforms (>= 1.1) - restriction: || (&& (== net452) (>= netstandard1.4)) (== netcoreapp3.1) (&& (== netstandard1.0) (>= netstandard1.4)) (== netstandard1.6) (== netstandard2.0)
      Microsoft.Win32.Primitives (>= 4.3) - restriction: || (&& (== net452) (>= netstandard1.4)) (== netcoreapp3.1) (&& (== netstandard1.0) (>= netstandard1.4)) (== netstandard1.6) (== netstandard2.0)
      Microsoft.Win32.Registry (>= 4.3) - restriction: || (&& (== net452) (>= netstandard1.4)) (== netcoreapp3.1) (&& (== netstandard1.0) (>= netstandard1.4)) (== netstandard1.6) (== netstandard2.0)
      runtime.native.System (>= 4.3) - restriction: || (&& (== net452) (>= netstandard1.4)) (== netcoreapp3.1) (&& (== netstandard1.0) (>= netstandard1.4)) (== netstandard1.6) (== netstandard2.0)
      System.Collections (>= 4.3) - restriction: || (&& (== net452) (>= netstandard1.4)) (== netcoreapp3.1) (&& (== netstandard1.0) (>= netstandard1.4)) (== netstandard1.6) (== netstandard2.0)
      System.Diagnostics.Debug (>= 4.3) - restriction: || (&& (== net452) (>= netstandard1.4)) (== netcoreapp3.1) (&& (== netstandard1.0) (>= netstandard1.4)) (== netstandard1.6) (== netstandard2.0)
      System.Globalization (>= 4.3) - restriction: || (&& (== net452) (>= netstandard1.4)) (== netcoreapp3.1) (&& (== netstandard1.0) (>= netstandard1.4)) (== netstandard1.6) (== netstandard2.0)
      System.IO (>= 4.3) - restriction: || (&& (== net452) (>= netstandard1.3)) (&& (== net452) (>= netstandard1.4)) (== netcoreapp3.1) (&& (== netstandard1.0) (>= netstandard1.3)) (&& (== netstandard1.0) (>= netstandard1.4)) (== netstandard1.6) (== netstandard2.0)
      System.IO.FileSystem (>= 4.3) - restriction: || (&& (== net452) (>= netstandard1.4)) (== netcoreapp3.1) (&& (== netstandard1.0) (>= netstandard1.4)) (== netstandard1.6) (== netstandard2.0)
      System.IO.FileSystem.Primitives (>= 4.3) - restriction: || (&& (== net452) (>= netstandard1.4)) (== netcoreapp3.1) (&& (== netstandard1.0) (>= netstandard1.4)) (== netstandard1.6) (== netstandard2.0)
      System.Resources.ResourceManager (>= 4.3) - restriction: || (&& (== net452) (>= netstandard1.4)) (== netcoreapp3.1) (&& (== netstandard1.0) (>= netstandard1.4)) (== netstandard1.6) (== netstandard2.0)
      System.Runtime (>= 4.3) - restriction: || (&& (== net452) (>= netstandard1.3)) (&& (== net452) (>= netstandard1.4)) (== netcoreapp3.1) (&& (== netstandard1.0) (>= netstandard1.3)) (&& (== netstandard1.0) (>= netstandard1.4)) (== netstandard1.6) (== netstandard2.0)
      System.Runtime.Extensions (>= 4.3) - restriction: || (&& (== net452) (>= netstandard1.4)) (== netcoreapp3.1) (&& (== netstandard1.0) (>= netstandard1.4)) (== netstandard1.6) (== netstandard2.0)
      System.Runtime.Handles (>= 4.3) - restriction: || (&& (== net452) (>= netstandard1.3)) (&& (== net452) (>= netstandard1.4)) (== netcoreapp3.1) (&& (== netstandard1.0) (>= netstandard1.3)) (&& (== netstandard1.0) (>= netstandard1.4)) (== netstandard1.6) (== netstandard2.0)
      System.Runtime.InteropServices (>= 4.3) - restriction: || (&& (== net452) (>= netstandard1.4)) (== netcoreapp3.1) (&& (== netstandard1.0) (>= netstandard1.4)) (== netstandard1.6) (== netstandard2.0)
      System.Text.Encoding (>= 4.3) - restriction: || (&& (== net452) (>= netstandard1.3)) (&& (== net452) (>= netstandard1.4)) (== netcoreapp3.1) (&& (== netstandard1.0) (>= netstandard1.3)) (&& (== netstandard1.0) (>= netstandard1.4)) (== netstandard1.6) (== netstandard2.0)
      System.Text.Encoding.Extensions (>= 4.3) - restriction: || (&& (== net452) (>= netstandard1.4)) (== netcoreapp3.1) (&& (== netstandard1.0) (>= netstandard1.4)) (== netstandard1.6) (== netstandard2.0)
      System.Threading (>= 4.3) - restriction: || (&& (== net452) (>= netstandard1.4)) (== netcoreapp3.1) (&& (== netstandard1.0) (>= netstandard1.4)) (== netstandard1.6) (== netstandard2.0)
      System.Threading.Tasks (>= 4.3) - restriction: || (&& (== net452) (>= netstandard1.4)) (== netcoreapp3.1) (&& (== netstandard1.0) (>= netstandard1.4)) (== netstandard1.6) (== netstandard2.0)
      System.Threading.Thread (>= 4.3) - restriction: || (&& (== net452) (>= netstandard1.4)) (== netcoreapp3.1) (&& (== netstandard1.0) (>= netstandard1.4)) (== netstandard1.6) (== netstandard2.0)
      System.Threading.ThreadPool (>= 4.3) - restriction: || (&& (== net452) (>= netstandard1.4)) (== netcoreapp3.1) (&& (== netstandard1.0) (>= netstandard1.4)) (== netstandard1.6) (== netstandard2.0)
    System.Diagnostics.Tools (4.3) - restriction: || (&& (== net452) (< net45) (>= netstandard2.0)) (&& (== net452) (>= netcoreapp5.0)) (== netcoreapp3.1) (&& (== netstandard1.0) (>= netcoreapp5.0)) (&& (== netstandard1.0) (>= netstandard2.0)) (&& (== netstandard1.6) (>= netcoreapp5.0)) (&& (== netstandard1.6) (>= netstandard2.0)) (== netstandard2.0)
      Microsoft.NETCore.Platforms (>= 1.1) - restriction: || (&& (== net452) (< net45)) (&& (== net452) (>= netcoreapp5.0)) (== netcoreapp3.1) (== netstandard1.0) (== netstandard1.6) (== netstandard2.0)
      Microsoft.NETCore.Targets (>= 1.1) - restriction: || (&& (== net452) (< net45)) (&& (== net452) (>= netcoreapp5.0)) (== netcoreapp3.1) (== netstandard1.0) (== netstandard1.6) (== netstandard2.0)
      System.Runtime (>= 4.3) - restriction: || (&& (== net452) (< net45)) (&& (== net452) (>= netcoreapp5.0)) (== netcoreapp3.1) (== netstandard1.0) (== netstandard1.6) (== netstandard2.0)
    System.Diagnostics.Tracing (4.3) - restriction: || (&& (== net452) (< net45) (>= net462)) (&& (== net452) (< net45) (>= netstandard2.0)) (&& (== net452) (>= netcoreapp5.0)) (== netcoreapp3.1) (&& (== netstandard1.0) (>= net462)) (&& (== netstandard1.0) (>= netcoreapp5.0)) (&& (== netstandard1.0) (>= netstandard2.0)) (&& (== netstandard1.6) (>= net462)) (&& (== netstandard1.6) (>= netcoreapp5.0)) (&& (== netstandard1.6) (>= netstandard2.0)) (== netstandard2.0)
      Microsoft.NETCore.Platforms (>= 1.1) - restriction: || (&& (== net452) (== netstandard1.0)) (&& (== net452) (< net45)) (&& (== net452) (>= netcoreapp5.0)) (== netcoreapp3.1) (&& (== netstandard1.0) (>= netcoreapp5.0)) (&& (== netstandard1.0) (>= netstandard1.1)) (&& (== netstandard1.0) (>= netstandard1.2)) (&& (== netstandard1.0) (>= netstandard1.3)) (&& (== netstandard1.0) (>= netstandard1.5)) (== netstandard1.6) (== netstandard2.0)
      Microsoft.NETCore.Targets (>= 1.1) - restriction: || (&& (== net452) (== netstandard1.0)) (&& (== net452) (< net45)) (&& (== net452) (>= netcoreapp5.0)) (== netcoreapp3.1) (&& (== netstandard1.0) (>= netcoreapp5.0)) (&& (== netstandard1.0) (>= netstandard1.1)) (&& (== netstandard1.0) (>= netstandard1.2)) (&& (== netstandard1.0) (>= netstandard1.3)) (&& (== netstandard1.0) (>= netstandard1.5)) (== netstandard1.6) (== netstandard2.0)
      System.Runtime (>= 4.3) - restriction: || (&& (== net452) (== netstandard1.0)) (&& (== net452) (< net45)) (&& (== net452) (>= netcoreapp5.0)) (== netcoreapp3.1) (&& (== netstandard1.0) (>= netcoreapp5.0)) (&& (== netstandard1.0) (>= netstandard1.1)) (&& (== netstandard1.0) (>= netstandard1.2)) (&& (== netstandard1.0) (>= netstandard1.3)) (&& (== netstandard1.0) (>= netstandard1.5)) (== netstandard1.6) (== netstandard2.0)
    System.Drawing.Common (5.0.1) - restriction: || (&& (== net452) (>= netcoreapp3.0)) (== netcoreapp3.1) (&& (== netstandard1.0) (>= netcoreapp3.0)) (&& (== netstandard1.6) (>= netcoreapp3.0)) (&& (== netstandard2.0) (>= netcoreapp3.0))
      Microsoft.Win32.SystemEvents (>= 5.0) - restriction: || (&& (== net452) (>= netcoreapp2.0)) (== netcoreapp3.1) (&& (== netstandard1.0) (>= netcoreapp2.0)) (&& (== netstandard1.6) (>= netcoreapp2.0)) (&& (== netstandard2.0) (>= netcoreapp2.0))
    System.Formats.Asn1 (5.0) - restriction: || (&& (== net452) (>= netcoreapp2.0)) (&& (== net452) (>= netcoreapp3.0)) (&& (== net452) (>= netstandard2.0)) (&& (== net452) (>= netstandard2.1)) (&& (== net452) (>= xamarinios)) (&& (== net452) (>= xamarinmac)) (== netcoreapp3.1) (&& (== netstandard1.0) (>= netcoreapp2.0)) (&& (== netstandard1.0) (>= netcoreapp3.0)) (&& (== netstandard1.0) (>= netstandard2.0)) (&& (== netstandard1.0) (>= netstandard2.1)) (&& (== netstandard1.0) (>= xamarinios)) (&& (== netstandard1.0) (>= xamarinmac)) (&& (== netstandard1.6) (>= netcoreapp2.0)) (&& (== netstandard1.6) (>= netcoreapp3.0)) (&& (== netstandard1.6) (>= netstandard2.0)) (&& (== netstandard1.6) (>= netstandard2.1)) (&& (== netstandard1.6) (>= xamarinios)) (&& (== netstandard1.6) (>= xamarinmac)) (== netstandard2.0)
    System.Globalization (4.3) - restriction: || (&& (== net452) (< net45) (>= net462)) (&& (== net452) (< net45) (>= netstandard2.0)) (&& (== net452) (>= netcoreapp5.0)) (== netcoreapp3.1) (&& (== netstandard1.0) (>= net462)) (&& (== netstandard1.0) (>= netcoreapp5.0)) (&& (== netstandard1.0) (>= netstandard2.0)) (&& (== netstandard1.6) (>= net462)) (&& (== netstandard1.6) (>= netcoreapp5.0)) (&& (== netstandard1.6) (>= netstandard2.0)) (== netstandard2.0)
      Microsoft.NETCore.Platforms (>= 1.1) - restriction: || (&& (== net452) (< net45)) (&& (== net452) (>= netcoreapp5.0)) (== netcoreapp3.1) (== netstandard1.0) (== netstandard1.6) (== netstandard2.0)
      Microsoft.NETCore.Targets (>= 1.1) - restriction: || (&& (== net452) (< net45)) (&& (== net452) (>= netcoreapp5.0)) (== netcoreapp3.1) (== netstandard1.0) (== netstandard1.6) (== netstandard2.0)
      System.Runtime (>= 4.3) - restriction: || (&& (== net452) (< net45)) (&& (== net452) (>= netcoreapp5.0)) (== netcoreapp3.1) (== netstandard1.0) (== netstandard1.6) (== netstandard2.0)
    System.Globalization.Calendars (4.3) - restriction: || (&& (== net452) (< net45) (>= netstandard2.0)) (&& (== net452) (>= net46) (>= netstandard2.0)) (&& (== net452) (>= net462) (>= netstandard1.6)) (&& (== net452) (>= netcoreapp5.0)) (== netcoreapp3.1) (&& (== netstandard1.0) (>= net462) (>= netstandard1.6)) (&& (== netstandard1.0) (>= netcoreapp5.0)) (&& (== netstandard1.0) (>= netstandard2.0)) (&& (== netstandard1.6) (>= net462)) (&& (== netstandard1.6) (>= netcoreapp5.0)) (&& (== netstandard1.6) (>= netstandard2.0)) (== netstandard2.0)
      Microsoft.NETCore.Platforms (>= 1.1) - restriction: || (&& (== net452) (>= netstandard1.3)) (== netcoreapp3.1) (&& (== netstandard1.0) (>= netstandard1.3)) (== netstandard1.6) (== netstandard2.0)
      Microsoft.NETCore.Targets (>= 1.1) - restriction: || (&& (== net452) (>= netstandard1.3)) (== netcoreapp3.1) (&& (== netstandard1.0) (>= netstandard1.3)) (== netstandard1.6) (== netstandard2.0)
      System.Globalization (>= 4.3) - restriction: || (&& (== net452) (>= netstandard1.3)) (== netcoreapp3.1) (&& (== netstandard1.0) (>= netstandard1.3)) (== netstandard1.6) (== netstandard2.0)
      System.Runtime (>= 4.3) - restriction: || (&& (== net452) (>= netstandard1.3)) (== netcoreapp3.1) (&& (== netstandard1.0) (>= netstandard1.3)) (== netstandard1.6) (== netstandard2.0)
    System.Globalization.Extensions (4.3) - restriction: || (&& (== net452) (< net45) (>= net462) (>= netstandard1.6)) (&& (== net452) (< net45) (>= netstandard2.0)) (== netcoreapp3.1) (&& (== netstandard1.0) (>= net462) (>= netstandard1.6)) (&& (== netstandard1.0) (>= netstandard2.0)) (&& (== netstandard1.6) (>= net462)) (&& (== netstandard1.6) (>= netstandard2.0)) (== netstandard2.0)
      Microsoft.NETCore.Platforms (>= 1.1) - restriction: || (&& (== net452) (>= netstandard1.3)) (== netcoreapp3.1) (&& (== netstandard1.0) (>= netstandard1.3)) (== netstandard1.6) (== netstandard2.0)
      System.Globalization (>= 4.3) - restriction: || (&& (== net452) (>= netstandard1.3)) (== netcoreapp3.1) (&& (== netstandard1.0) (>= netstandard1.3)) (== netstandard1.6) (== netstandard2.0)
      System.Resources.ResourceManager (>= 4.3) - restriction: || (&& (== net452) (>= netstandard1.3)) (== netcoreapp3.1) (&& (== netstandard1.0) (>= netstandard1.3)) (== netstandard1.6) (== netstandard2.0)
      System.Runtime (>= 4.3) - restriction: || (&& (== net452) (>= netstandard1.3)) (== netcoreapp3.1) (&& (== netstandard1.0) (>= netstandard1.3)) (== netstandard1.6) (== netstandard2.0)
      System.Runtime.Extensions (>= 4.3) - restriction: || (&& (== net452) (>= netstandard1.3)) (== netcoreapp3.1) (&& (== netstandard1.0) (>= netstandard1.3)) (== netstandard1.6) (== netstandard2.0)
      System.Runtime.InteropServices (>= 4.3) - restriction: || (&& (== net452) (>= netstandard1.3)) (== netcoreapp3.1) (&& (== netstandard1.0) (>= netstandard1.3)) (== netstandard1.6) (== netstandard2.0)
    System.IO (4.3) - restriction: || (&& (== net452) (< net45) (>= net462)) (&& (== net452) (< net45) (>= netstandard2.0)) (&& (== net452) (>= netcoreapp5.0)) (== netcoreapp3.1) (&& (== netstandard1.0) (>= net462)) (&& (== netstandard1.0) (>= netcoreapp5.0)) (&& (== netstandard1.0) (>= netstandard2.0)) (&& (== netstandard1.6) (>= net462)) (&& (== netstandard1.6) (>= netcoreapp5.0)) (&& (== netstandard1.6) (>= netstandard2.0)) (== netstandard2.0)
      Microsoft.NETCore.Platforms (>= 1.1) - restriction: || (&& (== net452) (< net45)) (&& (== net452) (>= netcoreapp5.0)) (== netcoreapp3.1) (== netstandard1.0) (== netstandard1.6) (== netstandard2.0)
      Microsoft.NETCore.Targets (>= 1.1) - restriction: || (&& (== net452) (< net45)) (&& (== net452) (>= netcoreapp5.0)) (== netcoreapp3.1) (== netstandard1.0) (== netstandard1.6) (== netstandard2.0)
      System.Runtime (>= 4.3) - restriction: || (&& (== net452) (< net45)) (&& (== net452) (>= netcoreapp5.0)) (== netcoreapp3.1) (== netstandard1.0) (== netstandard1.6) (== netstandard2.0)
      System.Text.Encoding (>= 4.3) - restriction: || (&& (== net452) (< net45)) (&& (== net452) (>= netcoreapp5.0)) (== netcoreapp3.1) (== netstandard1.0) (== netstandard1.6) (== netstandard2.0)
      System.Threading.Tasks (>= 4.3) - restriction: || (&& (== net452) (< net45)) (&& (== net452) (>= netcoreapp5.0)) (== netcoreapp3.1) (== netstandard1.0) (== netstandard1.6) (== netstandard2.0)
    System.IO.FileSystem (4.3) - restriction: || (&& (== net452) (< net45) (>= net462) (>= netstandard1.6)) (&& (== net452) (< net45) (>= netstandard2.0)) (== netcoreapp3.1) (&& (== netstandard1.0) (>= net462) (>= netstandard1.6)) (&& (== netstandard1.0) (>= netstandard2.0)) (&& (== netstandard1.6) (>= net462)) (&& (== netstandard1.6) (>= netstandard2.0)) (== netstandard2.0)
      Microsoft.NETCore.Platforms (>= 1.1) - restriction: || (&& (== net452) (>= netstandard1.3)) (== netcoreapp3.1) (&& (== netstandard1.0) (>= netstandard1.3)) (== netstandard1.6) (== netstandard2.0)
      Microsoft.NETCore.Targets (>= 1.1) - restriction: || (&& (== net452) (>= netstandard1.3)) (== netcoreapp3.1) (&& (== netstandard1.0) (>= netstandard1.3)) (== netstandard1.6) (== netstandard2.0)
      System.IO (>= 4.3) - restriction: || (&& (== net452) (>= netstandard1.3)) (== netcoreapp3.1) (&& (== netstandard1.0) (>= netstandard1.3)) (== netstandard1.6) (== netstandard2.0)
      System.IO.FileSystem.Primitives (>= 4.3) - restriction: || (&& (== net452) (>= net46)) (&& (== net452) (>= netstandard1.3)) (== netcoreapp3.1) (&& (== netstandard1.0) (>= net46)) (&& (== netstandard1.0) (>= netstandard1.3)) (== netstandard1.6) (== netstandard2.0)
      System.Runtime (>= 4.3) - restriction: || (&& (== net452) (>= netstandard1.3)) (== netcoreapp3.1) (&& (== netstandard1.0) (>= netstandard1.3)) (== netstandard1.6) (== netstandard2.0)
      System.Runtime.Handles (>= 4.3) - restriction: || (&& (== net452) (>= netstandard1.3)) (== netcoreapp3.1) (&& (== netstandard1.0) (>= netstandard1.3)) (== netstandard1.6) (== netstandard2.0)
      System.Text.Encoding (>= 4.3) - restriction: || (&& (== net452) (>= netstandard1.3)) (== netcoreapp3.1) (&& (== netstandard1.0) (>= netstandard1.3)) (== netstandard1.6) (== netstandard2.0)
      System.Threading.Tasks (>= 4.3) - restriction: || (&& (== net452) (>= netstandard1.3)) (== netcoreapp3.1) (&& (== netstandard1.0) (>= netstandard1.3)) (== netstandard1.6) (== netstandard2.0)
    System.IO.FileSystem.Primitives (4.3) - restriction: || (&& (== net452) (< net45) (>= netstandard2.0)) (&& (== net452) (>= netcoreapp5.0)) (== netcoreapp3.1) (&& (== netstandard1.0) (>= netcoreapp5.0)) (&& (== netstandard1.0) (>= netstandard2.0)) (&& (== netstandard1.6) (>= netcoreapp5.0)) (&& (== netstandard1.6) (>= netstandard2.0)) (== netstandard2.0)
      System.Runtime (>= 4.3) - restriction: || (&& (== net452) (>= netstandard1.3)) (== netcoreapp3.1) (&& (== netstandard1.0) (>= netstandard1.3)) (== netstandard1.6) (== netstandard2.0)
    System.IO.FileSystem.Watcher (4.3) - restriction: || (&& (== net452) (>= net462)) (&& (== net452) (>= netstandard2.0)) (== netcoreapp3.1) (&& (== netstandard1.0) (>= net462)) (&& (== netstandard1.0) (>= netstandard2.0)) (&& (== netstandard1.6) (>= net462)) (&& (== netstandard1.6) (>= netstandard2.0)) (== netstandard2.0)
      Microsoft.NETCore.Platforms (>= 1.1) - restriction: || (&& (== net452) (>= netstandard1.3)) (== netcoreapp3.1) (&& (== netstandard1.0) (>= netstandard1.3)) (== netstandard1.6) (== netstandard2.0)
      Microsoft.Win32.Primitives (>= 4.3) - restriction: || (&& (== net452) (>= netstandard1.3)) (== netcoreapp3.1) (&& (== netstandard1.0) (>= netstandard1.3)) (== netstandard1.6) (== netstandard2.0)
      runtime.native.System (>= 4.3) - restriction: || (&& (== net452) (>= netstandard1.3)) (== netcoreapp3.1) (&& (== netstandard1.0) (>= netstandard1.3)) (== netstandard1.6) (== netstandard2.0)
      System.Collections (>= 4.3) - restriction: || (&& (== net452) (>= netstandard1.3)) (== netcoreapp3.1) (&& (== netstandard1.0) (>= netstandard1.3)) (== netstandard1.6) (== netstandard2.0)
      System.IO.FileSystem (>= 4.3) - restriction: || (&& (== net452) (>= netstandard1.3)) (== netcoreapp3.1) (&& (== netstandard1.0) (>= netstandard1.3)) (== netstandard1.6) (== netstandard2.0)
      System.IO.FileSystem.Primitives (>= 4.3) - restriction: || (&& (== net452) (>= netstandard1.3)) (== netcoreapp3.1) (&& (== netstandard1.0) (>= netstandard1.3)) (== netstandard1.6) (== netstandard2.0)
      System.Resources.ResourceManager (>= 4.3) - restriction: || (&& (== net452) (>= netstandard1.3)) (== netcoreapp3.1) (&& (== netstandard1.0) (>= netstandard1.3)) (== netstandard1.6) (== netstandard2.0)
      System.Runtime (>= 4.3) - restriction: || (&& (== net452) (>= netstandard1.3)) (== netcoreapp3.1) (&& (== netstandard1.0) (>= netstandard1.3)) (== netstandard1.6) (== netstandard2.0)
      System.Runtime.Extensions (>= 4.3) - restriction: || (&& (== net452) (>= netstandard1.3)) (== netcoreapp3.1) (&& (== netstandard1.0) (>= netstandard1.3)) (== netstandard1.6) (== netstandard2.0)
      System.Runtime.Handles (>= 4.3) - restriction: || (&& (== net452) (>= netstandard1.3)) (== netcoreapp3.1) (&& (== netstandard1.0) (>= netstandard1.3)) (== netstandard1.6) (== netstandard2.0)
      System.Runtime.InteropServices (>= 4.3) - restriction: || (&& (== net452) (>= netstandard1.3)) (== netcoreapp3.1) (&& (== netstandard1.0) (>= netstandard1.3)) (== netstandard1.6) (== netstandard2.0)
      System.Text.Encoding (>= 4.3) - restriction: || (&& (== net452) (>= netstandard1.3)) (== netcoreapp3.1) (&& (== netstandard1.0) (>= netstandard1.3)) (== netstandard1.6) (== netstandard2.0)
      System.Threading (>= 4.3) - restriction: || (&& (== net452) (>= netstandard1.3)) (== netcoreapp3.1) (&& (== netstandard1.0) (>= netstandard1.3)) (== netstandard1.6) (== netstandard2.0)
      System.Threading.Overlapped (>= 4.3) - restriction: || (&& (== net452) (>= netstandard1.3)) (== netcoreapp3.1) (&& (== netstandard1.0) (>= netstandard1.3)) (== netstandard1.6) (== netstandard2.0)
      System.Threading.Tasks (>= 4.3) - restriction: || (&& (== net452) (>= netstandard1.3)) (== netcoreapp3.1) (&& (== netstandard1.0) (>= netstandard1.3)) (== netstandard1.6) (== netstandard2.0)
      System.Threading.Thread (>= 4.3) - restriction: || (&& (== net452) (>= netstandard1.3)) (== netcoreapp3.1) (&& (== netstandard1.0) (>= netstandard1.3)) (== netstandard1.6) (== netstandard2.0)
    System.Linq (4.3) - restriction: || (&& (== net452) (>= net462)) (&& (== net452) (>= netstandard2.0)) (== netcoreapp3.1) (&& (== netstandard1.0) (>= net462)) (&& (== netstandard1.0) (>= netstandard2.0)) (&& (== netstandard1.6) (>= net462)) (&& (== netstandard1.6) (>= netstandard2.0)) (== netstandard2.0)
      System.Collections (>= 4.3) - restriction: || (&& (== net452) (< net45)) (&& (== net452) (>= netcoreapp5.0)) (== netcoreapp3.1) (== netstandard1.0) (== netstandard1.6) (== netstandard2.0)
      System.Diagnostics.Debug (>= 4.3) - restriction: || (&& (== net452) (< net45) (>= netstandard1.6)) (&& (== net452) (>= netcoreapp5.0)) (== netcoreapp3.1) (&& (== netstandard1.0) (>= netcoreapp5.0)) (&& (== netstandard1.0) (>= netstandard1.6)) (== netstandard1.6) (== netstandard2.0)
      System.Resources.ResourceManager (>= 4.3) - restriction: || (&& (== net452) (< net45) (>= netstandard1.6)) (&& (== net452) (>= netcoreapp5.0)) (== netcoreapp3.1) (&& (== netstandard1.0) (>= netcoreapp5.0)) (&& (== netstandard1.0) (>= netstandard1.6)) (== netstandard1.6) (== netstandard2.0)
      System.Runtime (>= 4.3) - restriction: || (&& (== net452) (< net45)) (&& (== net452) (>= netcoreapp5.0)) (== netcoreapp3.1) (== netstandard1.0) (== netstandard1.6) (== netstandard2.0)
      System.Runtime.Extensions (>= 4.3) - restriction: || (&& (== net452) (< net45) (>= netstandard1.6)) (&& (== net452) (>= netcoreapp5.0)) (== netcoreapp3.1) (&& (== netstandard1.0) (>= netcoreapp5.0)) (&& (== netstandard1.0) (>= netstandard1.6)) (== netstandard1.6) (== netstandard2.0)
    System.Memory (4.5.4) - restriction: || (&& (== net452) (< net45) (>= netstandard2.0)) (&& (== net452) (>= net472)) (&& (== net452) (>= netcoreapp2.0)) (&& (== net452) (>= netcoreapp2.1)) (&& (== net452) (>= netstandard2.0) (>= uap10.1)) (== netcoreapp3.1) (&& (== netstandard1.0) (>= net472)) (&& (== netstandard1.0) (>= netcoreapp2.0)) (&& (== netstandard1.0) (>= netcoreapp2.1)) (&& (== netstandard1.0) (>= netstandard2.0)) (&& (== netstandard1.6) (>= net472)) (&& (== netstandard1.6) (>= netcoreapp2.0)) (&& (== netstandard1.6) (>= netcoreapp2.1)) (&& (== netstandard1.6) (>= netstandard2.0)) (== netstandard2.0)
      System.Buffers (>= 4.5.1) - restriction: || (== net452) (&& (== netcoreapp3.1) (== netstandard1.0)) (&& (== netcoreapp3.1) (>= monoandroid)) (&& (== netcoreapp3.1) (>= monotouch)) (&& (== netcoreapp3.1) (>= net461)) (&& (== netcoreapp3.1) (< netcoreapp2.0)) (&& (== netcoreapp3.1) (< netstandard1.1)) (&& (== netcoreapp3.1) (< netstandard2.0)) (&& (== netcoreapp3.1) (>= xamarinios)) (&& (== netcoreapp3.1) (>= xamarinmac)) (&& (== netcoreapp3.1) (>= xamarintvos)) (&& (== netcoreapp3.1) (>= xamarinwatchos)) (&& (== netstandard1.0) (>= monoandroid)) (&& (== netstandard1.0) (>= monotouch)) (&& (== netstandard1.0) (>= net45)) (&& (== netstandard1.0) (>= net461)) (&& (== netstandard1.0) (>= netstandard1.1)) (&& (== netstandard1.0) (>= netstandard2.0)) (&& (== netstandard1.0) (>= portable-net45+win8+wpa81)) (&& (== netstandard1.0) (>= win8)) (&& (== netstandard1.0) (>= wpa81)) (&& (== netstandard1.0) (>= xamarinios)) (&& (== netstandard1.0) (>= xamarinmac)) (&& (== netstandard1.0) (>= xamarintvos)) (&& (== netstandard1.0) (>= xamarinwatchos)) (== netstandard1.6) (== netstandard2.0)
      System.Numerics.Vectors (>= 4.4) - restriction: || (&& (== net452) (== netcoreapp3.1)) (&& (== net452) (< net45) (>= netstandard2.0)) (&& (== netcoreapp3.1) (== netstandard1.0)) (&& (== netcoreapp3.1) (== netstandard1.6)) (&& (== netcoreapp3.1) (< netcoreapp2.0)) (&& (== netstandard1.0) (>= netstandard2.0)) (&& (== netstandard1.6) (>= netstandard2.0)) (== netstandard2.0)
      System.Runtime.CompilerServices.Unsafe (>= 4.5.3) - restriction: || (== net452) (&& (== netcoreapp3.1) (== netstandard1.0)) (&& (== netcoreapp3.1) (>= monoandroid)) (&& (== netcoreapp3.1) (>= monotouch)) (&& (== netcoreapp3.1) (>= net461)) (&& (== netcoreapp3.1) (< netcoreapp2.0)) (&& (== netcoreapp3.1) (< netcoreapp2.1)) (&& (== netcoreapp3.1) (< netstandard1.1)) (&& (== netcoreapp3.1) (< netstandard2.0)) (&& (== netcoreapp3.1) (>= uap10.1)) (&& (== netcoreapp3.1) (>= xamarinios)) (&& (== netcoreapp3.1) (>= xamarinmac)) (&& (== netcoreapp3.1) (>= xamarintvos)) (&& (== netcoreapp3.1) (>= xamarinwatchos)) (&& (== netstandard1.0) (>= monoandroid)) (&& (== netstandard1.0) (>= monotouch)) (&& (== netstandard1.0) (>= net45)) (&& (== netstandard1.0) (>= net461)) (&& (== netstandard1.0) (>= netcoreapp2.0)) (&& (== netstandard1.0) (>= netstandard1.1)) (&& (== netstandard1.0) (>= netstandard2.0)) (&& (== netstandard1.0) (>= portable-net45+win8+wpa81)) (&& (== netstandard1.0) (>= uap10.1)) (&& (== netstandard1.0) (>= win8)) (&& (== netstandard1.0) (>= wpa81)) (&& (== netstandard1.0) (>= xamarinios)) (&& (== netstandard1.0) (>= xamarinmac)) (&& (== netstandard1.0) (>= xamarintvos)) (&& (== netstandard1.0) (>= xamarinwatchos)) (== netstandard1.6) (== netstandard2.0)
    System.Net.Http (4.3.4) - restriction: || (&& (== net452) (>= net462)) (&& (== net452) (>= netstandard2.0)) (== netcoreapp3.1) (&& (== netstandard1.0) (>= net462)) (&& (== netstandard1.0) (>= netstandard2.0)) (&& (== netstandard1.6) (>= net462)) (&& (== netstandard1.6) (>= netstandard2.0)) (== netstandard2.0)
      Microsoft.NETCore.Platforms (>= 1.1.1) - restriction: || (&& (== net452) (< net45) (>= netstandard1.3)) (&& (== net452) (< net45) (>= netstandard1.6)) (&& (== net452) (>= netcoreapp5.0)) (== netcoreapp3.1) (&& (== netstandard1.0) (>= netcoreapp5.0)) (&& (== netstandard1.0) (>= netstandard1.3)) (&& (== netstandard1.0) (>= netstandard1.6)) (== netstandard1.6) (== netstandard2.0)
      runtime.native.System (>= 4.3) - restriction: || (&& (== net452) (< net45) (>= netstandard1.6)) (== netcoreapp3.1) (&& (== netstandard1.0) (>= netstandard1.6)) (== netstandard1.6) (== netstandard2.0)
      runtime.native.System.Net.Http (>= 4.3) - restriction: || (&& (== net452) (< net45) (>= netstandard1.6)) (== netcoreapp3.1) (&& (== netstandard1.0) (>= netstandard1.6)) (== netstandard1.6) (== netstandard2.0)
      runtime.native.System.Security.Cryptography.OpenSsl (>= 4.3.2) - restriction: || (&& (== net452) (< net45) (>= netstandard1.6)) (== netcoreapp3.1) (&& (== netstandard1.0) (>= netstandard1.6)) (== netstandard1.6) (== netstandard2.0)
      System.Collections (>= 4.3) - restriction: || (&& (== net452) (< net45) (>= netstandard1.3)) (&& (== net452) (< net45) (>= netstandard1.6)) (&& (== net452) (>= netcoreapp5.0)) (== netcoreapp3.1) (&& (== netstandard1.0) (>= netcoreapp5.0)) (&& (== netstandard1.0) (>= netstandard1.3)) (&& (== netstandard1.0) (>= netstandard1.6)) (== netstandard1.6) (== netstandard2.0)
      System.Diagnostics.Debug (>= 4.3) - restriction: || (&& (== net452) (< net45) (>= netstandard1.3)) (&& (== net452) (< net45) (>= netstandard1.6)) (&& (== net452) (>= netcoreapp5.0)) (== netcoreapp3.1) (&& (== netstandard1.0) (>= netcoreapp5.0)) (&& (== netstandard1.0) (>= netstandard1.3)) (&& (== netstandard1.0) (>= netstandard1.6)) (== netstandard1.6) (== netstandard2.0)
      System.Diagnostics.DiagnosticSource (>= 4.3) - restriction: || (&& (== net452) (< net45) (>= netstandard1.3)) (&& (== net452) (< net45) (>= netstandard1.6)) (&& (== net452) (>= netcoreapp5.0)) (== netcoreapp3.1) (&& (== netstandard1.0) (>= netcoreapp5.0)) (&& (== netstandard1.0) (>= netstandard1.3)) (&& (== netstandard1.0) (>= netstandard1.6)) (== netstandard1.6) (== netstandard2.0)
      System.Diagnostics.Tracing (>= 4.3) - restriction: || (&& (== net452) (< net45) (>= netstandard1.3)) (&& (== net452) (< net45) (>= netstandard1.6)) (&& (== net452) (>= netcoreapp5.0)) (== netcoreapp3.1) (&& (== netstandard1.0) (>= netcoreapp5.0)) (&& (== netstandard1.0) (>= netstandard1.3)) (&& (== netstandard1.0) (>= netstandard1.6)) (== netstandard1.6) (== netstandard2.0)
      System.Globalization (>= 4.3) - restriction: || (&& (== net452) (< net45) (>= netstandard1.3)) (&& (== net452) (< net45) (>= netstandard1.6)) (&& (== net452) (>= netcoreapp5.0)) (== netcoreapp3.1) (&& (== netstandard1.0) (>= netcoreapp5.0)) (&& (== netstandard1.0) (>= netstandard1.3)) (&& (== netstandard1.0) (>= netstandard1.6)) (== netstandard1.6) (== netstandard2.0)
      System.Globalization.Extensions (>= 4.3) - restriction: || (&& (== net452) (< net45) (>= netstandard1.6)) (== netcoreapp3.1) (&& (== netstandard1.0) (>= netstandard1.6)) (== netstandard1.6) (== netstandard2.0)
      System.IO (>= 4.3) - restriction: || (&& (== net452) (== netstandard1.0)) (&& (== net452) (< net45)) (&& (== net452) (>= netcoreapp5.0)) (== netcoreapp3.1) (&& (== netstandard1.0) (>= netcoreapp5.0)) (&& (== netstandard1.0) (>= netstandard1.1)) (&& (== netstandard1.0) (>= netstandard1.3)) (&& (== netstandard1.0) (>= netstandard1.6)) (== netstandard1.6) (== netstandard2.0)
      System.IO.FileSystem (>= 4.3) - restriction: || (&& (== net452) (< net45) (>= netstandard1.6)) (== netcoreapp3.1) (&& (== netstandard1.0) (>= netstandard1.6)) (== netstandard1.6) (== netstandard2.0)
      System.Net.Primitives (>= 4.3) - restriction: || (&& (== net452) (== netstandard1.0)) (&& (== net452) (< net45)) (&& (== net452) (>= netcoreapp5.0)) (== netcoreapp3.1) (&& (== netstandard1.0) (>= netcoreapp5.0)) (&& (== netstandard1.0) (>= netstandard1.1)) (&& (== netstandard1.0) (>= netstandard1.3)) (&& (== netstandard1.0) (>= netstandard1.6)) (== netstandard1.6) (== netstandard2.0)
      System.Resources.ResourceManager (>= 4.3) - restriction: || (&& (== net452) (< net45) (>= netstandard1.3)) (&& (== net452) (< net45) (>= netstandard1.6)) (&& (== net452) (>= netcoreapp5.0)) (== netcoreapp3.1) (&& (== netstandard1.0) (>= netcoreapp5.0)) (&& (== netstandard1.0) (>= netstandard1.3)) (&& (== netstandard1.0) (>= netstandard1.6)) (== netstandard1.6) (== netstandard2.0)
      System.Runtime (>= 4.3) - restriction: || (&& (== net452) (== netstandard1.0)) (&& (== net452) (< net45)) (&& (== net452) (>= netcoreapp5.0)) (== netcoreapp3.1) (&& (== netstandard1.0) (>= netcoreapp5.0)) (&& (== netstandard1.0) (>= netstandard1.1)) (&& (== netstandard1.0) (>= netstandard1.3)) (&& (== netstandard1.0) (>= netstandard1.6)) (== netstandard1.6) (== netstandard2.0)
      System.Runtime.Extensions (>= 4.3) - restriction: || (&& (== net452) (< net45) (>= netstandard1.3)) (&& (== net452) (< net45) (>= netstandard1.6)) (&& (== net452) (>= netcoreapp5.0)) (== netcoreapp3.1) (&& (== netstandard1.0) (>= netcoreapp5.0)) (&& (== netstandard1.0) (>= netstandard1.3)) (&& (== netstandard1.0) (>= netstandard1.6)) (== netstandard1.6) (== netstandard2.0)
      System.Runtime.Handles (>= 4.3) - restriction: || (&& (== net452) (< net45) (>= netstandard1.3)) (&& (== net452) (< net45) (>= netstandard1.6)) (== netcoreapp3.1) (&& (== netstandard1.0) (>= netstandard1.3)) (&& (== netstandard1.0) (>= netstandard1.6)) (== netstandard1.6) (== netstandard2.0)
      System.Runtime.InteropServices (>= 4.3) - restriction: || (&& (== net452) (< net45) (>= netstandard1.3)) (&& (== net452) (< net45) (>= netstandard1.6)) (&& (== net452) (>= netcoreapp5.0)) (== netcoreapp3.1) (&& (== netstandard1.0) (>= netcoreapp5.0)) (&& (== netstandard1.0) (>= netstandard1.3)) (&& (== netstandard1.0) (>= netstandard1.6)) (== netstandard1.6) (== netstandard2.0)
      System.Security.Cryptography.Algorithms (>= 4.3) - restriction: || (&& (== net452) (< net45) (>= netstandard1.6)) (== netcoreapp3.1) (&& (== netstandard1.0) (>= netstandard1.6)) (== netstandard1.6) (== netstandard2.0)
      System.Security.Cryptography.Encoding (>= 4.3) - restriction: || (&& (== net452) (< net45) (>= netstandard1.3)) (&& (== net452) (< net45) (>= netstandard1.6)) (== netcoreapp3.1) (&& (== netstandard1.0) (>= netstandard1.3)) (&& (== netstandard1.0) (>= netstandard1.6)) (== netstandard1.6) (== netstandard2.0)
      System.Security.Cryptography.OpenSsl (>= 4.3) - restriction: || (&& (== net452) (< net45) (>= netstandard1.6)) (== netcoreapp3.1) (&& (== netstandard1.0) (>= netstandard1.6)) (== netstandard1.6) (== netstandard2.0)
      System.Security.Cryptography.Primitives (>= 4.3) - restriction: || (&& (== net452) (< net45) (>= netstandard1.6)) (== netcoreapp3.1) (&& (== netstandard1.0) (>= netstandard1.6)) (== netstandard1.6) (== netstandard2.0)
      System.Security.Cryptography.X509Certificates (>= 4.3) - restriction: || (&& (== net452) (< net45) (>= netstandard1.3)) (&& (== net452) (< net45) (>= netstandard1.6)) (&& (== net452) (>= net46)) (&& (== net452) (>= netcoreapp5.0)) (== netcoreapp3.1) (&& (== netstandard1.0) (>= net46)) (&& (== netstandard1.0) (>= netcoreapp5.0)) (&& (== netstandard1.0) (>= netstandard1.3)) (&& (== netstandard1.0) (>= netstandard1.6)) (== netstandard1.6) (== netstandard2.0)
      System.Text.Encoding (>= 4.3) - restriction: || (&& (== net452) (== netstandard1.0)) (&& (== net452) (< net45)) (&& (== net452) (>= netcoreapp5.0)) (== netcoreapp3.1) (&& (== netstandard1.0) (>= netcoreapp5.0)) (&& (== netstandard1.0) (>= netstandard1.1)) (&& (== netstandard1.0) (>= netstandard1.3)) (&& (== netstandard1.0) (>= netstandard1.6)) (== netstandard1.6) (== netstandard2.0)
      System.Threading (>= 4.3) - restriction: || (&& (== net452) (< net45) (>= netstandard1.3)) (&& (== net452) (< net45) (>= netstandard1.6)) (&& (== net452) (>= netcoreapp5.0)) (== netcoreapp3.1) (&& (== netstandard1.0) (>= netcoreapp5.0)) (&& (== netstandard1.0) (>= netstandard1.3)) (&& (== netstandard1.0) (>= netstandard1.6)) (== netstandard1.6) (== netstandard2.0)
      System.Threading.Tasks (>= 4.3) - restriction: || (&& (== net452) (== netstandard1.0)) (&& (== net452) (< net45)) (&& (== net452) (>= netcoreapp5.0)) (== netcoreapp3.1) (&& (== netstandard1.0) (>= netcoreapp5.0)) (&& (== netstandard1.0) (>= netstandard1.1)) (&& (== netstandard1.0) (>= netstandard1.3)) (&& (== netstandard1.0) (>= netstandard1.6)) (== netstandard1.6) (== netstandard2.0)
    System.Net.Primitives (4.3.1) - restriction: || (&& (== net452) (< net45) (>= net462)) (&& (== net452) (< net45) (>= netstandard2.0)) (&& (== net452) (>= netcoreapp5.0)) (== netcoreapp3.1) (&& (== netstandard1.0) (>= net462)) (&& (== netstandard1.0) (>= netcoreapp5.0)) (&& (== netstandard1.0) (>= netstandard2.0)) (&& (== netstandard1.6) (>= net462)) (&& (== netstandard1.6) (>= netcoreapp5.0)) (&& (== netstandard1.6) (>= netstandard2.0)) (== netstandard2.0)
      Microsoft.NETCore.Platforms (>= 1.1.1) - restriction: || (&& (== net452) (< net45)) (&& (== net452) (>= netcoreapp5.0)) (&& (== net452) (< netstandard1.1)) (== netcoreapp3.1) (== netstandard1.0) (== netstandard1.6) (== netstandard2.0)
      Microsoft.NETCore.Targets (>= 1.1.3) - restriction: || (&& (== net452) (< net45)) (&& (== net452) (>= netcoreapp5.0)) (&& (== net452) (< netstandard1.1)) (== netcoreapp3.1) (== netstandard1.0) (== netstandard1.6) (== netstandard2.0)
      System.Runtime (>= 4.3.1) - restriction: || (&& (== net452) (< net45)) (&& (== net452) (>= netcoreapp5.0)) (&& (== net452) (< netstandard1.1)) (== netcoreapp3.1) (== netstandard1.0) (== netstandard1.6) (== netstandard2.0)
      System.Runtime.Handles (>= 4.3) - restriction: || (&& (== net452) (< net45) (>= netstandard1.3)) (&& (== net452) (>= netcoreapp5.0)) (== netcoreapp3.1) (&& (== netstandard1.0) (>= netcoreapp5.0)) (&& (== netstandard1.0) (>= netstandard1.3)) (== netstandard1.6) (== netstandard2.0)
    System.Numerics.Vectors (4.5) - restriction: || (&& (== net452) (== netcoreapp3.1)) (&& (== net452) (< net45) (>= netstandard2.0)) (&& (== net452) (>= netcoreapp2.0)) (&& (== net452) (>= netstandard2.0) (>= uap10.1)) (&& (== netcoreapp3.1) (== netstandard1.0)) (&& (== netcoreapp3.1) (== netstandard1.6)) (&& (== netcoreapp3.1) (< netcoreapp2.0)) (&& (== netcoreapp3.1) (>= uap10.1)) (&& (== netstandard1.0) (>= netcoreapp2.0)) (&& (== netstandard1.0) (>= netstandard2.0)) (&& (== netstandard1.6) (>= netcoreapp2.0)) (&& (== netstandard1.6) (>= netstandard2.0)) (== netstandard2.0)
    System.Reactive (5.0) - restriction: || (&& (== net452) (>= net462) (>= uap10.1)) (&& (== net452) (>= netstandard2.0)) (== netcoreapp3.1) (&& (== netstandard1.0) (>= net462) (>= uap10.1)) (&& (== netstandard1.0) (>= netstandard2.0)) (&& (== netstandard1.6) (>= net462) (>= uap10.1)) (&& (== netstandard1.6) (>= netstandard2.0)) (== netstandard2.0)
      System.Runtime.InteropServices.WindowsRuntime (>= 4.3) - restriction: || (&& (== net452) (== netcoreapp3.1)) (&& (== net452) (>= netstandard2.0)) (&& (== netcoreapp3.1) (== netstandard1.0)) (&& (== netcoreapp3.1) (== netstandard1.6)) (&& (== netstandard1.0) (>= netstandard2.0)) (&& (== netstandard1.6) (>= netstandard2.0)) (== netstandard2.0)
      System.Threading.Tasks.Extensions (>= 4.5.4) - restriction: || (&& (== net452) (== netcoreapp3.1)) (&& (== net452) (>= net472)) (&& (== net452) (>= netstandard2.0)) (&& (== net452) (>= uap10.1)) (&& (== netcoreapp3.1) (== netstandard1.0)) (&& (== netcoreapp3.1) (== netstandard1.6)) (&& (== netcoreapp3.1) (>= net472)) (&& (== netcoreapp3.1) (>= uap10.1)) (&& (== netstandard1.0) (>= net472)) (&& (== netstandard1.0) (>= netstandard2.0)) (&& (== netstandard1.0) (>= uap10.1)) (&& (== netstandard1.6) (>= net472)) (&& (== netstandard1.6) (>= netstandard2.0)) (&& (== netstandard1.6) (>= uap10.1)) (== netstandard2.0)
    System.Reactive.Compatibility (5.0) - restriction: || (&& (== net452) (>= net462)) (&& (== net452) (>= netstandard2.0)) (== netcoreapp3.1) (&& (== netstandard1.0) (>= net462)) (&& (== netstandard1.0) (>= netstandard2.0)) (&& (== netstandard1.6) (>= net462)) (&& (== netstandard1.6) (>= netstandard2.0)) (== netstandard2.0)
      System.Reactive.Core (>= 5.0) - restriction: || (== net452) (== netcoreapp3.1) (&& (== netstandard1.0) (>= net45)) (&& (== netstandard1.0) (>= netstandard1.3)) (== netstandard1.6) (== netstandard2.0)
      System.Reactive.Interfaces (>= 5.0) - restriction: || (== net452) (== netcoreapp3.1) (&& (== netstandard1.0) (>= net45)) (&& (== netstandard1.0) (>= netstandard1.3)) (== netstandard1.6) (== netstandard2.0)
      System.Reactive.Linq (>= 5.0) - restriction: || (== net452) (== netcoreapp3.1) (&& (== netstandard1.0) (>= net45)) (&& (== netstandard1.0) (>= netstandard1.3)) (== netstandard1.6) (== netstandard2.0)
      System.Reactive.PlatformServices (>= 5.0) - restriction: || (== net452) (== netcoreapp3.1) (&& (== netstandard1.0) (>= net45)) (&& (== netstandard1.0) (>= netstandard1.3)) (== netstandard1.6) (== netstandard2.0)
      System.Reactive.Providers (>= 5.0) - restriction: || (== net452) (== netcoreapp3.1) (&& (== netstandard1.0) (>= net45)) (&& (== netstandard1.0) (>= netstandard1.3)) (== netstandard1.6) (== netstandard2.0)
    System.Reactive.Core (5.0) - restriction: || (&& (== net452) (>= net462)) (&& (== net452) (>= netstandard2.0)) (== netcoreapp3.1) (&& (== netstandard1.0) (>= net462)) (&& (== netstandard1.0) (>= netstandard2.0)) (&& (== netstandard1.6) (>= net462)) (&& (== netstandard1.6) (>= netstandard2.0)) (== netstandard2.0)
      System.Reactive (>= 5.0) - restriction: || (&& (== net452) (>= netstandard2.0)) (&& (== net452) (>= uap10.1)) (== netcoreapp3.1) (&& (== netstandard1.0) (>= netstandard2.0)) (&& (== netstandard1.0) (>= uap10.1)) (&& (== netstandard1.6) (>= netstandard2.0)) (&& (== netstandard1.6) (>= uap10.1)) (== netstandard2.0)
      System.Threading.Tasks.Extensions (>= 4.5.4) - restriction: || (&& (== net452) (>= netstandard2.0)) (&& (== net452) (>= uap10.1)) (== netcoreapp3.1) (&& (== netstandard1.0) (>= netstandard2.0)) (&& (== netstandard1.0) (>= uap10.1)) (&& (== netstandard1.6) (>= netstandard2.0)) (&& (== netstandard1.6) (>= uap10.1)) (== netstandard2.0)
    System.Reactive.Interfaces (5.0) - restriction: || (&& (== net452) (>= net462)) (&& (== net452) (>= netstandard2.0)) (== netcoreapp3.1) (&& (== netstandard1.0) (>= net462)) (&& (== netstandard1.0) (>= netstandard2.0)) (&& (== netstandard1.6) (>= net462)) (&& (== netstandard1.6) (>= netstandard2.0)) (== netstandard2.0)
      System.Reactive (>= 5.0) - restriction: || (&& (== net452) (>= netstandard2.0)) (&& (== net452) (>= uap10.1)) (== netcoreapp3.1) (&& (== netstandard1.0) (>= netstandard2.0)) (&& (== netstandard1.0) (>= uap10.1)) (&& (== netstandard1.6) (>= netstandard2.0)) (&& (== netstandard1.6) (>= uap10.1)) (== netstandard2.0)
      System.Threading.Tasks.Extensions (>= 4.5.4) - restriction: || (&& (== net452) (>= netstandard2.0)) (&& (== net452) (>= uap10.1)) (== netcoreapp3.1) (&& (== netstandard1.0) (>= netstandard2.0)) (&& (== netstandard1.0) (>= uap10.1)) (&& (== netstandard1.6) (>= netstandard2.0)) (&& (== netstandard1.6) (>= uap10.1)) (== netstandard2.0)
    System.Reactive.Linq (5.0) - restriction: || (&& (== net452) (>= net462)) (&& (== net452) (>= netstandard2.0)) (== netcoreapp3.1) (&& (== netstandard1.0) (>= net462)) (&& (== netstandard1.0) (>= netstandard2.0)) (&& (== netstandard1.6) (>= net462)) (&& (== netstandard1.6) (>= netstandard2.0)) (== netstandard2.0)
      System.Reactive (>= 5.0) - restriction: || (&& (== net452) (>= netstandard2.0)) (&& (== net452) (>= uap10.1)) (== netcoreapp3.1) (&& (== netstandard1.0) (>= netstandard2.0)) (&& (== netstandard1.0) (>= uap10.1)) (&& (== netstandard1.6) (>= netstandard2.0)) (&& (== netstandard1.6) (>= uap10.1)) (== netstandard2.0)
      System.Threading.Tasks.Extensions (>= 4.5.4) - restriction: || (&& (== net452) (>= netstandard2.0)) (&& (== net452) (>= uap10.1)) (== netcoreapp3.1) (&& (== netstandard1.0) (>= netstandard2.0)) (&& (== netstandard1.0) (>= uap10.1)) (&& (== netstandard1.6) (>= netstandard2.0)) (&& (== netstandard1.6) (>= uap10.1)) (== netstandard2.0)
    System.Reactive.PlatformServices (5.0) - restriction: || (&& (== net452) (>= net462)) (&& (== net452) (>= netstandard2.0)) (== netcoreapp3.1) (&& (== netstandard1.0) (>= net462)) (&& (== netstandard1.0) (>= netstandard2.0)) (&& (== netstandard1.6) (>= net462)) (&& (== netstandard1.6) (>= netstandard2.0)) (== netstandard2.0)
      System.Reactive (>= 5.0) - restriction: || (&& (== net452) (>= netstandard2.0)) (&& (== net452) (>= uap10.1)) (== netcoreapp3.1) (&& (== netstandard1.0) (>= netstandard2.0)) (&& (== netstandard1.0) (>= uap10.1)) (&& (== netstandard1.6) (>= netstandard2.0)) (&& (== netstandard1.6) (>= uap10.1)) (== netstandard2.0)
      System.Threading.Tasks.Extensions (>= 4.5.4) - restriction: || (&& (== net452) (>= netstandard2.0)) (&& (== net452) (>= uap10.1)) (== netcoreapp3.1) (&& (== netstandard1.0) (>= netstandard2.0)) (&& (== netstandard1.0) (>= uap10.1)) (&& (== netstandard1.6) (>= netstandard2.0)) (&& (== netstandard1.6) (>= uap10.1)) (== netstandard2.0)
    System.Reactive.Providers (5.0) - restriction: || (&& (== net452) (>= net462)) (&& (== net452) (>= netstandard2.0)) (== netcoreapp3.1) (&& (== netstandard1.0) (>= net462)) (&& (== netstandard1.0) (>= netstandard2.0)) (&& (== netstandard1.6) (>= net462)) (&& (== netstandard1.6) (>= netstandard2.0)) (== netstandard2.0)
      System.Reactive (>= 5.0) - restriction: || (&& (== net452) (>= netstandard2.0)) (&& (== net452) (>= uap10.1)) (== netcoreapp3.1) (&& (== netstandard1.0) (>= netstandard2.0)) (&& (== netstandard1.0) (>= uap10.1)) (&& (== netstandard1.6) (>= netstandard2.0)) (&& (== netstandard1.6) (>= uap10.1)) (== netstandard2.0)
      System.Threading.Tasks.Extensions (>= 4.5.4) - restriction: || (&& (== net452) (>= netstandard2.0)) (&& (== net452) (>= uap10.1)) (== netcoreapp3.1) (&& (== netstandard1.0) (>= netstandard2.0)) (&& (== netstandard1.0) (>= uap10.1)) (&& (== netstandard1.6) (>= netstandard2.0)) (&& (== netstandard1.6) (>= uap10.1)) (== netstandard2.0)
    System.Reflection (4.3) - restriction: || (&& (== net452) (< net45) (>= netstandard2.0)) (&& (== net452) (>= netcoreapp5.0)) (== netcoreapp3.1) (&& (== netstandard1.0) (>= netcoreapp5.0)) (&& (== netstandard1.0) (>= netstandard2.0)) (&& (== netstandard1.6) (>= netcoreapp5.0)) (&& (== netstandard1.6) (>= netstandard2.0)) (== netstandard2.0)
      Microsoft.NETCore.Platforms (>= 1.1) - restriction: || (&& (== net452) (< net45)) (&& (== net452) (>= netcoreapp5.0)) (== netcoreapp3.1) (== netstandard1.0) (== netstandard1.6) (== netstandard2.0)
      Microsoft.NETCore.Targets (>= 1.1) - restriction: || (&& (== net452) (< net45)) (&& (== net452) (>= netcoreapp5.0)) (== netcoreapp3.1) (== netstandard1.0) (== netstandard1.6) (== netstandard2.0)
      System.IO (>= 4.3) - restriction: || (&& (== net452) (< net45)) (&& (== net452) (>= netcoreapp5.0)) (== netcoreapp3.1) (== netstandard1.0) (== netstandard1.6) (== netstandard2.0)
      System.Reflection.Primitives (>= 4.3) - restriction: || (&& (== net452) (< net45)) (&& (== net452) (>= netcoreapp5.0)) (== netcoreapp3.1) (== netstandard1.0) (== netstandard1.6) (== netstandard2.0)
      System.Runtime (>= 4.3) - restriction: || (&& (== net452) (< net45)) (&& (== net452) (>= netcoreapp5.0)) (== netcoreapp3.1) (== netstandard1.0) (== netstandard1.6) (== netstandard2.0)
    System.Reflection.Metadata (5.0) - restriction: || (&& (== net452) (>= netcoreapp2.1)) (&& (== net452) (>= netstandard2.0)) (== netcoreapp3.1) (&& (== netstandard1.0) (>= netcoreapp2.1)) (&& (== netstandard1.0) (>= netstandard2.0)) (&& (== netstandard1.6) (>= netcoreapp2.1)) (&& (== netstandard1.6) (>= netstandard2.0)) (== netstandard2.0)
      System.Collections.Immutable (>= 5.0) - restriction: || (== net452) (== netcoreapp3.1) (&& (== netstandard1.0) (>= net45)) (&& (== netstandard1.0) (>= net461)) (&& (== netstandard1.0) (>= netstandard1.1)) (&& (== netstandard1.0) (>= netstandard2.0)) (&& (== netstandard1.0) (>= portable-net45+win8+wpa81)) (&& (== netstandard1.0) (>= win8)) (&& (== netstandard1.0) (>= wpa81)) (== netstandard1.6) (== netstandard2.0)
    System.Reflection.Primitives (4.3) - restriction: || (&& (== net452) (< net45) (>= net462)) (&& (== net452) (< net45) (>= netstandard2.0)) (&& (== net452) (>= net462) (>= netcoreapp1.1)) (&& (== net452) (>= netcoreapp1.1) (>= netstandard2.0)) (&& (== net452) (>= netcoreapp5.0)) (== netcoreapp3.1) (&& (== netstandard1.0) (>= net462)) (&& (== netstandard1.0) (>= netcoreapp5.0)) (&& (== netstandard1.0) (>= netstandard2.0)) (&& (== netstandard1.6) (>= net462)) (&& (== netstandard1.6) (>= netcoreapp5.0)) (&& (== netstandard1.6) (>= netstandard2.0)) (== netstandard2.0)
      Microsoft.NETCore.Platforms (>= 1.1) - restriction: || (&& (== net452) (< net45)) (&& (== net452) (>= netcoreapp5.0)) (== netcoreapp3.1) (== netstandard1.0) (== netstandard1.6) (== netstandard2.0)
      Microsoft.NETCore.Targets (>= 1.1) - restriction: || (&& (== net452) (< net45)) (&& (== net452) (>= netcoreapp5.0)) (== netcoreapp3.1) (== netstandard1.0) (== netstandard1.6) (== netstandard2.0)
      System.Runtime (>= 4.3) - restriction: || (&& (== net452) (< net45)) (&& (== net452) (>= netcoreapp5.0)) (== netcoreapp3.1) (== netstandard1.0) (== netstandard1.6) (== netstandard2.0)
    System.Reflection.TypeExtensions (4.7) - restriction: || (&& (== net452) (>= netstandard2.0)) (== netcoreapp3.1) (&& (== netstandard1.0) (>= netstandard2.0)) (&& (== netstandard1.6) (>= netstandard2.0)) (== netstandard2.0)
    System.Resources.Extensions (5.0) - restriction: || (&& (== net452) (>= netstandard2.0)) (== netcoreapp3.1) (&& (== netstandard1.0) (>= netstandard2.0)) (&& (== netstandard1.6) (>= netstandard2.0)) (== netstandard2.0)
      System.Memory (>= 4.5.4) - restriction: || (&& (== net452) (== netcoreapp3.1)) (&& (== net452) (>= net461)) (&& (== net452) (>= netstandard2.0)) (&& (== netcoreapp3.1) (== netstandard1.0)) (&& (== netcoreapp3.1) (== netstandard1.6)) (&& (== netcoreapp3.1) (>= net461)) (&& (== netcoreapp3.1) (< netcoreapp2.1)) (&& (== netstandard1.0) (>= net461)) (&& (== netstandard1.0) (>= netstandard2.0)) (&& (== netstandard1.6) (>= net461)) (&& (== netstandard1.6) (>= netstandard2.0)) (== netstandard2.0)
    System.Resources.ResourceManager (4.3) - restriction: || (&& (== net452) (< net45) (>= net462)) (&& (== net452) (< net45) (>= netstandard2.0)) (&& (== net452) (>= netcoreapp5.0)) (== netcoreapp3.1) (&& (== netstandard1.0) (>= net462)) (&& (== netstandard1.0) (>= netcoreapp5.0)) (&& (== netstandard1.0) (>= netstandard2.0)) (&& (== netstandard1.6) (>= net462)) (&& (== netstandard1.6) (>= netcoreapp5.0)) (&& (== netstandard1.6) (>= netstandard2.0)) (== netstandard2.0)
      Microsoft.NETCore.Platforms (>= 1.1) - restriction: || (&& (== net452) (< net45)) (&& (== net452) (>= netcoreapp5.0)) (== netcoreapp3.1) (== netstandard1.0) (== netstandard1.6) (== netstandard2.0)
      Microsoft.NETCore.Targets (>= 1.1) - restriction: || (&& (== net452) (< net45)) (&& (== net452) (>= netcoreapp5.0)) (== netcoreapp3.1) (== netstandard1.0) (== netstandard1.6) (== netstandard2.0)
      System.Globalization (>= 4.3) - restriction: || (&& (== net452) (< net45)) (&& (== net452) (>= netcoreapp5.0)) (== netcoreapp3.1) (== netstandard1.0) (== netstandard1.6) (== netstandard2.0)
      System.Reflection (>= 4.3) - restriction: || (&& (== net452) (< net45)) (&& (== net452) (>= netcoreapp5.0)) (== netcoreapp3.1) (== netstandard1.0) (== netstandard1.6) (== netstandard2.0)
      System.Runtime (>= 4.3) - restriction: || (&& (== net452) (< net45)) (&& (== net452) (>= netcoreapp5.0)) (== netcoreapp3.1) (== netstandard1.0) (== netstandard1.6) (== netstandard2.0)
    System.Runtime (4.3.1) - restriction: || (&& (== net452) (< net45) (>= net462)) (&& (== net452) (< net45) (>= netstandard2.0)) (&& (== net452) (>= net462) (< netstandard1.1)) (&& (== net452) (>= netcoreapp5.0)) (&& (== net452) (< netstandard1.1) (>= netstandard2.0)) (== netcoreapp3.1) (&& (== netstandard1.0) (>= net462)) (&& (== netstandard1.0) (>= netcoreapp5.0)) (&& (== netstandard1.0) (>= netstandard2.0)) (&& (== netstandard1.6) (>= net462)) (&& (== netstandard1.6) (>= netcoreapp5.0)) (&& (== netstandard1.6) (>= netstandard2.0)) (== netstandard2.0)
      Microsoft.NETCore.Platforms (>= 1.1.1) - restriction: || (&& (== net452) (< net45)) (&& (== net452) (>= netcoreapp5.0)) (== netcoreapp3.1) (== netstandard1.0) (== netstandard1.6) (== netstandard2.0)
      Microsoft.NETCore.Targets (>= 1.1.3) - restriction: || (&& (== net452) (< net45)) (&& (== net452) (>= netcoreapp5.0)) (== netcoreapp3.1) (== netstandard1.0) (== netstandard1.6) (== netstandard2.0)
    System.Runtime.CompilerServices.Unsafe (5.0) - restriction: || (&& (== net452) (>= monoandroid) (>= net462)) (&& (== net452) (>= monoandroid) (>= netstandard2.0)) (&& (== net452) (>= monotouch) (>= net462)) (&& (== net452) (>= monotouch) (>= netstandard2.0)) (&& (== net452) (< net45) (>= net462)) (&& (== net452) (< net45) (>= netstandard2.0)) (&& (== net452) (>= net462) (>= uap10.1)) (&& (== net452) (>= net462) (>= xamarintvos)) (&& (== net452) (>= net462) (>= xamarinwatchos)) (&& (== net452) (>= netcoreapp2.1)) (&& (== net452) (>= netcoreapp5.0)) (&& (== net452) (>= netstandard2.0) (>= uap10.1)) (&& (== net452) (>= netstandard2.0) (>= xamarintvos)) (&& (== net452) (>= netstandard2.0) (>= xamarinwatchos)) (&& (== net452) (>= xamarinios)) (&& (== net452) (>= xamarinmac)) (== netcoreapp3.1) (&& (== netstandard1.0) (>= net462)) (&& (== netstandard1.0) (>= netcoreapp2.1)) (&& (== netstandard1.0) (>= netcoreapp5.0)) (&& (== netstandard1.0) (>= netstandard2.0)) (&& (== netstandard1.0) (>= xamarinios)) (&& (== netstandard1.0) (>= xamarinmac)) (&& (== netstandard1.6) (>= net462)) (&& (== netstandard1.6) (>= netcoreapp2.1)) (&& (== netstandard1.6) (>= netcoreapp5.0)) (&& (== netstandard1.6) (>= netstandard2.0)) (&& (== netstandard1.6) (>= xamarinios)) (&& (== netstandard1.6) (>= xamarinmac)) (== netstandard2.0)
    System.Runtime.Extensions (4.3.1) - restriction: || (&& (== net452) (< net45) (>= net462)) (&& (== net452) (< net45) (>= netstandard2.0)) (&& (== net452) (>= netcoreapp5.0)) (== netcoreapp3.1) (&& (== netstandard1.0) (>= net462)) (&& (== netstandard1.0) (>= netcoreapp5.0)) (&& (== netstandard1.0) (>= netstandard2.0)) (&& (== netstandard1.6) (>= net462)) (&& (== netstandard1.6) (>= netcoreapp5.0)) (&& (== netstandard1.6) (>= netstandard2.0)) (== netstandard2.0)
      Microsoft.NETCore.Platforms (>= 1.1.1) - restriction: || (&& (== net452) (< net45)) (&& (== net452) (>= netcoreapp5.0)) (== netcoreapp3.1) (== netstandard1.0) (== netstandard1.6) (== netstandard2.0)
      Microsoft.NETCore.Targets (>= 1.1.3) - restriction: || (&& (== net452) (< net45)) (&& (== net452) (>= netcoreapp5.0)) (== netcoreapp3.1) (== netstandard1.0) (== netstandard1.6) (== netstandard2.0)
      System.Runtime (>= 4.3.1) - restriction: || (&& (== net452) (< net45)) (&& (== net452) (>= netcoreapp5.0)) (== netcoreapp3.1) (== netstandard1.0) (== netstandard1.6) (== netstandard2.0)
    System.Runtime.Handles (4.3) - restriction: || (&& (== net452) (< net45) (>= net462)) (&& (== net452) (< net45) (>= netstandard2.0)) (== netcoreapp3.1) (&& (== netstandard1.0) (>= net462)) (&& (== netstandard1.0) (>= netstandard2.0)) (&& (== netstandard1.6) (>= net462)) (&& (== netstandard1.6) (>= netstandard2.0)) (== netstandard2.0)
      Microsoft.NETCore.Platforms (>= 1.1) - restriction: || (&& (== net452) (>= netstandard1.3)) (== netcoreapp3.1) (&& (== netstandard1.0) (>= netstandard1.3)) (== netstandard1.6) (== netstandard2.0)
      Microsoft.NETCore.Targets (>= 1.1) - restriction: || (&& (== net452) (>= netstandard1.3)) (== netcoreapp3.1) (&& (== netstandard1.0) (>= netstandard1.3)) (== netstandard1.6) (== netstandard2.0)
      System.Runtime (>= 4.3) - restriction: || (&& (== net452) (>= netstandard1.3)) (== netcoreapp3.1) (&& (== netstandard1.0) (>= netstandard1.3)) (== netstandard1.6) (== netstandard2.0)
    System.Runtime.InteropServices (4.3) - restriction: || (&& (== net452) (< net45) (>= net462)) (&& (== net452) (< net45) (>= netstandard2.0)) (&& (== net452) (>= netcoreapp5.0)) (== netcoreapp3.1) (&& (== netstandard1.0) (>= net462)) (&& (== netstandard1.0) (>= netcoreapp5.0)) (&& (== netstandard1.0) (>= netstandard2.0)) (&& (== netstandard1.6) (>= net462)) (&& (== netstandard1.6) (>= netcoreapp5.0)) (&& (== netstandard1.6) (>= netstandard2.0)) (== netstandard2.0)
      Microsoft.NETCore.Platforms (>= 1.1) - restriction: || (&& (== net452) (== netstandard1.0)) (&& (== net452) (< net45)) (&& (== net452) (>= netcoreapp1.1)) (== netcoreapp3.1) (&& (== netstandard1.0) (>= netcoreapp1.1)) (&& (== netstandard1.0) (>= netstandard1.1)) (&& (== netstandard1.0) (>= netstandard1.2)) (&& (== netstandard1.0) (>= netstandard1.3)) (&& (== netstandard1.0) (>= netstandard1.5)) (== netstandard1.6) (== netstandard2.0)
      Microsoft.NETCore.Targets (>= 1.1) - restriction: || (&& (== net452) (== netstandard1.0)) (&& (== net452) (< net45)) (&& (== net452) (>= netcoreapp1.1)) (== netcoreapp3.1) (&& (== netstandard1.0) (>= netcoreapp1.1)) (&& (== netstandard1.0) (>= netstandard1.1)) (&& (== netstandard1.0) (>= netstandard1.2)) (&& (== netstandard1.0) (>= netstandard1.3)) (&& (== netstandard1.0) (>= netstandard1.5)) (== netstandard1.6) (== netstandard2.0)
      System.Reflection (>= 4.3) - restriction: || (&& (== net452) (== netstandard1.0)) (&& (== net452) (< net45)) (&& (== net452) (>= netcoreapp1.1)) (== netcoreapp3.1) (&& (== netstandard1.0) (>= netcoreapp1.1)) (&& (== netstandard1.0) (>= netstandard1.1)) (&& (== netstandard1.0) (>= netstandard1.2)) (&& (== netstandard1.0) (>= netstandard1.3)) (&& (== netstandard1.0) (>= netstandard1.5)) (== netstandard1.6) (== netstandard2.0)
      System.Reflection.Primitives (>= 4.3) - restriction: || (&& (== net452) (== netstandard1.0)) (&& (== net452) (< net45)) (&& (== net452) (>= netcoreapp1.1)) (== netcoreapp3.1) (&& (== netstandard1.0) (>= netcoreapp1.1)) (&& (== netstandard1.0) (>= netstandard1.1)) (&& (== netstandard1.0) (>= netstandard1.2)) (&& (== netstandard1.0) (>= netstandard1.3)) (&& (== netstandard1.0) (>= netstandard1.5)) (== netstandard1.6) (== netstandard2.0)
      System.Runtime (>= 4.3) - restriction: || (&& (== net452) (== netstandard1.0)) (&& (== net452) (< net45)) (&& (== net452) (>= net462)) (&& (== net452) (>= netcoreapp1.1)) (== netcoreapp3.1) (&& (== netstandard1.0) (>= net462)) (&& (== netstandard1.0) (>= netcoreapp1.1)) (&& (== netstandard1.0) (>= netstandard1.1)) (&& (== netstandard1.0) (>= netstandard1.2)) (&& (== netstandard1.0) (>= netstandard1.3)) (&& (== netstandard1.0) (>= netstandard1.5)) (== netstandard1.6) (== netstandard2.0)
      System.Runtime.Handles (>= 4.3) - restriction: || (&& (== net452) (< net45) (>= netstandard1.3)) (&& (== net452) (< net45) (>= netstandard1.5)) (&& (== net452) (>= netcoreapp1.1)) (== netcoreapp3.1) (&& (== netstandard1.0) (>= netcoreapp1.1)) (&& (== netstandard1.0) (>= netstandard1.3)) (&& (== netstandard1.0) (>= netstandard1.5)) (== netstandard1.6) (== netstandard2.0)
    System.Runtime.InteropServices.WindowsRuntime (4.3) - restriction: || (&& (== net452) (== netcoreapp3.1)) (&& (== net452) (>= netstandard2.0)) (&& (== netcoreapp3.1) (== netstandard1.0)) (&& (== netcoreapp3.1) (== netstandard1.6)) (&& (== netstandard1.0) (>= netstandard2.0)) (&& (== netstandard1.6) (>= netstandard2.0)) (== netstandard2.0)
      System.Runtime (>= 4.3) - restriction: || (&& (== net452) (< net45)) (&& (== net452) (>= netcoreapp5.0)) (== netcoreapp3.1) (== netstandard1.0) (== netstandard1.6) (== netstandard2.0)
    System.Runtime.Numerics (4.3) - restriction: || (&& (== net452) (>= net462)) (&& (== net452) (>= netstandard2.0)) (== netcoreapp3.1) (&& (== netstandard1.0) (>= net462)) (&& (== netstandard1.0) (>= netstandard2.0)) (&& (== netstandard1.6) (>= net462)) (&& (== netstandard1.6) (>= netstandard2.0)) (== netstandard2.0)
      System.Globalization (>= 4.3) - restriction: || (&& (== net452) (< net45) (>= netstandard1.3)) (&& (== net452) (>= netcoreapp5.0)) (== netcoreapp3.1) (&& (== netstandard1.0) (>= netcoreapp5.0)) (&& (== netstandard1.0) (>= netstandard1.3)) (== netstandard1.6) (== netstandard2.0)
      System.Resources.ResourceManager (>= 4.3) - restriction: || (&& (== net452) (< net45) (>= netstandard1.3)) (&& (== net452) (>= netcoreapp5.0)) (== netcoreapp3.1) (&& (== netstandard1.0) (>= netcoreapp5.0)) (&& (== netstandard1.0) (>= netstandard1.3)) (== netstandard1.6) (== netstandard2.0)
      System.Runtime (>= 4.3) - restriction: || (&& (== net452) (== netstandard1.0)) (&& (== net452) (< net45)) (&& (== net452) (>= netcoreapp5.0)) (== netcoreapp3.1) (&& (== netstandard1.0) (>= netcoreapp5.0)) (&& (== netstandard1.0) (>= netstandard1.1)) (&& (== netstandard1.0) (>= netstandard1.3)) (== netstandard1.6) (== netstandard2.0)
      System.Runtime.Extensions (>= 4.3) - restriction: || (&& (== net452) (< net45) (>= netstandard1.3)) (&& (== net452) (>= netcoreapp5.0)) (== netcoreapp3.1) (&& (== netstandard1.0) (>= netcoreapp5.0)) (&& (== netstandard1.0) (>= netstandard1.3)) (== netstandard1.6) (== netstandard2.0)
    System.Security.AccessControl (5.0) - restriction: || (&& (== net452) (>= monoandroid) (>= netstandard2.0)) (&& (== net452) (>= monotouch) (>= netstandard2.0)) (&& (== net452) (< net45) (>= netstandard2.0)) (&& (== net452) (>= netcoreapp2.0)) (&& (== net452) (>= netstandard2.0) (>= uap10.1)) (&& (== net452) (>= netstandard2.0) (>= xamarintvos)) (&& (== net452) (>= netstandard2.0) (>= xamarinwatchos)) (&& (== net452) (>= xamarinios)) (&& (== net452) (>= xamarinmac)) (== netcoreapp3.1) (&& (== netstandard1.0) (>= netcoreapp2.0)) (&& (== netstandard1.0) (>= netstandard2.0)) (&& (== netstandard1.0) (>= xamarinios)) (&& (== netstandard1.0) (>= xamarinmac)) (&& (== netstandard1.6) (>= netcoreapp2.0)) (&& (== netstandard1.6) (>= netstandard2.0)) (&& (== netstandard1.6) (>= xamarinios)) (&& (== netstandard1.6) (>= xamarinmac)) (== netstandard2.0)
      Microsoft.NETCore.Platforms (>= 5.0) - restriction: || (&& (== net452) (>= netcoreapp2.0)) (== netcoreapp3.1) (&& (== netstandard1.0) (>= netcoreapp2.0)) (&& (== netstandard1.6) (>= netcoreapp2.0)) (&& (== netstandard2.0) (>= netcoreapp2.0))
      System.Security.Principal.Windows (>= 5.0) - restriction: || (&& (== net452) (>= net46)) (&& (== net452) (>= net461)) (&& (== net452) (>= netcoreapp2.0)) (&& (== net452) (>= netstandard1.3)) (&& (== net452) (>= netstandard2.0)) (== netcoreapp3.1) (&& (== netstandard1.0) (>= net46)) (&& (== netstandard1.0) (>= net461)) (&& (== netstandard1.0) (>= netcoreapp2.0)) (&& (== netstandard1.0) (>= netstandard1.3)) (&& (== netstandard1.0) (>= netstandard2.0)) (== netstandard1.6) (== netstandard2.0)
    System.Security.Cryptography.Algorithms (4.3.1) - restriction: || (&& (== net452) (< net45) (>= net462) (>= netstandard1.6)) (&& (== net452) (< net45) (>= netstandard2.0)) (== netcoreapp3.1) (&& (== netstandard1.0) (>= net462) (>= netstandard1.6)) (&& (== netstandard1.0) (>= netstandard2.0)) (&& (== netstandard1.6) (>= net462)) (&& (== netstandard1.6) (>= netstandard2.0)) (== netstandard2.0)
      Microsoft.NETCore.Platforms (>= 1.1) - restriction: || (&& (== net452) (>= netcoreapp5.0)) (&& (== net452) (>= netstandard1.6)) (== netcoreapp3.1) (&& (== netstandard1.0) (>= netcoreapp5.0)) (&& (== netstandard1.0) (>= netstandard1.6)) (== netstandard1.6) (== netstandard2.0)
      runtime.native.System.Security.Cryptography.Apple (>= 4.3.1) - restriction: || (&& (== net452) (>= netstandard1.6)) (== netcoreapp3.1) (&& (== netstandard1.0) (>= netstandard1.6)) (== netstandard1.6) (== netstandard2.0)
      runtime.native.System.Security.Cryptography.OpenSsl (>= 4.3.2) - restriction: || (&& (== net452) (>= netstandard1.6)) (== netcoreapp3.1) (&& (== netstandard1.0) (>= netstandard1.6)) (== netstandard1.6) (== netstandard2.0)
      System.Collections (>= 4.3) - restriction: || (&& (== net452) (>= netstandard1.6)) (== netcoreapp3.1) (&& (== netstandard1.0) (>= netstandard1.6)) (== netstandard1.6) (== netstandard2.0)
      System.IO (>= 4.3) - restriction: || (&& (== net452) (>= net463)) (&& (== net452) (>= netcoreapp5.0)) (&& (== net452) (>= netstandard1.3)) (&& (== net452) (>= netstandard1.4)) (&& (== net452) (>= netstandard1.6)) (== netcoreapp3.1) (&& (== netstandard1.0) (>= net463)) (&& (== netstandard1.0) (>= netcoreapp5.0)) (&& (== netstandard1.0) (>= netstandard1.3)) (&& (== netstandard1.0) (>= netstandard1.4)) (&& (== netstandard1.0) (>= netstandard1.6)) (== netstandard1.6) (== netstandard2.0)
      System.Resources.ResourceManager (>= 4.3) - restriction: || (&& (== net452) (>= netcoreapp5.0)) (&& (== net452) (>= netstandard1.6)) (== netcoreapp3.1) (&& (== netstandard1.0) (>= netcoreapp5.0)) (&& (== netstandard1.0) (>= netstandard1.6)) (== netstandard1.6) (== netstandard2.0)
      System.Runtime (>= 4.3) - restriction: || (&& (== net452) (>= net463)) (&& (== net452) (>= netcoreapp5.0)) (&& (== net452) (>= netstandard1.3)) (&& (== net452) (>= netstandard1.4)) (&& (== net452) (>= netstandard1.6)) (== netcoreapp3.1) (&& (== netstandard1.0) (>= net463)) (&& (== netstandard1.0) (>= netcoreapp5.0)) (&& (== netstandard1.0) (>= netstandard1.3)) (&& (== netstandard1.0) (>= netstandard1.4)) (&& (== netstandard1.0) (>= netstandard1.6)) (== netstandard1.6) (== netstandard2.0)
      System.Runtime.Extensions (>= 4.3) - restriction: || (&& (== net452) (>= netcoreapp5.0)) (&& (== net452) (>= netstandard1.6)) (== netcoreapp3.1) (&& (== netstandard1.0) (>= netcoreapp5.0)) (&& (== netstandard1.0) (>= netstandard1.6)) (== netstandard1.6) (== netstandard2.0)
      System.Runtime.Handles (>= 4.3) - restriction: || (&& (== net452) (>= netcoreapp5.0)) (&& (== net452) (>= netstandard1.6)) (== netcoreapp3.1) (&& (== netstandard1.0) (>= netcoreapp5.0)) (&& (== netstandard1.0) (>= netstandard1.6)) (== netstandard1.6) (== netstandard2.0)
      System.Runtime.InteropServices (>= 4.3) - restriction: || (&& (== net452) (>= netcoreapp5.0)) (&& (== net452) (>= netstandard1.6)) (== netcoreapp3.1) (&& (== netstandard1.0) (>= netcoreapp5.0)) (&& (== netstandard1.0) (>= netstandard1.6)) (== netstandard1.6) (== netstandard2.0)
      System.Runtime.Numerics (>= 4.3) - restriction: || (&& (== net452) (>= netstandard1.6)) (== netcoreapp3.1) (&& (== netstandard1.0) (>= netstandard1.6)) (== netstandard1.6) (== netstandard2.0)
      System.Security.Cryptography.Encoding (>= 4.3) - restriction: || (&& (== net452) (>= net463)) (&& (== net452) (>= netcoreapp5.0)) (&& (== net452) (>= netstandard1.6)) (== netcoreapp3.1) (&& (== netstandard1.0) (>= net463)) (&& (== netstandard1.0) (>= netcoreapp5.0)) (&& (== netstandard1.0) (>= netstandard1.6)) (== netstandard1.6) (== netstandard2.0)
      System.Security.Cryptography.Primitives (>= 4.3) - restriction: || (&& (== net452) (>= net46)) (&& (== net452) (>= net461)) (&& (== net452) (>= net463)) (&& (== net452) (>= netcoreapp5.0)) (&& (== net452) (>= netstandard1.3)) (&& (== net452) (>= netstandard1.4)) (&& (== net452) (>= netstandard1.6)) (== netcoreapp3.1) (&& (== netstandard1.0) (>= net46)) (&& (== netstandard1.0) (>= net461)) (&& (== netstandard1.0) (>= net463)) (&& (== netstandard1.0) (>= netcoreapp5.0)) (&& (== netstandard1.0) (>= netstandard1.3)) (&& (== netstandard1.0) (>= netstandard1.4)) (&& (== netstandard1.0) (>= netstandard1.6)) (== netstandard1.6) (== netstandard2.0)
      System.Text.Encoding (>= 4.3) - restriction: || (&& (== net452) (>= netcoreapp5.0)) (&& (== net452) (>= netstandard1.6)) (== netcoreapp3.1) (&& (== netstandard1.0) (>= netcoreapp5.0)) (&& (== netstandard1.0) (>= netstandard1.6)) (== netstandard1.6) (== netstandard2.0)
    System.Security.Cryptography.Cng (5.0) - restriction: || (&& (== net452) (>= netstandard2.0)) (== netcoreapp3.1) (&& (== netstandard1.0) (>= netstandard2.0)) (&& (== netstandard1.6) (>= netstandard2.0)) (== netstandard2.0)
      System.Formats.Asn1 (>= 5.0) - restriction: || (&& (== net452) (>= netcoreapp3.0)) (== netcoreapp3.1) (&& (== netstandard1.0) (>= netcoreapp3.0)) (&& (== netstandard1.6) (>= netcoreapp3.0)) (&& (== netstandard2.0) (>= netcoreapp3.0))
    System.Security.Cryptography.Csp (4.3) - restriction: || (&& (== net452) (< net45) (>= netstandard2.0)) (&& (== net452) (>= net46) (>= netstandard2.0)) (&& (== net452) (>= net462) (>= netstandard1.6)) (&& (== net452) (>= netcoreapp5.0)) (== netcoreapp3.1) (&& (== netstandard1.0) (>= net462) (>= netstandard1.6)) (&& (== netstandard1.0) (>= netcoreapp5.0)) (&& (== netstandard1.0) (>= netstandard2.0)) (&& (== netstandard1.6) (>= net462)) (&& (== netstandard1.6) (>= netcoreapp5.0)) (&& (== netstandard1.6) (>= netstandard2.0)) (== netstandard2.0)
      Microsoft.NETCore.Platforms (>= 1.1) - restriction: || (&& (== net452) (>= netstandard1.3)) (== netcoreapp3.1) (&& (== netstandard1.0) (>= netstandard1.3)) (== netstandard1.6) (== netstandard2.0)
      System.IO (>= 4.3) - restriction: || (&& (== net452) (>= netstandard1.3)) (== netcoreapp3.1) (&& (== netstandard1.0) (>= netstandard1.3)) (== netstandard1.6) (== netstandard2.0)
      System.Reflection (>= 4.3) - restriction: || (&& (== net452) (>= netstandard1.3)) (== netcoreapp3.1) (&& (== netstandard1.0) (>= netstandard1.3)) (== netstandard1.6) (== netstandard2.0)
      System.Resources.ResourceManager (>= 4.3) - restriction: || (&& (== net452) (>= netstandard1.3)) (== netcoreapp3.1) (&& (== netstandard1.0) (>= netstandard1.3)) (== netstandard1.6) (== netstandard2.0)
      System.Runtime (>= 4.3) - restriction: || (&& (== net452) (>= netstandard1.3)) (== netcoreapp3.1) (&& (== netstandard1.0) (>= netstandard1.3)) (== netstandard1.6) (== netstandard2.0)
      System.Runtime.Extensions (>= 4.3) - restriction: || (&& (== net452) (>= netstandard1.3)) (== netcoreapp3.1) (&& (== netstandard1.0) (>= netstandard1.3)) (== netstandard1.6) (== netstandard2.0)
      System.Runtime.Handles (>= 4.3) - restriction: || (&& (== net452) (>= netstandard1.3)) (== netcoreapp3.1) (&& (== netstandard1.0) (>= netstandard1.3)) (== netstandard1.6) (== netstandard2.0)
      System.Runtime.InteropServices (>= 4.3) - restriction: || (&& (== net452) (>= netstandard1.3)) (== netcoreapp3.1) (&& (== netstandard1.0) (>= netstandard1.3)) (== netstandard1.6) (== netstandard2.0)
      System.Security.Cryptography.Algorithms (>= 4.3) - restriction: || (&& (== net452) (>= net46)) (&& (== net452) (>= netstandard1.3)) (== netcoreapp3.1) (&& (== netstandard1.0) (>= net46)) (&& (== netstandard1.0) (>= netstandard1.3)) (== netstandard1.6) (== netstandard2.0)
      System.Security.Cryptography.Encoding (>= 4.3) - restriction: || (&& (== net452) (>= netstandard1.3)) (== netcoreapp3.1) (&& (== netstandard1.0) (>= netstandard1.3)) (== netstandard1.6) (== netstandard2.0)
      System.Security.Cryptography.Primitives (>= 4.3) - restriction: || (&& (== net452) (>= net46)) (&& (== net452) (>= netstandard1.3)) (== netcoreapp3.1) (&& (== netstandard1.0) (>= net46)) (&& (== netstandard1.0) (>= netstandard1.3)) (== netstandard1.6) (== netstandard2.0)
      System.Text.Encoding (>= 4.3) - restriction: || (&& (== net452) (>= netstandard1.3)) (== netcoreapp3.1) (&& (== netstandard1.0) (>= netstandard1.3)) (== netstandard1.6) (== netstandard2.0)
      System.Threading (>= 4.3) - restriction: || (&& (== net452) (>= netstandard1.3)) (== netcoreapp3.1) (&& (== netstandard1.0) (>= netstandard1.3)) (== netstandard1.6) (== netstandard2.0)
    System.Security.Cryptography.Encoding (4.3) - restriction: || (&& (== net452) (< net45) (>= net462)) (&& (== net452) (< net45) (>= netstandard2.0)) (== netcoreapp3.1) (&& (== netstandard1.0) (>= net462)) (&& (== netstandard1.0) (>= netstandard2.0)) (&& (== netstandard1.6) (>= net462)) (&& (== netstandard1.6) (>= netstandard2.0)) (== netstandard2.0)
      Microsoft.NETCore.Platforms (>= 1.1) - restriction: || (&& (== net452) (>= netstandard1.3)) (== netcoreapp3.1) (&& (== netstandard1.0) (>= netstandard1.3)) (== netstandard1.6) (== netstandard2.0)
      runtime.native.System.Security.Cryptography.OpenSsl (>= 4.3) - restriction: || (&& (== net452) (>= netstandard1.3)) (== netcoreapp3.1) (&& (== netstandard1.0) (>= netstandard1.3)) (== netstandard1.6) (== netstandard2.0)
      System.Collections (>= 4.3) - restriction: || (&& (== net452) (>= netstandard1.3)) (== netcoreapp3.1) (&& (== netstandard1.0) (>= netstandard1.3)) (== netstandard1.6) (== netstandard2.0)
      System.Collections.Concurrent (>= 4.3) - restriction: || (&& (== net452) (>= netstandard1.3)) (== netcoreapp3.1) (&& (== netstandard1.0) (>= netstandard1.3)) (== netstandard1.6) (== netstandard2.0)
      System.Linq (>= 4.3) - restriction: || (&& (== net452) (>= netstandard1.3)) (== netcoreapp3.1) (&& (== netstandard1.0) (>= netstandard1.3)) (== netstandard1.6) (== netstandard2.0)
      System.Resources.ResourceManager (>= 4.3) - restriction: || (&& (== net452) (>= netstandard1.3)) (== netcoreapp3.1) (&& (== netstandard1.0) (>= netstandard1.3)) (== netstandard1.6) (== netstandard2.0)
      System.Runtime (>= 4.3) - restriction: || (&& (== net452) (>= netstandard1.3)) (== netcoreapp3.1) (&& (== netstandard1.0) (>= netstandard1.3)) (== netstandard1.6) (== netstandard2.0)
      System.Runtime.Extensions (>= 4.3) - restriction: || (&& (== net452) (>= netstandard1.3)) (== netcoreapp3.1) (&& (== netstandard1.0) (>= netstandard1.3)) (== netstandard1.6) (== netstandard2.0)
      System.Runtime.Handles (>= 4.3) - restriction: || (&& (== net452) (>= netstandard1.3)) (== netcoreapp3.1) (&& (== netstandard1.0) (>= netstandard1.3)) (== netstandard1.6) (== netstandard2.0)
      System.Runtime.InteropServices (>= 4.3) - restriction: || (&& (== net452) (>= netstandard1.3)) (== netcoreapp3.1) (&& (== netstandard1.0) (>= netstandard1.3)) (== netstandard1.6) (== netstandard2.0)
      System.Security.Cryptography.Primitives (>= 4.3) - restriction: || (&& (== net452) (>= netstandard1.3)) (== netcoreapp3.1) (&& (== netstandard1.0) (>= netstandard1.3)) (== netstandard1.6) (== netstandard2.0)
      System.Text.Encoding (>= 4.3) - restriction: || (&& (== net452) (>= netstandard1.3)) (== netcoreapp3.1) (&& (== netstandard1.0) (>= netstandard1.3)) (== netstandard1.6) (== netstandard2.0)
    System.Security.Cryptography.OpenSsl (5.0) - restriction: || (&& (== net452) (< net45) (>= net462) (>= netstandard1.6)) (&& (== net452) (< net45) (>= netstandard2.0)) (== netcoreapp3.1) (&& (== netstandard1.0) (>= net462) (>= netstandard1.6)) (&& (== netstandard1.0) (>= netstandard2.0)) (&& (== netstandard1.6) (>= net462)) (&& (== netstandard1.6) (>= netstandard2.0)) (== netstandard2.0)
      System.Formats.Asn1 (>= 5.0) - restriction: || (&& (== net452) (>= netcoreapp3.0)) (== netcoreapp3.1) (&& (== netstandard1.0) (>= netcoreapp3.0)) (&& (== netstandard1.6) (>= netcoreapp3.0)) (&& (== netstandard2.0) (>= netcoreapp3.0))
    System.Security.Cryptography.Pkcs (5.0.1) - restriction: || (&& (== net452) (>= netstandard2.0)) (== netcoreapp3.1) (&& (== netstandard1.0) (>= netstandard2.0)) (&& (== netstandard1.6) (>= netstandard2.0)) (== netstandard2.0)
      System.Buffers (>= 4.5.1) - restriction: || (&& (== net452) (== netcoreapp3.1)) (&& (== net452) (>= netstandard2.0)) (&& (== netcoreapp3.1) (== netstandard1.0)) (&& (== netcoreapp3.1) (== netstandard1.6)) (&& (== netcoreapp3.1) (< netcoreapp2.0) (< netstandard2.1)) (&& (== netstandard1.0) (>= netstandard2.0)) (&& (== netstandard1.6) (>= netstandard2.0)) (== netstandard2.0)
      System.Formats.Asn1 (>= 5.0) - restriction: || (&& (== net452) (>= monoandroid)) (&& (== net452) (>= monotouch)) (&& (== net452) (>= netcoreapp2.0)) (&& (== net452) (>= netcoreapp3.0)) (&& (== net452) (>= netstandard2.0)) (&& (== net452) (>= netstandard2.1)) (&& (== net452) (>= uap10.1)) (&& (== net452) (>= xamarinios)) (&& (== net452) (>= xamarinmac)) (&& (== net452) (>= xamarintvos)) (&& (== net452) (>= xamarinwatchos)) (== netcoreapp3.1) (&& (== netstandard1.0) (>= monoandroid)) (&& (== netstandard1.0) (>= monotouch)) (&& (== netstandard1.0) (>= netcoreapp2.0)) (&& (== netstandard1.0) (>= netcoreapp3.0)) (&& (== netstandard1.0) (>= netstandard2.0)) (&& (== netstandard1.0) (>= netstandard2.1)) (&& (== netstandard1.0) (>= uap10.1)) (&& (== netstandard1.0) (>= xamarinios)) (&& (== netstandard1.0) (>= xamarinmac)) (&& (== netstandard1.0) (>= xamarintvos)) (&& (== netstandard1.0) (>= xamarinwatchos)) (&& (== netstandard1.6) (>= monoandroid)) (&& (== netstandard1.6) (>= monotouch)) (&& (== netstandard1.6) (>= netcoreapp2.0)) (&& (== netstandard1.6) (>= netcoreapp3.0)) (&& (== netstandard1.6) (>= netstandard2.0)) (&& (== netstandard1.6) (>= netstandard2.1)) (&& (== netstandard1.6) (>= uap10.1)) (&& (== netstandard1.6) (>= xamarinios)) (&& (== netstandard1.6) (>= xamarinmac)) (&& (== netstandard1.6) (>= xamarintvos)) (&& (== netstandard1.6) (>= xamarinwatchos)) (== netstandard2.0)
      System.Memory (>= 4.5.4) - restriction: || (&& (== net452) (== netcoreapp3.1)) (&& (== net452) (>= netcoreapp2.0)) (&& (== net452) (>= netstandard2.0)) (&& (== net452) (>= uap10.1)) (&& (== netcoreapp3.1) (== netstandard1.0)) (&& (== netcoreapp3.1) (== netstandard1.6)) (&& (== netcoreapp3.1) (< netcoreapp2.0) (< netstandard2.1)) (&& (== netcoreapp3.1) (< netcoreapp2.1) (< netstandard2.1)) (&& (== netcoreapp3.1) (>= uap10.1)) (&& (== netstandard1.0) (>= netcoreapp2.0)) (&& (== netstandard1.0) (>= netstandard2.0)) (&& (== netstandard1.0) (>= uap10.1)) (&& (== netstandard1.6) (>= netcoreapp2.0)) (&& (== netstandard1.6) (>= netstandard2.0)) (&& (== netstandard1.6) (>= uap10.1)) (== netstandard2.0)
      System.Security.Cryptography.Cng (>= 5.0) - restriction: || (&& (== net452) (>= netcoreapp2.0)) (&& (== net452) (>= netcoreapp2.1)) (&& (== net452) (>= netcoreapp3.0)) (&& (== net452) (>= netstandard2.0)) (&& (== net452) (>= netstandard2.1)) (== netcoreapp3.1) (&& (== netstandard1.0) (>= netcoreapp2.0)) (&& (== netstandard1.0) (>= netcoreapp2.1)) (&& (== netstandard1.0) (>= netcoreapp3.0)) (&& (== netstandard1.0) (>= netstandard2.0)) (&& (== netstandard1.0) (>= netstandard2.1)) (&& (== netstandard1.6) (>= netcoreapp2.0)) (&& (== netstandard1.6) (>= netcoreapp2.1)) (&& (== netstandard1.6) (>= netcoreapp3.0)) (&& (== netstandard1.6) (>= netstandard2.0)) (&& (== netstandard1.6) (>= netstandard2.1)) (== netstandard2.0)
    System.Security.Cryptography.Primitives (4.3) - restriction: || (&& (== net452) (< net45) (>= net462) (>= netstandard1.6)) (&& (== net452) (< net45) (>= netstandard2.0)) (== netcoreapp3.1) (&& (== netstandard1.0) (>= net462) (>= netstandard1.6)) (&& (== netstandard1.0) (>= netstandard2.0)) (&& (== netstandard1.6) (>= net462)) (&& (== netstandard1.6) (>= netstandard2.0)) (== netstandard2.0)
      System.Diagnostics.Debug (>= 4.3) - restriction: || (&& (== net452) (>= netstandard1.3)) (== netcoreapp3.1) (&& (== netstandard1.0) (>= netstandard1.3)) (== netstandard1.6) (== netstandard2.0)
      System.Globalization (>= 4.3) - restriction: || (&& (== net452) (>= netstandard1.3)) (== netcoreapp3.1) (&& (== netstandard1.0) (>= netstandard1.3)) (== netstandard1.6) (== netstandard2.0)
      System.IO (>= 4.3) - restriction: || (&& (== net452) (>= netstandard1.3)) (== netcoreapp3.1) (&& (== netstandard1.0) (>= netstandard1.3)) (== netstandard1.6) (== netstandard2.0)
      System.Resources.ResourceManager (>= 4.3) - restriction: || (&& (== net452) (>= netstandard1.3)) (== netcoreapp3.1) (&& (== netstandard1.0) (>= netstandard1.3)) (== netstandard1.6) (== netstandard2.0)
      System.Runtime (>= 4.3) - restriction: || (&& (== net452) (>= netstandard1.3)) (== netcoreapp3.1) (&& (== netstandard1.0) (>= netstandard1.3)) (== netstandard1.6) (== netstandard2.0)
      System.Threading (>= 4.3) - restriction: || (&& (== net452) (>= netstandard1.3)) (== netcoreapp3.1) (&& (== netstandard1.0) (>= netstandard1.3)) (== netstandard1.6) (== netstandard2.0)
      System.Threading.Tasks (>= 4.3) - restriction: || (&& (== net452) (>= netstandard1.3)) (== netcoreapp3.1) (&& (== netstandard1.0) (>= netstandard1.3)) (== netstandard1.6) (== netstandard2.0)
    System.Security.Cryptography.ProtectedData (5.0) - restriction: || (&& (== net452) (< net45) (>= netstandard2.0)) (== netcoreapp3.1) (&& (== netstandard1.0) (>= netstandard2.0)) (&& (== netstandard1.6) (>= netstandard2.0)) (== netstandard2.0)
      System.Memory (>= 4.5.4) - restriction: || (&& (== net452) (== netcoreapp3.1)) (&& (== net452) (>= netstandard2.0)) (&& (== netcoreapp3.1) (== netstandard1.0)) (&& (== netcoreapp3.1) (== netstandard1.6)) (&& (== netcoreapp3.1) (< netcoreapp2.1)) (&& (== netstandard1.0) (>= netstandard2.0)) (&& (== netstandard1.6) (>= netstandard2.0)) (== netstandard2.0)
    System.Security.Cryptography.X509Certificates (4.3.2) - restriction: || (&& (== net452) (< net45) (>= netstandard2.0)) (&& (== net452) (>= net46) (>= netstandard2.0)) (&& (== net452) (>= net462)) (&& (== net452) (>= netcoreapp5.0)) (== netcoreapp3.1) (&& (== netstandard1.0) (>= net462)) (&& (== netstandard1.0) (>= netcoreapp5.0)) (&& (== netstandard1.0) (>= netstandard2.0)) (&& (== netstandard1.6) (>= net462)) (&& (== netstandard1.6) (>= netcoreapp5.0)) (&& (== netstandard1.6) (>= netstandard2.0)) (== netstandard2.0)
      Microsoft.NETCore.Platforms (>= 1.1) - restriction: || (&& (== net452) (>= netcoreapp5.0)) (&& (== net452) (>= netstandard1.6)) (== netcoreapp3.1) (&& (== netstandard1.0) (>= netcoreapp5.0)) (&& (== netstandard1.0) (>= netstandard1.6)) (== netstandard1.6) (== netstandard2.0)
      runtime.native.System (>= 4.3) - restriction: || (&& (== net452) (>= netstandard1.6)) (== netcoreapp3.1) (&& (== netstandard1.0) (>= netstandard1.6)) (== netstandard1.6) (== netstandard2.0)
      runtime.native.System.Net.Http (>= 4.3) - restriction: || (&& (== net452) (>= netstandard1.6)) (== netcoreapp3.1) (&& (== netstandard1.0) (>= netstandard1.6)) (== netstandard1.6) (== netstandard2.0)
      runtime.native.System.Security.Cryptography.OpenSsl (>= 4.3.2) - restriction: || (&& (== net452) (>= netstandard1.6)) (== netcoreapp3.1) (&& (== netstandard1.0) (>= netstandard1.6)) (== netstandard1.6) (== netstandard2.0)
      System.Collections (>= 4.3) - restriction: || (&& (== net452) (>= netcoreapp5.0)) (&& (== net452) (>= netstandard1.6)) (== netcoreapp3.1) (&& (== netstandard1.0) (>= netcoreapp5.0)) (&& (== netstandard1.0) (>= netstandard1.6)) (== netstandard1.6) (== netstandard2.0)
      System.Diagnostics.Debug (>= 4.3) - restriction: || (&& (== net452) (>= netstandard1.6)) (== netcoreapp3.1) (&& (== netstandard1.0) (>= netstandard1.6)) (== netstandard1.6) (== netstandard2.0)
      System.Globalization (>= 4.3) - restriction: || (&& (== net452) (>= netcoreapp5.0)) (&& (== net452) (>= netstandard1.6)) (== netcoreapp3.1) (&& (== netstandard1.0) (>= netcoreapp5.0)) (&& (== netstandard1.0) (>= netstandard1.6)) (== netstandard1.6) (== netstandard2.0)
      System.Globalization.Calendars (>= 4.3) - restriction: || (&& (== net452) (>= netcoreapp5.0)) (&& (== net452) (>= netstandard1.6)) (== netcoreapp3.1) (&& (== netstandard1.0) (>= netcoreapp5.0)) (&& (== netstandard1.0) (>= netstandard1.6)) (== netstandard1.6) (== netstandard2.0)
      System.IO (>= 4.3) - restriction: || (&& (== net452) (>= netcoreapp5.0)) (&& (== net452) (>= netstandard1.6)) (== netcoreapp3.1) (&& (== netstandard1.0) (>= netcoreapp5.0)) (&& (== netstandard1.0) (>= netstandard1.6)) (== netstandard1.6) (== netstandard2.0)
      System.IO.FileSystem (>= 4.3) - restriction: || (&& (== net452) (>= netcoreapp5.0)) (&& (== net452) (>= netstandard1.6)) (== netcoreapp3.1) (&& (== netstandard1.0) (>= netcoreapp5.0)) (&& (== netstandard1.0) (>= netstandard1.6)) (== netstandard1.6) (== netstandard2.0)
      System.IO.FileSystem.Primitives (>= 4.3) - restriction: || (&& (== net452) (>= netstandard1.6)) (== netcoreapp3.1) (&& (== netstandard1.0) (>= netstandard1.6)) (== netstandard1.6) (== netstandard2.0)
      System.Resources.ResourceManager (>= 4.3) - restriction: || (&& (== net452) (>= netcoreapp5.0)) (&& (== net452) (>= netstandard1.6)) (== netcoreapp3.1) (&& (== netstandard1.0) (>= netcoreapp5.0)) (&& (== netstandard1.0) (>= netstandard1.6)) (== netstandard1.6) (== netstandard2.0)
      System.Runtime (>= 4.3) - restriction: || (&& (== net452) (>= netcoreapp5.0)) (&& (== net452) (>= netstandard1.3)) (&& (== net452) (>= netstandard1.4)) (&& (== net452) (>= netstandard1.6)) (== netcoreapp3.1) (&& (== netstandard1.0) (>= netcoreapp5.0)) (&& (== netstandard1.0) (>= netstandard1.3)) (&& (== netstandard1.0) (>= netstandard1.4)) (&& (== netstandard1.0) (>= netstandard1.6)) (== netstandard1.6) (== netstandard2.0)
      System.Runtime.Extensions (>= 4.3) - restriction: || (&& (== net452) (>= netcoreapp5.0)) (&& (== net452) (>= netstandard1.6)) (== netcoreapp3.1) (&& (== netstandard1.0) (>= netcoreapp5.0)) (&& (== netstandard1.0) (>= netstandard1.6)) (== netstandard1.6) (== netstandard2.0)
      System.Runtime.Handles (>= 4.3) - restriction: || (&& (== net452) (>= netcoreapp5.0)) (&& (== net452) (>= netstandard1.3)) (&& (== net452) (>= netstandard1.4)) (&& (== net452) (>= netstandard1.6)) (== netcoreapp3.1) (&& (== netstandard1.0) (>= netcoreapp5.0)) (&& (== netstandard1.0) (>= netstandard1.3)) (&& (== netstandard1.0) (>= netstandard1.4)) (&& (== netstandard1.0) (>= netstandard1.6)) (== netstandard1.6) (== netstandard2.0)
      System.Runtime.InteropServices (>= 4.3) - restriction: || (&& (== net452) (>= netcoreapp5.0)) (&& (== net452) (>= netstandard1.6)) (== netcoreapp3.1) (&& (== netstandard1.0) (>= netcoreapp5.0)) (&& (== netstandard1.0) (>= netstandard1.6)) (== netstandard1.6) (== netstandard2.0)
      System.Runtime.Numerics (>= 4.3) - restriction: || (&& (== net452) (>= netcoreapp5.0)) (&& (== net452) (>= netstandard1.6)) (== netcoreapp3.1) (&& (== netstandard1.0) (>= netcoreapp5.0)) (&& (== netstandard1.0) (>= netstandard1.6)) (== netstandard1.6) (== netstandard2.0)
      System.Security.Cryptography.Algorithms (>= 4.3) - restriction: || (&& (== net452) (>= net46)) (&& (== net452) (>= net461)) (&& (== net452) (>= netcoreapp5.0)) (&& (== net452) (>= netstandard1.3)) (&& (== net452) (>= netstandard1.4)) (&& (== net452) (>= netstandard1.6)) (== netcoreapp3.1) (&& (== netstandard1.0) (>= net46)) (&& (== netstandard1.0) (>= net461)) (&& (== netstandard1.0) (>= netcoreapp5.0)) (&& (== netstandard1.0) (>= netstandard1.3)) (&& (== netstandard1.0) (>= netstandard1.4)) (&& (== netstandard1.0) (>= netstandard1.6)) (== netstandard1.6) (== netstandard2.0)
      System.Security.Cryptography.Cng (>= 4.3) - restriction: || (&& (== net452) (>= netcoreapp5.0)) (&& (== net452) (>= netstandard1.6)) (== netcoreapp3.1) (&& (== netstandard1.0) (>= netcoreapp5.0)) (&& (== netstandard1.0) (>= netstandard1.6)) (== netstandard1.6) (== netstandard2.0)
      System.Security.Cryptography.Csp (>= 4.3) - restriction: || (&& (== net452) (>= netstandard1.6)) (== netcoreapp3.1) (&& (== netstandard1.0) (>= netstandard1.6)) (== netstandard1.6) (== netstandard2.0)
      System.Security.Cryptography.Encoding (>= 4.3) - restriction: || (&& (== net452) (>= net46)) (&& (== net452) (>= net461)) (&& (== net452) (>= netcoreapp5.0)) (&& (== net452) (>= netstandard1.3)) (&& (== net452) (>= netstandard1.4)) (&& (== net452) (>= netstandard1.6)) (== netcoreapp3.1) (&& (== netstandard1.0) (>= net46)) (&& (== netstandard1.0) (>= net461)) (&& (== netstandard1.0) (>= netcoreapp5.0)) (&& (== netstandard1.0) (>= netstandard1.3)) (&& (== netstandard1.0) (>= netstandard1.4)) (&& (== netstandard1.0) (>= netstandard1.6)) (== netstandard1.6) (== netstandard2.0)
      System.Security.Cryptography.OpenSsl (>= 4.3) - restriction: || (&& (== net452) (>= netstandard1.6)) (== netcoreapp3.1) (&& (== netstandard1.0) (>= netstandard1.6)) (== netstandard1.6) (== netstandard2.0)
      System.Security.Cryptography.Primitives (>= 4.3) - restriction: || (&& (== net452) (>= netcoreapp5.0)) (&& (== net452) (>= netstandard1.6)) (== netcoreapp3.1) (&& (== netstandard1.0) (>= netcoreapp5.0)) (&& (== netstandard1.0) (>= netstandard1.6)) (== netstandard1.6) (== netstandard2.0)
      System.Text.Encoding (>= 4.3) - restriction: || (&& (== net452) (>= netcoreapp5.0)) (&& (== net452) (>= netstandard1.6)) (== netcoreapp3.1) (&& (== netstandard1.0) (>= netcoreapp5.0)) (&& (== netstandard1.0) (>= netstandard1.6)) (== netstandard1.6) (== netstandard2.0)
      System.Threading (>= 4.3) - restriction: || (&& (== net452) (>= netcoreapp5.0)) (&& (== net452) (>= netstandard1.6)) (== netcoreapp3.1) (&& (== netstandard1.0) (>= netcoreapp5.0)) (&& (== netstandard1.0) (>= netstandard1.6)) (== netstandard1.6) (== netstandard2.0)
    System.Security.Cryptography.Xml (5.0) - restriction: || (&& (== net452) (>= netstandard2.0)) (== netcoreapp3.1) (&& (== netstandard1.0) (>= netstandard2.0)) (&& (== netstandard1.6) (>= netstandard2.0)) (== netstandard2.0)
      System.Memory (>= 4.5.4) - restriction: || (&& (== net452) (== netcoreapp3.1)) (&& (== net452) (>= netstandard2.0)) (&& (== netcoreapp3.1) (== netstandard1.0)) (&& (== netcoreapp3.1) (== netstandard1.6)) (&& (== netcoreapp3.1) (< netcoreapp2.1)) (&& (== netstandard1.0) (>= netstandard2.0)) (&& (== netstandard1.6) (>= netstandard2.0)) (== netstandard2.0)
      System.Security.Cryptography.Pkcs (>= 5.0) - restriction: || (&& (== net452) (>= monoandroid)) (&& (== net452) (>= monotouch)) (&& (== net452) (>= netcoreapp2.1)) (&& (== net452) (>= netstandard2.0)) (&& (== net452) (>= xamarinios)) (&& (== net452) (>= xamarinmac)) (&& (== net452) (>= xamarintvos)) (&& (== net452) (>= xamarinwatchos)) (== netcoreapp3.1) (&& (== netstandard1.0) (>= monoandroid)) (&& (== netstandard1.0) (>= monotouch)) (&& (== netstandard1.0) (>= netcoreapp2.1)) (&& (== netstandard1.0) (>= netstandard2.0)) (&& (== netstandard1.0) (>= xamarinios)) (&& (== netstandard1.0) (>= xamarinmac)) (&& (== netstandard1.0) (>= xamarintvos)) (&& (== netstandard1.0) (>= xamarinwatchos)) (&& (== netstandard1.6) (>= monoandroid)) (&& (== netstandard1.6) (>= monotouch)) (&& (== netstandard1.6) (>= netcoreapp2.1)) (&& (== netstandard1.6) (>= netstandard2.0)) (&& (== netstandard1.6) (>= xamarinios)) (&& (== netstandard1.6) (>= xamarinmac)) (&& (== netstandard1.6) (>= xamarintvos)) (&& (== netstandard1.6) (>= xamarinwatchos)) (== netstandard2.0)
      System.Security.Permissions (>= 5.0) - restriction: || (&& (== net452) (>= monoandroid)) (&& (== net452) (>= monotouch)) (&& (== net452) (>= net461)) (&& (== net452) (>= netstandard2.0)) (&& (== net452) (>= xamarintvos)) (&& (== net452) (>= xamarinwatchos)) (== netcoreapp3.1) (&& (== netstandard1.0) (>= monoandroid)) (&& (== netstandard1.0) (>= monotouch)) (&& (== netstandard1.0) (>= net461)) (&& (== netstandard1.0) (>= netstandard2.0)) (&& (== netstandard1.0) (>= xamarintvos)) (&& (== netstandard1.0) (>= xamarinwatchos)) (&& (== netstandard1.6) (>= monoandroid)) (&& (== netstandard1.6) (>= monotouch)) (&& (== netstandard1.6) (>= net461)) (&& (== netstandard1.6) (>= netstandard2.0)) (&& (== netstandard1.6) (>= xamarintvos)) (&& (== netstandard1.6) (>= xamarinwatchos)) (== netstandard2.0)
    System.Security.Permissions (5.0) - restriction: || (&& (== net452) (>= netstandard2.0)) (== netcoreapp3.1) (&& (== netstandard1.0) (>= netstandard2.0)) (&& (== netstandard1.6) (>= netstandard2.0)) (== netstandard2.0)
      System.Security.AccessControl (>= 5.0) - restriction: || (&& (== net452) (>= net461)) (&& (== net452) (>= netstandard2.0)) (== netcoreapp3.1) (&& (== netstandard1.0) (>= net461)) (&& (== netstandard1.0) (>= netstandard2.0)) (&& (== netstandard1.6) (>= net461)) (&& (== netstandard1.6) (>= netstandard2.0)) (== netstandard2.0)
      System.Windows.Extensions (>= 5.0) - restriction: || (&& (== net452) (>= netcoreapp3.0)) (== netcoreapp3.1) (&& (== netstandard1.0) (>= netcoreapp3.0)) (&& (== netstandard1.6) (>= netcoreapp3.0)) (&& (== netstandard2.0) (>= netcoreapp3.0))
    System.Security.Principal.Windows (5.0) - restriction: || (&& (== net452) (>= monoandroid) (>= netstandard2.0)) (&& (== net452) (>= monotouch) (>= netstandard2.0)) (&& (== net452) (< net45) (>= netstandard2.0)) (&& (== net452) (>= netcoreapp2.0)) (&& (== net452) (>= netcoreapp2.1)) (&& (== net452) (>= netstandard2.0) (>= uap10.1)) (&& (== net452) (>= netstandard2.0) (>= xamarintvos)) (&& (== net452) (>= netstandard2.0) (>= xamarinwatchos)) (&& (== net452) (>= xamarinios)) (&& (== net452) (>= xamarinmac)) (== netcoreapp3.1) (&& (== netstandard1.0) (>= netcoreapp2.0)) (&& (== netstandard1.0) (>= netcoreapp2.1)) (&& (== netstandard1.0) (>= netstandard2.0)) (&& (== netstandard1.0) (>= xamarinios)) (&& (== netstandard1.0) (>= xamarinmac)) (&& (== netstandard1.6) (>= netcoreapp2.0)) (&& (== netstandard1.6) (>= netcoreapp2.1)) (&& (== netstandard1.6) (>= netstandard2.0)) (&& (== netstandard1.6) (>= xamarinios)) (&& (== netstandard1.6) (>= xamarinmac)) (== netstandard2.0)
    System.Text.Encoding (4.3) - restriction: || (&& (== net452) (< net45) (>= net462)) (&& (== net452) (< net45) (>= netstandard2.0)) (&& (== net452) (>= netcoreapp5.0)) (== netcoreapp3.1) (&& (== netstandard1.0) (>= net462)) (&& (== netstandard1.0) (>= netcoreapp5.0)) (&& (== netstandard1.0) (>= netstandard2.0)) (&& (== netstandard1.6) (>= net462)) (&& (== netstandard1.6) (>= netcoreapp5.0)) (&& (== netstandard1.6) (>= netstandard2.0)) (== netstandard2.0)
      Microsoft.NETCore.Platforms (>= 1.1) - restriction: || (&& (== net452) (< net45)) (&& (== net452) (>= netcoreapp5.0)) (== netcoreapp3.1) (== netstandard1.0) (== netstandard1.6) (== netstandard2.0)
      Microsoft.NETCore.Targets (>= 1.1) - restriction: || (&& (== net452) (< net45)) (&& (== net452) (>= netcoreapp5.0)) (== netcoreapp3.1) (== netstandard1.0) (== netstandard1.6) (== netstandard2.0)
      System.Runtime (>= 4.3) - restriction: || (&& (== net452) (< net45)) (&& (== net452) (>= netcoreapp5.0)) (== netcoreapp3.1) (== netstandard1.0) (== netstandard1.6) (== netstandard2.0)
    System.Text.Encoding.CodePages (5.0) - restriction: || (&& (== net452) (>= netcoreapp2.1)) (&& (== net452) (>= netstandard2.0)) (== netcoreapp3.1) (&& (== netstandard1.0) (>= netcoreapp2.1)) (&& (== netstandard1.0) (>= netstandard2.0)) (&& (== netstandard1.6) (>= netcoreapp2.1)) (&& (== netstandard1.6) (>= netstandard2.0)) (== netstandard2.0)
      Microsoft.NETCore.Platforms (>= 5.0) - restriction: || (&& (== net452) (>= netcoreapp2.0)) (== netcoreapp3.1) (&& (== netstandard1.0) (>= netcoreapp2.0)) (&& (== netstandard1.6) (>= netcoreapp2.0)) (&& (== netstandard2.0) (>= netcoreapp2.0))
      System.Runtime.CompilerServices.Unsafe (>= 5.0) - restriction: || (&& (== net452) (>= net461)) (&& (== net452) (>= netcoreapp2.0)) (&& (== net452) (>= netstandard2.0)) (== netcoreapp3.1) (&& (== netstandard1.0) (>= net461)) (&& (== netstandard1.0) (>= netcoreapp2.0)) (&& (== netstandard1.0) (>= netstandard2.0)) (&& (== netstandard1.6) (>= net461)) (&& (== netstandard1.6) (>= netcoreapp2.0)) (&& (== netstandard1.6) (>= netstandard2.0)) (== netstandard2.0)
    System.Text.Encoding.Extensions (4.3) - restriction: || (&& (== net452) (< net45) (>= netstandard2.0)) (&& (== net452) (>= netcoreapp5.0)) (== netcoreapp3.1) (&& (== netstandard1.0) (>= netcoreapp5.0)) (&& (== netstandard1.0) (>= netstandard2.0)) (&& (== netstandard1.6) (>= netcoreapp5.0)) (&& (== netstandard1.6) (>= netstandard2.0)) (== netstandard2.0)
      Microsoft.NETCore.Platforms (>= 1.1) - restriction: || (&& (== net452) (< net45)) (&& (== net452) (>= netcoreapp5.0)) (== netcoreapp3.1) (== netstandard1.0) (== netstandard1.6) (== netstandard2.0)
      Microsoft.NETCore.Targets (>= 1.1) - restriction: || (&& (== net452) (< net45)) (&& (== net452) (>= netcoreapp5.0)) (== netcoreapp3.1) (== netstandard1.0) (== netstandard1.6) (== netstandard2.0)
      System.Runtime (>= 4.3) - restriction: || (&& (== net452) (< net45)) (&& (== net452) (>= netcoreapp5.0)) (== netcoreapp3.1) (== netstandard1.0) (== netstandard1.6) (== netstandard2.0)
      System.Text.Encoding (>= 4.3) - restriction: || (&& (== net452) (< net45)) (&& (== net452) (>= netcoreapp5.0)) (== netcoreapp3.1) (== netstandard1.0) (== netstandard1.6) (== netstandard2.0)
    System.Text.Json (5.0.1) - restriction: || (&& (== net452) (>= net472)) (&& (== net452) (>= netcoreapp2.1)) (== netcoreapp3.1) (&& (== netstandard1.0) (>= net472)) (&& (== netstandard1.0) (>= netcoreapp2.1)) (&& (== netstandard1.6) (>= net472)) (&& (== netstandard1.6) (>= netcoreapp2.1)) (&& (== netstandard2.0) (>= net472)) (&& (== netstandard2.0) (>= netcoreapp2.1))
    System.Text.RegularExpressions (4.3.1) - restriction: || (&& (== net452) (< net45) (>= netstandard2.0)) (&& (== net452) (>= netcoreapp5.0)) (== netcoreapp3.1) (&& (== netstandard1.0) (>= netcoreapp5.0)) (&& (== netstandard1.0) (>= netstandard2.0)) (&& (== netstandard1.6) (>= netcoreapp5.0)) (&& (== netstandard1.6) (>= netstandard2.0)) (== netstandard2.0)
      System.Collections (>= 4.3) - restriction: || (&& (== net452) (== netcoreapp3.1)) (&& (== net452) (< net45) (>= netstandard1.6)) (&& (== net452) (>= netcoreapp5.0)) (&& (== netcoreapp3.1) (== netstandard1.0)) (&& (== netcoreapp3.1) (< netcoreapp1.1)) (&& (== netcoreapp3.1) (>= netcoreapp5.0)) (&& (== netstandard1.0) (>= netcoreapp5.0)) (&& (== netstandard1.0) (>= netstandard1.6)) (== netstandard1.6) (== netstandard2.0)
      System.Globalization (>= 4.3) - restriction: || (&& (== net452) (== netcoreapp3.1)) (&& (== net452) (< net45) (>= netstandard1.6)) (&& (== net452) (>= netcoreapp5.0)) (&& (== netcoreapp3.1) (== netstandard1.0)) (&& (== netcoreapp3.1) (< netcoreapp1.1)) (&& (== netcoreapp3.1) (>= netcoreapp5.0)) (&& (== netstandard1.0) (>= netcoreapp5.0)) (&& (== netstandard1.0) (>= netstandard1.6)) (== netstandard1.6) (== netstandard2.0)
      System.Resources.ResourceManager (>= 4.3) - restriction: || (&& (== net452) (== netcoreapp3.1)) (&& (== net452) (< net45) (>= netstandard1.6)) (&& (== net452) (>= netcoreapp5.0)) (&& (== netcoreapp3.1) (== netstandard1.0)) (&& (== netcoreapp3.1) (< netcoreapp1.1)) (&& (== netcoreapp3.1) (>= netcoreapp5.0)) (&& (== netstandard1.0) (>= netcoreapp5.0)) (&& (== netstandard1.0) (>= netstandard1.6)) (== netstandard1.6) (== netstandard2.0)
      System.Runtime (>= 4.3.1) - restriction: || (&& (== net452) (< net45)) (&& (== net452) (>= netcoreapp1.1)) (== netcoreapp3.1) (== netstandard1.0) (== netstandard1.6) (== netstandard2.0)
      System.Runtime.Extensions (>= 4.3.1) - restriction: || (&& (== net452) (== netcoreapp3.1)) (&& (== net452) (< net45) (>= netstandard1.6)) (&& (== net452) (>= netcoreapp5.0)) (&& (== netcoreapp3.1) (== netstandard1.0)) (&& (== netcoreapp3.1) (< netcoreapp1.1)) (&& (== netcoreapp3.1) (>= netcoreapp5.0)) (&& (== netstandard1.0) (>= netcoreapp5.0)) (&& (== netstandard1.0) (>= netstandard1.6)) (== netstandard1.6) (== netstandard2.0)
      System.Threading (>= 4.3) - restriction: || (&& (== net452) (== netcoreapp3.1)) (&& (== net452) (< net45) (>= netstandard1.6)) (&& (== net452) (>= netcoreapp5.0)) (&& (== netcoreapp3.1) (== netstandard1.0)) (&& (== netcoreapp3.1) (< netcoreapp1.1)) (&& (== netcoreapp3.1) (>= netcoreapp5.0)) (&& (== netstandard1.0) (>= netcoreapp5.0)) (&& (== netstandard1.0) (>= netstandard1.6)) (== netstandard1.6) (== netstandard2.0)
    System.Threading (4.3) - restriction: || (&& (== net452) (< net45) (>= net462)) (&& (== net452) (< net45) (>= netstandard2.0)) (&& (== net452) (>= netcoreapp5.0)) (== netcoreapp3.1) (&& (== netstandard1.0) (>= net462)) (&& (== netstandard1.0) (>= netcoreapp5.0)) (&& (== netstandard1.0) (>= netstandard2.0)) (&& (== netstandard1.6) (>= net462)) (&& (== netstandard1.6) (>= netcoreapp5.0)) (&& (== netstandard1.6) (>= netstandard2.0)) (== netstandard2.0)
      System.Runtime (>= 4.3) - restriction: || (&& (== net452) (< net45)) (&& (== net452) (>= netcoreapp5.0)) (== netcoreapp3.1) (== netstandard1.0) (== netstandard1.6) (== netstandard2.0)
      System.Threading.Tasks (>= 4.3) - restriction: || (&& (== net452) (< net45)) (&& (== net452) (>= netcoreapp5.0)) (== netcoreapp3.1) (== netstandard1.0) (== netstandard1.6) (== netstandard2.0)
    System.Threading.Overlapped (4.3) - restriction: || (&& (== net452) (>= net462)) (&& (== net452) (>= netstandard2.0)) (== netcoreapp3.1) (&& (== netstandard1.0) (>= net462)) (&& (== netstandard1.0) (>= netstandard2.0)) (&& (== netstandard1.6) (>= net462)) (&& (== netstandard1.6) (>= netstandard2.0)) (== netstandard2.0)
      Microsoft.NETCore.Platforms (>= 1.1) - restriction: || (&& (== net452) (>= netcoreapp5.0)) (&& (== net452) (>= netstandard1.3)) (== netcoreapp3.1) (&& (== netstandard1.0) (>= netcoreapp5.0)) (&& (== netstandard1.0) (>= netstandard1.3)) (== netstandard1.6) (== netstandard2.0)
      System.Resources.ResourceManager (>= 4.3) - restriction: || (&& (== net452) (>= netcoreapp5.0)) (&& (== net452) (>= netstandard1.3)) (== netcoreapp3.1) (&& (== netstandard1.0) (>= netcoreapp5.0)) (&& (== netstandard1.0) (>= netstandard1.3)) (== netstandard1.6) (== netstandard2.0)
      System.Runtime (>= 4.3) - restriction: || (&& (== net452) (>= netcoreapp5.0)) (&& (== net452) (>= netstandard1.3)) (== netcoreapp3.1) (&& (== netstandard1.0) (>= netcoreapp5.0)) (&& (== netstandard1.0) (>= netstandard1.3)) (== netstandard1.6) (== netstandard2.0)
      System.Runtime.Handles (>= 4.3) - restriction: || (&& (== net452) (>= netcoreapp5.0)) (&& (== net452) (>= netstandard1.3)) (== netcoreapp3.1) (&& (== netstandard1.0) (>= netcoreapp5.0)) (&& (== netstandard1.0) (>= netstandard1.3)) (== netstandard1.6) (== netstandard2.0)
    System.Threading.Tasks (4.3) - restriction: || (&& (== net452) (< net45) (>= net462)) (&& (== net452) (< net45) (>= netstandard2.0)) (&& (== net452) (>= netcoreapp5.0)) (== netcoreapp3.1) (&& (== netstandard1.0) (>= net462)) (&& (== netstandard1.0) (>= netcoreapp5.0)) (&& (== netstandard1.0) (>= netstandard2.0)) (&& (== netstandard1.6) (>= net462)) (&& (== netstandard1.6) (>= netcoreapp5.0)) (&& (== netstandard1.6) (>= netstandard2.0)) (== netstandard2.0)
      Microsoft.NETCore.Platforms (>= 1.1) - restriction: || (&& (== net452) (< net45)) (&& (== net452) (>= netcoreapp5.0)) (== netcoreapp3.1) (== netstandard1.0) (== netstandard1.6) (== netstandard2.0)
      Microsoft.NETCore.Targets (>= 1.1) - restriction: || (&& (== net452) (< net45)) (&& (== net452) (>= netcoreapp5.0)) (== netcoreapp3.1) (== netstandard1.0) (== netstandard1.6) (== netstandard2.0)
      System.Runtime (>= 4.3) - restriction: || (&& (== net452) (< net45)) (&& (== net452) (>= netcoreapp5.0)) (== netcoreapp3.1) (== netstandard1.0) (== netstandard1.6) (== netstandard2.0)
    System.Threading.Tasks.Dataflow (5.0) - restriction: || (&& (== net452) (>= net472)) (&& (== net452) (>= netcoreapp2.1)) (&& (== net452) (>= netstandard2.0)) (== netcoreapp3.1) (&& (== netstandard1.0) (>= net472)) (&& (== netstandard1.0) (>= netcoreapp2.1)) (&& (== netstandard1.0) (>= netstandard2.0)) (&& (== netstandard1.6) (>= net472)) (&& (== netstandard1.6) (>= netcoreapp2.1)) (&& (== netstandard1.6) (>= netstandard2.0)) (== netstandard2.0)
    System.Threading.Tasks.Extensions (4.5.4) - restriction: || (&& (== net452) (>= net462) (>= uap10.1)) (&& (== net452) (>= net472)) (&& (== net452) (>= netstandard2.0)) (== netcoreapp3.1) (&& (== netstandard1.0) (>= net462) (>= uap10.1)) (&& (== netstandard1.0) (>= net472)) (&& (== netstandard1.0) (>= netstandard2.0)) (&& (== netstandard1.6) (>= net462) (>= uap10.1)) (&& (== netstandard1.6) (>= net472)) (&& (== netstandard1.6) (>= netstandard2.0)) (== netstandard2.0)
      System.Runtime.CompilerServices.Unsafe (>= 4.5.3) - restriction: || (== net452) (&& (== netcoreapp3.1) (>= net461)) (&& (== netcoreapp3.1) (< netcoreapp2.1)) (&& (== netcoreapp3.1) (< netstandard1.0)) (&& (== netcoreapp3.1) (< netstandard2.0)) (&& (== netcoreapp3.1) (>= wp8)) (== netstandard1.0) (== netstandard1.6) (== netstandard2.0)
    System.Threading.Thread (4.3) - restriction: || (&& (== net452) (>= net462)) (&& (== net452) (>= netstandard2.0)) (== netcoreapp3.1) (&& (== netstandard1.0) (>= net462)) (&& (== netstandard1.0) (>= netstandard2.0)) (&& (== netstandard1.6) (>= net462)) (&& (== netstandard1.6) (>= netstandard2.0)) (== netstandard2.0)
      System.Runtime (>= 4.3) - restriction: || (&& (== net452) (>= netstandard1.3)) (== netcoreapp3.1) (&& (== netstandard1.0) (>= netstandard1.3)) (== netstandard1.6) (== netstandard2.0)
    System.Threading.ThreadPool (4.3) - restriction: || (&& (== net452) (>= net462)) (&& (== net452) (>= netstandard2.0)) (== netcoreapp3.1) (&& (== netstandard1.0) (>= net462)) (&& (== netstandard1.0) (>= netstandard2.0)) (&& (== netstandard1.6) (>= net462)) (&& (== netstandard1.6) (>= netstandard2.0)) (== netstandard2.0)
      System.Runtime (>= 4.3) - restriction: || (&& (== net452) (>= netstandard1.3)) (== netcoreapp3.1) (&& (== netstandard1.0) (>= netstandard1.3)) (== netstandard1.6) (== netstandard2.0)
      System.Runtime.Handles (>= 4.3) - restriction: || (&& (== net452) (>= netstandard1.3)) (== netcoreapp3.1) (&& (== netstandard1.0) (>= netstandard1.3)) (== netstandard1.6) (== netstandard2.0)
    System.Windows.Extensions (5.0) - restriction: || (&& (== net452) (>= netcoreapp3.0)) (== netcoreapp3.1) (&& (== netstandard1.0) (>= netcoreapp3.0)) (&& (== netstandard1.6) (>= netcoreapp3.0)) (&& (== netstandard2.0) (>= netcoreapp3.0))
      System.Drawing.Common (>= 5.0) - restriction: || (&& (== net452) (>= netcoreapp3.0)) (== netcoreapp3.1) (&& (== netstandard1.0) (>= netcoreapp3.0)) (&& (== netstandard1.6) (>= netcoreapp3.0)) (&& (== netstandard2.0) (>= netcoreapp3.0))
    System.Xml.ReaderWriter (4.3.1) - restriction: || (&& (== net452) (>= netstandard2.0)) (== netcoreapp3.1) (&& (== netstandard1.0) (>= netstandard2.0)) (&& (== netstandard1.6) (>= netstandard2.0)) (== netstandard2.0)
      System.Collections (>= 4.3) - restriction: || (&& (== net452) (< net45) (>= netstandard1.3)) (&& (== net452) (>= netcoreapp5.0)) (== netcoreapp3.1) (&& (== netstandard1.0) (>= netcoreapp5.0)) (&& (== netstandard1.0) (>= netstandard1.3)) (== netstandard1.6) (== netstandard2.0)
      System.Diagnostics.Debug (>= 4.3) - restriction: || (&& (== net452) (< net45) (>= netstandard1.3)) (&& (== net452) (>= netcoreapp5.0)) (== netcoreapp3.1) (&& (== netstandard1.0) (>= netcoreapp5.0)) (&& (== netstandard1.0) (>= netstandard1.3)) (== netstandard1.6) (== netstandard2.0)
      System.Globalization (>= 4.3) - restriction: || (&& (== net452) (< net45) (>= netstandard1.3)) (&& (== net452) (>= netcoreapp5.0)) (== netcoreapp3.1) (&& (== netstandard1.0) (>= netcoreapp5.0)) (&& (== netstandard1.0) (>= netstandard1.3)) (== netstandard1.6) (== netstandard2.0)
      System.IO (>= 4.3) - restriction: || (&& (== net452) (< net45)) (&& (== net452) (>= netcoreapp5.0)) (== netcoreapp3.1) (== netstandard1.0) (== netstandard1.6) (== netstandard2.0)
      System.IO.FileSystem (>= 4.3) - restriction: || (&& (== net452) (< net45) (>= netstandard1.3)) (&& (== net452) (>= netcoreapp5.0)) (== netcoreapp3.1) (&& (== netstandard1.0) (>= netcoreapp5.0)) (&& (== netstandard1.0) (>= netstandard1.3)) (== netstandard1.6) (== netstandard2.0)
      System.IO.FileSystem.Primitives (>= 4.3) - restriction: || (&& (== net452) (< net45) (>= netstandard1.3)) (&& (== net452) (>= netcoreapp5.0)) (== netcoreapp3.1) (&& (== netstandard1.0) (>= netcoreapp5.0)) (&& (== netstandard1.0) (>= netstandard1.3)) (== netstandard1.6) (== netstandard2.0)
      System.Resources.ResourceManager (>= 4.3) - restriction: || (&& (== net452) (< net45) (>= netstandard1.3)) (&& (== net452) (>= netcoreapp5.0)) (== netcoreapp3.1) (&& (== netstandard1.0) (>= netcoreapp5.0)) (&& (== netstandard1.0) (>= netstandard1.3)) (== netstandard1.6) (== netstandard2.0)
      System.Runtime (>= 4.3) - restriction: || (&& (== net452) (< net45)) (&& (== net452) (>= netcoreapp5.0)) (== netcoreapp3.1) (== netstandard1.0) (== netstandard1.6) (== netstandard2.0)
      System.Runtime.Extensions (>= 4.3) - restriction: || (&& (== net452) (< net45) (>= netstandard1.3)) (&& (== net452) (>= netcoreapp5.0)) (== netcoreapp3.1) (&& (== netstandard1.0) (>= netcoreapp5.0)) (&& (== netstandard1.0) (>= netstandard1.3)) (== netstandard1.6) (== netstandard2.0)
      System.Runtime.InteropServices (>= 4.3) - restriction: || (&& (== net452) (< net45) (>= netstandard1.3)) (&& (== net452) (>= netcoreapp5.0)) (== netcoreapp3.1) (&& (== netstandard1.0) (>= netcoreapp5.0)) (&& (== netstandard1.0) (>= netstandard1.3)) (== netstandard1.6) (== netstandard2.0)
      System.Text.Encoding (>= 4.3) - restriction: || (&& (== net452) (< net45)) (&& (== net452) (>= netcoreapp5.0)) (== netcoreapp3.1) (== netstandard1.0) (== netstandard1.6) (== netstandard2.0)
      System.Text.Encoding.Extensions (>= 4.3) - restriction: || (&& (== net452) (< net45) (>= netstandard1.3)) (&& (== net452) (>= netcoreapp5.0)) (== netcoreapp3.1) (&& (== netstandard1.0) (>= netcoreapp5.0)) (&& (== netstandard1.0) (>= netstandard1.3)) (== netstandard1.6) (== netstandard2.0)
      System.Text.RegularExpressions (>= 4.3) - restriction: || (&& (== net452) (< net45) (>= netstandard1.3)) (&& (== net452) (>= netcoreapp5.0)) (== netcoreapp3.1) (&& (== netstandard1.0) (>= netcoreapp5.0)) (&& (== netstandard1.0) (>= netstandard1.3)) (== netstandard1.6) (== netstandard2.0)
      System.Threading.Tasks (>= 4.3) - restriction: || (&& (== net452) (< net45)) (&& (== net452) (>= netcoreapp5.0)) (== netcoreapp3.1) (== netstandard1.0) (== netstandard1.6) (== netstandard2.0)
      System.Threading.Tasks.Extensions (>= 4.3) - restriction: || (&& (== net452) (< net45) (>= netstandard1.3)) (&& (== net452) (>= netcoreapp5.0)) (== netcoreapp3.1) (&& (== netstandard1.0) (>= netcoreapp5.0)) (&& (== netstandard1.0) (>= netstandard1.3)) (== netstandard1.6) (== netstandard2.0)
    System.Xml.XDocument (4.3) - restriction: || (&& (== net452) (>= netstandard2.0)) (== netcoreapp3.1) (&& (== netstandard1.0) (>= netstandard2.0)) (&& (== netstandard1.6) (>= netstandard2.0)) (== netstandard2.0)
      System.Collections (>= 4.3) - restriction: || (&& (== net452) (< net45) (>= netstandard1.3)) (&& (== net452) (>= netcoreapp5.0)) (== netcoreapp3.1) (&& (== netstandard1.0) (>= netcoreapp5.0)) (&& (== netstandard1.0) (>= netstandard1.3)) (== netstandard1.6) (== netstandard2.0)
      System.Diagnostics.Debug (>= 4.3) - restriction: || (&& (== net452) (< net45) (>= netstandard1.3)) (&& (== net452) (>= netcoreapp5.0)) (== netcoreapp3.1) (&& (== netstandard1.0) (>= netcoreapp5.0)) (&& (== netstandard1.0) (>= netstandard1.3)) (== netstandard1.6) (== netstandard2.0)
      System.Diagnostics.Tools (>= 4.3) - restriction: || (&& (== net452) (< net45) (>= netstandard1.3)) (&& (== net452) (>= netcoreapp5.0)) (== netcoreapp3.1) (&& (== netstandard1.0) (>= netcoreapp5.0)) (&& (== netstandard1.0) (>= netstandard1.3)) (== netstandard1.6) (== netstandard2.0)
      System.Globalization (>= 4.3) - restriction: || (&& (== net452) (< net45) (>= netstandard1.3)) (&& (== net452) (>= netcoreapp5.0)) (== netcoreapp3.1) (&& (== netstandard1.0) (>= netcoreapp5.0)) (&& (== netstandard1.0) (>= netstandard1.3)) (== netstandard1.6) (== netstandard2.0)
      System.IO (>= 4.3) - restriction: || (&& (== net452) (< net45)) (&& (== net452) (>= netcoreapp5.0)) (== netcoreapp3.1) (== netstandard1.0) (== netstandard1.6) (== netstandard2.0)
      System.Reflection (>= 4.3) - restriction: || (&& (== net452) (< net45) (>= netstandard1.3)) (&& (== net452) (>= netcoreapp5.0)) (== netcoreapp3.1) (&& (== netstandard1.0) (>= netcoreapp5.0)) (&& (== netstandard1.0) (>= netstandard1.3)) (== netstandard1.6) (== netstandard2.0)
      System.Resources.ResourceManager (>= 4.3) - restriction: || (&& (== net452) (< net45) (>= netstandard1.3)) (&& (== net452) (>= netcoreapp5.0)) (== netcoreapp3.1) (&& (== netstandard1.0) (>= netcoreapp5.0)) (&& (== netstandard1.0) (>= netstandard1.3)) (== netstandard1.6) (== netstandard2.0)
      System.Runtime (>= 4.3) - restriction: || (&& (== net452) (< net45)) (&& (== net452) (>= netcoreapp5.0)) (== netcoreapp3.1) (== netstandard1.0) (== netstandard1.6) (== netstandard2.0)
      System.Runtime.Extensions (>= 4.3) - restriction: || (&& (== net452) (< net45) (>= netstandard1.3)) (&& (== net452) (>= netcoreapp5.0)) (== netcoreapp3.1) (&& (== netstandard1.0) (>= netcoreapp5.0)) (&& (== netstandard1.0) (>= netstandard1.3)) (== netstandard1.6) (== netstandard2.0)
      System.Text.Encoding (>= 4.3) - restriction: || (&& (== net452) (< net45) (>= netstandard1.3)) (&& (== net452) (>= netcoreapp5.0)) (== netcoreapp3.1) (&& (== netstandard1.0) (>= netcoreapp5.0)) (&& (== netstandard1.0) (>= netstandard1.3)) (== netstandard1.6) (== netstandard2.0)
      System.Threading (>= 4.3) - restriction: || (&& (== net452) (< net45) (>= netstandard1.3)) (&& (== net452) (>= netcoreapp5.0)) (== netcoreapp3.1) (&& (== netstandard1.0) (>= netcoreapp5.0)) (&& (== netstandard1.0) (>= netstandard1.3)) (== netstandard1.6) (== netstandard2.0)
      System.Xml.ReaderWriter (>= 4.3) - restriction: || (&& (== net452) (< net45)) (&& (== net452) (>= netcoreapp5.0)) (== netcoreapp3.1) (== netstandard1.0) (== netstandard1.6) (== netstandard2.0)
    System.Xml.XmlDocument (4.3) - restriction: || (&& (== net452) (>= net462)) (&& (== net452) (>= netstandard2.0)) (== netcoreapp3.1) (&& (== netstandard1.0) (>= net462)) (&& (== netstandard1.0) (>= netstandard2.0)) (&& (== netstandard1.6) (>= net462)) (&& (== netstandard1.6) (>= netstandard2.0)) (== netstandard2.0)
      System.Collections (>= 4.3) - restriction: || (&& (== net452) (>= netstandard1.3)) (== netcoreapp3.1) (&& (== netstandard1.0) (>= netstandard1.3)) (== netstandard1.6) (== netstandard2.0)
      System.Diagnostics.Debug (>= 4.3) - restriction: || (&& (== net452) (>= netstandard1.3)) (== netcoreapp3.1) (&& (== netstandard1.0) (>= netstandard1.3)) (== netstandard1.6) (== netstandard2.0)
      System.Globalization (>= 4.3) - restriction: || (&& (== net452) (>= netstandard1.3)) (== netcoreapp3.1) (&& (== netstandard1.0) (>= netstandard1.3)) (== netstandard1.6) (== netstandard2.0)
      System.IO (>= 4.3) - restriction: || (&& (== net452) (>= netstandard1.3)) (== netcoreapp3.1) (&& (== netstandard1.0) (>= netstandard1.3)) (== netstandard1.6) (== netstandard2.0)
      System.Resources.ResourceManager (>= 4.3) - restriction: || (&& (== net452) (>= netstandard1.3)) (== netcoreapp3.1) (&& (== netstandard1.0) (>= netstandard1.3)) (== netstandard1.6) (== netstandard2.0)
      System.Runtime (>= 4.3) - restriction: || (&& (== net452) (>= netstandard1.3)) (== netcoreapp3.1) (&& (== netstandard1.0) (>= netstandard1.3)) (== netstandard1.6) (== netstandard2.0)
      System.Runtime.Extensions (>= 4.3) - restriction: || (&& (== net452) (>= netstandard1.3)) (== netcoreapp3.1) (&& (== netstandard1.0) (>= netstandard1.3)) (== netstandard1.6) (== netstandard2.0)
      System.Text.Encoding (>= 4.3) - restriction: || (&& (== net452) (>= netstandard1.3)) (== netcoreapp3.1) (&& (== netstandard1.0) (>= netstandard1.3)) (== netstandard1.6) (== netstandard2.0)
      System.Threading (>= 4.3) - restriction: || (&& (== net452) (>= netstandard1.3)) (== netcoreapp3.1) (&& (== netstandard1.0) (>= netstandard1.3)) (== netstandard1.6) (== netstandard2.0)
      System.Xml.ReaderWriter (>= 4.3) - restriction: || (&& (== net452) (>= netstandard1.3)) (== netcoreapp3.1) (&& (== netstandard1.0) (>= netstandard1.3)) (== netstandard1.6) (== netstandard2.0)
    System.Xml.XPath (4.3) - restriction: || (&& (== net452) (>= net462)) (&& (== net452) (>= netstandard2.0)) (== netcoreapp3.1) (&& (== netstandard1.0) (>= net462)) (&& (== netstandard1.0) (>= netstandard2.0)) (&& (== netstandard1.6) (>= net462)) (&& (== netstandard1.6) (>= netstandard2.0)) (== netstandard2.0)
      System.Collections (>= 4.3) - restriction: || (&& (== net452) (>= netstandard1.3)) (== netcoreapp3.1) (&& (== netstandard1.0) (>= netstandard1.3)) (== netstandard1.6) (== netstandard2.0)
      System.Diagnostics.Debug (>= 4.3) - restriction: || (&& (== net452) (>= netstandard1.3)) (== netcoreapp3.1) (&& (== netstandard1.0) (>= netstandard1.3)) (== netstandard1.6) (== netstandard2.0)
      System.Globalization (>= 4.3) - restriction: || (&& (== net452) (>= netstandard1.3)) (== netcoreapp3.1) (&& (== netstandard1.0) (>= netstandard1.3)) (== netstandard1.6) (== netstandard2.0)
      System.IO (>= 4.3) - restriction: || (&& (== net452) (>= netstandard1.3)) (== netcoreapp3.1) (&& (== netstandard1.0) (>= netstandard1.3)) (== netstandard1.6) (== netstandard2.0)
      System.Resources.ResourceManager (>= 4.3) - restriction: || (&& (== net452) (>= netstandard1.3)) (== netcoreapp3.1) (&& (== netstandard1.0) (>= netstandard1.3)) (== netstandard1.6) (== netstandard2.0)
      System.Runtime (>= 4.3) - restriction: || (&& (== net452) (>= netstandard1.3)) (== netcoreapp3.1) (&& (== netstandard1.0) (>= netstandard1.3)) (== netstandard1.6) (== netstandard2.0)
      System.Runtime.Extensions (>= 4.3) - restriction: || (&& (== net452) (>= netstandard1.3)) (== netcoreapp3.1) (&& (== netstandard1.0) (>= netstandard1.3)) (== netstandard1.6) (== netstandard2.0)
      System.Threading (>= 4.3) - restriction: || (&& (== net452) (>= netstandard1.3)) (== netcoreapp3.1) (&& (== netstandard1.0) (>= netstandard1.3)) (== netstandard1.6) (== netstandard2.0)
      System.Xml.ReaderWriter (>= 4.3) - restriction: || (&& (== net452) (>= netstandard1.3)) (== netcoreapp3.1) (&& (== netstandard1.0) (>= netstandard1.3)) (== netstandard1.6) (== netstandard2.0)
    System.Xml.XPath.XDocument (4.3) - restriction: || (&& (== net452) (>= net462)) (&& (== net452) (>= netstandard2.0)) (== netcoreapp3.1) (&& (== netstandard1.0) (>= net462)) (&& (== netstandard1.0) (>= netstandard2.0)) (&& (== netstandard1.6) (>= net462)) (&& (== netstandard1.6) (>= netstandard2.0)) (== netstandard2.0)
      System.Diagnostics.Debug (>= 4.3) - restriction: || (&& (== net452) (>= netstandard1.3)) (== netcoreapp3.1) (&& (== netstandard1.0) (>= netstandard1.3)) (== netstandard1.6) (== netstandard2.0)
      System.Linq (>= 4.3) - restriction: || (&& (== net452) (>= netstandard1.3)) (== netcoreapp3.1) (&& (== netstandard1.0) (>= netstandard1.3)) (== netstandard1.6) (== netstandard2.0)
      System.Resources.ResourceManager (>= 4.3) - restriction: || (&& (== net452) (>= netstandard1.3)) (== netcoreapp3.1) (&& (== netstandard1.0) (>= netstandard1.3)) (== netstandard1.6) (== netstandard2.0)
      System.Runtime (>= 4.3) - restriction: || (&& (== net452) (>= netstandard1.3)) (== netcoreapp3.1) (&& (== netstandard1.0) (>= netstandard1.3)) (== netstandard1.6) (== netstandard2.0)
      System.Runtime.Extensions (>= 4.3) - restriction: || (&& (== net452) (>= netstandard1.3)) (== netcoreapp3.1) (&& (== netstandard1.0) (>= netstandard1.3)) (== netstandard1.6) (== netstandard2.0)
      System.Threading (>= 4.3) - restriction: || (&& (== net452) (>= netstandard1.3)) (== netcoreapp3.1) (&& (== netstandard1.0) (>= netstandard1.3)) (== netstandard1.6) (== netstandard2.0)
      System.Xml.ReaderWriter (>= 4.3) - restriction: || (&& (== net452) (>= netstandard1.3)) (== netcoreapp3.1) (&& (== netstandard1.0) (>= netstandard1.3)) (== netstandard1.6) (== netstandard2.0)
      System.Xml.XDocument (>= 4.3) - restriction: || (&& (== net452) (>= netstandard1.3)) (== netcoreapp3.1) (&& (== netstandard1.0) (>= netstandard1.3)) (== netstandard1.6) (== netstandard2.0)
      System.Xml.XPath (>= 4.3) - restriction: || (&& (== net452) (>= net46)) (&& (== net452) (>= netstandard1.3)) (== netcoreapp3.1) (&& (== netstandard1.0) (>= net46)) (&& (== netstandard1.0) (>= netstandard1.3)) (== netstandard1.6) (== netstandard2.0)
    System.Xml.XPath.XmlDocument (4.3) - restriction: || (&& (== net452) (>= net462)) (&& (== net452) (>= netstandard2.0)) (== netcoreapp3.1) (&& (== netstandard1.0) (>= net462)) (&& (== netstandard1.0) (>= netstandard2.0)) (&& (== netstandard1.6) (>= net462)) (&& (== netstandard1.6) (>= netstandard2.0)) (== netstandard2.0)
      System.Collections (>= 4.3) - restriction: || (&& (== net452) (>= netstandard1.3)) (== netcoreapp3.1) (&& (== netstandard1.0) (>= netstandard1.3)) (== netstandard1.6) (== netstandard2.0)
      System.Globalization (>= 4.3) - restriction: || (&& (== net452) (>= netstandard1.3)) (== netcoreapp3.1) (&& (== netstandard1.0) (>= netstandard1.3)) (== netstandard1.6) (== netstandard2.0)
      System.IO (>= 4.3) - restriction: || (&& (== net452) (>= netstandard1.3)) (== netcoreapp3.1) (&& (== netstandard1.0) (>= netstandard1.3)) (== netstandard1.6) (== netstandard2.0)
      System.Resources.ResourceManager (>= 4.3) - restriction: || (&& (== net452) (>= netstandard1.3)) (== netcoreapp3.1) (&& (== netstandard1.0) (>= netstandard1.3)) (== netstandard1.6) (== netstandard2.0)
      System.Runtime (>= 4.3) - restriction: || (&& (== net452) (>= netstandard1.3)) (== netcoreapp3.1) (&& (== netstandard1.0) (>= netstandard1.3)) (== netstandard1.6) (== netstandard2.0)
      System.Runtime.Extensions (>= 4.3) - restriction: || (&& (== net452) (>= netstandard1.3)) (== netcoreapp3.1) (&& (== netstandard1.0) (>= netstandard1.3)) (== netstandard1.6) (== netstandard2.0)
      System.Threading (>= 4.3) - restriction: || (&& (== net452) (>= netstandard1.3)) (== netcoreapp3.1) (&& (== netstandard1.0) (>= netstandard1.3)) (== netstandard1.6) (== netstandard2.0)
      System.Xml.ReaderWriter (>= 4.3) - restriction: || (&& (== net452) (>= netstandard1.3)) (== netcoreapp3.1) (&& (== netstandard1.0) (>= netstandard1.3)) (== netstandard1.6) (== netstandard2.0)
      System.Xml.XmlDocument (>= 4.3) - restriction: || (&& (== net452) (>= net46)) (&& (== net452) (>= netstandard1.3)) (== netcoreapp3.1) (&& (== netstandard1.0) (>= net46)) (&& (== netstandard1.0) (>= netstandard1.3)) (== netstandard1.6) (== netstandard2.0)
      System.Xml.XPath (>= 4.3) - restriction: || (&& (== net452) (>= net46)) (&& (== net452) (>= netstandard1.3)) (== netcoreapp3.1) (&& (== netstandard1.0) (>= net46)) (&& (== netstandard1.0) (>= netstandard1.3)) (== netstandard1.6) (== netstandard2.0)
    xunit.runner.console (2.4.1)

GROUP portable
RESTRICTION: || (== net452) (== netcoreapp3.1) (== netstandard1.0) (== netstandard1.6) (== netstandard2.0)
NUGET
  remote: https://www.nuget.org/api/v2
    FSharp.Core (4.0.0.1) - redirects: force
